{
  "aor": 0.0005759285714285715,
  "aqi": 0.005536493678571429,
  "bids_meta": {
    "AcquisitionNumber": 1,
    "AcquisitionTime": "12:00:26.062500",
    "BrainVoyagerInfo": {
      "AcquisitionTime": "120026.062500",
      "CalculatedDicomSlice1CenterX": -1.11236572265625,
      "CalculatedDicomSlice1CenterY": -39.4343376159668,
      "CalculatedDicomSlice1CenterZ": -81.44873809814453,
      "CalculatedDicomSliceNCenterX": -1.11236572265625,
      "CalculatedDicomSliceNCenterY": 16.257896423339844,
      "CalculatedDicomSliceNCenterZ": 33.24488067626953,
      "CoordinateSystem": 1,
      "DataStorageFormat": 2,
      "DataType": 2,
      "DicomColDirX": 0,
      "DicomColDirY": 0.8995577692985535,
      "DicomColDirZ": -0.43680182099342346,
      "DicomFoVCols": 210,
      "DicomFoVRows": 210,
      "DicomGapThickness": 0,
      "DicomNCols": 84,
      "DicomNRows": 84,
      "DicomPosInfoPresent": 1,
      "DicomRowDirX": 1,
      "DicomRowDirY": 0,
      "DicomRowDirZ": 0,
      "DicomSliceThickness": 2.5,
      "DocumentType": "FMR",
      "MultiBandSequence": true,
      "NrOfPastSpatialTransformations": 0,
      "NrOfPreprocessingSteps": 0,
      "NrOfSkippedVolumes": 0,
      "Protocol": {
        "Conditions": [
          {
            "ColorB": 255,
            "ColorG": 163,
            "ColorR": 255,
            "IntervalsFrom": [
              25,
              57,
              97,
              105,
              117,
              121,
              129,
              229
            ],
            "IntervalsTo": [
              25,
              57,
              97,
              105,
              117,
              121,
              129,
              229
            ],
            "Name": "Face_Left",
            "NrOfIntervals": 8
          },
          {
            "ColorB": 255,
            "ColorG": 0,
            "ColorR": 255,
            "IntervalsFrom": [
              85,
              109,
              153,
              165,
              185,
              189,
              221,
              237,
              245
            ],
            "IntervalsTo": [
              85,
              109,
              153,
              165,
              185,
              189,
              221,
              237,
              245
            ],
            "Name": "Face_Center",
            "NrOfIntervals": 9
          },
          {
            "ColorB": 95,
            "ColorG": 2,
            "ColorR": 187,
            "IntervalsFrom": [
              21,
              61,
              69,
              169,
              173,
              181,
              197,
              249
            ],
            "IntervalsTo": [
              21,
              61,
              69,
              169,
              173,
              181,
              197,
              249
            ],
            "Name": "Face_Right",
            "NrOfIntervals": 8
          },
          {
            "ColorB": 126,
            "ColorG": 255,
            "ColorR": 126,
            "IntervalsFrom": [
              17,
              33,
              41,
              133,
              137,
              161,
              225,
              257,
              261
            ],
            "IntervalsTo": [
              17,
              33,
              41,
              133,
              137,
              161,
              225,
              257,
              261
            ],
            "Name": "Hand_Left",
            "NrOfIntervals": 9
          },
          {
            "ColorB": 0,
            "ColorG": 199,
            "ColorR": 0,
            "IntervalsFrom": [
              29,
              49,
              53,
              141,
              149,
              193,
              201,
              213
            ],
            "IntervalsTo": [
              29,
              49,
              53,
              141,
              149,
              193,
              201,
              213
            ],
            "Name": "Hand_Center",
            "NrOfIntervals": 8
          },
          {
            "ColorB": 0,
            "ColorG": 86,
            "ColorR": 0,
            "IntervalsFrom": [
              37,
              73,
              77,
              93,
              125,
              205,
              209,
              233,
              241
            ],
            "IntervalsTo": [
              37,
              73,
              77,
              93,
              125,
              205,
              209,
              233,
              241
            ],
            "Name": "Hand_Right",
            "NrOfIntervals": 9
          }
        ],
        "FileName": "sub-01_ses-01_MainExp_run-6.prt",
        "Name": "newbi4fmri_MainExp",
        "NrOfConditions": 6,
        "TimeCourseColors": {
          "RefTCPenThick": 3,
          "RefTimeCourseB": 80,
          "RefTimeCourseG": 0,
          "RefTimeCourseR": 0,
          "TCBackColorB": 0,
          "TCBackColorG": 0,
          "TCBackColorR": 0,
          "TCPenThick": 3,
          "TCTextColorB": 255,
          "TCTextColorG": 255,
          "TCTextColorR": 255,
          "TimeCourseB": 255,
          "TimeCourseG": 255,
          "TimeCourseR": 255
        },
        "TimeResolution": "Volumes"
      },
      "SliceAcquisitionOrder": 5,
      "SliceAcquisitionOrderVerified": true,
      "SliceGap": 0,
      "SliceThickness": 2.5,
      "SliceTimingTable": [
        0,
        0.5275,
        0.075,
        0.6025,
        0.15,
        0.6775,
        0.225,
        0.755,
        0.3025,
        0.83,
        0.3775,
        0.905,
        0.4525,
        0,
        0.5275,
        0.075,
        0.6025,
        0.15,
        0.6775,
        0.225,
        0.755,
        0.3025,
        0.83,
        0.3775,
        0.905,
        0.4525,
        0,
        0.5275,
        0.075,
        0.6025,
        0.15,
        0.6775,
        0.225,
        0.755,
        0.3025,
        0.83,
        0.3775,
        0.905,
        0.4525,
        0,
        0.5275,
        0.075,
        0.6025,
        0.15,
        0.6775,
        0.225,
        0.755,
        0.3025,
        0.83,
        0.3775,
        0.905,
        0.4525
      ],
      "SliceTimingTableSize": 52,
      "TE": 0.028,
      "TR": 1,
      "TimeResolutionVerified": true,
      "Version": 1,
      "VoxelResolutionVerified": true
    },
    "ConversionSoftware": "BrainVoyager",
    "ConversionSoftwareVersion": "21.4.5.4030",
    "ImageNumber": 1,
    "ImageOrientationPatientDICOM": [
      1,
      0,
      0,
      0,
      0.8995577691473,
      -0.4368018085662
    ],
    "ImagePositionPatientDICOM": [
      -839.86235119402,
      -793.9384244602,
      284.91879873665
    ],
    "ImageType": "ORIGINAL PRIMARY M MB ND NORM MOSAIC",
    "MagneticFieldStrength": 3,
    "Manufacturer": "SIEMENS",
    "ManufacturersModelName": "Prisma_fit",
    "Modality": "MR",
    "NrOfTemporalPositions": 0,
    "PatientPosition": "HFS",
    "RepetitionTime": 1,
    "SeriesDescription": "ep_mb4_2.5iso",
    "SeriesNumber": 10,
    "SiemensMosaicSliceAcqOrder": 3,
    "SiemensMosaicTE": 0.028,
    "SiemensMosaicTR": 1,
    "SliceThickness": 2.5,
    "SliceTiming": [
      0,
      0.5275,
      0.075,
      0.6025,
      0.15,
      0.6775,
      0.225,
      0.755,
      0.3025,
      0.83,
      0.3775,
      0.905,
      0.4525,
      0,
      0.5275,
      0.075,
      0.6025,
      0.15,
      0.6775,
      0.225,
      0.755,
      0.3025,
      0.83,
      0.3775,
      0.905,
      0.4525,
      0,
      0.5275,
      0.075,
      0.6025,
      0.15,
      0.6775,
      0.225,
      0.755,
      0.3025,
      0.83,
      0.3775,
      0.905,
      0.4525,
      0,
      0.5275,
      0.075,
      0.6025,
      0.15,
      0.6775,
      0.225,
      0.755,
      0.3025,
      0.83,
      0.3775,
      0.905,
      0.4525
    ],
    "StudyDescription": "newbi4fmri_MainExp",
    "TaskName": "newbi4fmri_MainExp",
    "dataset": "ds003434",
    "modality": "bold",
    "run_id": 6,
    "session_id": "01",
    "subject_id": "01",
    "task_id": "MainExp"
  },
  "dummy_trs": 0,
  "dvars_nstd": 27.19214920003583,
  "dvars_std": 1.169053796881721,
  "dvars_vstd": 1.0035750473476708,
  "efc": 0.5195650316522045,
  "fber": 3254.361083984375,
  "fd_mean": 0.09572603647647478,
  "fd_num": 6,
  "fd_perc": 2.142857142857143,
  "fwhm_avg": 2.1392253333333335,
  "fwhm_x": 2.036196,
  "fwhm_y": 2.3114280000000003,
  "fwhm_z": 2.070052,
  "gcor": 0.0214408,
  "gsr_x": -0.009163969196379185,
  "gsr_y": 0.03423919528722763,
  "provenance": {
    "md5sum": "7e40379fdb34810b444619e8ea77659d",
    "settings": {
      "fd_thres": 0.2,
      "testing": false
    },
    "software": "mriqc",
    "version": "22.0.6",
    "webapi_port": null,
    "webapi_url": "https://mriqc.nimh.nih.gov/api/v1"
  },
  "size_t": 280,
  "size_x": 84,
  "size_y": 84,
  "size_z": 52,
  "snr": 4.771241540049704,
  "spacing_tr": 1.0,
  "spacing_x": 2.5,
  "spacing_y": 2.5,
  "spacing_z": 2.5,
  "summary_bg_k": 19.809039254399643,
  "summary_bg_mad": 44.76670976967479,
  "summary_bg_mean": 196.63189697265625,
  "summary_bg_median": 64.60913848876953,
  "summary_bg_n": 234509.0,
  "summary_bg_p05": 29.907905197143556,
  "summary_bg_p95": 821.6248413085927,
  "summary_bg_stdv": 346.48541259765625,
  "summary_fg_k": 5.135173266813032,
  "summary_fg_mad": 598.3201240616412,
  "summary_fg_mean": 3898.093994140625,
  "summary_fg_median": 3774.632568359375,
  "summary_fg_n": 71677.0,
  "summary_fg_p05": 2955.8677734375,
  "summary_fg_p95": 5275.855371093749,
  "summary_fg_stdv": 791.1161499023438,
  "tsnr": 59.59419250488281
}