{
  "aor": 0.0004452329749103943,
  "aqi": 0.005407259892473119,
  "bids_meta": {
    "AcquisitionNumber": 1,
    "AcquisitionTime": "11:43:51.780000",
    "BrainVoyagerInfo": {
      "AcquisitionTime": "114351.780000",
      "CalculatedDicomSlice1CenterX": -1.11236572265625,
      "CalculatedDicomSlice1CenterY": -39.4343376159668,
      "CalculatedDicomSlice1CenterZ": -81.44873809814453,
      "CalculatedDicomSliceNCenterX": -1.11236572265625,
      "CalculatedDicomSliceNCenterY": 16.257896423339844,
      "CalculatedDicomSliceNCenterZ": 33.24488067626953,
      "CoordinateSystem": 1,
      "DataStorageFormat": 2,
      "DataType": 2,
      "DicomColDirX": 0,
      "DicomColDirY": 0.8995577692985535,
      "DicomColDirZ": -0.43680182099342346,
      "DicomFoVCols": 210,
      "DicomFoVRows": 210,
      "DicomGapThickness": 0,
      "DicomNCols": 84,
      "DicomNRows": 84,
      "DicomPosInfoPresent": 1,
      "DicomRowDirX": 1,
      "DicomRowDirY": 0,
      "DicomRowDirZ": 0,
      "DicomSliceThickness": 2.5,
      "DocumentType": "FMR",
      "MultiBandSequence": true,
      "NrOfPastSpatialTransformations": 0,
      "NrOfPreprocessingSteps": 0,
      "NrOfSkippedVolumes": 0,
      "Protocol": {
        "Conditions": [
          {
            "ColorB": 255,
            "ColorG": 163,
            "ColorR": 255,
            "IntervalsFrom": [
              49,
              65,
              85,
              105,
              121,
              125,
              141,
              157,
              161
            ],
            "IntervalsTo": [
              49,
              65,
              85,
              105,
              121,
              125,
              141,
              157,
              161
            ],
            "Name": "Face_Left",
            "NrOfIntervals": 9
          },
          {
            "ColorB": 255,
            "ColorG": 0,
            "ColorR": 255,
            "IntervalsFrom": [
              17,
              21,
              33,
              57,
              69,
              73,
              101,
              133,
              241
            ],
            "IntervalsTo": [
              17,
              21,
              33,
              57,
              69,
              73,
              101,
              133,
              241
            ],
            "Name": "Face_Center",
            "NrOfIntervals": 9
          },
          {
            "ColorB": 95,
            "ColorG": 2,
            "ColorR": 187,
            "IntervalsFrom": [
              61,
              81,
              149,
              165,
              173,
              197,
              237,
              253,
              257
            ],
            "IntervalsTo": [
              61,
              81,
              149,
              165,
              173,
              197,
              237,
              253,
              257
            ],
            "Name": "Face_Right",
            "NrOfIntervals": 9
          },
          {
            "ColorB": 126,
            "ColorG": 255,
            "ColorR": 126,
            "IntervalsFrom": [
              37,
              97,
              145,
              153,
              185,
              193,
              213,
              221
            ],
            "IntervalsTo": [
              37,
              97,
              145,
              153,
              185,
              193,
              213,
              221
            ],
            "Name": "Hand_Left",
            "NrOfIntervals": 8
          },
          {
            "ColorB": 0,
            "ColorG": 199,
            "ColorR": 0,
            "IntervalsFrom": [
              25,
              45,
              89,
              113,
              169,
              217,
              229,
              261
            ],
            "IntervalsTo": [
              25,
              45,
              89,
              113,
              169,
              217,
              229,
              261
            ],
            "Name": "Hand_Center",
            "NrOfIntervals": 8
          },
          {
            "ColorB": 0,
            "ColorG": 86,
            "ColorR": 0,
            "IntervalsFrom": [
              77,
              117,
              129,
              177,
              205,
              209,
              225,
              245
            ],
            "IntervalsTo": [
              77,
              117,
              129,
              177,
              205,
              209,
              225,
              245
            ],
            "Name": "Hand_Right",
            "NrOfIntervals": 8
          }
        ],
        "FileName": "sub-01_ses-01_MainExp_run-3.prt",
        "Name": "newbi4fmri_MainExp",
        "NrOfConditions": 6,
        "TimeCourseColors": {
          "RefTCPenThick": 3,
          "RefTimeCourseB": 80,
          "RefTimeCourseG": 0,
          "RefTimeCourseR": 0,
          "TCBackColorB": 0,
          "TCBackColorG": 0,
          "TCBackColorR": 0,
          "TCPenThick": 3,
          "TCTextColorB": 255,
          "TCTextColorG": 255,
          "TCTextColorR": 255,
          "TimeCourseB": 255,
          "TimeCourseG": 255,
          "TimeCourseR": 255
        },
        "TimeResolution": "Volumes"
      },
      "SliceAcquisitionOrder": 5,
      "SliceAcquisitionOrderVerified": true,
      "SliceGap": 0,
      "SliceThickness": 2.5,
      "SliceTimingTable": [
        0,
        0.5275,
        0.075,
        0.6025,
        0.15,
        0.6775,
        0.225,
        0.7525,
        0.3,
        0.8275,
        0.3775,
        0.905,
        0.4525,
        0,
        0.5275,
        0.075,
        0.6025,
        0.15,
        0.6775,
        0.225,
        0.7525,
        0.3,
        0.8275,
        0.3775,
        0.905,
        0.4525,
        0,
        0.5275,
        0.075,
        0.6025,
        0.15,
        0.6775,
        0.225,
        0.7525,
        0.3,
        0.8275,
        0.3775,
        0.905,
        0.4525,
        0,
        0.5275,
        0.075,
        0.6025,
        0.15,
        0.6775,
        0.225,
        0.7525,
        0.3,
        0.8275,
        0.3775,
        0.905,
        0.4525
      ],
      "SliceTimingTableSize": 52,
      "TE": 0.028,
      "TR": 1,
      "TimeResolutionVerified": true,
      "Version": 1,
      "VoxelResolutionVerified": true
    },
    "ConversionSoftware": "BrainVoyager",
    "ConversionSoftwareVersion": "21.4.5.4030",
    "ImageNumber": 1,
    "ImageOrientationPatientDICOM": [
      1,
      0,
      0,
      0,
      0.8995577691473,
      -0.4368018085662
    ],
    "ImagePositionPatientDICOM": [
      -839.86235119402,
      -793.9384244602,
      284.91879873665
    ],
    "ImageType": "ORIGINAL PRIMARY M MB ND NORM MOSAIC",
    "MagneticFieldStrength": 3,
    "Manufacturer": "SIEMENS",
    "ManufacturersModelName": "Prisma_fit",
    "Modality": "MR",
    "NrOfTemporalPositions": 0,
    "PatientPosition": "HFS",
    "RepetitionTime": 1,
    "SeriesDescription": "ep_mb4_2.5iso",
    "SeriesNumber": 7,
    "SiemensMosaicSliceAcqOrder": 3,
    "SiemensMosaicTE": 0.028,
    "SiemensMosaicTR": 1,
    "SliceThickness": 2.5,
    "SliceTiming": [
      0,
      0.5275,
      0.075,
      0.6025,
      0.15,
      0.6775,
      0.225,
      0.7525,
      0.3,
      0.8275,
      0.3775,
      0.905,
      0.4525,
      0,
      0.5275,
      0.075,
      0.6025,
      0.15,
      0.6775,
      0.225,
      0.7525,
      0.3,
      0.8275,
      0.3775,
      0.905,
      0.4525,
      0,
      0.5275,
      0.075,
      0.6025,
      0.15,
      0.6775,
      0.225,
      0.7525,
      0.3,
      0.8275,
      0.3775,
      0.905,
      0.4525,
      0,
      0.5275,
      0.075,
      0.6025,
      0.15,
      0.6775,
      0.225,
      0.7525,
      0.3,
      0.8275,
      0.3775,
      0.905,
      0.4525
    ],
    "StudyDescription": "newbi4fmri_MainExp",
    "TaskName": "newbi4fmri_MainExp",
    "dataset": "ds003434",
    "modality": "bold",
    "run_id": 3,
    "session_id": "01",
    "subject_id": "01",
    "task_id": "MainExp"
  },
  "dummy_trs": 1,
  "dvars_nstd": 25.494062231618713,
  "dvars_std": 1.124470954028778,
  "dvars_vstd": 1.0040705406474817,
  "efc": 0.519309635136645,
  "fber": 3273.20849609375,
  "fd_mean": 0.10206366434431324,
  "fd_num": 11,
  "fd_perc": 3.942652329749104,
  "fwhm_avg": 2.1337066666666664,
  "fwhm_x": 2.031248,
  "fwhm_y": 2.304696,
  "fwhm_z": 2.065176,
  "gcor": 0.01934,
  "gsr_x": -0.008554060012102127,
  "gsr_y": 0.03359270095825195,
  "provenance": {
    "md5sum": "eac20af54300a7239675af86a10999df",
    "settings": {
      "fd_thres": 0.2,
      "testing": false
    },
    "software": "mriqc",
    "version": "22.0.6",
    "webapi_port": null,
    "webapi_url": "https://mriqc.nimh.nih.gov/api/v1"
  },
  "size_t": 279,
  "size_x": 84,
  "size_y": 84,
  "size_z": 52,
  "snr": 4.78303880250474,
  "spacing_tr": 1.0,
  "spacing_x": 2.5,
  "spacing_y": 2.5,
  "spacing_z": 2.5,
  "summary_bg_k": 20.033757159589754,
  "summary_bg_mad": 44.60706127333699,
  "summary_bg_mean": 197.0195770263672,
  "summary_bg_median": 64.44487762451172,
  "summary_bg_n": 234543.0,
  "summary_bg_p05": 29.799000930786132,
  "summary_bg_p95": 823.4009277343747,
  "summary_bg_stdv": 352.1522216796875,
  "summary_fg_k": 5.172461596470649,
  "summary_fg_mad": 592.8409026059213,
  "summary_fg_mean": 3894.969970703125,
  "summary_fg_median": 3773.76953125,
  "summary_fg_n": 71584.0,
  "summary_fg_p05": 2951.4286499023438,
  "summary_fg_p95": 5259.560668945312,
  "summary_fg_stdv": 788.9844360351562,
  "tsnr": 60.412986755371094
}