{
  "aor": 0.0015250541516245485,
  "aqi": 0.00915021891696751,
  "bids_meta": {
    "AcquisitionNumber": 1,
    "AcquisitionTime": "11:51:55.505000",
    "BrainVoyagerInfo": {
      "AcquisitionTime": "115155.505000",
      "CalculatedDicomSlice1CenterX": -1.11236572265625,
      "CalculatedDicomSlice1CenterY": -41.085975646972656,
      "CalculatedDicomSlice1CenterZ": -91.57359313964844,
      "CalculatedDicomSliceNCenterX": -1.11236572265625,
      "CalculatedDicomSliceNCenterY": 9.346081733703613,
      "CalculatedDicomSliceNCenterZ": 25.528318405151367,
      "CoordinateSystem": 1,
      "DataStorageFormat": 2,
      "DataType": 2,
      "DicomColDirX": 0,
      "DicomColDirY": 0.9184463620185852,
      "DicomColDirZ": -0.3955455422401428,
      "DicomFoVCols": 210,
      "DicomFoVRows": 210,
      "DicomGapThickness": 0,
      "DicomNCols": 84,
      "DicomNRows": 84,
      "DicomPosInfoPresent": 1,
      "DicomRowDirX": 1,
      "DicomRowDirY": 0,
      "DicomRowDirZ": 0,
      "DicomSliceThickness": 2.5,
      "DocumentType": "FMR",
      "MultiBandSequence": true,
      "NrOfPastSpatialTransformations": 0,
      "NrOfPreprocessingSteps": 0,
      "NrOfSkippedVolumes": 0,
      "Protocol": {
        "Conditions": [
          {
            "ColorB": 255,
            "ColorG": 163,
            "ColorR": 255,
            "IntervalsFrom": [
              49,
              65,
              85,
              105,
              121,
              125,
              141,
              157,
              161
            ],
            "IntervalsTo": [
              49,
              65,
              85,
              105,
              121,
              125,
              141,
              157,
              161
            ],
            "Name": "Face_Left",
            "NrOfIntervals": 9
          },
          {
            "ColorB": 255,
            "ColorG": 0,
            "ColorR": 255,
            "IntervalsFrom": [
              17,
              21,
              33,
              57,
              69,
              73,
              101,
              133,
              241
            ],
            "IntervalsTo": [
              17,
              21,
              33,
              57,
              69,
              73,
              101,
              133,
              241
            ],
            "Name": "Face_Center",
            "NrOfIntervals": 9
          },
          {
            "ColorB": 95,
            "ColorG": 2,
            "ColorR": 187,
            "IntervalsFrom": [
              61,
              81,
              149,
              165,
              173,
              197,
              237,
              253,
              257
            ],
            "IntervalsTo": [
              61,
              81,
              149,
              165,
              173,
              197,
              237,
              253,
              257
            ],
            "Name": "Face_Right",
            "NrOfIntervals": 9
          },
          {
            "ColorB": 126,
            "ColorG": 255,
            "ColorR": 126,
            "IntervalsFrom": [
              37,
              97,
              145,
              153,
              185,
              193,
              213,
              221
            ],
            "IntervalsTo": [
              37,
              97,
              145,
              153,
              185,
              193,
              213,
              221
            ],
            "Name": "Hand_Left",
            "NrOfIntervals": 8
          },
          {
            "ColorB": 0,
            "ColorG": 199,
            "ColorR": 0,
            "IntervalsFrom": [
              25,
              45,
              89,
              113,
              169,
              217,
              229,
              261
            ],
            "IntervalsTo": [
              25,
              45,
              89,
              113,
              169,
              217,
              229,
              261
            ],
            "Name": "Hand_Center",
            "NrOfIntervals": 8
          },
          {
            "ColorB": 0,
            "ColorG": 86,
            "ColorR": 0,
            "IntervalsFrom": [
              77,
              117,
              129,
              177,
              205,
              209,
              225,
              245
            ],
            "IntervalsTo": [
              77,
              117,
              129,
              177,
              205,
              209,
              225,
              245
            ],
            "Name": "Hand_Right",
            "NrOfIntervals": 8
          }
        ],
        "FileName": "sub-11_ses-01_MainExp_run-4.prt",
        "Name": "newbi4fmri_MainExp",
        "NrOfConditions": 6,
        "TimeCourseColors": {
          "RefTCPenThick": 3,
          "RefTimeCourseB": 80,
          "RefTimeCourseG": 0,
          "RefTimeCourseR": 0,
          "TCBackColorB": 0,
          "TCBackColorG": 0,
          "TCBackColorR": 0,
          "TCPenThick": 3,
          "TCTextColorB": 255,
          "TCTextColorG": 255,
          "TCTextColorR": 255,
          "TimeCourseB": 255,
          "TimeCourseG": 255,
          "TimeCourseR": 255
        },
        "TimeResolution": "Volumes"
      },
      "SliceAcquisitionOrder": 5,
      "SliceAcquisitionOrderVerified": true,
      "SliceGap": 0,
      "SliceThickness": 2.5,
      "SliceTimingTable": [
        0,
        0.5275,
        0.075,
        0.6025,
        0.15,
        0.6775,
        0.225,
        0.7525,
        0.3,
        0.8275,
        0.375,
        0.9025,
        0.45,
        0,
        0.5275,
        0.075,
        0.6025,
        0.15,
        0.6775,
        0.225,
        0.7525,
        0.3,
        0.8275,
        0.375,
        0.9025,
        0.45,
        0,
        0.5275,
        0.075,
        0.6025,
        0.15,
        0.6775,
        0.225,
        0.7525,
        0.3,
        0.8275,
        0.375,
        0.9025,
        0.45,
        0,
        0.5275,
        0.075,
        0.6025,
        0.15,
        0.6775,
        0.225,
        0.7525,
        0.3,
        0.8275,
        0.375,
        0.9025,
        0.45
      ],
      "SliceTimingTableSize": 52,
      "TE": 0.028,
      "TR": 1,
      "TimeResolutionVerified": true,
      "Version": 1,
      "VoxelResolutionVerified": true
    },
    "ConversionSoftware": "BrainVoyager",
    "ConversionSoftwareVersion": "21.4.5.4030",
    "ImageNumber": 1,
    "ImageOrientationPatientDICOM": [
      1,
      0,
      0,
      0,
      0.91844636706283,
      -0.3955455357214
    ],
    "ImagePositionPatientDICOM": [
      -839.86235119402,
      -811.43289083766,
      240.1902339537
    ],
    "ImageType": "ORIGINAL PRIMARY M MB ND NORM MOSAIC",
    "MagneticFieldStrength": 3,
    "Manufacturer": "SIEMENS",
    "ManufacturersModelName": "Prisma_fit",
    "Modality": "MR",
    "NrOfTemporalPositions": 0,
    "PatientPosition": "HFS",
    "RepetitionTime": 1,
    "SeriesDescription": "ep_mb4_2.5iso",
    "SeriesNumber": 8,
    "SiemensMosaicSliceAcqOrder": 3,
    "SiemensMosaicTE": 0.028,
    "SiemensMosaicTR": 1,
    "SliceThickness": 2.5,
    "SliceTiming": [
      0,
      0.5275,
      0.075,
      0.6025,
      0.15,
      0.6775,
      0.225,
      0.7525,
      0.3,
      0.8275,
      0.375,
      0.9025,
      0.45,
      0,
      0.5275,
      0.075,
      0.6025,
      0.15,
      0.6775,
      0.225,
      0.7525,
      0.3,
      0.8275,
      0.375,
      0.9025,
      0.45,
      0,
      0.5275,
      0.075,
      0.6025,
      0.15,
      0.6775,
      0.225,
      0.7525,
      0.3,
      0.8275,
      0.375,
      0.9025,
      0.45,
      0,
      0.5275,
      0.075,
      0.6025,
      0.15,
      0.6775,
      0.225,
      0.7525,
      0.3,
      0.8275,
      0.375,
      0.9025,
      0.45
    ],
    "StudyDescription": "newbi4fmri_MainExp",
    "TaskName": "newbi4fmri_MainExp",
    "dataset": "ds003434",
    "modality": "bold",
    "run_id": 4,
    "session_id": "01",
    "subject_id": "11",
    "task_id": "MainExp"
  },
  "dummy_trs": 3,
  "dvars_nstd": 31.14994187942029,
  "dvars_std": 1.1320449696376806,
  "dvars_vstd": 0.9869668322463762,
  "efc": 0.4848330558482142,
  "fber": 3609.58740234375,
  "fd_mean": 0.34744590742959536,
  "fd_num": 202,
  "fd_perc": 72.92418772563177,
  "fwhm_avg": 1.9656200000000001,
  "fwhm_x": 1.8301960000000002,
  "fwhm_y": 2.09258,
  "fwhm_z": 1.974084,
  "gcor": 0.00666719,
  "gsr_x": -0.016013050451874733,
  "gsr_y": 0.015676310285925865,
  "provenance": {
    "md5sum": "9ee28bc4bd2fe26ade5f618b4319d9ac",
    "settings": {
      "fd_thres": 0.2,
      "testing": false
    },
    "software": "mriqc",
    "version": "22.0.6",
    "webapi_port": null,
    "webapi_url": "https://mriqc.nimh.nih.gov/api/v1"
  },
  "size_t": 277,
  "size_x": 84,
  "size_y": 84,
  "size_z": 52,
  "snr": 4.924788473403739,
  "spacing_tr": 1.0,
  "spacing_x": 2.5,
  "spacing_y": 2.5,
  "spacing_z": 2.5,
  "summary_bg_k": 44.8996002254828,
  "summary_bg_mad": 27.9505391102732,
  "summary_bg_mean": 119.56826782226562,
  "summary_bg_median": 53.58107376098633,
  "summary_bg_n": 242035.0,
  "summary_bg_p05": 27.1825382232666,
  "summary_bg_p95": 385.34812316894516,
  "summary_bg_stdv": 230.5968017578125,
  "summary_fg_k": 3.3951811509376917,
  "summary_fg_mad": 586.6764843729478,
  "summary_fg_mean": 3364.840576171875,
  "summary_fg_median": 3263.04443359375,
  "summary_fg_n": 66340.0,
  "summary_fg_p05": 2536.2605590820312,
  "summary_fg_p95": 4515.178295898437,
  "summary_fg_stdv": 662.570556640625,
  "tsnr": 49.21416473388672
}