{
  "aor": 0.0011987455197132616,
  "aqi": 0.014326997275985662,
  "bids_meta": {
    "AcquisitionNumber": 1,
    "AcquisitionTime": "11:41:47.990000",
    "BrainVoyagerInfo": {
      "AcquisitionTime": "114147.990000",
      "CalculatedDicomSlice1CenterX": -1.11236572265625,
      "CalculatedDicomSlice1CenterY": -41.085975646972656,
      "CalculatedDicomSlice1CenterZ": -91.57359313964844,
      "CalculatedDicomSliceNCenterX": -1.11236572265625,
      "CalculatedDicomSliceNCenterY": 9.346081733703613,
      "CalculatedDicomSliceNCenterZ": 25.528318405151367,
      "CoordinateSystem": 1,
      "DataStorageFormat": 2,
      "DataType": 2,
      "DicomColDirX": 0,
      "DicomColDirY": 0.9184463620185852,
      "DicomColDirZ": -0.3955455422401428,
      "DicomFoVCols": 210,
      "DicomFoVRows": 210,
      "DicomGapThickness": 0,
      "DicomNCols": 84,
      "DicomNRows": 84,
      "DicomPosInfoPresent": 1,
      "DicomRowDirX": 1,
      "DicomRowDirY": 0,
      "DicomRowDirZ": 0,
      "DicomSliceThickness": 2.5,
      "DocumentType": "FMR",
      "MultiBandSequence": true,
      "NrOfPastSpatialTransformations": 0,
      "NrOfPreprocessingSteps": 0,
      "NrOfSkippedVolumes": 0,
      "Protocol": {
        "Conditions": [
          {
            "ColorB": 255,
            "ColorG": 163,
            "ColorR": 255,
            "IntervalsFrom": [
              21,
              37,
              49,
              57,
              61,
              157,
              253,
              261
            ],
            "IntervalsTo": [
              21,
              37,
              49,
              57,
              61,
              157,
              253,
              261
            ],
            "Name": "Face_Left",
            "NrOfIntervals": 8
          },
          {
            "ColorB": 255,
            "ColorG": 0,
            "ColorR": 255,
            "IntervalsFrom": [
              73,
              113,
              133,
              165,
              173,
              229,
              233,
              257
            ],
            "IntervalsTo": [
              73,
              113,
              133,
              165,
              173,
              229,
              233,
              257
            ],
            "Name": "Face_Center",
            "NrOfIntervals": 8
          },
          {
            "ColorB": 95,
            "ColorG": 2,
            "ColorR": 187,
            "IntervalsFrom": [
              85,
              97,
              117,
              149,
              153,
              185,
              217,
              221,
              241
            ],
            "IntervalsTo": [
              85,
              97,
              117,
              149,
              153,
              185,
              217,
              221,
              241
            ],
            "Name": "Face_Right",
            "NrOfIntervals": 9
          },
          {
            "ColorB": 126,
            "ColorG": 255,
            "ColorR": 126,
            "IntervalsFrom": [
              17,
              25,
              69,
              101,
              121,
              125,
              137,
              213
            ],
            "IntervalsTo": [
              17,
              25,
              69,
              101,
              121,
              125,
              137,
              213
            ],
            "Name": "Hand_Left",
            "NrOfIntervals": 8
          },
          {
            "ColorB": 0,
            "ColorG": 199,
            "ColorR": 0,
            "IntervalsFrom": [
              29,
              33,
              65,
              93,
              109,
              141,
              169,
              189,
              193,
              197
            ],
            "IntervalsTo": [
              29,
              33,
              65,
              93,
              109,
              141,
              169,
              189,
              193,
              197
            ],
            "Name": "Hand_Center",
            "NrOfIntervals": 10
          },
          {
            "ColorB": 0,
            "ColorG": 86,
            "ColorR": 0,
            "IntervalsFrom": [
              41,
              77,
              81,
              105,
              145,
              205,
              209,
              245
            ],
            "IntervalsTo": [
              41,
              77,
              81,
              105,
              145,
              205,
              209,
              245
            ],
            "Name": "Hand_Right",
            "NrOfIntervals": 8
          }
        ],
        "FileName": "sub-11_ses-01_MainExp_run-2.prt",
        "Name": "newbi4fmri_MainExp",
        "NrOfConditions": 6,
        "TimeCourseColors": {
          "RefTCPenThick": 3,
          "RefTimeCourseB": 80,
          "RefTimeCourseG": 0,
          "RefTimeCourseR": 0,
          "TCBackColorB": 0,
          "TCBackColorG": 0,
          "TCBackColorR": 0,
          "TCPenThick": 3,
          "TCTextColorB": 255,
          "TCTextColorG": 255,
          "TCTextColorR": 255,
          "TimeCourseB": 255,
          "TimeCourseG": 255,
          "TimeCourseR": 255
        },
        "TimeResolution": "Volumes"
      },
      "SliceAcquisitionOrder": 5,
      "SliceAcquisitionOrderVerified": true,
      "SliceGap": 0,
      "SliceThickness": 2.5,
      "SliceTimingTable": [
        0,
        0.5275,
        0.075,
        0.6025,
        0.15,
        0.6775,
        0.2275,
        0.755,
        0.3025,
        0.83,
        0.3775,
        0.905,
        0.4525,
        0,
        0.5275,
        0.075,
        0.6025,
        0.15,
        0.6775,
        0.2275,
        0.755,
        0.3025,
        0.83,
        0.3775,
        0.905,
        0.4525,
        0,
        0.5275,
        0.075,
        0.6025,
        0.15,
        0.6775,
        0.2275,
        0.755,
        0.3025,
        0.83,
        0.3775,
        0.905,
        0.4525,
        0,
        0.5275,
        0.075,
        0.6025,
        0.15,
        0.6775,
        0.2275,
        0.755,
        0.3025,
        0.83,
        0.3775,
        0.905,
        0.4525
      ],
      "SliceTimingTableSize": 52,
      "TE": 0.028,
      "TR": 1,
      "TimeResolutionVerified": true,
      "Version": 1,
      "VoxelResolutionVerified": true
    },
    "ConversionSoftware": "BrainVoyager",
    "ConversionSoftwareVersion": "21.4.5.4030",
    "ImageNumber": 1,
    "ImageOrientationPatientDICOM": [
      1,
      0,
      0,
      0,
      0.91844636706283,
      -0.3955455357214
    ],
    "ImagePositionPatientDICOM": [
      -839.86235119402,
      -811.43289083766,
      240.1902339537
    ],
    "ImageType": "ORIGINAL PRIMARY M MB ND NORM MOSAIC",
    "MagneticFieldStrength": 3,
    "Manufacturer": "SIEMENS",
    "ManufacturersModelName": "Prisma_fit",
    "Modality": "MR",
    "NrOfTemporalPositions": 0,
    "PatientPosition": "HFS",
    "RepetitionTime": 1,
    "SeriesDescription": "ep_mb4_2.5iso",
    "SeriesNumber": 6,
    "SiemensMosaicSliceAcqOrder": 3,
    "SiemensMosaicTE": 0.028,
    "SiemensMosaicTR": 1,
    "SliceThickness": 2.5,
    "SliceTiming": [
      0,
      0.5275,
      0.075,
      0.6025,
      0.15,
      0.6775,
      0.2275,
      0.755,
      0.3025,
      0.83,
      0.3775,
      0.905,
      0.4525,
      0,
      0.5275,
      0.075,
      0.6025,
      0.15,
      0.6775,
      0.2275,
      0.755,
      0.3025,
      0.83,
      0.3775,
      0.905,
      0.4525,
      0,
      0.5275,
      0.075,
      0.6025,
      0.15,
      0.6775,
      0.2275,
      0.755,
      0.3025,
      0.83,
      0.3775,
      0.905,
      0.4525,
      0,
      0.5275,
      0.075,
      0.6025,
      0.15,
      0.6775,
      0.2275,
      0.755,
      0.3025,
      0.83,
      0.3775,
      0.905,
      0.4525
    ],
    "StudyDescription": "newbi4fmri_MainExp",
    "TaskName": "newbi4fmri_MainExp",
    "dataset": "ds003434",
    "modality": "bold",
    "run_id": 2,
    "session_id": "01",
    "subject_id": "11",
    "task_id": "MainExp"
  },
  "dummy_trs": 1,
  "dvars_nstd": 32.50715038230215,
  "dvars_std": 1.070005784352518,
  "dvars_vstd": 0.9509816273021581,
  "efc": 0.48475957312123463,
  "fber": 3603.661865234375,
  "fd_mean": 0.37670396359736286,
  "fd_num": 208,
  "fd_perc": 74.55197132616487,
  "fwhm_avg": 1.9910826666666666,
  "fwhm_x": 1.8403079999999998,
  "fwhm_y": 2.112052,
  "fwhm_z": 2.0208880000000002,
  "gcor": 0.00504582,
  "gsr_x": -0.01539832167327404,
  "gsr_y": 0.015218998305499554,
  "provenance": {
    "md5sum": "ec70f2a26f559e0c5585a10434c757c5",
    "settings": {
      "fd_thres": 0.2,
      "testing": false
    },
    "software": "mriqc",
    "version": "22.0.6",
    "webapi_port": null,
    "webapi_url": "https://mriqc.nimh.nih.gov/api/v1"
  },
  "size_t": 279,
  "size_x": 84,
  "size_y": 84,
  "size_z": 52,
  "snr": 4.8843460127136025,
  "spacing_tr": 1.0,
  "spacing_x": 2.5,
  "spacing_y": 2.5,
  "spacing_z": 2.5,
  "summary_bg_k": 45.1271748491716,
  "summary_bg_mad": 27.5085252027068,
  "summary_bg_mean": 119.63453674316406,
  "summary_bg_median": 53.75810623168945,
  "summary_bg_n": 241886.0,
  "summary_bg_p05": 27.5708646774292,
  "summary_bg_p95": 375.46300506591797,
  "summary_bg_stdv": 234.3717498779297,
  "summary_fg_k": 3.335202583019316,
  "summary_fg_mad": 590.9574258861962,
  "summary_fg_mean": 3360.492431640625,
  "summary_fg_median": 3256.377197265625,
  "summary_fg_n": 66476.0,
  "summary_fg_p05": 2527.7306518554688,
  "summary_fg_p95": 4523.2828369140625,
  "summary_fg_stdv": 666.691650390625,
  "tsnr": 41.266571044921875
}