{
  "bids_meta": {
    "AcquisitionNumber": 1,
    "AcquisitionTime": "12:12:2",
    "BrainVoyagerInfo": {
      "CalculatedDicomSlice1CenterX": -86.56888580322266,
      "CalculatedDicomSlice1CenterY": -29.845733642578125,
      "CalculatedDicomSlice1CenterZ": -48.29121398925781,
      "CalculatedDicomSliceNCenterX": 88.43111419677734,
      "CalculatedDicomSliceNCenterY": -29.845733642578125,
      "CalculatedDicomSliceNCenterZ": -48.29121398925781,
      "CoordinateSystem": 1,
      "DicomColDirX": 0,
      "DicomColDirY": 0,
      "DicomColDirZ": -1,
      "DicomFoVCols": 256,
      "DicomFoVRows": 224,
      "DicomGapThickness": 0,
      "DicomNCols": 224,
      "DicomNRows": 256,
      "DicomPosInfoPresent": 1,
      "DicomRowDirX": 0,
      "DicomRowDirY": 1,
      "DicomRowDirZ": 0,
      "DicomSliceThickness": 1,
      "DocumentType": "VMR",
      "FramingCubeDim": 256,
      "MagnetPosInfosVerified": 1,
      "NrOfPastSpatialTransformations": 0,
      "NrOfPreprocessingSteps": 0,
      "OffsetX": 0,
      "OffsetY": 0,
      "OffsetZ": 0,
      "ReferenceSpace": "Native",
      "Version": 1
    },
    "ConversionSoftware": "BrainVoyager",
    "ConversionSoftwareVersion": "21.4.5.4030",
    "ImageNumber": 176,
    "ImageOrientationPatientDICOM": [
      0,
      1,
      0,
      0,
      0,
      -1
    ],
    "ImagePositionPatientDICOM": [
      88.431112647057,
      -141.34573745728,
      79.208789825439
    ],
    "ImageType": "ORIGINAL PRIMARY M ND NORM",
    "MagneticFieldStrength": 3,
    "Manufacturer": "SIEMENS",
    "ManufacturersModelName": "Prisma_fit",
    "Modality": "MR",
    "PatientPosition": "HFS",
    "RepetitionTime": 2.3,
    "SeriesDescription": "mprage_sag_p2",
    "SeriesNumber": 2,
    "SliceThickness": 1,
    "StudyDescription": "Culham^Psych_9223",
    "dataset": "ds003434",
    "modality": "T1w",
    "session_id": "01",
    "subject_id": "03"
  },
  "cjv": 0.30011569379479064,
  "cnr": 4.30963256502958,
  "efc": 0.49254416387030064,
  "fber": -1.0,
  "fwhm_avg": 3.7929766666666667,
  "fwhm_x": 3.81317,
  "fwhm_y": 3.93752,
  "fwhm_z": 3.62824,
  "icvs_csf": 0.2212870281876028,
  "icvs_gm": 0.45126111531696605,
  "icvs_wm": 0.3274518564954311,
  "inu_med": 0.4663711488246918,
  "inu_range": 0.128741779923439,
  "provenance": {
    "md5sum": "eb3bb248ed4a9c7114ef27ae4289921f",
    "settings": {
      "testing": false
    },
    "software": "mriqc",
    "version": "22.0.6",
    "warnings": {
      "large_rot_frame": true,
      "small_air_mask": false
    },
    "webapi_port": null,
    "webapi_url": "https://mriqc.nimh.nih.gov/api/v1"
  },
  "qi_1": 0.006759997653497497,
  "qi_2": 0.04585546128311797,
  "rpve_csf": 22.151241460125142,
  "rpve_gm": 11.473583635684681,
  "rpve_wm": 17.78779729806437,
  "size_x": 176,
  "size_y": 224,
  "size_z": 256,
  "snr_csf": 2.456026835722853,
  "snr_gm": 10.309030662132937,
  "snr_total": 12.35989065808314,
  "snr_wm": 24.314614476393636,
  "snrd_csf": 37.112336872579434,
  "snrd_gm": 111.2554719230825,
  "snrd_total": 104.92263330481673,
  "snrd_wm": 166.40009111878825,
  "spacing_x": 1.0,
  "spacing_y": 1.0,
  "spacing_z": 1.0,
  "summary_bg_k": 27.716338829517277,
  "summary_bg_mad": 0.0,
  "summary_bg_mean": 1.7950849137823541,
  "summary_bg_median": 0.0,
  "summary_bg_n": 2301589.0,
  "summary_bg_p05": 0.0,
  "summary_bg_p95": 9.310302697122097,
  "summary_bg_stdv": 3.937115680024916,
  "summary_csf_k": 2.714181228304721,
  "summary_csf_mad": 73.08576992796938,
  "summary_csf_mean": 239.62760409924448,
  "summary_csf_median": 223.03075118921697,
  "summary_csf_n": 39017.0,
  "summary_csf_p05": 126.17910234257579,
  "summary_csf_p95": 414.34277113713307,
  "summary_csf_stdv": 90.80841047997167,
  "summary_gm_k": 0.24630781442147498,
  "summary_gm_mad": 61.0258913911474,
  "summary_gm_mean": 669.544854324175,
  "summary_gm_median": 668.6022376362234,
  "summary_gm_n": 36494.0,
  "summary_gm_p05": 562.3912844993174,
  "summary_gm_p95": 778.6683911136352,
  "summary_gm_stdv": 64.85508667548669,
  "summary_wm_k": 0.6546188766409933,
  "summary_wm_mad": 38.43178160228211,
  "summary_wm_mean": 999.481582656829,
  "summary_wm_median": 1000.0000120606273,
  "summary_wm_n": 175446.0,
  "summary_wm_p05": 930.9077657293528,
  "summary_wm_p95": 1065.6621468719095,
  "summary_wm_stdv": 41.127411793745104,
  "tpm_overlap_csf": 0.15841972890509018,
  "tpm_overlap_gm": 0.46473338115297425,
  "tpm_overlap_wm": 0.5007955032150633,
  "wm2max": 0.6817270753298814
}