{
  "aor": 0.0007722545454545455,
  "aqi": 0.005172360509090909,
  "bids_meta": {
    "AcquisitionNumber": 1,
    "AcquisitionTime": "12:59:13.127500",
    "BrainVoyagerInfo": {
      "AcquisitionTime": "125913.127500",
      "CalculatedDicomSlice1CenterX": -1.11236572265625,
      "CalculatedDicomSlice1CenterY": -39.249305725097656,
      "CalculatedDicomSlice1CenterZ": -94.75334167480469,
      "CalculatedDicomSliceNCenterX": -1.11236572265625,
      "CalculatedDicomSliceNCenterY": 12.60961627960205,
      "CalculatedDicomSliceNCenterZ": 21.72370147705078,
      "CoordinateSystem": 1,
      "DataStorageFormat": 2,
      "DataType": 2,
      "DicomColDirX": 0,
      "DicomColDirY": 0.9135454297065735,
      "DicomColDirZ": -0.4067366421222687,
      "DicomFoVCols": 210,
      "DicomFoVRows": 210,
      "DicomGapThickness": 0,
      "DicomNCols": 84,
      "DicomNRows": 84,
      "DicomPosInfoPresent": 1,
      "DicomRowDirX": 1,
      "DicomRowDirY": 0,
      "DicomRowDirZ": 0,
      "DicomSliceThickness": 2.5,
      "DocumentType": "FMR",
      "MultiBandSequence": true,
      "NrOfPastSpatialTransformations": 0,
      "NrOfPreprocessingSteps": 0,
      "NrOfSkippedVolumes": 0,
      "Protocol": {
        "Conditions": [
          {
            "ColorB": 255,
            "ColorG": 163,
            "ColorR": 255,
            "IntervalsFrom": [
              21,
              85,
              141,
              149,
              189,
              193,
              205,
              241,
              245
            ],
            "IntervalsTo": [
              21,
              85,
              141,
              149,
              189,
              193,
              205,
              241,
              245
            ],
            "Name": "Face_Left",
            "NrOfIntervals": 9
          },
          {
            "ColorB": 255,
            "ColorG": 0,
            "ColorR": 255,
            "IntervalsFrom": [
              29,
              33,
              61,
              73,
              125,
              129,
              153,
              181,
              237
            ],
            "IntervalsTo": [
              29,
              33,
              61,
              73,
              125,
              129,
              153,
              181,
              237
            ],
            "Name": "Face_Center",
            "NrOfIntervals": 9
          },
          {
            "ColorB": 95,
            "ColorG": 2,
            "ColorR": 187,
            "IntervalsFrom": [
              81,
              109,
              133,
              169,
              177,
              213,
              217,
              257
            ],
            "IntervalsTo": [
              81,
              109,
              133,
              169,
              177,
              213,
              217,
              257
            ],
            "Name": "Face_Right",
            "NrOfIntervals": 8
          },
          {
            "ColorB": 126,
            "ColorG": 255,
            "ColorR": 126,
            "IntervalsFrom": [
              17,
              41,
              53,
              69,
              89,
              93,
              101,
              173
            ],
            "IntervalsTo": [
              17,
              41,
              53,
              69,
              89,
              93,
              101,
              173
            ],
            "Name": "Hand_Left",
            "NrOfIntervals": 8
          },
          {
            "ColorB": 0,
            "ColorG": 199,
            "ColorR": 0,
            "IntervalsFrom": [
              37,
              49,
              57,
              77,
              121,
              145,
              221,
              249
            ],
            "IntervalsTo": [
              37,
              49,
              57,
              77,
              121,
              145,
              221,
              249
            ],
            "Name": "Hand_Center",
            "NrOfIntervals": 8
          },
          {
            "ColorB": 0,
            "ColorG": 86,
            "ColorR": 0,
            "IntervalsFrom": [
              97,
              113,
              117,
              157,
              201,
              229,
              233,
              253,
              261
            ],
            "IntervalsTo": [
              97,
              113,
              117,
              157,
              201,
              229,
              233,
              253,
              261
            ],
            "Name": "Hand_Right",
            "NrOfIntervals": 9
          }
        ],
        "FileName": "sub-07_ses-01_MainExp_run-6.prt",
        "Name": "newbi4fmri_MainExp",
        "NrOfConditions": 6,
        "TimeCourseColors": {
          "RefTCPenThick": 3,
          "RefTimeCourseB": 80,
          "RefTimeCourseG": 0,
          "RefTimeCourseR": 0,
          "TCBackColorB": 0,
          "TCBackColorG": 0,
          "TCBackColorR": 0,
          "TCPenThick": 3,
          "TCTextColorB": 255,
          "TCTextColorG": 255,
          "TCTextColorR": 255,
          "TimeCourseB": 255,
          "TimeCourseG": 255,
          "TimeCourseR": 255
        },
        "TimeResolution": "Volumes"
      },
      "SliceAcquisitionOrder": 5,
      "SliceAcquisitionOrderVerified": true,
      "SliceGap": 0,
      "SliceThickness": 2.5,
      "SliceTimingTable": [
        0,
        0.5275,
        0.075,
        0.6025,
        0.1525,
        0.68,
        0.2275,
        0.755,
        0.3025,
        0.83,
        0.3775,
        0.905,
        0.4525,
        0,
        0.5275,
        0.075,
        0.6025,
        0.1525,
        0.68,
        0.2275,
        0.755,
        0.3025,
        0.83,
        0.3775,
        0.905,
        0.4525,
        0,
        0.5275,
        0.075,
        0.6025,
        0.1525,
        0.68,
        0.2275,
        0.755,
        0.3025,
        0.83,
        0.3775,
        0.905,
        0.4525,
        0,
        0.5275,
        0.075,
        0.6025,
        0.1525,
        0.68,
        0.2275,
        0.755,
        0.3025,
        0.83,
        0.3775,
        0.905,
        0.4525
      ],
      "SliceTimingTableSize": 52,
      "TE": 0.028,
      "TR": 1,
      "TimeResolutionVerified": true,
      "Version": 1,
      "VoxelResolutionVerified": true
    },
    "ConversionSoftware": "BrainVoyager",
    "ConversionSoftwareVersion": "21.4.5.4030",
    "ImageNumber": 1,
    "ImageOrientationPatientDICOM": [
      1,
      0,
      0,
      0,
      0.91354545891661,
      -0.4067366402143
    ],
    "ImagePositionPatientDICOM": [
      -839.86235119402,
      -805.4855348857,
      246.39701325368
    ],
    "ImageType": "ORIGINAL PRIMARY M MB ND NORM MOSAIC",
    "MagneticFieldStrength": 3,
    "Manufacturer": "SIEMENS",
    "ManufacturersModelName": "Prisma_fit",
    "Modality": "MR",
    "NrOfTemporalPositions": 0,
    "PatientPosition": "HFS",
    "RepetitionTime": 1,
    "SeriesDescription": "ep_mb4_2.5iso",
    "SeriesNumber": 10,
    "SiemensMosaicSliceAcqOrder": 3,
    "SiemensMosaicTE": 0.028,
    "SiemensMosaicTR": 1,
    "SliceThickness": 2.5,
    "SliceTiming": [
      0,
      0.5275,
      0.075,
      0.6025,
      0.1525,
      0.68,
      0.2275,
      0.755,
      0.3025,
      0.83,
      0.3775,
      0.905,
      0.4525,
      0,
      0.5275,
      0.075,
      0.6025,
      0.1525,
      0.68,
      0.2275,
      0.755,
      0.3025,
      0.83,
      0.3775,
      0.905,
      0.4525,
      0,
      0.5275,
      0.075,
      0.6025,
      0.1525,
      0.68,
      0.2275,
      0.755,
      0.3025,
      0.83,
      0.3775,
      0.905,
      0.4525,
      0,
      0.5275,
      0.075,
      0.6025,
      0.1525,
      0.68,
      0.2275,
      0.755,
      0.3025,
      0.83,
      0.3775,
      0.905,
      0.4525
    ],
    "StudyDescription": "newbi4fmri_MainExp",
    "TaskName": "newbi4fmri_MainExp",
    "dataset": "ds003434",
    "modality": "bold",
    "run_id": 6,
    "session_id": "01",
    "subject_id": "07",
    "task_id": "MainExp"
  },
  "dummy_trs": 5,
  "dvars_nstd": 31.704434749598516,
  "dvars_std": 1.2018190439416059,
  "dvars_vstd": 1.0144651297445257,
  "efc": 0.547947546208177,
  "fber": 2143.463134765625,
  "fd_mean": 0.10518499549733439,
  "fd_num": 1,
  "fd_perc": 0.36363636363636365,
  "fwhm_avg": 1.9859426666666666,
  "fwhm_x": 1.860364,
  "fwhm_y": 2.144764,
  "fwhm_z": 1.9527,
  "gcor": 0.0102748,
  "gsr_x": 0.014928910881280899,
  "gsr_y": 0.015415718778967857,
  "provenance": {
    "md5sum": "35422c8e718aae2a41c67f6331c1670b",
    "settings": {
      "fd_thres": 0.2,
      "testing": false
    },
    "software": "mriqc",
    "version": "22.0.6",
    "webapi_port": null,
    "webapi_url": "https://mriqc.nimh.nih.gov/api/v1"
  },
  "size_t": 275,
  "size_x": 84,
  "size_y": 84,
  "size_z": 52,
  "snr": 4.886494392753503,
  "spacing_tr": 1.0,
  "spacing_x": 2.5,
  "spacing_y": 2.5,
  "spacing_z": 2.5,
  "summary_bg_k": 13.59106522799662,
  "summary_bg_mad": 58.92089389039869,
  "summary_bg_mean": 238.56649780273438,
  "summary_bg_median": 73.27482604980469,
  "summary_bg_n": 229338.0,
  "summary_bg_p05": 29.872879123687746,
  "summary_bg_p95": 1088.1114074707027,
  "summary_bg_stdv": 405.8035888671875,
  "summary_fg_k": 3.9392765235905918,
  "summary_fg_mad": 634.3615469378716,
  "summary_fg_mean": 3560.0556640625,
  "summary_fg_median": 3473.556396484375,
  "summary_fg_n": 76523.0,
  "summary_fg_p05": 2662.5152099609377,
  "summary_fg_p95": 4726.206201171874,
  "summary_fg_stdv": 710.8436889648438,
  "tsnr": 55.01261901855469
}