{
  "aor": 0.0004063082437275985,
  "aqi": 0.004949019139784946,
  "bids_meta": {
    "AcquisitionNumber": 1,
    "AcquisitionTime": "12:39:01.335000",
    "BrainVoyagerInfo": {
      "AcquisitionTime": "123901.335000",
      "CalculatedDicomSlice1CenterX": -1.11236572265625,
      "CalculatedDicomSlice1CenterY": -39.249305725097656,
      "CalculatedDicomSlice1CenterZ": -94.75334167480469,
      "CalculatedDicomSliceNCenterX": -1.11236572265625,
      "CalculatedDicomSliceNCenterY": 12.60961627960205,
      "CalculatedDicomSliceNCenterZ": 21.72370147705078,
      "CoordinateSystem": 1,
      "DataStorageFormat": 2,
      "DataType": 2,
      "DicomColDirX": 0,
      "DicomColDirY": 0.9135454297065735,
      "DicomColDirZ": -0.4067366421222687,
      "DicomFoVCols": 210,
      "DicomFoVRows": 210,
      "DicomGapThickness": 0,
      "DicomNCols": 84,
      "DicomNRows": 84,
      "DicomPosInfoPresent": 1,
      "DicomRowDirX": 1,
      "DicomRowDirY": 0,
      "DicomRowDirZ": 0,
      "DicomSliceThickness": 2.5,
      "DocumentType": "FMR",
      "MultiBandSequence": true,
      "NrOfPastSpatialTransformations": 0,
      "NrOfPreprocessingSteps": 0,
      "NrOfSkippedVolumes": 0,
      "Protocol": {
        "Conditions": [
          {
            "ColorB": 255,
            "ColorG": 163,
            "ColorR": 255,
            "IntervalsFrom": [
              37,
              41,
              53,
              57,
              61,
              133,
              177,
              185,
              237,
              257
            ],
            "IntervalsTo": [
              37,
              41,
              53,
              57,
              61,
              133,
              177,
              185,
              237,
              257
            ],
            "Name": "Face_Left",
            "NrOfIntervals": 10
          },
          {
            "ColorB": 255,
            "ColorG": 0,
            "ColorR": 255,
            "IntervalsFrom": [
              25,
              113,
              153,
              161,
              169,
              173,
              197,
              249
            ],
            "IntervalsTo": [
              25,
              113,
              153,
              161,
              169,
              173,
              197,
              249
            ],
            "Name": "Face_Center",
            "NrOfIntervals": 8
          },
          {
            "ColorB": 95,
            "ColorG": 2,
            "ColorR": 187,
            "IntervalsFrom": [
              65,
              81,
              109,
              125,
              189,
              213,
              221,
              253
            ],
            "IntervalsTo": [
              65,
              81,
              109,
              125,
              189,
              213,
              221,
              253
            ],
            "Name": "Face_Right",
            "NrOfIntervals": 8
          },
          {
            "ColorB": 126,
            "ColorG": 255,
            "ColorR": 126,
            "IntervalsFrom": [
              17,
              21,
              29,
              101,
              141,
              157,
              233,
              241
            ],
            "IntervalsTo": [
              17,
              21,
              29,
              101,
              141,
              157,
              233,
              241
            ],
            "Name": "Hand_Left",
            "NrOfIntervals": 8
          },
          {
            "ColorB": 0,
            "ColorG": 199,
            "ColorR": 0,
            "IntervalsFrom": [
              49,
              73,
              77,
              85,
              89,
              97,
              145,
              165,
              261
            ],
            "IntervalsTo": [
              49,
              73,
              77,
              85,
              89,
              97,
              145,
              165,
              261
            ],
            "Name": "Hand_Center",
            "NrOfIntervals": 9
          },
          {
            "ColorB": 0,
            "ColorG": 86,
            "ColorR": 0,
            "IntervalsFrom": [
              45,
              121,
              129,
              193,
              205,
              209,
              225,
              245
            ],
            "IntervalsTo": [
              45,
              121,
              129,
              193,
              205,
              209,
              225,
              245
            ],
            "Name": "Hand_Right",
            "NrOfIntervals": 8
          }
        ],
        "FileName": "sub-07_ses-01_MainExp_run-2.prt",
        "Name": "newbi4fmri_MainExp",
        "NrOfConditions": 6,
        "TimeCourseColors": {
          "RefTCPenThick": 3,
          "RefTimeCourseB": 80,
          "RefTimeCourseG": 0,
          "RefTimeCourseR": 0,
          "TCBackColorB": 0,
          "TCBackColorG": 0,
          "TCBackColorR": 0,
          "TCPenThick": 3,
          "TCTextColorB": 255,
          "TCTextColorG": 255,
          "TCTextColorR": 255,
          "TimeCourseB": 255,
          "TimeCourseG": 255,
          "TimeCourseR": 255
        },
        "TimeResolution": "Volumes"
      },
      "SliceAcquisitionOrder": 5,
      "SliceAcquisitionOrderVerified": true,
      "SliceGap": 0,
      "SliceThickness": 2.5,
      "SliceTimingTable": [
        0,
        0.5275,
        0.075,
        0.6025,
        0.15,
        0.6775,
        0.2275,
        0.755,
        0.3025,
        0.83,
        0.3775,
        0.905,
        0.4525,
        0,
        0.5275,
        0.075,
        0.6025,
        0.15,
        0.6775,
        0.2275,
        0.755,
        0.3025,
        0.83,
        0.3775,
        0.905,
        0.4525,
        0,
        0.5275,
        0.075,
        0.6025,
        0.15,
        0.6775,
        0.2275,
        0.755,
        0.3025,
        0.83,
        0.3775,
        0.905,
        0.4525,
        0,
        0.5275,
        0.075,
        0.6025,
        0.15,
        0.6775,
        0.2275,
        0.755,
        0.3025,
        0.83,
        0.3775,
        0.905,
        0.4525
      ],
      "SliceTimingTableSize": 52,
      "TE": 0.028,
      "TR": 1,
      "TimeResolutionVerified": true,
      "Version": 1,
      "VoxelResolutionVerified": true
    },
    "ConversionSoftware": "BrainVoyager",
    "ConversionSoftwareVersion": "21.4.5.4030",
    "ImageNumber": 1,
    "ImageOrientationPatientDICOM": [
      1,
      0,
      0,
      0,
      0.91354545891661,
      -0.4067366402143
    ],
    "ImagePositionPatientDICOM": [
      -839.86235119402,
      -805.4855348857,
      246.39701325368
    ],
    "ImageType": "ORIGINAL PRIMARY M MB ND NORM MOSAIC",
    "MagneticFieldStrength": 3,
    "Manufacturer": "SIEMENS",
    "ManufacturersModelName": "Prisma_fit",
    "Modality": "MR",
    "NrOfTemporalPositions": 0,
    "PatientPosition": "HFS",
    "RepetitionTime": 1,
    "SeriesDescription": "ep_mb4_2.5iso",
    "SeriesNumber": 6,
    "SiemensMosaicSliceAcqOrder": 3,
    "SiemensMosaicTE": 0.028,
    "SiemensMosaicTR": 1,
    "SliceThickness": 2.5,
    "SliceTiming": [
      0,
      0.5275,
      0.075,
      0.6025,
      0.15,
      0.6775,
      0.2275,
      0.755,
      0.3025,
      0.83,
      0.3775,
      0.905,
      0.4525,
      0,
      0.5275,
      0.075,
      0.6025,
      0.15,
      0.6775,
      0.2275,
      0.755,
      0.3025,
      0.83,
      0.3775,
      0.905,
      0.4525,
      0,
      0.5275,
      0.075,
      0.6025,
      0.15,
      0.6775,
      0.2275,
      0.755,
      0.3025,
      0.83,
      0.3775,
      0.905,
      0.4525,
      0,
      0.5275,
      0.075,
      0.6025,
      0.15,
      0.6775,
      0.2275,
      0.755,
      0.3025,
      0.83,
      0.3775,
      0.905,
      0.4525
    ],
    "StudyDescription": "newbi4fmri_MainExp",
    "TaskName": "newbi4fmri_MainExp",
    "dataset": "ds003434",
    "modality": "bold",
    "run_id": 2,
    "session_id": "01",
    "subject_id": "07",
    "task_id": "MainExp"
  },
  "dummy_trs": 1,
  "dvars_nstd": 31.896052216618706,
  "dvars_std": 1.2011460923021589,
  "dvars_vstd": 1.0069795753956832,
  "efc": 0.5469901317054588,
  "fber": 2145.729736328125,
  "fd_mean": 0.10866686534973645,
  "fd_num": 9,
  "fd_perc": 3.225806451612903,
  "fwhm_avg": 1.9871973333333335,
  "fwhm_x": 1.865652,
  "fwhm_y": 2.1428000000000003,
  "fwhm_z": 1.95314,
  "gcor": 0.00723038,
  "gsr_x": 0.01420572679489851,
  "gsr_y": 0.014612586237490177,
  "provenance": {
    "md5sum": "a2f2ce6d736a22d1f79175c98dadb63d",
    "settings": {
      "fd_thres": 0.2,
      "testing": false
    },
    "software": "mriqc",
    "version": "22.0.6",
    "webapi_port": null,
    "webapi_url": "https://mriqc.nimh.nih.gov/api/v1"
  },
  "size_t": 279,
  "size_x": 84,
  "size_y": 84,
  "size_z": 52,
  "snr": 4.89117923027374,
  "spacing_tr": 1.0,
  "spacing_x": 2.5,
  "spacing_y": 2.5,
  "spacing_z": 2.5,
  "summary_bg_k": 12.945861047033453,
  "summary_bg_mad": 58.5219705983062,
  "summary_bg_mean": 235.14158630371094,
  "summary_bg_median": 73.20939636230469,
  "summary_bg_n": 229465.0,
  "summary_bg_p05": 30.12069778442383,
  "summary_bg_p95": 1074.0201416015625,
  "summary_bg_stdv": 398.4351501464844,
  "summary_fg_k": 3.90769896607498,
  "summary_fg_mad": 640.7715573596284,
  "summary_fg_mean": 3556.14990234375,
  "summary_fg_median": 3470.845703125,
  "summary_fg_n": 76623.0,
  "summary_fg_p05": 2657.586669921875,
  "summary_fg_p95": 4714.859228515625,
  "summary_fg_stdv": 709.608642578125,
  "tsnr": 56.236244201660156
}