{
  "aor": 0.0005229710144927537,
  "aqi": 0.005523349818840579,
  "bids_meta": {
    "AcquisitionNumber": 1,
    "AcquisitionTime": "12:54:11.540000",
    "BrainVoyagerInfo": {
      "AcquisitionTime": "125411.540000",
      "CalculatedDicomSlice1CenterX": -1.11236572265625,
      "CalculatedDicomSlice1CenterY": -39.249305725097656,
      "CalculatedDicomSlice1CenterZ": -94.75334167480469,
      "CalculatedDicomSliceNCenterX": -1.11236572265625,
      "CalculatedDicomSliceNCenterY": 12.60961627960205,
      "CalculatedDicomSliceNCenterZ": 21.72370147705078,
      "CoordinateSystem": 1,
      "DataStorageFormat": 2,
      "DataType": 2,
      "DicomColDirX": 0,
      "DicomColDirY": 0.9135454297065735,
      "DicomColDirZ": -0.4067366421222687,
      "DicomFoVCols": 210,
      "DicomFoVRows": 210,
      "DicomGapThickness": 0,
      "DicomNCols": 84,
      "DicomNRows": 84,
      "DicomPosInfoPresent": 1,
      "DicomRowDirX": 1,
      "DicomRowDirY": 0,
      "DicomRowDirZ": 0,
      "DicomSliceThickness": 2.5,
      "DocumentType": "FMR",
      "MultiBandSequence": true,
      "NrOfPastSpatialTransformations": 0,
      "NrOfPreprocessingSteps": 0,
      "NrOfSkippedVolumes": 0,
      "Protocol": {
        "Conditions": [
          {
            "ColorB": 255,
            "ColorG": 163,
            "ColorR": 255,
            "IntervalsFrom": [
              89,
              101,
              113,
              181,
              189,
              229,
              233,
              261
            ],
            "IntervalsTo": [
              89,
              101,
              113,
              181,
              189,
              229,
              233,
              261
            ],
            "Name": "Face_Left",
            "NrOfIntervals": 8
          },
          {
            "ColorB": 255,
            "ColorG": 0,
            "ColorR": 255,
            "IntervalsFrom": [
              45,
              53,
              77,
              129,
              153,
              213,
              237,
              257
            ],
            "IntervalsTo": [
              45,
              53,
              77,
              129,
              153,
              213,
              237,
              257
            ],
            "Name": "Face_Center",
            "NrOfIntervals": 8
          },
          {
            "ColorB": 95,
            "ColorG": 2,
            "ColorR": 187,
            "IntervalsFrom": [
              81,
              85,
              97,
              149,
              161,
              165,
              193,
              197,
              205,
              245
            ],
            "IntervalsTo": [
              81,
              85,
              97,
              149,
              161,
              165,
              193,
              197,
              205,
              245
            ],
            "Name": "Face_Right",
            "NrOfIntervals": 10
          },
          {
            "ColorB": 126,
            "ColorG": 255,
            "ColorR": 126,
            "IntervalsFrom": [
              65,
              73,
              117,
              121,
              169,
              209,
              225,
              241
            ],
            "IntervalsTo": [
              65,
              73,
              117,
              121,
              169,
              209,
              225,
              241
            ],
            "Name": "Hand_Left",
            "NrOfIntervals": 8
          },
          {
            "ColorB": 0,
            "ColorG": 199,
            "ColorR": 0,
            "IntervalsFrom": [
              21,
              41,
              61,
              105,
              141,
              145,
              217,
              249,
              253
            ],
            "IntervalsTo": [
              21,
              41,
              61,
              105,
              141,
              145,
              217,
              249,
              253
            ],
            "Name": "Hand_Center",
            "NrOfIntervals": 9
          },
          {
            "ColorB": 0,
            "ColorG": 86,
            "ColorR": 0,
            "IntervalsFrom": [
              17,
              29,
              33,
              93,
              125,
              133,
              157,
              177
            ],
            "IntervalsTo": [
              17,
              29,
              33,
              93,
              125,
              133,
              157,
              177
            ],
            "Name": "Hand_Right",
            "NrOfIntervals": 8
          }
        ],
        "FileName": "sub-07_ses-01_MainExp_run-5.prt",
        "Name": "newbi4fmri_MainExp",
        "NrOfConditions": 6,
        "TimeCourseColors": {
          "RefTCPenThick": 3,
          "RefTimeCourseB": 80,
          "RefTimeCourseG": 0,
          "RefTimeCourseR": 0,
          "TCBackColorB": 0,
          "TCBackColorG": 0,
          "TCBackColorR": 0,
          "TCPenThick": 3,
          "TCTextColorB": 255,
          "TCTextColorG": 255,
          "TCTextColorR": 255,
          "TimeCourseB": 255,
          "TimeCourseG": 255,
          "TimeCourseR": 255
        },
        "TimeResolution": "Volumes"
      },
      "SliceAcquisitionOrder": 5,
      "SliceAcquisitionOrderVerified": true,
      "SliceGap": 0,
      "SliceThickness": 2.5,
      "SliceTimingTable": [
        0,
        0.5275,
        0.0775,
        0.605,
        0.1525,
        0.68,
        0.2275,
        0.755,
        0.3025,
        0.83,
        0.3775,
        0.905,
        0.4525,
        0,
        0.5275,
        0.0775,
        0.605,
        0.1525,
        0.68,
        0.2275,
        0.755,
        0.3025,
        0.83,
        0.3775,
        0.905,
        0.4525,
        0,
        0.5275,
        0.0775,
        0.605,
        0.1525,
        0.68,
        0.2275,
        0.755,
        0.3025,
        0.83,
        0.3775,
        0.905,
        0.4525,
        0,
        0.5275,
        0.0775,
        0.605,
        0.1525,
        0.68,
        0.2275,
        0.755,
        0.3025,
        0.83,
        0.3775,
        0.905,
        0.4525
      ],
      "SliceTimingTableSize": 52,
      "TE": 0.028,
      "TR": 1,
      "TimeResolutionVerified": true,
      "Version": 1,
      "VoxelResolutionVerified": true
    },
    "ConversionSoftware": "BrainVoyager",
    "ConversionSoftwareVersion": "21.4.5.4030",
    "ImageNumber": 1,
    "ImageOrientationPatientDICOM": [
      1,
      0,
      0,
      0,
      0.91354545891661,
      -0.4067366402143
    ],
    "ImagePositionPatientDICOM": [
      -839.86235119402,
      -805.4855348857,
      246.39701325368
    ],
    "ImageType": "ORIGINAL PRIMARY M MB ND NORM MOSAIC",
    "MagneticFieldStrength": 3,
    "Manufacturer": "SIEMENS",
    "ManufacturersModelName": "Prisma_fit",
    "Modality": "MR",
    "NrOfTemporalPositions": 0,
    "PatientPosition": "HFS",
    "RepetitionTime": 1,
    "SeriesDescription": "ep_mb4_2.5iso",
    "SeriesNumber": 9,
    "SiemensMosaicSliceAcqOrder": 3,
    "SiemensMosaicTE": 0.028,
    "SiemensMosaicTR": 1,
    "SliceThickness": 2.5,
    "SliceTiming": [
      0,
      0.5275,
      0.0775,
      0.605,
      0.1525,
      0.68,
      0.2275,
      0.755,
      0.3025,
      0.83,
      0.3775,
      0.905,
      0.4525,
      0,
      0.5275,
      0.0775,
      0.605,
      0.1525,
      0.68,
      0.2275,
      0.755,
      0.3025,
      0.83,
      0.3775,
      0.905,
      0.4525,
      0,
      0.5275,
      0.0775,
      0.605,
      0.1525,
      0.68,
      0.2275,
      0.755,
      0.3025,
      0.83,
      0.3775,
      0.905,
      0.4525,
      0,
      0.5275,
      0.0775,
      0.605,
      0.1525,
      0.68,
      0.2275,
      0.755,
      0.3025,
      0.83,
      0.3775,
      0.905,
      0.4525
    ],
    "StudyDescription": "newbi4fmri_MainExp",
    "TaskName": "newbi4fmri_MainExp",
    "dataset": "ds003434",
    "modality": "bold",
    "run_id": 5,
    "session_id": "01",
    "subject_id": "07",
    "task_id": "MainExp"
  },
  "dummy_trs": 4,
  "dvars_nstd": 31.518948780472698,
  "dvars_std": 1.1843865608363637,
  "dvars_vstd": 1.005391748181818,
  "efc": 0.547854371620286,
  "fber": 2143.005859375,
  "fd_mean": 0.10907198271201554,
  "fd_num": 17,
  "fd_perc": 6.159420289855072,
  "fwhm_avg": 1.9803933333333334,
  "fwhm_x": 1.8589639999999998,
  "fwhm_y": 2.1383,
  "fwhm_z": 1.9439160000000002,
  "gcor": 0.0127738,
  "gsr_x": 0.014554781839251518,
  "gsr_y": 0.015395176596939564,
  "provenance": {
    "md5sum": "2d000c78a0461dfcd27e99bc55169fe7",
    "settings": {
      "fd_thres": 0.2,
      "testing": false
    },
    "software": "mriqc",
    "version": "22.0.6",
    "webapi_port": null,
    "webapi_url": "https://mriqc.nimh.nih.gov/api/v1"
  },
  "size_t": 276,
  "size_x": 84,
  "size_y": 84,
  "size_z": 52,
  "snr": 4.890970425822937,
  "spacing_tr": 1.0,
  "spacing_x": 2.5,
  "spacing_y": 2.5,
  "spacing_z": 2.5,
  "summary_bg_k": 13.01155389994782,
  "summary_bg_mad": 59.01376296132524,
  "summary_bg_mean": 238.66702270507812,
  "summary_bg_median": 73.545166015625,
  "summary_bg_n": 229498.0,
  "summary_bg_p05": 30.18909502029419,
  "summary_bg_p95": 1088.6927734375,
  "summary_bg_stdv": 404.03375244140625,
  "summary_fg_k": 3.9679060560865684,
  "summary_fg_mad": 636.4507998688322,
  "summary_fg_mean": 3563.672607421875,
  "summary_fg_median": 3478.09619140625,
  "summary_fg_n": 76413.0,
  "summary_fg_p05": 2665.3095703125,
  "summary_fg_p95": 4726.812890624999,
  "summary_fg_stdv": 711.121337890625,
  "tsnr": 53.61232376098633
}