{
  "aor": 0.00048684587813620076,
  "aqi": 0.005749205734767024,
  "bids_meta": {
    "AcquisitionNumber": 1,
    "AcquisitionTime": "09:39:17.930000",
    "BrainVoyagerInfo": {
      "AcquisitionTime": "093917.930000",
      "CalculatedDicomSlice1CenterX": -4.843556880950928,
      "CalculatedDicomSlice1CenterY": -36.076148986816406,
      "CalculatedDicomSlice1CenterZ": -85.58018493652344,
      "CalculatedDicomSliceNCenterX": -11.923356056213379,
      "CalculatedDicomSliceNCenterY": 21.999021530151367,
      "CalculatedDicomSliceNCenterZ": 27.70442771911621,
      "CoordinateSystem": 1,
      "DataStorageFormat": 2,
      "DataType": 2,
      "DicomColDirX": 0.06443273276090622,
      "DicomColDirY": 0.8896595239639282,
      "DicomColDirZ": -0.4520557224750519,
      "DicomFoVCols": 210,
      "DicomFoVRows": 210,
      "DicomGapThickness": 0,
      "DicomNCols": 84,
      "DicomNRows": 84,
      "DicomPosInfoPresent": 1,
      "DicomRowDirX": 0.9963759779930115,
      "DicomRowDirY": -0.03214724361896515,
      "DicomRowDirZ": 0.07874942570924759,
      "DicomSliceThickness": 2.5,
      "DocumentType": "FMR",
      "MultiBandSequence": true,
      "NrOfPastSpatialTransformations": 0,
      "NrOfPreprocessingSteps": 0,
      "NrOfSkippedVolumes": 0,
      "Protocol": {
        "Conditions": [
          {
            "ColorB": 255,
            "ColorG": 163,
            "ColorR": 255,
            "IntervalsFrom": [
              49,
              65,
              85,
              105,
              121,
              125,
              141,
              157,
              161
            ],
            "IntervalsTo": [
              49,
              65,
              85,
              105,
              121,
              125,
              141,
              157,
              161
            ],
            "Name": "Face_Left",
            "NrOfIntervals": 9
          },
          {
            "ColorB": 255,
            "ColorG": 0,
            "ColorR": 255,
            "IntervalsFrom": [
              17,
              21,
              33,
              57,
              69,
              73,
              101,
              133,
              241
            ],
            "IntervalsTo": [
              17,
              21,
              33,
              57,
              69,
              73,
              101,
              133,
              241
            ],
            "Name": "Face_Center",
            "NrOfIntervals": 9
          },
          {
            "ColorB": 95,
            "ColorG": 2,
            "ColorR": 187,
            "IntervalsFrom": [
              61,
              81,
              149,
              165,
              173,
              197,
              237,
              253,
              257
            ],
            "IntervalsTo": [
              61,
              81,
              149,
              165,
              173,
              197,
              237,
              253,
              257
            ],
            "Name": "Face_Right",
            "NrOfIntervals": 9
          },
          {
            "ColorB": 126,
            "ColorG": 255,
            "ColorR": 126,
            "IntervalsFrom": [
              37,
              97,
              145,
              153,
              185,
              193,
              213,
              221
            ],
            "IntervalsTo": [
              37,
              97,
              145,
              153,
              185,
              193,
              213,
              221
            ],
            "Name": "Hand_Left",
            "NrOfIntervals": 8
          },
          {
            "ColorB": 0,
            "ColorG": 199,
            "ColorR": 0,
            "IntervalsFrom": [
              25,
              45,
              89,
              113,
              169,
              217,
              229,
              261
            ],
            "IntervalsTo": [
              25,
              45,
              89,
              113,
              169,
              217,
              229,
              261
            ],
            "Name": "Hand_Center",
            "NrOfIntervals": 8
          },
          {
            "ColorB": 0,
            "ColorG": 86,
            "ColorR": 0,
            "IntervalsFrom": [
              77,
              117,
              129,
              177,
              205,
              209,
              225,
              245
            ],
            "IntervalsTo": [
              77,
              117,
              129,
              177,
              205,
              209,
              225,
              245
            ],
            "Name": "Hand_Right",
            "NrOfIntervals": 8
          }
        ],
        "FileName": "sub-12_ses-01_MainExp_run-2.prt",
        "Name": "newbi4fmri_MainExp",
        "NrOfConditions": 6,
        "TimeCourseColors": {
          "RefTCPenThick": 3,
          "RefTimeCourseB": 80,
          "RefTimeCourseG": 0,
          "RefTimeCourseR": 0,
          "TCBackColorB": 0,
          "TCBackColorG": 0,
          "TCBackColorR": 0,
          "TCPenThick": 3,
          "TCTextColorB": 255,
          "TCTextColorG": 255,
          "TCTextColorR": 255,
          "TimeCourseB": 255,
          "TimeCourseG": 255,
          "TimeCourseR": 255
        },
        "TimeResolution": "Volumes"
      },
      "SliceAcquisitionOrder": 5,
      "SliceAcquisitionOrderVerified": true,
      "SliceGap": 0,
      "SliceThickness": 2.5,
      "SliceTimingTable": [
        0,
        0.5275,
        0.075,
        0.6025,
        0.15,
        0.6775,
        0.225,
        0.7525,
        0.3,
        0.8275,
        0.3775,
        0.905,
        0.4525,
        0,
        0.5275,
        0.075,
        0.6025,
        0.15,
        0.6775,
        0.225,
        0.7525,
        0.3,
        0.8275,
        0.3775,
        0.905,
        0.4525,
        0,
        0.5275,
        0.075,
        0.6025,
        0.15,
        0.6775,
        0.225,
        0.7525,
        0.3,
        0.8275,
        0.3775,
        0.905,
        0.4525,
        0,
        0.5275,
        0.075,
        0.6025,
        0.15,
        0.6775,
        0.225,
        0.7525,
        0.3,
        0.8275,
        0.3775,
        0.905,
        0.4525
      ],
      "SliceTimingTableSize": 52,
      "TE": 0.028,
      "TR": 1,
      "TimeResolutionVerified": true,
      "Version": 1,
      "VoxelResolutionVerified": true
    },
    "ConversionSoftware": "BrainVoyager",
    "ConversionSoftwareVersion": "21.4.5.4030",
    "ImageNumber": 1,
    "ImageOrientationPatientDICOM": [
      0.99637597481665,
      -0.0321472430344,
      0.07874942268653,
      0.06443273417397,
      0.88965950654045,
      -0.4520557323927
    ],
    "ImagePositionPatientDICOM": [
      -894.59687865675,
      -755.31459669419,
      227.53047092952
    ],
    "ImageType": "ORIGINAL PRIMARY M MB ND NORM MOSAIC",
    "MagneticFieldStrength": 3,
    "Manufacturer": "SIEMENS",
    "ManufacturersModelName": "Prisma_fit",
    "Modality": "MR",
    "NrOfTemporalPositions": 0,
    "PatientPosition": "HFS",
    "RepetitionTime": 1,
    "SeriesDescription": "ep_mb4_2.5iso",
    "SeriesNumber": 6,
    "SiemensMosaicSliceAcqOrder": 3,
    "SiemensMosaicTE": 0.028,
    "SiemensMosaicTR": 1,
    "SliceThickness": 2.5,
    "SliceTiming": [
      0,
      0.5275,
      0.075,
      0.6025,
      0.15,
      0.6775,
      0.225,
      0.7525,
      0.3,
      0.8275,
      0.3775,
      0.905,
      0.4525,
      0,
      0.5275,
      0.075,
      0.6025,
      0.15,
      0.6775,
      0.225,
      0.7525,
      0.3,
      0.8275,
      0.3775,
      0.905,
      0.4525,
      0,
      0.5275,
      0.075,
      0.6025,
      0.15,
      0.6775,
      0.225,
      0.7525,
      0.3,
      0.8275,
      0.3775,
      0.905,
      0.4525,
      0,
      0.5275,
      0.075,
      0.6025,
      0.15,
      0.6775,
      0.225,
      0.7525,
      0.3,
      0.8275,
      0.3775,
      0.905,
      0.4525
    ],
    "StudyDescription": "newbi4fmri_MainExp",
    "TaskName": "newbi4fmri_MainExp",
    "dataset": "ds003434",
    "modality": "bold",
    "run_id": 2,
    "session_id": "01",
    "subject_id": "12",
    "task_id": "MainExp"
  },
  "dummy_trs": 1,
  "dvars_nstd": 26.93420624920862,
  "dvars_std": 1.2323598406115108,
  "dvars_vstd": 1.0022348442086328,
  "efc": 0.5016757624303014,
  "fber": 3689.9306640625,
  "fd_mean": 0.09625689106664376,
  "fd_num": 4,
  "fd_perc": 1.4336917562724014,
  "fwhm_avg": 1.9366038793345248,
  "fwhm_x": 1.883087820414751,
  "fwhm_y": 2.014004,
  "fwhm_z": 1.9127198175888234,
  "gcor": 0.0204968,
  "gsr_x": -0.010733744129538536,
  "gsr_y": 0.02906002663075924,
  "provenance": {
    "md5sum": "854d9cb61f47b35cd703fffd8faa7f33",
    "settings": {
      "fd_thres": 0.2,
      "testing": false
    },
    "software": "mriqc",
    "version": "22.0.6",
    "webapi_port": null,
    "webapi_url": "https://mriqc.nimh.nih.gov/api/v1"
  },
  "size_t": 279,
  "size_x": 84,
  "size_y": 84,
  "size_z": 52,
  "snr": 5.634902857085167,
  "spacing_tr": 1.0,
  "spacing_x": 2.500000238418579,
  "spacing_y": 2.5,
  "spacing_z": 2.500000238418579,
  "summary_bg_k": 31.179816688902676,
  "summary_bg_mad": 39.03266605764927,
  "summary_bg_mean": 140.60244750976562,
  "summary_bg_median": 61.44405746459961,
  "summary_bg_n": 235467.0,
  "summary_bg_p05": 29.246881675720214,
  "summary_bg_p95": 488.0796386718747,
  "summary_bg_stdv": 238.53358459472656,
  "summary_fg_k": 3.744657295496893,
  "summary_fg_mad": 604.658465723812,
  "summary_fg_mean": 3898.654296875,
  "summary_fg_median": 3815.258544921875,
  "summary_fg_n": 70874.0,
  "summary_fg_p05": 3015.378564453125,
  "summary_fg_p95": 5033.141113281249,
  "summary_fg_stdv": 677.0714111328125,
  "tsnr": 63.69853973388672
}