{
  "bids_meta": {
    "AcquisitionNumber": 1,
    "AcquisitionTime": "14:10:35",
    "BrainVoyagerInfo": {
      "CalculatedDicomSlice1CenterX": -89.28075408935547,
      "CalculatedDicomSlice1CenterY": -25.777938842773438,
      "CalculatedDicomSlice1CenterZ": -61.85053253173828,
      "CalculatedDicomSliceNCenterX": 85.71924591064453,
      "CalculatedDicomSliceNCenterY": -25.777938842773438,
      "CalculatedDicomSliceNCenterZ": -61.85053253173828,
      "CoordinateSystem": 1,
      "DicomColDirX": 0,
      "DicomColDirY": 0,
      "DicomColDirZ": -1,
      "DicomFoVCols": 256,
      "DicomFoVRows": 224,
      "DicomGapThickness": 0,
      "DicomNCols": 224,
      "DicomNRows": 256,
      "DicomPosInfoPresent": 1,
      "DicomRowDirX": 0,
      "DicomRowDirY": 1,
      "DicomRowDirZ": 0,
      "DicomSliceThickness": 1,
      "DocumentType": "VMR",
      "FramingCubeDim": 256,
      "MagnetPosInfosVerified": 1,
      "NrOfPastSpatialTransformations": 0,
      "NrOfPreprocessingSteps": 0,
      "OffsetX": 0,
      "OffsetY": 0,
      "OffsetZ": 0,
      "ReferenceSpace": "Native",
      "Version": 1
    },
    "ConversionSoftware": "BrainVoyager",
    "ConversionSoftwareVersion": "21.4.5.4030",
    "ImageNumber": 176,
    "ImageOrientationPatientDICOM": [
      0,
      1,
      0,
      0,
      0,
      -1
    ],
    "ImagePositionPatientDICOM": [
      85.719248175621,
      -137.27794075012,
      65.649467468262
    ],
    "ImageType": "ORIGINAL PRIMARY M ND NORM",
    "MagneticFieldStrength": 3,
    "Manufacturer": "SIEMENS",
    "ManufacturersModelName": "Prisma_fit",
    "Modality": "MR",
    "PatientPosition": "HFS",
    "RepetitionTime": 2.3,
    "SeriesDescription": "mprage_sag_p2",
    "SeriesNumber": 2,
    "SliceThickness": 1,
    "StudyDescription": "Culham^Psych_9223",
    "dataset": "ds003434",
    "modality": "T1w",
    "session_id": "01",
    "subject_id": "16"
  },
  "cjv": 0.32989990987763296,
  "cnr": 4.005592625314682,
  "efc": 0.48714593245281196,
  "fber": -1.0,
  "fwhm_avg": 3.586563333333333,
  "fwhm_x": 3.54612,
  "fwhm_y": 3.7617,
  "fwhm_z": 3.45187,
  "icvs_csf": 0.1847203260503798,
  "icvs_gm": 0.44659724957862695,
  "icvs_wm": 0.36868242437099324,
  "inu_med": 0.43965835869312286,
  "inu_range": 0.11348146945238119,
  "provenance": {
    "md5sum": "046b2ea230728d5431f2561facbf4616",
    "settings": {
      "testing": false
    },
    "software": "mriqc",
    "version": "22.0.6",
    "warnings": {
      "large_rot_frame": true,
      "small_air_mask": false
    },
    "webapi_port": null,
    "webapi_url": "https://mriqc.nimh.nih.gov/api/v1"
  },
  "qi_1": 0.026280227633473454,
  "qi_2": 0.040344889779375476,
  "rpve_csf": 24.895172091613222,
  "rpve_gm": 11.293925124365119,
  "rpve_wm": 15.737689240775666,
  "size_x": 176,
  "size_y": 224,
  "size_z": 256,
  "snr_csf": 1.8686529096555222,
  "snr_gm": 10.22653077479494,
  "snr_total": 12.18388037489367,
  "snr_wm": 24.456457440230547,
  "snrd_csf": 32.920662968645715,
  "snrd_gm": 88.69452001111384,
  "snrd_total": 83.69848400851922,
  "snrd_wm": 129.4802690457981,
  "spacing_x": 1.0,
  "spacing_y": 1.0,
  "spacing_z": 1.0,
  "summary_bg_k": 2833.879690755443,
  "summary_bg_mad": 0.0,
  "summary_bg_mean": 2.2705073590442497,
  "summary_bg_median": 0.0,
  "summary_bg_n": 2312498.0,
  "summary_bg_p05": 0.0,
  "summary_bg_p95": 11.094425156712532,
  "summary_bg_stdv": 5.059739232871764,
  "summary_csf_k": 0.7449259890109996,
  "summary_csf_mad": 128.18109167801083,
  "summary_csf_mean": 271.07418564918447,
  "summary_csf_median": 254.25235110521317,
  "summary_csf_n": 17639.0,
  "summary_csf_p05": 62.27282451912761,
  "summary_csf_p95": 512.7371334649622,
  "summary_csf_stdv": 136.057981972731,
  "summary_gm_k": 0.08378986302718827,
  "summary_gm_mad": 65.4309720015369,
  "summary_gm_mean": 686.4707428119942,
  "summary_gm_median": 685.0041344687343,
  "summary_gm_n": 33074.0,
  "summary_gm_p05": 577.9720469105989,
  "summary_gm_p95": 799.6475493408739,
  "summary_gm_stdv": 66.98202878828994,
  "summary_wm_k": 0.7544667286977482,
  "summary_wm_mad": 38.486134225903996,
  "summary_wm_mean": 1000.3320370187506,
  "summary_wm_median": 999.9999956861138,
  "summary_wm_n": 199797.0,
  "summary_wm_p05": 934.3528722450137,
  "summary_wm_p95": 1066.964965209365,
  "summary_wm_stdv": 40.88889388771133,
  "tpm_overlap_csf": 0.14087205489182442,
  "tpm_overlap_gm": 0.46772478427893127,
  "tpm_overlap_wm": 0.4994975496117543,
  "wm2max": 0.5859146330514106
}