{
  "aor": 0.0023859642857142864,
  "aqi": 0.008164816857142857,
  "bids_meta": {
    "AcquisitionNumber": 1,
    "AcquisitionTime": "10:44:31.947500",
    "BrainVoyagerInfo": {
      "AcquisitionTime": "104431.947500",
      "CalculatedDicomSlice1CenterX": -1.11236572265625,
      "CalculatedDicomSlice1CenterY": -33.405052185058594,
      "CalculatedDicomSlice1CenterZ": -82.58123779296875,
      "CalculatedDicomSliceNCenterX": -1.11236572265625,
      "CalculatedDicomSliceNCenterY": 20.680374145507812,
      "CalculatedDicomSliceNCenterZ": 32.878780364990234,
      "CoordinateSystem": 1,
      "DataStorageFormat": 2,
      "DataType": 2,
      "DicomColDirX": 0,
      "DicomColDirY": 0.9055687785148621,
      "DicomColDirZ": -0.4241994321346283,
      "DicomFoVCols": 210,
      "DicomFoVRows": 210,
      "DicomGapThickness": 0,
      "DicomNCols": 84,
      "DicomNRows": 84,
      "DicomPosInfoPresent": 1,
      "DicomRowDirX": 1,
      "DicomRowDirY": 0,
      "DicomRowDirZ": 0,
      "DicomSliceThickness": 2.5,
      "DocumentType": "FMR",
      "MultiBandSequence": true,
      "NrOfPastSpatialTransformations": 0,
      "NrOfPreprocessingSteps": 0,
      "NrOfSkippedVolumes": 0,
      "Protocol": {
        "Conditions": [
          {
            "ColorB": 255,
            "ColorG": 163,
            "ColorR": 255,
            "IntervalsFrom": [
              25,
              57,
              97,
              105,
              117,
              121,
              129,
              229
            ],
            "IntervalsTo": [
              25,
              57,
              97,
              105,
              117,
              121,
              129,
              229
            ],
            "Name": "Face_Left",
            "NrOfIntervals": 8
          },
          {
            "ColorB": 255,
            "ColorG": 0,
            "ColorR": 255,
            "IntervalsFrom": [
              85,
              109,
              153,
              165,
              185,
              189,
              221,
              237,
              245
            ],
            "IntervalsTo": [
              85,
              109,
              153,
              165,
              185,
              189,
              221,
              237,
              245
            ],
            "Name": "Face_Center",
            "NrOfIntervals": 9
          },
          {
            "ColorB": 95,
            "ColorG": 2,
            "ColorR": 187,
            "IntervalsFrom": [
              21,
              61,
              69,
              169,
              173,
              181,
              197,
              249
            ],
            "IntervalsTo": [
              21,
              61,
              69,
              169,
              173,
              181,
              197,
              249
            ],
            "Name": "Face_Right",
            "NrOfIntervals": 8
          },
          {
            "ColorB": 126,
            "ColorG": 255,
            "ColorR": 126,
            "IntervalsFrom": [
              17,
              33,
              41,
              133,
              137,
              161,
              225,
              257,
              261
            ],
            "IntervalsTo": [
              17,
              33,
              41,
              133,
              137,
              161,
              225,
              257,
              261
            ],
            "Name": "Hand_Left",
            "NrOfIntervals": 9
          },
          {
            "ColorB": 0,
            "ColorG": 199,
            "ColorR": 0,
            "IntervalsFrom": [
              29,
              49,
              53,
              141,
              149,
              193,
              201,
              213
            ],
            "IntervalsTo": [
              29,
              49,
              53,
              141,
              149,
              193,
              201,
              213
            ],
            "Name": "Hand_Center",
            "NrOfIntervals": 8
          },
          {
            "ColorB": 0,
            "ColorG": 86,
            "ColorR": 0,
            "IntervalsFrom": [
              37,
              73,
              77,
              93,
              125,
              205,
              209,
              233,
              241
            ],
            "IntervalsTo": [
              37,
              73,
              77,
              93,
              125,
              205,
              209,
              233,
              241
            ],
            "Name": "Hand_Right",
            "NrOfIntervals": 9
          }
        ],
        "FileName": "sub-15_ses-01_MainExp_run-4.prt",
        "Name": "newbi4fmri_MainExp",
        "NrOfConditions": 6,
        "TimeCourseColors": {
          "RefTCPenThick": 3,
          "RefTimeCourseB": 80,
          "RefTimeCourseG": 0,
          "RefTimeCourseR": 0,
          "TCBackColorB": 0,
          "TCBackColorG": 0,
          "TCBackColorR": 0,
          "TCPenThick": 3,
          "TCTextColorB": 255,
          "TCTextColorG": 255,
          "TCTextColorR": 255,
          "TimeCourseB": 255,
          "TimeCourseG": 255,
          "TimeCourseR": 255
        },
        "TimeResolution": "Volumes"
      },
      "SliceAcquisitionOrder": 5,
      "SliceAcquisitionOrderVerified": true,
      "SliceGap": 0,
      "SliceThickness": 2.5,
      "SliceTimingTable": [
        0,
        0.5275,
        0.075,
        0.6025,
        0.15,
        0.6775,
        0.225,
        0.7525,
        0.3025,
        0.83,
        0.3775,
        0.905,
        0.4525,
        0,
        0.5275,
        0.075,
        0.6025,
        0.15,
        0.6775,
        0.225,
        0.7525,
        0.3025,
        0.83,
        0.3775,
        0.905,
        0.4525,
        0,
        0.5275,
        0.075,
        0.6025,
        0.15,
        0.6775,
        0.225,
        0.7525,
        0.3025,
        0.83,
        0.3775,
        0.905,
        0.4525,
        0,
        0.5275,
        0.075,
        0.6025,
        0.15,
        0.6775,
        0.225,
        0.7525,
        0.3025,
        0.83,
        0.3775,
        0.905,
        0.4525
      ],
      "SliceTimingTableSize": 52,
      "TE": 0.028,
      "TR": 1,
      "TimeResolutionVerified": true,
      "Version": 1,
      "VoxelResolutionVerified": true
    },
    "ConversionSoftware": "BrainVoyager",
    "ConversionSoftwareVersion": "21.4.5.4030",
    "ImageNumber": 1,
    "ImageOrientationPatientDICOM": [
      1,
      0,
      0,
      0,
      0.90556879908842,
      -0.4241994225804
    ],
    "ImagePositionPatientDICOM": [
      -839.86235119402,
      -792.95089685561,
      273.21604188405
    ],
    "ImageType": "ORIGINAL PRIMARY M MB ND NORM MOSAIC",
    "MagneticFieldStrength": 3,
    "Manufacturer": "SIEMENS",
    "ManufacturersModelName": "Prisma_fit",
    "Modality": "MR",
    "NrOfTemporalPositions": 0,
    "PatientPosition": "HFS",
    "RepetitionTime": 1,
    "SeriesDescription": "ep_mb4_2.5iso",
    "SeriesNumber": 8,
    "SiemensMosaicSliceAcqOrder": 3,
    "SiemensMosaicTE": 0.028,
    "SiemensMosaicTR": 1,
    "SliceThickness": 2.5,
    "SliceTiming": [
      0,
      0.5275,
      0.075,
      0.6025,
      0.15,
      0.6775,
      0.225,
      0.7525,
      0.3025,
      0.83,
      0.3775,
      0.905,
      0.4525,
      0,
      0.5275,
      0.075,
      0.6025,
      0.15,
      0.6775,
      0.225,
      0.7525,
      0.3025,
      0.83,
      0.3775,
      0.905,
      0.4525,
      0,
      0.5275,
      0.075,
      0.6025,
      0.15,
      0.6775,
      0.225,
      0.7525,
      0.3025,
      0.83,
      0.3775,
      0.905,
      0.4525,
      0,
      0.5275,
      0.075,
      0.6025,
      0.15,
      0.6775,
      0.225,
      0.7525,
      0.3025,
      0.83,
      0.3775,
      0.905,
      0.4525
    ],
    "StudyDescription": "newbi4fmri_MainExp",
    "TaskName": "newbi4fmri_MainExp",
    "dataset": "ds003434",
    "modality": "bold",
    "run_id": 4,
    "session_id": "01",
    "subject_id": "15",
    "task_id": "MainExp"
  },
  "dummy_trs": 0,
  "dvars_nstd": 29.771598720215042,
  "dvars_std": 1.2226963886021502,
  "dvars_vstd": 1.0244210691397841,
  "efc": 0.5037463018375139,
  "fber": 3129.098388671875,
  "fd_mean": 0.233254184252738,
  "fd_num": 158,
  "fd_perc": 56.42857142857143,
  "fwhm_avg": 1.9604333333333333,
  "fwhm_x": 1.8649280000000001,
  "fwhm_y": 2.039632,
  "fwhm_z": 1.97674,
  "gcor": 0.0216493,
  "gsr_x": -0.00467948243021965,
  "gsr_y": 0.009284688159823418,
  "provenance": {
    "md5sum": "c517e1fdc49e354a1b7be72268f622f2",
    "settings": {
      "fd_thres": 0.2,
      "testing": false
    },
    "software": "mriqc",
    "version": "22.0.6",
    "webapi_port": null,
    "webapi_url": "https://mriqc.nimh.nih.gov/api/v1"
  },
  "size_t": 280,
  "size_x": 84,
  "size_y": 84,
  "size_z": 52,
  "snr": 5.697335548508516,
  "spacing_tr": 1.0,
  "spacing_x": 2.5,
  "spacing_y": 2.5,
  "spacing_z": 2.5,
  "summary_bg_k": 30.394799738055603,
  "summary_bg_mad": 40.45812612712736,
  "summary_bg_mean": 158.3451690673828,
  "summary_bg_median": 63.77452087402344,
  "summary_bg_n": 239664.0,
  "summary_bg_p05": 28.603747177124024,
  "summary_bg_p95": 592.9331176757789,
  "summary_bg_stdv": 288.460693359375,
  "summary_fg_k": 2.8699627418780604,
  "summary_fg_mad": 603.1098051789204,
  "summary_fg_mean": 3703.788330078125,
  "summary_fg_median": 3630.1787109375,
  "summary_fg_n": 68128.0,
  "summary_fg_p05": 2850.650354003906,
  "summary_fg_p95": 4779.217553710937,
  "summary_fg_stdv": 637.1666259765625,
  "tsnr": 55.98296356201172
}