{
  "aor": 0.0012458064516129032,
  "aqi": 0.006640287634408603,
  "bids_meta": {
    "AcquisitionNumber": 1,
    "AcquisitionTime": "10:29:16.067500",
    "BrainVoyagerInfo": {
      "AcquisitionTime": "102916.067500",
      "CalculatedDicomSlice1CenterX": -1.11236572265625,
      "CalculatedDicomSlice1CenterY": -33.405052185058594,
      "CalculatedDicomSlice1CenterZ": -82.58123779296875,
      "CalculatedDicomSliceNCenterX": -1.11236572265625,
      "CalculatedDicomSliceNCenterY": 20.680374145507812,
      "CalculatedDicomSliceNCenterZ": 32.878780364990234,
      "CoordinateSystem": 1,
      "DataStorageFormat": 2,
      "DataType": 2,
      "DicomColDirX": 0,
      "DicomColDirY": 0.9055687785148621,
      "DicomColDirZ": -0.4241994321346283,
      "DicomFoVCols": 210,
      "DicomFoVRows": 210,
      "DicomGapThickness": 0,
      "DicomNCols": 84,
      "DicomNRows": 84,
      "DicomPosInfoPresent": 1,
      "DicomRowDirX": 1,
      "DicomRowDirY": 0,
      "DicomRowDirZ": 0,
      "DicomSliceThickness": 2.5,
      "DocumentType": "FMR",
      "MultiBandSequence": true,
      "NrOfPastSpatialTransformations": 0,
      "NrOfPreprocessingSteps": 0,
      "NrOfSkippedVolumes": 0,
      "Protocol": {
        "Conditions": [
          {
            "ColorB": 255,
            "ColorG": 163,
            "ColorR": 255,
            "IntervalsFrom": [
              21,
              25,
              49,
              81,
              133,
              145,
              201,
              261
            ],
            "IntervalsTo": [
              21,
              25,
              49,
              81,
              133,
              145,
              201,
              261
            ],
            "Name": "Face_Left",
            "NrOfIntervals": 8
          },
          {
            "ColorB": 255,
            "ColorG": 0,
            "ColorR": 255,
            "IntervalsFrom": [
              29,
              65,
              77,
              121,
              169,
              205,
              209,
              221
            ],
            "IntervalsTo": [
              29,
              65,
              77,
              121,
              169,
              205,
              209,
              221
            ],
            "Name": "Face_Center",
            "NrOfIntervals": 8
          },
          {
            "ColorB": 95,
            "ColorG": 2,
            "ColorR": 187,
            "IntervalsFrom": [
              37,
              41,
              53,
              61,
              101,
              125,
              129,
              157,
              245,
              249
            ],
            "IntervalsTo": [
              37,
              41,
              53,
              61,
              101,
              125,
              129,
              157,
              245,
              249
            ],
            "Name": "Face_Right",
            "NrOfIntervals": 10
          },
          {
            "ColorB": 126,
            "ColorG": 255,
            "ColorR": 126,
            "IntervalsFrom": [
              33,
              89,
              105,
              113,
              181,
              217,
              233,
              237
            ],
            "IntervalsTo": [
              33,
              89,
              105,
              113,
              181,
              217,
              233,
              237
            ],
            "Name": "Hand_Left",
            "NrOfIntervals": 8
          },
          {
            "ColorB": 0,
            "ColorG": 199,
            "ColorR": 0,
            "IntervalsFrom": [
              17,
              109,
              149,
              153,
              161,
              165,
              177,
              185,
              225
            ],
            "IntervalsTo": [
              17,
              109,
              149,
              153,
              161,
              165,
              177,
              185,
              225
            ],
            "Name": "Hand_Center",
            "NrOfIntervals": 9
          },
          {
            "ColorB": 0,
            "ColorG": 86,
            "ColorR": 0,
            "IntervalsFrom": [
              69,
              73,
              93,
              141,
              189,
              193,
              229,
              257
            ],
            "IntervalsTo": [
              69,
              73,
              93,
              141,
              189,
              193,
              229,
              257
            ],
            "Name": "Hand_Right",
            "NrOfIntervals": 8
          }
        ],
        "FileName": "sub-15_ses-01_MainExp_run-1.prt",
        "Name": "newbi4fmri_MainExp",
        "NrOfConditions": 6,
        "TimeCourseColors": {
          "RefTCPenThick": 3,
          "RefTimeCourseB": 80,
          "RefTimeCourseG": 0,
          "RefTimeCourseR": 0,
          "TCBackColorB": 0,
          "TCBackColorG": 0,
          "TCBackColorR": 0,
          "TCPenThick": 3,
          "TCTextColorB": 255,
          "TCTextColorG": 255,
          "TCTextColorR": 255,
          "TimeCourseB": 255,
          "TimeCourseG": 255,
          "TimeCourseR": 255
        },
        "TimeResolution": "Volumes"
      },
      "SliceAcquisitionOrder": 5,
      "SliceAcquisitionOrderVerified": true,
      "SliceGap": 0,
      "SliceThickness": 2.5,
      "SliceTimingTable": [
        0,
        0.53,
        0.0775,
        0.605,
        0.1525,
        0.68,
        0.2275,
        0.755,
        0.3025,
        0.83,
        0.3775,
        0.905,
        0.4525,
        0,
        0.53,
        0.0775,
        0.605,
        0.1525,
        0.68,
        0.2275,
        0.755,
        0.3025,
        0.83,
        0.3775,
        0.905,
        0.4525,
        0,
        0.53,
        0.0775,
        0.605,
        0.1525,
        0.68,
        0.2275,
        0.755,
        0.3025,
        0.83,
        0.3775,
        0.905,
        0.4525,
        0,
        0.53,
        0.0775,
        0.605,
        0.1525,
        0.68,
        0.2275,
        0.755,
        0.3025,
        0.83,
        0.3775,
        0.905,
        0.4525
      ],
      "SliceTimingTableSize": 52,
      "TE": 0.028,
      "TR": 1,
      "TimeResolutionVerified": true,
      "Version": 1,
      "VoxelResolutionVerified": true
    },
    "ConversionSoftware": "BrainVoyager",
    "ConversionSoftwareVersion": "21.4.5.4030",
    "ImageNumber": 1,
    "ImageOrientationPatientDICOM": [
      1,
      0,
      0,
      0,
      0.90556879908842,
      -0.4241994225804
    ],
    "ImagePositionPatientDICOM": [
      -839.86235119402,
      -792.95089685561,
      273.21604188405
    ],
    "ImageType": "ORIGINAL PRIMARY M MB ND NORM MOSAIC",
    "MagneticFieldStrength": 3,
    "Manufacturer": "SIEMENS",
    "ManufacturersModelName": "Prisma_fit",
    "Modality": "MR",
    "NrOfTemporalPositions": 0,
    "PatientPosition": "HFS",
    "RepetitionTime": 1,
    "SeriesDescription": "ep_mb4_2.5iso",
    "SeriesNumber": 5,
    "SiemensMosaicSliceAcqOrder": 3,
    "SiemensMosaicTE": 0.028,
    "SiemensMosaicTR": 1,
    "SliceThickness": 2.5,
    "SliceTiming": [
      0,
      0.53,
      0.0775,
      0.605,
      0.1525,
      0.68,
      0.2275,
      0.755,
      0.3025,
      0.83,
      0.3775,
      0.905,
      0.4525,
      0,
      0.53,
      0.0775,
      0.605,
      0.1525,
      0.68,
      0.2275,
      0.755,
      0.3025,
      0.83,
      0.3775,
      0.905,
      0.4525,
      0,
      0.53,
      0.0775,
      0.605,
      0.1525,
      0.68,
      0.2275,
      0.755,
      0.3025,
      0.83,
      0.3775,
      0.905,
      0.4525,
      0,
      0.53,
      0.0775,
      0.605,
      0.1525,
      0.68,
      0.2275,
      0.755,
      0.3025,
      0.83,
      0.3775,
      0.905,
      0.4525
    ],
    "StudyDescription": "newbi4fmri_MainExp",
    "TaskName": "newbi4fmri_MainExp",
    "dataset": "ds003434",
    "modality": "bold",
    "run_id": 1,
    "session_id": "01",
    "subject_id": "15",
    "task_id": "MainExp"
  },
  "dummy_trs": 1,
  "dvars_nstd": 29.956915903489207,
  "dvars_std": 1.2461599342086325,
  "dvars_vstd": 1.0244646280575542,
  "efc": 0.5029224208005612,
  "fber": 3280.297119140625,
  "fd_mean": 0.20149981675535594,
  "fd_num": 132,
  "fd_perc": 47.31182795698925,
  "fwhm_avg": 1.9589373333333333,
  "fwhm_x": 1.862892,
  "fwhm_y": 2.038008,
  "fwhm_z": 1.975912,
  "gcor": 0.016684,
  "gsr_x": -0.0036360451485961676,
  "gsr_y": 0.01017814688384533,
  "provenance": {
    "md5sum": "65fce22fe11b579727a33cc0f790292f",
    "settings": {
      "fd_thres": 0.2,
      "testing": false
    },
    "software": "mriqc",
    "version": "22.0.6",
    "webapi_port": null,
    "webapi_url": "https://mriqc.nimh.nih.gov/api/v1"
  },
  "size_t": 279,
  "size_x": 84,
  "size_y": 84,
  "size_z": 52,
  "snr": 5.688780040725313,
  "spacing_tr": 1.0,
  "spacing_x": 2.5,
  "spacing_y": 2.5,
  "spacing_z": 2.5,
  "summary_bg_k": 29.645665349161952,
  "summary_bg_mad": 38.327128632206595,
  "summary_bg_mean": 155.56564331054688,
  "summary_bg_median": 62.4084587097168,
  "summary_bg_n": 239330.0,
  "summary_bg_p05": 29.189573955535888,
  "summary_bg_p95": 579.986749267578,
  "summary_bg_stdv": 283.5776672363281,
  "summary_fg_k": 2.9013892461906297,
  "summary_fg_mad": 607.8765016182515,
  "summary_fg_mean": 3703.060302734375,
  "summary_fg_median": 3631.105712890625,
  "summary_fg_n": 68310.0,
  "summary_fg_p05": 2848.8876708984376,
  "summary_fg_p95": 4778.563330078125,
  "summary_fg_stdv": 638.287841796875,
  "tsnr": 59.82112121582031
}