{
  "aor": 0.003865270758122744,
  "aqi": 0.011635052346570397,
  "bids_meta": {
    "AcquisitionNumber": 1,
    "AcquisitionTime": "10:54:33.222500",
    "BrainVoyagerInfo": {
      "AcquisitionTime": "105433.222500",
      "CalculatedDicomSlice1CenterX": -1.11236572265625,
      "CalculatedDicomSlice1CenterY": -33.405052185058594,
      "CalculatedDicomSlice1CenterZ": -82.58123779296875,
      "CalculatedDicomSliceNCenterX": -1.11236572265625,
      "CalculatedDicomSliceNCenterY": 20.680374145507812,
      "CalculatedDicomSliceNCenterZ": 32.878780364990234,
      "CoordinateSystem": 1,
      "DataStorageFormat": 2,
      "DataType": 2,
      "DicomColDirX": 0,
      "DicomColDirY": 0.9055687785148621,
      "DicomColDirZ": -0.4241994321346283,
      "DicomFoVCols": 210,
      "DicomFoVRows": 210,
      "DicomGapThickness": 0,
      "DicomNCols": 84,
      "DicomNRows": 84,
      "DicomPosInfoPresent": 1,
      "DicomRowDirX": 1,
      "DicomRowDirY": 0,
      "DicomRowDirZ": 0,
      "DicomSliceThickness": 2.5,
      "DocumentType": "FMR",
      "MultiBandSequence": true,
      "NrOfPastSpatialTransformations": 0,
      "NrOfPreprocessingSteps": 0,
      "NrOfSkippedVolumes": 0,
      "Protocol": {
        "Conditions": [
          {
            "ColorB": 255,
            "ColorG": 163,
            "ColorR": 255,
            "IntervalsFrom": [
              21,
              37,
              49,
              57,
              61,
              157,
              253,
              261
            ],
            "IntervalsTo": [
              21,
              37,
              49,
              57,
              61,
              157,
              253,
              261
            ],
            "Name": "Face_Left",
            "NrOfIntervals": 8
          },
          {
            "ColorB": 255,
            "ColorG": 0,
            "ColorR": 255,
            "IntervalsFrom": [
              73,
              113,
              133,
              165,
              173,
              229,
              233,
              257
            ],
            "IntervalsTo": [
              73,
              113,
              133,
              165,
              173,
              229,
              233,
              257
            ],
            "Name": "Face_Center",
            "NrOfIntervals": 8
          },
          {
            "ColorB": 95,
            "ColorG": 2,
            "ColorR": 187,
            "IntervalsFrom": [
              85,
              97,
              117,
              149,
              153,
              185,
              217,
              221,
              241
            ],
            "IntervalsTo": [
              85,
              97,
              117,
              149,
              153,
              185,
              217,
              221,
              241
            ],
            "Name": "Face_Right",
            "NrOfIntervals": 9
          },
          {
            "ColorB": 126,
            "ColorG": 255,
            "ColorR": 126,
            "IntervalsFrom": [
              17,
              25,
              69,
              101,
              121,
              125,
              137,
              213
            ],
            "IntervalsTo": [
              17,
              25,
              69,
              101,
              121,
              125,
              137,
              213
            ],
            "Name": "Hand_Left",
            "NrOfIntervals": 8
          },
          {
            "ColorB": 0,
            "ColorG": 199,
            "ColorR": 0,
            "IntervalsFrom": [
              29,
              33,
              65,
              93,
              109,
              141,
              169,
              189,
              193,
              197
            ],
            "IntervalsTo": [
              29,
              33,
              65,
              93,
              109,
              141,
              169,
              189,
              193,
              197
            ],
            "Name": "Hand_Center",
            "NrOfIntervals": 10
          },
          {
            "ColorB": 0,
            "ColorG": 86,
            "ColorR": 0,
            "IntervalsFrom": [
              41,
              77,
              81,
              105,
              145,
              205,
              209,
              245
            ],
            "IntervalsTo": [
              41,
              77,
              81,
              105,
              145,
              205,
              209,
              245
            ],
            "Name": "Hand_Right",
            "NrOfIntervals": 8
          }
        ],
        "FileName": "sub-15_ses-01_MainExp_run-6.prt",
        "Name": "newbi4fmri_MainExp",
        "NrOfConditions": 6,
        "TimeCourseColors": {
          "RefTCPenThick": 3,
          "RefTimeCourseB": 80,
          "RefTimeCourseG": 0,
          "RefTimeCourseR": 0,
          "TCBackColorB": 0,
          "TCBackColorG": 0,
          "TCBackColorR": 0,
          "TCPenThick": 3,
          "TCTextColorB": 255,
          "TCTextColorG": 255,
          "TCTextColorR": 255,
          "TimeCourseB": 255,
          "TimeCourseG": 255,
          "TimeCourseR": 255
        },
        "TimeResolution": "Volumes"
      },
      "SliceAcquisitionOrder": 5,
      "SliceAcquisitionOrderVerified": true,
      "SliceGap": 0,
      "SliceThickness": 2.5,
      "SliceTimingTable": [
        0,
        0.5275,
        0.075,
        0.6025,
        0.15,
        0.68,
        0.2275,
        0.755,
        0.3025,
        0.83,
        0.3775,
        0.905,
        0.4525,
        0,
        0.5275,
        0.075,
        0.6025,
        0.15,
        0.68,
        0.2275,
        0.755,
        0.3025,
        0.83,
        0.3775,
        0.905,
        0.4525,
        0,
        0.5275,
        0.075,
        0.6025,
        0.15,
        0.68,
        0.2275,
        0.755,
        0.3025,
        0.83,
        0.3775,
        0.905,
        0.4525,
        0,
        0.5275,
        0.075,
        0.6025,
        0.15,
        0.68,
        0.2275,
        0.755,
        0.3025,
        0.83,
        0.3775,
        0.905,
        0.4525
      ],
      "SliceTimingTableSize": 52,
      "TE": 0.028,
      "TR": 1,
      "TimeResolutionVerified": true,
      "Version": 1,
      "VoxelResolutionVerified": true
    },
    "ConversionSoftware": "BrainVoyager",
    "ConversionSoftwareVersion": "21.4.5.4030",
    "ImageNumber": 1,
    "ImageOrientationPatientDICOM": [
      1,
      0,
      0,
      0,
      0.90556879908842,
      -0.4241994225804
    ],
    "ImagePositionPatientDICOM": [
      -839.86235119402,
      -792.95089685561,
      273.21604188405
    ],
    "ImageType": "ORIGINAL PRIMARY M MB ND NORM MOSAIC",
    "MagneticFieldStrength": 3,
    "Manufacturer": "SIEMENS",
    "ManufacturersModelName": "Prisma_fit",
    "Modality": "MR",
    "NrOfTemporalPositions": 0,
    "PatientPosition": "HFS",
    "RepetitionTime": 1,
    "SeriesDescription": "ep_mb4_2.5iso",
    "SeriesNumber": 10,
    "SiemensMosaicSliceAcqOrder": 3,
    "SiemensMosaicTE": 0.028,
    "SiemensMosaicTR": 1,
    "SliceThickness": 2.5,
    "SliceTiming": [
      0,
      0.5275,
      0.075,
      0.6025,
      0.15,
      0.68,
      0.2275,
      0.755,
      0.3025,
      0.83,
      0.3775,
      0.905,
      0.4525,
      0,
      0.5275,
      0.075,
      0.6025,
      0.15,
      0.68,
      0.2275,
      0.755,
      0.3025,
      0.83,
      0.3775,
      0.905,
      0.4525,
      0,
      0.5275,
      0.075,
      0.6025,
      0.15,
      0.68,
      0.2275,
      0.755,
      0.3025,
      0.83,
      0.3775,
      0.905,
      0.4525,
      0,
      0.5275,
      0.075,
      0.6025,
      0.15,
      0.68,
      0.2275,
      0.755,
      0.3025,
      0.83,
      0.3775,
      0.905,
      0.4525
    ],
    "StudyDescription": "newbi4fmri_MainExp",
    "TaskName": "newbi4fmri_MainExp",
    "dataset": "ds003434",
    "modality": "bold",
    "run_id": 6,
    "session_id": "01",
    "subject_id": "15",
    "task_id": "MainExp"
  },
  "dummy_trs": 3,
  "dvars_nstd": 30.745610389166668,
  "dvars_std": 1.1403754344927541,
  "dvars_vstd": 0.9912317178623186,
  "efc": 0.5034377750454696,
  "fber": 3298.147705078125,
  "fd_mean": 0.26270291948678653,
  "fd_num": 147,
  "fd_perc": 53.068592057761734,
  "fwhm_avg": 1.9763279999999999,
  "fwhm_x": 1.885776,
  "fwhm_y": 2.057632,
  "fwhm_z": 1.985576,
  "gcor": 0.0242004,
  "gsr_x": -0.0038015127647668123,
  "gsr_y": 0.010037586092948914,
  "provenance": {
    "md5sum": "4db99b55998c31ce34a5f07ae7dbf60e",
    "settings": {
      "fd_thres": 0.2,
      "testing": false
    },
    "software": "mriqc",
    "version": "22.0.6",
    "webapi_port": null,
    "webapi_url": "https://mriqc.nimh.nih.gov/api/v1"
  },
  "size_t": 277,
  "size_x": 84,
  "size_y": 84,
  "size_z": 52,
  "snr": 5.702153912027035,
  "spacing_tr": 1.0,
  "spacing_x": 2.5,
  "spacing_y": 2.5,
  "spacing_z": 2.5,
  "summary_bg_k": 29.82934641526235,
  "summary_bg_mad": 39.47925540922649,
  "summary_bg_mean": 159.26113891601562,
  "summary_bg_median": 62.75276184082031,
  "summary_bg_n": 239589.0,
  "summary_bg_p05": 28.921686553955077,
  "summary_bg_p95": 604.2760864257812,
  "summary_bg_stdv": 290.8246765136719,
  "summary_fg_k": 2.8229808649320036,
  "summary_fg_mad": 603.8453148732572,
  "summary_fg_mean": 3696.872802734375,
  "summary_fg_median": 3624.3505859375,
  "summary_fg_n": 68262.0,
  "summary_fg_p05": 2844.1158447265625,
  "summary_fg_p95": 4768.1248779296875,
  "summary_fg_stdv": 635.6061401367188,
  "tsnr": 46.587318420410156
}