{
  "aor": 0.005748853046594981,
  "aqi": 0.015162704659498209,
  "bids_meta": {
    "AcquisitionNumber": 1,
    "AcquisitionTime": "10:59:33.290000",
    "BrainVoyagerInfo": {
      "AcquisitionTime": "105933.290000",
      "CalculatedDicomSlice1CenterX": -1.11236572265625,
      "CalculatedDicomSlice1CenterY": -33.405052185058594,
      "CalculatedDicomSlice1CenterZ": -82.58123779296875,
      "CalculatedDicomSliceNCenterX": -1.11236572265625,
      "CalculatedDicomSliceNCenterY": 20.680374145507812,
      "CalculatedDicomSliceNCenterZ": 32.878780364990234,
      "CoordinateSystem": 1,
      "DataStorageFormat": 2,
      "DataType": 2,
      "DicomColDirX": 0,
      "DicomColDirY": 0.9055687785148621,
      "DicomColDirZ": -0.4241994321346283,
      "DicomFoVCols": 210,
      "DicomFoVRows": 210,
      "DicomGapThickness": 0,
      "DicomNCols": 84,
      "DicomNRows": 84,
      "DicomPosInfoPresent": 1,
      "DicomRowDirX": 1,
      "DicomRowDirY": 0,
      "DicomRowDirZ": 0,
      "DicomSliceThickness": 2.5,
      "DocumentType": "FMR",
      "MultiBandSequence": true,
      "NrOfPastSpatialTransformations": 0,
      "NrOfPreprocessingSteps": 0,
      "NrOfSkippedVolumes": 0,
      "Protocol": {
        "Conditions": [
          {
            "ColorB": 255,
            "ColorG": 163,
            "ColorR": 255,
            "IntervalsFrom": [
              41,
              45,
              61,
              109,
              121,
              169,
              189,
              213
            ],
            "IntervalsTo": [
              41,
              45,
              61,
              109,
              121,
              169,
              189,
              213
            ],
            "Name": "Face_Left",
            "NrOfIntervals": 8
          },
          {
            "ColorB": 255,
            "ColorG": 0,
            "ColorR": 255,
            "IntervalsFrom": [
              33,
              125,
              129,
              193,
              209,
              229,
              241,
              245,
              257
            ],
            "IntervalsTo": [
              33,
              125,
              129,
              193,
              209,
              229,
              241,
              245,
              257
            ],
            "Name": "Face_Center",
            "NrOfIntervals": 9
          },
          {
            "ColorB": 95,
            "ColorG": 2,
            "ColorR": 187,
            "IntervalsFrom": [
              21,
              77,
              133,
              165,
              181,
              201,
              221,
              225
            ],
            "IntervalsTo": [
              21,
              77,
              133,
              165,
              181,
              201,
              221,
              225
            ],
            "Name": "Face_Right",
            "NrOfIntervals": 8
          },
          {
            "ColorB": 126,
            "ColorG": 255,
            "ColorR": 126,
            "IntervalsFrom": [
              25,
              57,
              65,
              69,
              85,
              93,
              97,
              177,
              261
            ],
            "IntervalsTo": [
              25,
              57,
              65,
              69,
              85,
              93,
              97,
              177,
              261
            ],
            "Name": "Hand_Left",
            "NrOfIntervals": 9
          },
          {
            "ColorB": 0,
            "ColorG": 199,
            "ColorR": 0,
            "IntervalsFrom": [
              17,
              29,
              53,
              89,
              105,
              141,
              149,
              249
            ],
            "IntervalsTo": [
              17,
              29,
              53,
              89,
              105,
              141,
              149,
              249
            ],
            "Name": "Hand_Center",
            "NrOfIntervals": 8
          },
          {
            "ColorB": 0,
            "ColorG": 86,
            "ColorR": 0,
            "IntervalsFrom": [
              81,
              101,
              117,
              137,
              153,
              157,
              161,
              233,
              253
            ],
            "IntervalsTo": [
              81,
              101,
              117,
              137,
              153,
              157,
              161,
              233,
              253
            ],
            "Name": "Hand_Right",
            "NrOfIntervals": 9
          }
        ],
        "FileName": "sub-15_ses-01_MainExp_run-7.prt",
        "Name": "newbi4fmri_MainExp",
        "NrOfConditions": 6,
        "TimeCourseColors": {
          "RefTCPenThick": 3,
          "RefTimeCourseB": 80,
          "RefTimeCourseG": 0,
          "RefTimeCourseR": 0,
          "TCBackColorB": 0,
          "TCBackColorG": 0,
          "TCBackColorR": 0,
          "TCPenThick": 3,
          "TCTextColorB": 255,
          "TCTextColorG": 255,
          "TCTextColorR": 255,
          "TimeCourseB": 255,
          "TimeCourseG": 255,
          "TimeCourseR": 255
        },
        "TimeResolution": "Volumes"
      },
      "SliceAcquisitionOrder": 5,
      "SliceAcquisitionOrderVerified": true,
      "SliceGap": 0,
      "SliceThickness": 2.5,
      "SliceTimingTable": [
        0,
        0.5275,
        0.0775,
        0.605,
        0.1525,
        0.68,
        0.2275,
        0.755,
        0.3025,
        0.83,
        0.3775,
        0.905,
        0.4525,
        0,
        0.5275,
        0.0775,
        0.605,
        0.1525,
        0.68,
        0.2275,
        0.755,
        0.3025,
        0.83,
        0.3775,
        0.905,
        0.4525,
        0,
        0.5275,
        0.0775,
        0.605,
        0.1525,
        0.68,
        0.2275,
        0.755,
        0.3025,
        0.83,
        0.3775,
        0.905,
        0.4525,
        0,
        0.5275,
        0.0775,
        0.605,
        0.1525,
        0.68,
        0.2275,
        0.755,
        0.3025,
        0.83,
        0.3775,
        0.905,
        0.4525
      ],
      "SliceTimingTableSize": 52,
      "TE": 0.028,
      "TR": 1,
      "TimeResolutionVerified": true,
      "Version": 1,
      "VoxelResolutionVerified": true
    },
    "ConversionSoftware": "BrainVoyager",
    "ConversionSoftwareVersion": "21.4.5.4030",
    "ImageNumber": 1,
    "ImageOrientationPatientDICOM": [
      1,
      0,
      0,
      0,
      0.90556879908842,
      -0.4241994225804
    ],
    "ImagePositionPatientDICOM": [
      -839.86235119402,
      -792.95089685561,
      273.21604188405
    ],
    "ImageType": "ORIGINAL PRIMARY M MB ND NORM MOSAIC",
    "MagneticFieldStrength": 3,
    "Manufacturer": "SIEMENS",
    "ManufacturersModelName": "Prisma_fit",
    "Modality": "MR",
    "NrOfTemporalPositions": 0,
    "PatientPosition": "HFS",
    "RepetitionTime": 1,
    "SeriesDescription": "ep_mb4_2.5iso",
    "SeriesNumber": 11,
    "SiemensMosaicSliceAcqOrder": 3,
    "SiemensMosaicTE": 0.028,
    "SiemensMosaicTR": 1,
    "SliceThickness": 2.5,
    "SliceTiming": [
      0,
      0.5275,
      0.0775,
      0.605,
      0.1525,
      0.68,
      0.2275,
      0.755,
      0.3025,
      0.83,
      0.3775,
      0.905,
      0.4525,
      0,
      0.5275,
      0.0775,
      0.605,
      0.1525,
      0.68,
      0.2275,
      0.755,
      0.3025,
      0.83,
      0.3775,
      0.905,
      0.4525,
      0,
      0.5275,
      0.0775,
      0.605,
      0.1525,
      0.68,
      0.2275,
      0.755,
      0.3025,
      0.83,
      0.3775,
      0.905,
      0.4525,
      0,
      0.5275,
      0.0775,
      0.605,
      0.1525,
      0.68,
      0.2275,
      0.755,
      0.3025,
      0.83,
      0.3775,
      0.905,
      0.4525
    ],
    "StudyDescription": "newbi4fmri_MainExp",
    "TaskName": "newbi4fmri_MainExp",
    "dataset": "ds003434",
    "modality": "bold",
    "run_id": 7,
    "session_id": "01",
    "subject_id": "15",
    "task_id": "MainExp"
  },
  "dummy_trs": 1,
  "dvars_nstd": 32.465673378165484,
  "dvars_std": 1.1124877488848917,
  "dvars_vstd": 0.9821153374100711,
  "efc": 0.50459025221514,
  "fber": 3152.28662109375,
  "fd_mean": 0.3081383569235091,
  "fd_num": 154,
  "fd_perc": 55.19713261648746,
  "fwhm_avg": 1.9791386666666666,
  "fwhm_x": 1.8800999999999999,
  "fwhm_y": 2.060276,
  "fwhm_z": 1.9970400000000001,
  "gcor": 0.0355253,
  "gsr_x": -0.00404435396194458,
  "gsr_y": 0.009327558800578117,
  "provenance": {
    "md5sum": "613effeab2f8cbe2b0200e69d87a7cb2",
    "settings": {
      "fd_thres": 0.2,
      "testing": false
    },
    "software": "mriqc",
    "version": "22.0.6",
    "webapi_port": null,
    "webapi_url": "https://mriqc.nimh.nih.gov/api/v1"
  },
  "size_t": 279,
  "size_x": 84,
  "size_y": 84,
  "size_z": 52,
  "snr": 5.753117448941027,
  "spacing_tr": 1.0,
  "spacing_x": 2.5,
  "spacing_y": 2.5,
  "spacing_z": 2.5,
  "summary_bg_k": 30.414862611615952,
  "summary_bg_mad": 40.32160652854262,
  "summary_bg_mean": 161.20034790039062,
  "summary_bg_median": 63.812503814697266,
  "summary_bg_n": 239576.0,
  "summary_bg_p05": 28.85731601715088,
  "summary_bg_p95": 605.5635223388672,
  "summary_bg_stdv": 294.2868347167969,
  "summary_fg_k": 2.871155691452527,
  "summary_fg_mad": 598.9604373732956,
  "summary_fg_mean": 3708.611328125,
  "summary_fg_median": 3632.985107421875,
  "summary_fg_n": 68217.0,
  "summary_fg_p05": 2863.728125,
  "summary_fg_p95": 4773.7689453125,
  "summary_fg_stdv": 631.4765014648438,
  "tsnr": 41.54500961303711
}