{
  "aor": 0.0004587096774193548,
  "aqi": 0.0054540952688172046,
  "bids_meta": {
    "AcquisitionNumber": 1,
    "AcquisitionTime": "11:54:11.567500",
    "BrainVoyagerInfo": {
      "AcquisitionTime": "115411.567500",
      "CalculatedDicomSlice1CenterX": -1.11236572265625,
      "CalculatedDicomSlice1CenterY": -37.60459899902344,
      "CalculatedDicomSlice1CenterZ": -78.43428039550781,
      "CalculatedDicomSliceNCenterX": -1.11236572265625,
      "CalculatedDicomSliceNCenterY": 19.484683990478516,
      "CalculatedDicomSliceNCenterZ": 35.57038497924805,
      "CoordinateSystem": 1,
      "DataStorageFormat": 2,
      "DataType": 2,
      "DicomColDirX": 0,
      "DicomColDirY": 0.8941542506217957,
      "DicomColDirZ": -0.44775909185409546,
      "DicomFoVCols": 210,
      "DicomFoVRows": 210,
      "DicomGapThickness": 0,
      "DicomNCols": 84,
      "DicomNRows": 84,
      "DicomPosInfoPresent": 1,
      "DicomRowDirX": 1,
      "DicomRowDirY": 0,
      "DicomRowDirZ": 0,
      "DicomSliceThickness": 2.5,
      "DocumentType": "FMR",
      "MultiBandSequence": true,
      "NrOfPastSpatialTransformations": 0,
      "NrOfPreprocessingSteps": 0,
      "NrOfSkippedVolumes": 0,
      "Protocol": {
        "Conditions": [
          {
            "ColorB": 255,
            "ColorG": 163,
            "ColorR": 255,
            "IntervalsFrom": [
              41,
              45,
              61,
              109,
              121,
              169,
              189,
              213
            ],
            "IntervalsTo": [
              41,
              45,
              61,
              109,
              121,
              169,
              189,
              213
            ],
            "Name": "Face_Left",
            "NrOfIntervals": 8
          },
          {
            "ColorB": 255,
            "ColorG": 0,
            "ColorR": 255,
            "IntervalsFrom": [
              33,
              125,
              129,
              193,
              209,
              229,
              241,
              245,
              257
            ],
            "IntervalsTo": [
              33,
              125,
              129,
              193,
              209,
              229,
              241,
              245,
              257
            ],
            "Name": "Face_Center",
            "NrOfIntervals": 9
          },
          {
            "ColorB": 95,
            "ColorG": 2,
            "ColorR": 187,
            "IntervalsFrom": [
              21,
              77,
              133,
              165,
              181,
              201,
              221,
              225
            ],
            "IntervalsTo": [
              21,
              77,
              133,
              165,
              181,
              201,
              221,
              225
            ],
            "Name": "Face_Right",
            "NrOfIntervals": 8
          },
          {
            "ColorB": 126,
            "ColorG": 255,
            "ColorR": 126,
            "IntervalsFrom": [
              25,
              57,
              65,
              69,
              85,
              93,
              97,
              177,
              261
            ],
            "IntervalsTo": [
              25,
              57,
              65,
              69,
              85,
              93,
              97,
              177,
              261
            ],
            "Name": "Hand_Left",
            "NrOfIntervals": 9
          },
          {
            "ColorB": 0,
            "ColorG": 199,
            "ColorR": 0,
            "IntervalsFrom": [
              17,
              29,
              53,
              89,
              105,
              141,
              149,
              249
            ],
            "IntervalsTo": [
              17,
              29,
              53,
              89,
              105,
              141,
              149,
              249
            ],
            "Name": "Hand_Center",
            "NrOfIntervals": 8
          },
          {
            "ColorB": 0,
            "ColorG": 86,
            "ColorR": 0,
            "IntervalsFrom": [
              81,
              101,
              117,
              137,
              153,
              157,
              161,
              233,
              253
            ],
            "IntervalsTo": [
              81,
              101,
              117,
              137,
              153,
              157,
              161,
              233,
              253
            ],
            "Name": "Hand_Right",
            "NrOfIntervals": 9
          }
        ],
        "FileName": "sub-02_ses-01_MainExp_run-6.prt",
        "Name": "newbi4fmri_MainExp",
        "NrOfConditions": 6,
        "TimeCourseColors": {
          "RefTCPenThick": 3,
          "RefTimeCourseB": 80,
          "RefTimeCourseG": 0,
          "RefTimeCourseR": 0,
          "TCBackColorB": 0,
          "TCBackColorG": 0,
          "TCBackColorR": 0,
          "TCPenThick": 3,
          "TCTextColorB": 255,
          "TCTextColorG": 255,
          "TCTextColorR": 255,
          "TimeCourseB": 255,
          "TimeCourseG": 255,
          "TimeCourseR": 255
        },
        "TimeResolution": "Volumes"
      },
      "SliceAcquisitionOrder": 5,
      "SliceAcquisitionOrderVerified": true,
      "SliceGap": 0,
      "SliceThickness": 2.5,
      "SliceTimingTable": [
        0,
        0.5275,
        0.075,
        0.6025,
        0.1525,
        0.68,
        0.2275,
        0.755,
        0.3025,
        0.83,
        0.3775,
        0.905,
        0.4525,
        0,
        0.5275,
        0.075,
        0.6025,
        0.1525,
        0.68,
        0.2275,
        0.755,
        0.3025,
        0.83,
        0.3775,
        0.905,
        0.4525,
        0,
        0.5275,
        0.075,
        0.6025,
        0.1525,
        0.68,
        0.2275,
        0.755,
        0.3025,
        0.83,
        0.3775,
        0.905,
        0.4525,
        0,
        0.5275,
        0.075,
        0.6025,
        0.1525,
        0.68,
        0.2275,
        0.755,
        0.3025,
        0.83,
        0.3775,
        0.905,
        0.4525
      ],
      "SliceTimingTableSize": 52,
      "TE": 0.028,
      "TR": 1,
      "TimeResolutionVerified": true,
      "Version": 1,
      "VoxelResolutionVerified": true
    },
    "ConversionSoftware": "BrainVoyager",
    "ConversionSoftwareVersion": "21.4.5.4030",
    "ImageNumber": 1,
    "ImageOrientationPatientDICOM": [
      1,
      0,
      0,
      0,
      0.89415423930183,
      -0.4477590829213
    ],
    "ImagePositionPatientDICOM": [
      -839.86235119402,
      -787.57645752843,
      297.123664505
    ],
    "ImageType": "ORIGINAL PRIMARY M MB ND NORM MOSAIC",
    "MagneticFieldStrength": 3,
    "Manufacturer": "SIEMENS",
    "ManufacturersModelName": "Prisma_fit",
    "Modality": "MR",
    "NrOfTemporalPositions": 0,
    "PatientPosition": "HFS",
    "RepetitionTime": 1,
    "SeriesDescription": "ep_mb4_2.5iso",
    "SeriesNumber": 10,
    "SiemensMosaicSliceAcqOrder": 3,
    "SiemensMosaicTE": 0.028,
    "SiemensMosaicTR": 1,
    "SliceThickness": 2.5,
    "SliceTiming": [
      0,
      0.5275,
      0.075,
      0.6025,
      0.1525,
      0.68,
      0.2275,
      0.755,
      0.3025,
      0.83,
      0.3775,
      0.905,
      0.4525,
      0,
      0.5275,
      0.075,
      0.6025,
      0.1525,
      0.68,
      0.2275,
      0.755,
      0.3025,
      0.83,
      0.3775,
      0.905,
      0.4525,
      0,
      0.5275,
      0.075,
      0.6025,
      0.1525,
      0.68,
      0.2275,
      0.755,
      0.3025,
      0.83,
      0.3775,
      0.905,
      0.4525,
      0,
      0.5275,
      0.075,
      0.6025,
      0.1525,
      0.68,
      0.2275,
      0.755,
      0.3025,
      0.83,
      0.3775,
      0.905,
      0.4525
    ],
    "StudyDescription": "newbi4fmri_MainExp",
    "TaskName": "newbi4fmri_MainExp",
    "dataset": "ds003434",
    "modality": "bold",
    "run_id": 6,
    "session_id": "01",
    "subject_id": "02",
    "task_id": "MainExp"
  },
  "dummy_trs": 1,
  "dvars_nstd": 24.727551878848903,
  "dvars_std": 1.1086203895683455,
  "dvars_vstd": 1.0012676640647487,
  "efc": 0.5313178640383781,
  "fber": 2829.31494140625,
  "fd_mean": 0.10757170994456508,
  "fd_num": 4,
  "fd_perc": 1.4336917562724014,
  "fwhm_avg": 1.9581573333333335,
  "fwhm_x": 1.884168,
  "fwhm_y": 2.047824,
  "fwhm_z": 1.9424800000000002,
  "gcor": 0.0182926,
  "gsr_x": 0.003279677126556635,
  "gsr_y": 0.015041251666843891,
  "provenance": {
    "md5sum": "4a03354918e086625e52fc3858d01e40",
    "settings": {
      "fd_thres": 0.2,
      "testing": false
    },
    "software": "mriqc",
    "version": "22.0.6",
    "webapi_port": null,
    "webapi_url": "https://mriqc.nimh.nih.gov/api/v1"
  },
  "size_t": 279,
  "size_x": 84,
  "size_y": 84,
  "size_z": 52,
  "snr": 5.410594140372753,
  "spacing_tr": 1.0,
  "spacing_x": 2.5,
  "spacing_y": 2.5,
  "spacing_z": 2.5,
  "summary_bg_k": 17.263282016092738,
  "summary_bg_mad": 54.04979362357727,
  "summary_bg_mean": 197.40821838378906,
  "summary_bg_median": 72.57585906982422,
  "summary_bg_n": 228589.0,
  "summary_bg_p05": 30.24306983947754,
  "summary_bg_p95": 818.655529785154,
  "summary_bg_stdv": 328.7924499511719,
  "summary_fg_k": 5.095554413391156,
  "summary_fg_mad": 657.3793445399466,
  "summary_fg_mean": 4044.533935546875,
  "summary_fg_median": 3949.30322265625,
  "summary_fg_n": 76280.0,
  "summary_fg_p05": 3098.5863525390623,
  "summary_fg_p95": 5248.656787109376,
  "summary_fg_stdv": 729.9156494140625,
  "tsnr": 61.118709564208984
}