{
  "aor": 0.00040806451612903223,
  "aqi": 0.005234717992831542,
  "bids_meta": {
    "AcquisitionNumber": 1,
    "AcquisitionTime": "11:59:23.117500",
    "BrainVoyagerInfo": {
      "AcquisitionTime": "115923.117500",
      "CalculatedDicomSlice1CenterX": -1.11236572265625,
      "CalculatedDicomSlice1CenterY": -37.60459899902344,
      "CalculatedDicomSlice1CenterZ": -78.43428039550781,
      "CalculatedDicomSliceNCenterX": -1.11236572265625,
      "CalculatedDicomSliceNCenterY": 19.484683990478516,
      "CalculatedDicomSliceNCenterZ": 35.57038497924805,
      "CoordinateSystem": 1,
      "DataStorageFormat": 2,
      "DataType": 2,
      "DicomColDirX": 0,
      "DicomColDirY": 0.8941542506217957,
      "DicomColDirZ": -0.44775909185409546,
      "DicomFoVCols": 210,
      "DicomFoVRows": 210,
      "DicomGapThickness": 0,
      "DicomNCols": 84,
      "DicomNRows": 84,
      "DicomPosInfoPresent": 1,
      "DicomRowDirX": 1,
      "DicomRowDirY": 0,
      "DicomRowDirZ": 0,
      "DicomSliceThickness": 2.5,
      "DocumentType": "FMR",
      "MultiBandSequence": true,
      "NrOfPastSpatialTransformations": 0,
      "NrOfPreprocessingSteps": 0,
      "NrOfSkippedVolumes": 0,
      "Protocol": {
        "Conditions": [
          {
            "ColorB": 255,
            "ColorG": 163,
            "ColorR": 255,
            "IntervalsFrom": [
              49,
              65,
              85,
              105,
              121,
              125,
              141,
              157,
              161
            ],
            "IntervalsTo": [
              49,
              65,
              85,
              105,
              121,
              125,
              141,
              157,
              161
            ],
            "Name": "Face_Left",
            "NrOfIntervals": 9
          },
          {
            "ColorB": 255,
            "ColorG": 0,
            "ColorR": 255,
            "IntervalsFrom": [
              17,
              21,
              33,
              57,
              69,
              73,
              101,
              133,
              241
            ],
            "IntervalsTo": [
              17,
              21,
              33,
              57,
              69,
              73,
              101,
              133,
              241
            ],
            "Name": "Face_Center",
            "NrOfIntervals": 9
          },
          {
            "ColorB": 95,
            "ColorG": 2,
            "ColorR": 187,
            "IntervalsFrom": [
              61,
              81,
              149,
              165,
              173,
              197,
              237,
              253,
              257
            ],
            "IntervalsTo": [
              61,
              81,
              149,
              165,
              173,
              197,
              237,
              253,
              257
            ],
            "Name": "Face_Right",
            "NrOfIntervals": 9
          },
          {
            "ColorB": 126,
            "ColorG": 255,
            "ColorR": 126,
            "IntervalsFrom": [
              37,
              97,
              145,
              153,
              185,
              193,
              213,
              221
            ],
            "IntervalsTo": [
              37,
              97,
              145,
              153,
              185,
              193,
              213,
              221
            ],
            "Name": "Hand_Left",
            "NrOfIntervals": 8
          },
          {
            "ColorB": 0,
            "ColorG": 199,
            "ColorR": 0,
            "IntervalsFrom": [
              25,
              45,
              89,
              113,
              169,
              217,
              229,
              261
            ],
            "IntervalsTo": [
              25,
              45,
              89,
              113,
              169,
              217,
              229,
              261
            ],
            "Name": "Hand_Center",
            "NrOfIntervals": 8
          },
          {
            "ColorB": 0,
            "ColorG": 86,
            "ColorR": 0,
            "IntervalsFrom": [
              77,
              117,
              129,
              177,
              205,
              209,
              225,
              245
            ],
            "IntervalsTo": [
              77,
              117,
              129,
              177,
              205,
              209,
              225,
              245
            ],
            "Name": "Hand_Right",
            "NrOfIntervals": 8
          }
        ],
        "FileName": "sub-02_ses-01_MainExp_run-7.prt",
        "Name": "newbi4fmri_MainExp",
        "NrOfConditions": 6,
        "TimeCourseColors": {
          "RefTCPenThick": 3,
          "RefTimeCourseB": 80,
          "RefTimeCourseG": 0,
          "RefTimeCourseR": 0,
          "TCBackColorB": 0,
          "TCBackColorG": 0,
          "TCBackColorR": 0,
          "TCPenThick": 3,
          "TCTextColorB": 255,
          "TCTextColorG": 255,
          "TCTextColorR": 255,
          "TimeCourseB": 255,
          "TimeCourseG": 255,
          "TimeCourseR": 255
        },
        "TimeResolution": "Volumes"
      },
      "SliceAcquisitionOrder": 5,
      "SliceAcquisitionOrderVerified": true,
      "SliceGap": 0,
      "SliceThickness": 2.5,
      "SliceTimingTable": [
        0,
        0.5275,
        0.075,
        0.6025,
        0.15,
        0.6775,
        0.225,
        0.7525,
        0.3,
        0.8275,
        0.375,
        0.905,
        0.4525,
        0,
        0.5275,
        0.075,
        0.6025,
        0.15,
        0.6775,
        0.225,
        0.7525,
        0.3,
        0.8275,
        0.375,
        0.905,
        0.4525,
        0,
        0.5275,
        0.075,
        0.6025,
        0.15,
        0.6775,
        0.225,
        0.7525,
        0.3,
        0.8275,
        0.375,
        0.905,
        0.4525,
        0,
        0.5275,
        0.075,
        0.6025,
        0.15,
        0.6775,
        0.225,
        0.7525,
        0.3,
        0.8275,
        0.375,
        0.905,
        0.4525
      ],
      "SliceTimingTableSize": 52,
      "TE": 0.028,
      "TR": 1,
      "TimeResolutionVerified": true,
      "Version": 1,
      "VoxelResolutionVerified": true
    },
    "ConversionSoftware": "BrainVoyager",
    "ConversionSoftwareVersion": "21.4.5.4030",
    "ImageNumber": 1,
    "ImageOrientationPatientDICOM": [
      1,
      0,
      0,
      0,
      0.89415423930183,
      -0.4477590829213
    ],
    "ImagePositionPatientDICOM": [
      -839.86235119402,
      -787.57645752843,
      297.123664505
    ],
    "ImageType": "ORIGINAL PRIMARY M MB ND NORM MOSAIC",
    "MagneticFieldStrength": 3,
    "Manufacturer": "SIEMENS",
    "ManufacturersModelName": "Prisma_fit",
    "Modality": "MR",
    "NrOfTemporalPositions": 0,
    "PatientPosition": "HFS",
    "RepetitionTime": 1,
    "SeriesDescription": "ep_mb4_2.5iso",
    "SeriesNumber": 11,
    "SiemensMosaicSliceAcqOrder": 3,
    "SiemensMosaicTE": 0.028,
    "SiemensMosaicTR": 1,
    "SliceThickness": 2.5,
    "SliceTiming": [
      0,
      0.5275,
      0.075,
      0.6025,
      0.15,
      0.6775,
      0.225,
      0.7525,
      0.3,
      0.8275,
      0.375,
      0.905,
      0.4525,
      0,
      0.5275,
      0.075,
      0.6025,
      0.15,
      0.6775,
      0.225,
      0.7525,
      0.3,
      0.8275,
      0.375,
      0.905,
      0.4525,
      0,
      0.5275,
      0.075,
      0.6025,
      0.15,
      0.6775,
      0.225,
      0.7525,
      0.3,
      0.8275,
      0.375,
      0.905,
      0.4525,
      0,
      0.5275,
      0.075,
      0.6025,
      0.15,
      0.6775,
      0.225,
      0.7525,
      0.3,
      0.8275,
      0.375,
      0.905,
      0.4525
    ],
    "StudyDescription": "newbi4fmri_MainExp",
    "TaskName": "newbi4fmri_MainExp",
    "dataset": "ds003434",
    "modality": "bold",
    "run_id": 7,
    "session_id": "01",
    "subject_id": "02",
    "task_id": "MainExp"
  },
  "dummy_trs": 1,
  "dvars_nstd": 24.730100048309346,
  "dvars_std": 1.11279417852518,
  "dvars_vstd": 1.007010226618705,
  "efc": 0.5315007529830096,
  "fber": 2792.153076171875,
  "fd_mean": 0.11095458956901881,
  "fd_num": 4,
  "fd_perc": 1.4336917562724014,
  "fwhm_avg": 1.956484,
  "fwhm_x": 1.884112,
  "fwhm_y": 2.044508,
  "fwhm_z": 1.940832,
  "gcor": 0.0165988,
  "gsr_x": 0.0028621379751712084,
  "gsr_y": 0.014956018887460232,
  "provenance": {
    "md5sum": "f26db3922a2c5c50cd13ac8d59c20ef7",
    "settings": {
      "fd_thres": 0.2,
      "testing": false
    },
    "software": "mriqc",
    "version": "22.0.6",
    "webapi_port": null,
    "webapi_url": "https://mriqc.nimh.nih.gov/api/v1"
  },
  "size_t": 279,
  "size_x": 84,
  "size_y": 84,
  "size_z": 52,
  "snr": 5.408392583004567,
  "spacing_tr": 1.0,
  "spacing_x": 2.5,
  "spacing_y": 2.5,
  "spacing_z": 2.5,
  "summary_bg_k": 17.816467507928365,
  "summary_bg_mad": 54.23554873246628,
  "summary_bg_mean": 197.61045837402344,
  "summary_bg_median": 72.8333969116211,
  "summary_bg_n": 228497.0,
  "summary_bg_p05": 30.31686134338379,
  "summary_bg_p95": 818.1917480468746,
  "summary_bg_stdv": 330.1305847167969,
  "summary_fg_k": 5.079974950367358,
  "summary_fg_mad": 657.9003909006739,
  "summary_fg_mean": 4041.302490234375,
  "summary_fg_median": 3945.50634765625,
  "summary_fg_n": 76285.0,
  "summary_fg_p05": 3097.163134765625,
  "summary_fg_p95": 5249.364550781251,
  "summary_fg_stdv": 729.5107421875,
  "tsnr": 62.21563720703125
}