{
  "bids_meta": {
    "AcquisitionNumber": 1,
    "AcquisitionTime": "09:12:18",
    "BrainVoyagerInfo": {
      "CalculatedDicomSlice1CenterX": -90.18223571777344,
      "CalculatedDicomSlice1CenterY": -18.146530151367188,
      "CalculatedDicomSlice1CenterZ": -63.54861068725586,
      "CalculatedDicomSliceNCenterX": 83.7530746459961,
      "CalculatedDicomSliceNCenterY": -36.427886962890625,
      "CalculatedDicomSliceNCenterZ": -57.441192626953125,
      "CoordinateSystem": 1,
      "DicomColDirX": 0.03470833972096443,
      "DicomColDirY": -0.0036480091512203217,
      "DicomColDirZ": -0.9993908405303955,
      "DicomFoVCols": 256,
      "DicomFoVRows": 224,
      "DicomGapThickness": 0,
      "DicomNCols": 224,
      "DicomNRows": 256,
      "DicomPosInfoPresent": 1,
      "DicomRowDirX": 0.1045285016298294,
      "DicomRowDirY": 0.9945219159126282,
      "DicomRowDirZ": 0,
      "DicomSliceThickness": 1,
      "DocumentType": "VMR",
      "FramingCubeDim": 256,
      "MagnetPosInfosVerified": 1,
      "NrOfPastSpatialTransformations": 0,
      "NrOfPreprocessingSteps": 0,
      "OffsetX": 0,
      "OffsetY": 0,
      "OffsetZ": 0,
      "ReferenceSpace": "Native",
      "Version": 1
    },
    "ConversionSoftware": "BrainVoyager",
    "ConversionSoftwareVersion": "21.4.5.4030",
    "ImageNumber": 176,
    "ImageOrientationPatientDICOM": [
      0.10452850309658,
      0.99452189118208,
      -1.4020131e-08,
      0.03470834024316,
      -0.0036480090527,
      -0.9993908260273
    ],
    "ImagePositionPatientDICOM": [
      67.672835649119,
      -146.85195372797,
      69.981137359675
    ],
    "ImageType": "ORIGINAL PRIMARY M ND NORM",
    "MagneticFieldStrength": 3,
    "Manufacturer": "SIEMENS",
    "ManufacturersModelName": "Prisma_fit",
    "Modality": "MR",
    "PatientPosition": "HFS",
    "RepetitionTime": 2.3,
    "SeriesDescription": "mprage_sag_p2",
    "SeriesNumber": 2,
    "SliceThickness": 1,
    "StudyDescription": "Culham^Psych_9223",
    "dataset": "ds003434",
    "modality": "T1w",
    "session_id": "01",
    "subject_id": "12"
  },
  "cjv": 0.33764385517902584,
  "cnr": 3.9040810360689018,
  "efc": 0.4866913723799857,
  "fber": -1.0,
  "fwhm_avg": 3.5027633333333337,
  "fwhm_x": 3.62376,
  "fwhm_y": 3.56435,
  "fwhm_z": 3.32018,
  "icvs_csf": 0.20456853283090612,
  "icvs_gm": 0.4682194338829553,
  "icvs_wm": 0.3272120332861386,
  "inu_med": 0.49999070167541504,
  "inu_range": 0.1448913335800171,
  "provenance": {
    "md5sum": "539ada34c10d22ebbe030be62576be0a",
    "settings": {
      "testing": false
    },
    "software": "mriqc",
    "version": "22.0.6",
    "warnings": {
      "large_rot_frame": true,
      "small_air_mask": false
    },
    "webapi_port": null,
    "webapi_url": "https://mriqc.nimh.nih.gov/api/v1"
  },
  "qi_1": 0.026976964467620806,
  "qi_2": 0.03970221518853811,
  "rpve_csf": 22.502622587724716,
  "rpve_gm": 10.670504537111631,
  "rpve_wm": 16.841306627587272,
  "size_x": 176,
  "size_y": 224,
  "size_z": 256,
  "snr_csf": 2.194155315957226,
  "snr_gm": 12.193226843091908,
  "snr_total": 12.554256125996107,
  "snr_wm": 23.27538621893919,
  "snrd_csf": 32.28096130286905,
  "snrd_gm": 89.7063244455488,
  "snrd_total": 82.46184257101503,
  "snrd_wm": 125.39824196462722,
  "spacing_x": 1.0,
  "spacing_y": 1.0,
  "spacing_z": 1.0,
  "summary_bg_k": 22.79541872776069,
  "summary_bg_mad": 0.0,
  "summary_bg_mean": 2.8101262022084614,
  "summary_bg_median": 0.0,
  "summary_bg_n": 2075011.0,
  "summary_bg_p05": 0.0,
  "summary_bg_p95": 13.20047964155674,
  "summary_bg_stdv": 5.224446300683075,
  "summary_csf_k": 1.6090370928246491,
  "summary_csf_mad": 94.83607506049529,
  "summary_csf_mean": 278.57615816313415,
  "summary_csf_median": 257.42753548920155,
  "summary_csf_n": 28140.0,
  "summary_csf_p05": 112.43681268244983,
  "summary_csf_p95": 501.65640958473085,
  "summary_csf_stdv": 117.32212370127228,
  "summary_gm_k": 0.17508724304572754,
  "summary_gm_mad": 56.206144542675574,
  "summary_gm_mean": 714.9398950336919,
  "summary_gm_median": 715.3714476823807,
  "summary_gm_n": 34558.0,
  "summary_gm_p05": 617.0715123020112,
  "summary_gm_p95": 811.7076753474772,
  "summary_gm_stdv": 58.668727032759094,
  "summary_wm_k": 0.7289181650986349,
  "summary_wm_mad": 39.89692754108386,
  "summary_wm_mean": 999.9586758423425,
  "summary_wm_median": 999.999971523881,
  "summary_wm_n": 167328.0,
  "summary_wm_p05": 929.6701433509588,
  "summary_wm_p95": 1069.7479603737593,
  "summary_wm_stdv": 42.963711706865475,
  "tpm_overlap_csf": 0.14784041520228294,
  "tpm_overlap_gm": 0.4694488084223067,
  "tpm_overlap_wm": 0.4861971794016621,
  "wm2max": 0.48392432908051036
}