{
  "bids_meta": {
    "AcquisitionNumber": 1,
    "AcquisitionTime": "12:19:42",
    "BrainVoyagerInfo": {
      "CalculatedDicomSlice1CenterX": -89.9587173461914,
      "CalculatedDicomSlice1CenterY": -26.455902099609375,
      "CalculatedDicomSlice1CenterZ": -48.29121398925781,
      "CalculatedDicomSliceNCenterX": 85.0412826538086,
      "CalculatedDicomSliceNCenterY": -26.455902099609375,
      "CalculatedDicomSliceNCenterZ": -48.29121398925781,
      "CoordinateSystem": 1,
      "DicomColDirX": 0,
      "DicomColDirY": 0,
      "DicomColDirZ": -1,
      "DicomFoVCols": 256,
      "DicomFoVRows": 224,
      "DicomGapThickness": 0,
      "DicomNCols": 224,
      "DicomNRows": 256,
      "DicomPosInfoPresent": 1,
      "DicomRowDirX": 0,
      "DicomRowDirY": 1,
      "DicomRowDirZ": 0,
      "DicomSliceThickness": 1,
      "DocumentType": "VMR",
      "FramingCubeDim": 256,
      "MagnetPosInfosVerified": 1,
      "NrOfPastSpatialTransformations": 0,
      "NrOfPreprocessingSteps": 0,
      "OffsetX": 0,
      "OffsetY": 0,
      "OffsetZ": 0,
      "ReferenceSpace": "Native",
      "Version": 1
    },
    "ConversionSoftware": "BrainVoyager",
    "ConversionSoftwareVersion": "21.4.5.4030",
    "ImageNumber": 176,
    "ImageOrientationPatientDICOM": [
      0,
      1,
      0,
      0,
      0,
      -1
    ],
    "ImagePositionPatientDICOM": [
      85.041281938553,
      -137.95590782166,
      79.208789825439
    ],
    "ImageType": "ORIGINAL PRIMARY M ND NORM",
    "MagneticFieldStrength": 3,
    "Manufacturer": "SIEMENS",
    "ManufacturersModelName": "Prisma_fit",
    "Modality": "MR",
    "PatientPosition": "HFS",
    "RepetitionTime": 2.3,
    "SeriesDescription": "mprage_sag_p2",
    "SeriesNumber": 2,
    "SliceThickness": 1,
    "StudyDescription": "Culham^Psych_9223",
    "dataset": "ds003434",
    "modality": "T1w",
    "session_id": "01",
    "subject_id": "18"
  },
  "cjv": 0.36342387009880095,
  "cnr": 3.6885595867298107,
  "efc": 0.49537887334802255,
  "fber": -1.0,
  "fwhm_avg": 3.6670466666666663,
  "fwhm_x": 3.84591,
  "fwhm_y": 3.70592,
  "fwhm_z": 3.44931,
  "icvs_csf": 0.24474433356620565,
  "icvs_gm": 0.4221743879076275,
  "icvs_wm": 0.3330812785261668,
  "inu_med": 0.49754971265792847,
  "inu_range": 0.13061805963516238,
  "provenance": {
    "md5sum": "4dffe1a34266abbe86e8f5b73ee15e84",
    "settings": {
      "testing": false
    },
    "software": "mriqc",
    "version": "22.0.6",
    "warnings": {
      "large_rot_frame": true,
      "small_air_mask": false
    },
    "webapi_port": null,
    "webapi_url": "https://mriqc.nimh.nih.gov/api/v1"
  },
  "qi_1": 0.0,
  "qi_2": 0.006625740222940551,
  "rpve_csf": 21.83555328091992,
  "rpve_gm": 12.522653668790513,
  "rpve_wm": 17.863238055869346,
  "size_x": 176,
  "size_y": 224,
  "size_z": 256,
  "snr_csf": 2.2857410676154175,
  "snr_gm": 10.310955183804758,
  "snr_total": 11.829784054200955,
  "snr_wm": 22.892655911182686,
  "snrd_csf": 21.274423625336038,
  "snrd_gm": 58.61128709830931,
  "snrd_total": 54.51307562525043,
  "snrd_wm": 83.65351615210594,
  "spacing_x": 1.0,
  "spacing_y": 1.0,
  "spacing_z": 1.0,
  "summary_bg_k": 41.532383650070074,
  "summary_bg_mad": 0.0,
  "summary_bg_mean": 3.918790295231277,
  "summary_bg_median": 0.0,
  "summary_bg_n": 2453064.0,
  "summary_bg_p05": 0.0,
  "summary_bg_p95": 18.283464163541794,
  "summary_bg_stdv": 7.83154654485916,
  "summary_csf_k": 0.6242390375928788,
  "summary_csf_mad": 101.70377103780493,
  "summary_csf_mean": 266.7843335514715,
  "summary_csf_median": 254.315954413265,
  "summary_csf_n": 50531.0,
  "summary_csf_p05": 99.3987561352551,
  "summary_csf_p95": 471.5199926253408,
  "summary_csf_stdv": 111.26082545785519,
  "summary_gm_k": 0.009894197490726064,
  "summary_gm_mad": 67.87201942143619,
  "summary_gm_mean": 702.16364257788,
  "summary_gm_median": 700.6434430517256,
  "summary_gm_n": 23437.0,
  "summary_gm_p05": 593.2210589893162,
  "summary_gm_p95": 816.7926652014256,
  "summary_gm_stdv": 67.94991181939666,
  "summary_wm_k": 0.7234326429690849,
  "summary_wm_mad": 40.92130203212551,
  "summary_wm_mean": 1000.008499366998,
  "summary_wm_median": 1000.0000082217157,
  "summary_wm_n": 163671.0,
  "summary_wm_p05": 929.1164240799844,
  "summary_wm_p95": 1070.9890738874674,
  "summary_wm_stdv": 43.68199815643099,
  "tpm_overlap_csf": 0.16194712734667113,
  "tpm_overlap_gm": 0.4654354381127391,
  "tpm_overlap_wm": 0.515470460837629,
  "wm2max": 0.47910533627172236
}