{
  "bids_meta": {
    "AcquisitionNumber": 1,
    "AcquisitionTime": "10:10:20",
    "BrainVoyagerInfo": {
      "CalculatedDicomSlice1CenterX": -86.56888580322266,
      "CalculatedDicomSlice1CenterY": -24.422012329101562,
      "CalculatedDicomSlice1CenterZ": -64.56239318847656,
      "CalculatedDicomSliceNCenterX": 88.43111419677734,
      "CalculatedDicomSliceNCenterY": -24.422012329101562,
      "CalculatedDicomSliceNCenterZ": -64.56239318847656,
      "CoordinateSystem": 1,
      "DicomColDirX": 0,
      "DicomColDirY": 0,
      "DicomColDirZ": -1,
      "DicomFoVCols": 256,
      "DicomFoVRows": 216,
      "DicomGapThickness": 0,
      "DicomNCols": 216,
      "DicomNRows": 256,
      "DicomPosInfoPresent": 1,
      "DicomRowDirX": 0,
      "DicomRowDirY": 1,
      "DicomRowDirZ": 0,
      "DicomSliceThickness": 1,
      "DocumentType": "VMR",
      "FramingCubeDim": 256,
      "MagnetPosInfosVerified": 1,
      "NrOfPastSpatialTransformations": 0,
      "NrOfPreprocessingSteps": 0,
      "OffsetX": 0,
      "OffsetY": 0,
      "OffsetZ": 0,
      "ReferenceSpace": "Native",
      "Version": 1
    },
    "ConversionSoftware": "BrainVoyager",
    "ConversionSoftwareVersion": "21.4.5.4030",
    "ImageNumber": 176,
    "ImageOrientationPatientDICOM": [
      0,
      1,
      0,
      0,
      0,
      -1
    ],
    "ImagePositionPatientDICOM": [
      88.431112647057,
      -131.9220085144,
      62.937606811523
    ],
    "ImageType": "ORIGINAL PRIMARY M ND NORM",
    "MagneticFieldStrength": 3,
    "Manufacturer": "SIEMENS",
    "ManufacturersModelName": "Prisma_fit",
    "Modality": "MR",
    "PatientPosition": "HFS",
    "RepetitionTime": 2.3,
    "SeriesDescription": "mprage_sag_p2",
    "SeriesNumber": 2,
    "SliceThickness": 1,
    "StudyDescription": "Culham^Psych_9223",
    "dataset": "ds003434",
    "modality": "T1w",
    "session_id": "01",
    "subject_id": "15"
  },
  "cjv": 0.3549303716500557,
  "cnr": 3.691116351635304,
  "efc": 0.5116029918300276,
  "fber": -1.0,
  "fwhm_avg": 3.58906,
  "fwhm_x": 3.67546,
  "fwhm_y": 3.64369,
  "fwhm_z": 3.44803,
  "icvs_csf": 0.18159595334452983,
  "icvs_gm": 0.44442049759109886,
  "icvs_wm": 0.3739835490643713,
  "inu_med": 0.45877617597579956,
  "inu_range": 0.11617177575826643,
  "provenance": {
    "md5sum": "fadad2014e159231d9e4b99746680536",
    "settings": {
      "testing": false
    },
    "software": "mriqc",
    "version": "22.0.6",
    "warnings": {
      "large_rot_frame": false,
      "small_air_mask": false
    },
    "webapi_port": null,
    "webapi_url": "https://mriqc.nimh.nih.gov/api/v1"
  },
  "qi_1": 0.0,
  "qi_2": 0.012379386286250751,
  "rpve_csf": 24.593149768019526,
  "rpve_gm": 10.871997905376993,
  "rpve_wm": 14.824571606573175,
  "size_x": 176,
  "size_y": 216,
  "size_z": 256,
  "snr_csf": 2.020935119601464,
  "snr_gm": 9.687123199626201,
  "snr_total": 12.007026446461992,
  "snr_wm": 24.31302102015831,
  "snrd_csf": 12.939711957929417,
  "snrd_gm": 34.022631873122855,
  "snrd_total": 32.04627935651329,
  "snrd_wm": 49.1764942384876,
  "spacing_x": 1.0,
  "spacing_y": 1.0,
  "spacing_z": 1.0,
  "summary_bg_k": 332.8593948752567,
  "summary_bg_mad": 0.0,
  "summary_bg_mean": 4.777454014396552,
  "summary_bg_median": 0.0,
  "summary_bg_n": 1917133.0,
  "summary_bg_p05": 0.0,
  "summary_bg_p95": 14.774208761751652,
  "summary_bg_stdv": 13.322145373928057,
  "summary_csf_k": 0.6822246280055086,
  "summary_csf_mad": 123.84339919096813,
  "summary_csf_mean": 272.6265434464222,
  "summary_csf_median": 263.12798953056335,
  "summary_csf_n": 19657.0,
  "summary_csf_p05": 71.6716254003346,
  "summary_csf_p95": 502.5971895553173,
  "summary_csf_stdv": 130.19779502515965,
  "summary_gm_k": -0.0238991172966867,
  "summary_gm_mad": 71.11455695839906,
  "summary_gm_mean": 694.279534650547,
  "summary_gm_median": 691.8474501147866,
  "summary_gm_n": 34083.0,
  "summary_gm_p05": 579.7740461390465,
  "summary_gm_p95": 815.2488616682588,
  "summary_gm_stdv": 71.41824113648389,
  "summary_wm_k": 0.8762691048464419,
  "summary_wm_mad": 38.258144928142215,
  "summary_wm_mean": 1001.1971207536651,
  "summary_wm_median": 1000.0000079758465,
  "summary_wm_n": 211386.0,
  "summary_wm_p05": 936.4575399756432,
  "summary_wm_p95": 1069.793102759868,
  "summary_wm_stdv": 41.130127013125474,
  "tpm_overlap_csf": 0.13862508305996296,
  "tpm_overlap_gm": 0.4676624329345632,
  "tpm_overlap_wm": 0.5112028297903691,
  "wm2max": 0.5155881085738906
}