{
  "aor": 0.001201263537906137,
  "aqi": 0.005234448267148014,
  "bids_meta": {
    "AcquisitionNumber": 1,
    "AcquisitionTime": "09:49:10.185000",
    "BrainVoyagerInfo": {
      "AcquisitionTime": "094910.185000",
      "CalculatedDicomSlice1CenterX": -1.11236572265625,
      "CalculatedDicomSlice1CenterY": -35.7418212890625,
      "CalculatedDicomSlice1CenterZ": -86.25143432617188,
      "CalculatedDicomSliceNCenterX": -1.11236572265625,
      "CalculatedDicomSliceNCenterY": -0.17045627534389496,
      "CalculatedDicomSliceNCenterZ": 36.18600845336914,
      "CoordinateSystem": 1,
      "DataStorageFormat": 2,
      "DataType": 2,
      "DicomColDirX": 0,
      "DicomColDirY": 0.960293710231781,
      "DicomColDirZ": -0.27899110317230225,
      "DicomFoVCols": 210,
      "DicomFoVRows": 210,
      "DicomGapThickness": 0,
      "DicomNCols": 84,
      "DicomNRows": 84,
      "DicomPosInfoPresent": 1,
      "DicomRowDirX": 1,
      "DicomRowDirY": 0,
      "DicomRowDirZ": 0,
      "DicomSliceThickness": 2.5,
      "DocumentType": "FMR",
      "MultiBandSequence": true,
      "NrOfPastSpatialTransformations": 0,
      "NrOfPreprocessingSteps": 0,
      "NrOfSkippedVolumes": 0,
      "Protocol": {
        "Conditions": [
          {
            "ColorB": 255,
            "ColorG": 163,
            "ColorR": 255,
            "IntervalsFrom": [
              21,
              25,
              49,
              81,
              133,
              145,
              201,
              261
            ],
            "IntervalsTo": [
              21,
              25,
              49,
              81,
              133,
              145,
              201,
              261
            ],
            "Name": "Face_Left",
            "NrOfIntervals": 8
          },
          {
            "ColorB": 255,
            "ColorG": 0,
            "ColorR": 255,
            "IntervalsFrom": [
              29,
              65,
              77,
              121,
              169,
              205,
              209,
              221
            ],
            "IntervalsTo": [
              29,
              65,
              77,
              121,
              169,
              205,
              209,
              221
            ],
            "Name": "Face_Center",
            "NrOfIntervals": 8
          },
          {
            "ColorB": 95,
            "ColorG": 2,
            "ColorR": 187,
            "IntervalsFrom": [
              37,
              41,
              53,
              61,
              101,
              125,
              129,
              157,
              245,
              249
            ],
            "IntervalsTo": [
              37,
              41,
              53,
              61,
              101,
              125,
              129,
              157,
              245,
              249
            ],
            "Name": "Face_Right",
            "NrOfIntervals": 10
          },
          {
            "ColorB": 126,
            "ColorG": 255,
            "ColorR": 126,
            "IntervalsFrom": [
              33,
              89,
              105,
              113,
              181,
              217,
              233,
              237
            ],
            "IntervalsTo": [
              33,
              89,
              105,
              113,
              181,
              217,
              233,
              237
            ],
            "Name": "Hand_Left",
            "NrOfIntervals": 8
          },
          {
            "ColorB": 0,
            "ColorG": 199,
            "ColorR": 0,
            "IntervalsFrom": [
              17,
              109,
              149,
              153,
              161,
              165,
              177,
              185,
              225
            ],
            "IntervalsTo": [
              17,
              109,
              149,
              153,
              161,
              165,
              177,
              185,
              225
            ],
            "Name": "Hand_Center",
            "NrOfIntervals": 9
          },
          {
            "ColorB": 0,
            "ColorG": 86,
            "ColorR": 0,
            "IntervalsFrom": [
              69,
              73,
              93,
              141,
              189,
              193,
              229,
              257
            ],
            "IntervalsTo": [
              69,
              73,
              93,
              141,
              189,
              193,
              229,
              257
            ],
            "Name": "Hand_Right",
            "NrOfIntervals": 8
          }
        ],
        "FileName": "sub-08_ses-01_MainExp_run-4.prt",
        "Name": "newbi4fmri_MainExp",
        "NrOfConditions": 6,
        "TimeCourseColors": {
          "RefTCPenThick": 3,
          "RefTimeCourseB": 80,
          "RefTimeCourseG": 0,
          "RefTimeCourseR": 0,
          "TCBackColorB": 0,
          "TCBackColorG": 0,
          "TCBackColorR": 0,
          "TCPenThick": 3,
          "TCTextColorB": 255,
          "TCTextColorG": 255,
          "TCTextColorR": 255,
          "TimeCourseB": 255,
          "TimeCourseG": 255,
          "TimeCourseR": 255
        },
        "TimeResolution": "Volumes"
      },
      "SliceAcquisitionOrder": 5,
      "SliceAcquisitionOrderVerified": true,
      "SliceGap": 0,
      "SliceThickness": 2.5,
      "SliceTimingTable": [
        0,
        0.5275,
        0.075,
        0.6025,
        0.15,
        0.6775,
        0.225,
        0.7525,
        0.3,
        0.8275,
        0.3775,
        0.905,
        0.4525,
        0,
        0.5275,
        0.075,
        0.6025,
        0.15,
        0.6775,
        0.225,
        0.7525,
        0.3,
        0.8275,
        0.3775,
        0.905,
        0.4525,
        0,
        0.5275,
        0.075,
        0.6025,
        0.15,
        0.6775,
        0.225,
        0.7525,
        0.3,
        0.8275,
        0.3775,
        0.905,
        0.4525,
        0,
        0.5275,
        0.075,
        0.6025,
        0.15,
        0.6775,
        0.225,
        0.7525,
        0.3,
        0.8275,
        0.3775,
        0.905,
        0.4525
      ],
      "SliceTimingTableSize": 52,
      "TE": 0.028,
      "TR": 1,
      "TimeResolutionVerified": true,
      "Version": 1,
      "VoxelResolutionVerified": true
    },
    "ConversionSoftware": "BrainVoyager",
    "ConversionSoftwareVersion": "21.4.5.4030",
    "ImageNumber": 1,
    "ImageOrientationPatientDICOM": [
      1,
      0,
      0,
      0,
      0.96029368399952,
      -0.278991111813
    ],
    "ImagePositionPatientDICOM": [
      -839.86235119402,
      -841.18819465115,
      147.7523447139
    ],
    "ImageType": "ORIGINAL PRIMARY M MB ND NORM MOSAIC",
    "MagneticFieldStrength": 3,
    "Manufacturer": "SIEMENS",
    "ManufacturersModelName": "Prisma_fit",
    "Modality": "MR",
    "NrOfTemporalPositions": 0,
    "PatientPosition": "HFS",
    "RepetitionTime": 1,
    "SeriesDescription": "ep_mb4_2.5iso",
    "SeriesNumber": 9,
    "SiemensMosaicSliceAcqOrder": 3,
    "SiemensMosaicTE": 0.028,
    "SiemensMosaicTR": 1,
    "SliceThickness": 2.5,
    "SliceTiming": [
      0,
      0.5275,
      0.075,
      0.6025,
      0.15,
      0.6775,
      0.225,
      0.7525,
      0.3,
      0.8275,
      0.3775,
      0.905,
      0.4525,
      0,
      0.5275,
      0.075,
      0.6025,
      0.15,
      0.6775,
      0.225,
      0.7525,
      0.3,
      0.8275,
      0.3775,
      0.905,
      0.4525,
      0,
      0.5275,
      0.075,
      0.6025,
      0.15,
      0.6775,
      0.225,
      0.7525,
      0.3,
      0.8275,
      0.3775,
      0.905,
      0.4525,
      0,
      0.5275,
      0.075,
      0.6025,
      0.15,
      0.6775,
      0.225,
      0.7525,
      0.3,
      0.8275,
      0.3775,
      0.905,
      0.4525
    ],
    "StudyDescription": "newbi4fmri_MainExp",
    "TaskName": "newbi4fmri_MainExp",
    "dataset": "ds003434",
    "modality": "bold",
    "run_id": 4,
    "session_id": "01",
    "subject_id": "08",
    "task_id": "MainExp"
  },
  "dummy_trs": 3,
  "dvars_nstd": 25.972951177065195,
  "dvars_std": 1.1645738957608696,
  "dvars_vstd": 1.0150981536956525,
  "efc": 0.5471481698990998,
  "fber": 3506.583251953125,
  "fd_mean": 0.09187355833347931,
  "fd_num": 0,
  "fd_perc": 0.0,
  "fwhm_avg": 2.0308119999999996,
  "fwhm_x": 1.8781759999999998,
  "fwhm_y": 2.17354,
  "fwhm_z": 2.04072,
  "gcor": 0.00761983,
  "gsr_x": -0.011774152517318726,
  "gsr_y": 0.03646405041217804,
  "provenance": {
    "md5sum": "b69cdb7e3e110909b3604314ebf88ef6",
    "settings": {
      "fd_thres": 0.2,
      "testing": false
    },
    "software": "mriqc",
    "version": "22.0.6",
    "webapi_port": null,
    "webapi_url": "https://mriqc.nimh.nih.gov/api/v1"
  },
  "size_t": 277,
  "size_x": 84,
  "size_y": 84,
  "size_z": 52,
  "snr": 4.337606003760287,
  "spacing_tr": 1.0,
  "spacing_x": 2.5,
  "spacing_y": 2.5,
  "spacing_z": 2.5,
  "summary_bg_k": 24.9949285776605,
  "summary_bg_mad": 44.030340412186426,
  "summary_bg_mean": 208.02561950683594,
  "summary_bg_median": 64.94039916992188,
  "summary_bg_n": 219229.0,
  "summary_bg_p05": 29.397358703613282,
  "summary_bg_p95": 874.4228515624989,
  "summary_bg_stdv": 377.0397644042969,
  "summary_fg_k": 3.4605030077581107,
  "summary_fg_mad": 745.3710260850463,
  "summary_fg_mean": 4117.43994140625,
  "summary_fg_median": 3965.299072265625,
  "summary_fg_n": 85371.0,
  "summary_fg_p05": 3019.444580078125,
  "summary_fg_p95": 5799.784423828125,
  "summary_fg_stdv": 914.1622924804688,
  "tsnr": 60.75265121459961
}