{
  "bids_meta": {
    "AcquisitionNumber": 1,
    "AcquisitionTime": "13:12:26",
    "BrainVoyagerInfo": {
      "CalculatedDicomSlice1CenterX": -91.31465148925781,
      "CalculatedDicomSlice1CenterY": -33.235565185546875,
      "CalculatedDicomSlice1CenterZ": -65.91832733154297,
      "CalculatedDicomSliceNCenterX": 83.68534851074219,
      "CalculatedDicomSliceNCenterY": -33.235565185546875,
      "CalculatedDicomSliceNCenterZ": -65.91832733154297,
      "CoordinateSystem": 1,
      "DicomColDirX": 0,
      "DicomColDirY": 0,
      "DicomColDirZ": -1,
      "DicomFoVCols": 256,
      "DicomFoVRows": 248,
      "DicomGapThickness": 0,
      "DicomNCols": 248,
      "DicomNRows": 256,
      "DicomPosInfoPresent": 1,
      "DicomRowDirX": 0,
      "DicomRowDirY": 1,
      "DicomRowDirZ": 0,
      "DicomSliceThickness": 1,
      "DocumentType": "VMR",
      "FramingCubeDim": 256,
      "MagnetPosInfosVerified": 1,
      "NrOfPastSpatialTransformations": 0,
      "NrOfPreprocessingSteps": 0,
      "OffsetX": 0,
      "OffsetY": 0,
      "OffsetZ": 0,
      "ReferenceSpace": "Native",
      "Version": 1
    },
    "ConversionSoftware": "BrainVoyager",
    "ConversionSoftwareVersion": "21.4.5.4030",
    "ImageNumber": 176,
    "ImageOrientationPatientDICOM": [
      0,
      1,
      0,
      0,
      0,
      -1
    ],
    "ImagePositionPatientDICOM": [
      83.685349702835,
      -156.73556900024,
      61.581672668457
    ],
    "ImageType": "ORIGINAL PRIMARY M ND NORM",
    "MagneticFieldStrength": 3,
    "Manufacturer": "SIEMENS",
    "ManufacturersModelName": "Prisma_fit",
    "Modality": "MR",
    "PatientPosition": "HFS",
    "RepetitionTime": 2.3,
    "SeriesDescription": "mprage_sag_p2",
    "SeriesNumber": 2,
    "SliceThickness": 1,
    "StudyDescription": "Culham^Psych_9223",
    "dataset": "ds003434",
    "modality": "T1w",
    "session_id": "01",
    "subject_id": "13"
  },
  "cjv": 0.3374923826932054,
  "cnr": 3.92004892710863,
  "efc": 0.509826224828731,
  "fber": -1.0,
  "fwhm_avg": 3.663183333333333,
  "fwhm_x": 3.67442,
  "fwhm_y": 3.80029,
  "fwhm_z": 3.51484,
  "icvs_csf": 0.18852742984549153,
  "icvs_gm": 0.45149979306423377,
  "icvs_wm": 0.3599727770902747,
  "inu_med": 0.470889687538147,
  "inu_range": 0.12881550788879398,
  "provenance": {
    "md5sum": "5ee2c13954f4af7369f89e0d0104de8e",
    "settings": {
      "testing": false
    },
    "software": "mriqc",
    "version": "22.0.6",
    "warnings": {
      "large_rot_frame": true,
      "small_air_mask": false
    },
    "webapi_port": null,
    "webapi_url": "https://mriqc.nimh.nih.gov/api/v1"
  },
  "qi_1": 0.016251935661431773,
  "qi_2": 0.04805529148277101,
  "rpve_csf": 21.977691046075556,
  "rpve_gm": 10.177254563807258,
  "rpve_wm": 14.603667825809875,
  "size_x": 176,
  "size_y": 248,
  "size_z": 256,
  "snr_csf": 2.1640766979325385,
  "snr_gm": 10.17101713092393,
  "snr_total": 12.003820721801588,
  "snr_wm": 23.676368336548293,
  "snrd_csf": 40.961316824976024,
  "snrd_gm": 106.67895922167365,
  "snrd_total": 100.95821583184005,
  "snrd_wm": 155.2343714488705,
  "spacing_x": 1.0,
  "spacing_y": 1.0,
  "spacing_z": 1.0,
  "summary_bg_k": 20.711257636586762,
  "summary_bg_mad": 0.0,
  "summary_bg_mean": 1.8239546580288661,
  "summary_bg_median": 0.0,
  "summary_bg_n": 2360413.0,
  "summary_bg_p05": 0.0,
  "summary_bg_p95": 9.26331915333867,
  "summary_bg_stdv": 4.220304904654028,
  "summary_csf_k": 4.3390231926846825,
  "summary_csf_mad": 96.86810942448932,
  "summary_csf_mean": 276.3671299212182,
  "summary_csf_median": 263.86756452172995,
  "summary_csf_n": 27223.0,
  "summary_csf_p05": 81.36921469308436,
  "summary_csf_p95": 489.5581953730434,
  "summary_csf_stdv": 121.92854269937406,
  "summary_gm_k": 0.06468504131496555,
  "summary_gm_mad": 65.98733628580983,
  "summary_gm_mean": 687.0580266809852,
  "summary_gm_median": 687.212212337181,
  "summary_gm_n": 46686.0,
  "summary_gm_p05": 574.4628188554198,
  "summary_gm_p95": 799.4134804252535,
  "summary_gm_stdv": 67.5650078564435,
  "summary_wm_k": 0.7062386706677333,
  "summary_wm_mad": 39.57614873299186,
  "summary_wm_mean": 1000.7480447205613,
  "summary_wm_median": 999.9999682456255,
  "summary_wm_n": 248858.0,
  "summary_wm_p05": 932.9094200581312,
  "summary_wm_p95": 1070.6259252224118,
  "summary_wm_stdv": 42.236121049109045,
  "tpm_overlap_csf": 0.16910007495856752,
  "tpm_overlap_gm": 0.479283624927433,
  "tpm_overlap_wm": 0.5293385021210016,
  "wm2max": 0.6647355668506677
}