{
  "aor": 0.0006703928571428572,
  "aqi": 0.014096038142857143,
  "bids_meta": {
    "AcquisitionNumber": 1,
    "AcquisitionTime": "11:45:00.225000",
    "BrainVoyagerInfo": {
      "AcquisitionTime": "114500.225000",
      "CalculatedDicomSlice1CenterX": -1.11236572265625,
      "CalculatedDicomSlice1CenterY": -27.94639015197754,
      "CalculatedDicomSlice1CenterZ": -67.47756958007812,
      "CalculatedDicomSliceNCenterX": -1.11236572265625,
      "CalculatedDicomSliceNCenterY": 13.984108924865723,
      "CalculatedDicomSliceNCenterZ": 52.930416107177734,
      "CoordinateSystem": 1,
      "DataStorageFormat": 2,
      "DataType": 2,
      "DicomColDirX": 0,
      "DicomColDirY": 0.9443763494491577,
      "DicomColDirZ": -0.3288666605949402,
      "DicomFoVCols": 210,
      "DicomFoVRows": 210,
      "DicomGapThickness": 0,
      "DicomNCols": 84,
      "DicomNRows": 84,
      "DicomPosInfoPresent": 1,
      "DicomRowDirX": 1,
      "DicomRowDirY": 0,
      "DicomRowDirZ": 0,
      "DicomSliceThickness": 2.5,
      "DocumentType": "FMR",
      "MultiBandSequence": true,
      "NrOfPastSpatialTransformations": 0,
      "NrOfPreprocessingSteps": 0,
      "NrOfSkippedVolumes": 0,
      "Protocol": {
        "Conditions": [
          {
            "ColorB": 255,
            "ColorG": 163,
            "ColorR": 255,
            "IntervalsFrom": [
              89,
              101,
              113,
              181,
              189,
              229,
              233,
              261
            ],
            "IntervalsTo": [
              89,
              101,
              113,
              181,
              189,
              229,
              233,
              261
            ],
            "Name": "Face_Left",
            "NrOfIntervals": 8
          },
          {
            "ColorB": 255,
            "ColorG": 0,
            "ColorR": 255,
            "IntervalsFrom": [
              45,
              53,
              77,
              129,
              153,
              213,
              237,
              257
            ],
            "IntervalsTo": [
              45,
              53,
              77,
              129,
              153,
              213,
              237,
              257
            ],
            "Name": "Face_Center",
            "NrOfIntervals": 8
          },
          {
            "ColorB": 95,
            "ColorG": 2,
            "ColorR": 187,
            "IntervalsFrom": [
              81,
              85,
              97,
              149,
              161,
              165,
              193,
              197,
              205,
              245
            ],
            "IntervalsTo": [
              81,
              85,
              97,
              149,
              161,
              165,
              193,
              197,
              205,
              245
            ],
            "Name": "Face_Right",
            "NrOfIntervals": 10
          },
          {
            "ColorB": 126,
            "ColorG": 255,
            "ColorR": 126,
            "IntervalsFrom": [
              65,
              73,
              117,
              121,
              169,
              209,
              225,
              241
            ],
            "IntervalsTo": [
              65,
              73,
              117,
              121,
              169,
              209,
              225,
              241
            ],
            "Name": "Hand_Left",
            "NrOfIntervals": 8
          },
          {
            "ColorB": 0,
            "ColorG": 199,
            "ColorR": 0,
            "IntervalsFrom": [
              21,
              41,
              61,
              105,
              141,
              145,
              217,
              249,
              253
            ],
            "IntervalsTo": [
              21,
              41,
              61,
              105,
              141,
              145,
              217,
              249,
              253
            ],
            "Name": "Hand_Center",
            "NrOfIntervals": 9
          },
          {
            "ColorB": 0,
            "ColorG": 86,
            "ColorR": 0,
            "IntervalsFrom": [
              17,
              29,
              33,
              93,
              125,
              133,
              157,
              177
            ],
            "IntervalsTo": [
              17,
              29,
              33,
              93,
              125,
              133,
              157,
              177
            ],
            "Name": "Hand_Right",
            "NrOfIntervals": 8
          }
        ],
        "FileName": "sub-14_ses-01_MainExp_run-3.prt",
        "Name": "newbi4fmri_MainExp",
        "NrOfConditions": 6,
        "TimeCourseColors": {
          "RefTCPenThick": 3,
          "RefTimeCourseB": 80,
          "RefTimeCourseG": 0,
          "RefTimeCourseR": 0,
          "TCBackColorB": 0,
          "TCBackColorG": 0,
          "TCBackColorR": 0,
          "TCPenThick": 3,
          "TCTextColorB": 255,
          "TCTextColorG": 255,
          "TCTextColorR": 255,
          "TimeCourseB": 255,
          "TimeCourseG": 255,
          "TimeCourseR": 255
        },
        "TimeResolution": "Volumes"
      },
      "SliceAcquisitionOrder": 5,
      "SliceAcquisitionOrderVerified": true,
      "SliceGap": 0,
      "SliceThickness": 2.5,
      "SliceTimingTable": [
        0,
        0.5275,
        0.075,
        0.6025,
        0.15,
        0.6775,
        0.225,
        0.7525,
        0.3,
        0.8275,
        0.375,
        0.9025,
        0.45,
        0,
        0.5275,
        0.075,
        0.6025,
        0.15,
        0.6775,
        0.225,
        0.7525,
        0.3,
        0.8275,
        0.375,
        0.9025,
        0.45,
        0,
        0.5275,
        0.075,
        0.6025,
        0.15,
        0.6775,
        0.225,
        0.7525,
        0.3,
        0.8275,
        0.375,
        0.9025,
        0.45,
        0,
        0.5275,
        0.075,
        0.6025,
        0.15,
        0.6775,
        0.225,
        0.7525,
        0.3,
        0.8275,
        0.375,
        0.9025,
        0.45
      ],
      "SliceTimingTableSize": 52,
      "TE": 0.028,
      "TR": 1,
      "TimeResolutionVerified": true,
      "Version": 1,
      "VoxelResolutionVerified": true
    },
    "ConversionSoftware": "BrainVoyager",
    "ConversionSoftwareVersion": "21.4.5.4030",
    "ImageNumber": 1,
    "ImageOrientationPatientDICOM": [
      1,
      0,
      0,
      0,
      0.94437636797866,
      -0.328866653225
    ],
    "ImagePositionPatientDICOM": [
      -839.86235119402,
      -820.04204113088,
      208.3593473516
    ],
    "ImageType": "ORIGINAL PRIMARY M MB ND NORM MOSAIC",
    "MagneticFieldStrength": 3,
    "Manufacturer": "SIEMENS",
    "ManufacturersModelName": "Prisma_fit",
    "Modality": "MR",
    "NrOfTemporalPositions": 0,
    "PatientPosition": "HFS",
    "RepetitionTime": 1,
    "SeriesDescription": "ep_mb4_2.5iso",
    "SeriesNumber": 7,
    "SiemensMosaicSliceAcqOrder": 3,
    "SiemensMosaicTE": 0.028,
    "SiemensMosaicTR": 1,
    "SliceThickness": 2.5,
    "SliceTiming": [
      0,
      0.5275,
      0.075,
      0.6025,
      0.15,
      0.6775,
      0.225,
      0.7525,
      0.3,
      0.8275,
      0.375,
      0.9025,
      0.45,
      0,
      0.5275,
      0.075,
      0.6025,
      0.15,
      0.6775,
      0.225,
      0.7525,
      0.3,
      0.8275,
      0.375,
      0.9025,
      0.45,
      0,
      0.5275,
      0.075,
      0.6025,
      0.15,
      0.6775,
      0.225,
      0.7525,
      0.3,
      0.8275,
      0.375,
      0.9025,
      0.45,
      0,
      0.5275,
      0.075,
      0.6025,
      0.15,
      0.6775,
      0.225,
      0.7525,
      0.3,
      0.8275,
      0.375,
      0.9025,
      0.45
    ],
    "StudyDescription": "newbi4fmri_MainExp",
    "TaskName": "newbi4fmri_MainExp",
    "dataset": "ds003434",
    "modality": "bold",
    "run_id": 3,
    "session_id": "01",
    "subject_id": "14",
    "task_id": "MainExp"
  },
  "dummy_trs": 0,
  "dvars_nstd": 32.811863820681026,
  "dvars_std": 1.0790050362724009,
  "dvars_vstd": 0.9831542254838711,
  "efc": 0.5848350572790968,
  "fber": 1493.1614990234375,
  "fd_mean": 0.26341950009744064,
  "fd_num": 168,
  "fd_perc": 60.0,
  "fwhm_avg": 1.922292,
  "fwhm_x": 1.787944,
  "fwhm_y": 2.05344,
  "fwhm_z": 1.9254919999999998,
  "gcor": 0.030204,
  "gsr_x": -0.0065833451226353645,
  "gsr_y": 0.04054791480302811,
  "provenance": {
    "md5sum": "891bd224ddd6966277ba6f697748b3a3",
    "settings": {
      "fd_thres": 0.2,
      "testing": false
    },
    "software": "mriqc",
    "version": "22.0.6",
    "webapi_port": null,
    "webapi_url": "https://mriqc.nimh.nih.gov/api/v1"
  },
  "size_t": 280,
  "size_x": 84,
  "size_y": 84,
  "size_z": 52,
  "snr": 4.764919055603787,
  "spacing_tr": 1.0,
  "spacing_x": 2.5,
  "spacing_y": 2.5,
  "spacing_z": 2.5,
  "summary_bg_k": 14.176224085651665,
  "summary_bg_mad": 82.65140880193576,
  "summary_bg_mean": 262.32196044921875,
  "summary_bg_median": 97.05440521240234,
  "summary_bg_n": 209045.0,
  "summary_bg_p05": 32.88294296264648,
  "summary_bg_p95": 1090.2438232421869,
  "summary_bg_stdv": 419.1512451171875,
  "summary_fg_k": 2.612819028862347,
  "summary_fg_mad": 744.9189337581631,
  "summary_fg_mean": 4103.5302734375,
  "summary_fg_median": 3970.566650390625,
  "summary_fg_n": 94429.0,
  "summary_fg_p05": 3050.555712890625,
  "summary_fg_p95": 5607.7642578125,
  "summary_fg_stdv": 833.287109375,
  "tsnr": 35.777313232421875
}