{
  "aor": 0.001659068100358423,
  "aqi": 0.012309052652329748,
  "bids_meta": {
    "AcquisitionNumber": 1,
    "AcquisitionTime": "11:34:56.660000",
    "BrainVoyagerInfo": {
      "AcquisitionTime": "113456.660000",
      "CalculatedDicomSlice1CenterX": -1.11236572265625,
      "CalculatedDicomSlice1CenterY": -27.94639015197754,
      "CalculatedDicomSlice1CenterZ": -67.47756958007812,
      "CalculatedDicomSliceNCenterX": -1.11236572265625,
      "CalculatedDicomSliceNCenterY": 13.984108924865723,
      "CalculatedDicomSliceNCenterZ": 52.930416107177734,
      "CoordinateSystem": 1,
      "DataStorageFormat": 2,
      "DataType": 2,
      "DicomColDirX": 0,
      "DicomColDirY": 0.9443763494491577,
      "DicomColDirZ": -0.3288666605949402,
      "DicomFoVCols": 210,
      "DicomFoVRows": 210,
      "DicomGapThickness": 0,
      "DicomNCols": 84,
      "DicomNRows": 84,
      "DicomPosInfoPresent": 1,
      "DicomRowDirX": 1,
      "DicomRowDirY": 0,
      "DicomRowDirZ": 0,
      "DicomSliceThickness": 2.5,
      "DocumentType": "FMR",
      "MultiBandSequence": true,
      "NrOfPastSpatialTransformations": 0,
      "NrOfPreprocessingSteps": 0,
      "NrOfSkippedVolumes": 0,
      "Protocol": {
        "Conditions": [
          {
            "ColorB": 255,
            "ColorG": 163,
            "ColorR": 255,
            "IntervalsFrom": [
              29,
              37,
              45,
              53,
              65,
              145,
              169,
              205
            ],
            "IntervalsTo": [
              29,
              37,
              45,
              53,
              65,
              145,
              169,
              205
            ],
            "Name": "Face_Left",
            "NrOfIntervals": 8
          },
          {
            "ColorB": 255,
            "ColorG": 0,
            "ColorR": 255,
            "IntervalsFrom": [
              33,
              41,
              77,
              81,
              93,
              97,
              109,
              185,
              245
            ],
            "IntervalsTo": [
              33,
              41,
              77,
              81,
              93,
              97,
              109,
              185,
              245
            ],
            "Name": "Face_Center",
            "NrOfIntervals": 9
          },
          {
            "ColorB": 95,
            "ColorG": 2,
            "ColorR": 187,
            "IntervalsFrom": [
              49,
              101,
              129,
              137,
              173,
              181,
              197,
              217
            ],
            "IntervalsTo": [
              49,
              101,
              129,
              137,
              173,
              181,
              197,
              217
            ],
            "Name": "Face_Right",
            "NrOfIntervals": 8
          },
          {
            "ColorB": 126,
            "ColorG": 255,
            "ColorR": 126,
            "IntervalsFrom": [
              17,
              21,
              61,
              117,
              133,
              233,
              237,
              253,
              261
            ],
            "IntervalsTo": [
              17,
              21,
              61,
              117,
              133,
              233,
              237,
              253,
              261
            ],
            "Name": "Hand_Left",
            "NrOfIntervals": 9
          },
          {
            "ColorB": 0,
            "ColorG": 199,
            "ColorR": 0,
            "IntervalsFrom": [
              25,
              73,
              113,
              157,
              161,
              209,
              213,
              225,
              257
            ],
            "IntervalsTo": [
              25,
              73,
              113,
              157,
              161,
              209,
              213,
              225,
              257
            ],
            "Name": "Hand_Center",
            "NrOfIntervals": 9
          },
          {
            "ColorB": 0,
            "ColorG": 86,
            "ColorR": 0,
            "IntervalsFrom": [
              85,
              89,
              121,
              141,
              149,
              153,
              193,
              229
            ],
            "IntervalsTo": [
              85,
              89,
              121,
              141,
              149,
              153,
              193,
              229
            ],
            "Name": "Hand_Right",
            "NrOfIntervals": 8
          }
        ],
        "FileName": "sub-14_ses-01_MainExp_run-1.prt",
        "Name": "newbi4fmri_MainExp",
        "NrOfConditions": 6,
        "TimeCourseColors": {
          "RefTCPenThick": 3,
          "RefTimeCourseB": 80,
          "RefTimeCourseG": 0,
          "RefTimeCourseR": 0,
          "TCBackColorB": 0,
          "TCBackColorG": 0,
          "TCBackColorR": 0,
          "TCPenThick": 3,
          "TCTextColorB": 255,
          "TCTextColorG": 255,
          "TCTextColorR": 255,
          "TimeCourseB": 255,
          "TimeCourseG": 255,
          "TimeCourseR": 255
        },
        "TimeResolution": "Volumes"
      },
      "SliceAcquisitionOrder": 5,
      "SliceAcquisitionOrderVerified": true,
      "SliceGap": 0,
      "SliceThickness": 2.5,
      "SliceTimingTable": [
        0,
        0.5275,
        0.075,
        0.6025,
        0.15,
        0.6775,
        0.225,
        0.7525,
        0.3025,
        0.83,
        0.3775,
        0.905,
        0.4525,
        0,
        0.5275,
        0.075,
        0.6025,
        0.15,
        0.6775,
        0.225,
        0.7525,
        0.3025,
        0.83,
        0.3775,
        0.905,
        0.4525,
        0,
        0.5275,
        0.075,
        0.6025,
        0.15,
        0.6775,
        0.225,
        0.7525,
        0.3025,
        0.83,
        0.3775,
        0.905,
        0.4525,
        0,
        0.5275,
        0.075,
        0.6025,
        0.15,
        0.6775,
        0.225,
        0.7525,
        0.3025,
        0.83,
        0.3775,
        0.905,
        0.4525
      ],
      "SliceTimingTableSize": 52,
      "TE": 0.028,
      "TR": 1,
      "TimeResolutionVerified": true,
      "Version": 1,
      "VoxelResolutionVerified": true
    },
    "ConversionSoftware": "BrainVoyager",
    "ConversionSoftwareVersion": "21.4.5.4030",
    "ImageNumber": 1,
    "ImageOrientationPatientDICOM": [
      1,
      0,
      0,
      0,
      0.94437636797866,
      -0.328866653225
    ],
    "ImagePositionPatientDICOM": [
      -839.86235119402,
      -820.04204113088,
      208.3593473516
    ],
    "ImageType": "ORIGINAL PRIMARY M MB ND NORM MOSAIC",
    "MagneticFieldStrength": 3,
    "Manufacturer": "SIEMENS",
    "ManufacturersModelName": "Prisma_fit",
    "Modality": "MR",
    "NrOfTemporalPositions": 0,
    "PatientPosition": "HFS",
    "RepetitionTime": 1,
    "SeriesDescription": "ep_mb4_2.5iso",
    "SeriesNumber": 5,
    "SiemensMosaicSliceAcqOrder": 3,
    "SiemensMosaicTE": 0.028,
    "SiemensMosaicTR": 1,
    "SliceThickness": 2.5,
    "SliceTiming": [
      0,
      0.5275,
      0.075,
      0.6025,
      0.15,
      0.6775,
      0.225,
      0.7525,
      0.3025,
      0.83,
      0.3775,
      0.905,
      0.4525,
      0,
      0.5275,
      0.075,
      0.6025,
      0.15,
      0.6775,
      0.225,
      0.7525,
      0.3025,
      0.83,
      0.3775,
      0.905,
      0.4525,
      0,
      0.5275,
      0.075,
      0.6025,
      0.15,
      0.6775,
      0.225,
      0.7525,
      0.3025,
      0.83,
      0.3775,
      0.905,
      0.4525,
      0,
      0.5275,
      0.075,
      0.6025,
      0.15,
      0.6775,
      0.225,
      0.7525,
      0.3025,
      0.83,
      0.3775,
      0.905,
      0.4525
    ],
    "StudyDescription": "newbi4fmri_MainExp",
    "TaskName": "newbi4fmri_MainExp",
    "dataset": "ds003434",
    "modality": "bold",
    "run_id": 1,
    "session_id": "01",
    "subject_id": "14",
    "task_id": "MainExp"
  },
  "dummy_trs": 1,
  "dvars_nstd": 33.00541022205036,
  "dvars_std": 1.111438069496403,
  "dvars_vstd": 1.0109994711510795,
  "efc": 0.5849852942243255,
  "fber": 1502.4583740234375,
  "fd_mean": 0.2744644896627265,
  "fd_num": 176,
  "fd_perc": 63.08243727598566,
  "fwhm_avg": 1.922868,
  "fwhm_x": 1.790384,
  "fwhm_y": 2.05946,
  "fwhm_z": 1.91876,
  "gcor": 0.0419411,
  "gsr_x": -0.007380229886621237,
  "gsr_y": 0.04003036767244339,
  "provenance": {
    "md5sum": "10d5f634f018bcb7caa91168139d6909",
    "settings": {
      "fd_thres": 0.2,
      "testing": false
    },
    "software": "mriqc",
    "version": "22.0.6",
    "webapi_port": null,
    "webapi_url": "https://mriqc.nimh.nih.gov/api/v1"
  },
  "size_t": 279,
  "size_x": 84,
  "size_y": 84,
  "size_z": 52,
  "snr": 4.75922870950153,
  "spacing_tr": 1.0,
  "spacing_x": 2.5,
  "spacing_y": 2.5,
  "spacing_z": 2.5,
  "summary_bg_k": 14.444467852362312,
  "summary_bg_mad": 80.90121380478035,
  "summary_bg_mean": 263.1317138671875,
  "summary_bg_median": 97.24540710449219,
  "summary_bg_n": 208727.0,
  "summary_bg_p05": 35.30503273010254,
  "summary_bg_p95": 1093.685351562498,
  "summary_bg_stdv": 423.78668212890625,
  "summary_fg_k": 2.5865465339367413,
  "summary_fg_mad": 754.3274492526983,
  "summary_fg_mean": 4122.4521484375,
  "summary_fg_median": 3988.19140625,
  "summary_fg_n": 94631.0,
  "summary_fg_p05": 3058.182861328125,
  "summary_fg_p95": 5629.34765625,
  "summary_fg_stdv": 837.9866943359375,
  "tsnr": 37.70374298095703
}