{
  "aor": 0.0005295,
  "aqi": 0.008614601500000001,
  "bids_meta": {
    "AcquisitionNumber": 1,
    "AcquisitionTime": "12:49:29.127500",
    "BrainVoyagerInfo": {
      "AcquisitionTime": "124929.127500",
      "CalculatedDicomSlice1CenterX": -1.11236572265625,
      "CalculatedDicomSlice1CenterY": -41.37642288208008,
      "CalculatedDicomSlice1CenterZ": -73.16505432128906,
      "CalculatedDicomSliceNCenterX": -1.11236572265625,
      "CalculatedDicomSliceNCenterY": 15.115148544311523,
      "CalculatedDicomSliceNCenterZ": 41.136966705322266,
      "CoordinateSystem": 1,
      "DataStorageFormat": 2,
      "DataType": 2,
      "DicomColDirX": 0,
      "DicomColDirY": 0.8964864611625671,
      "DicomColDirZ": -0.4430711567401886,
      "DicomFoVCols": 210,
      "DicomFoVRows": 210,
      "DicomGapThickness": 0,
      "DicomNCols": 84,
      "DicomNRows": 84,
      "DicomPosInfoPresent": 1,
      "DicomRowDirX": 1,
      "DicomRowDirY": 0,
      "DicomRowDirZ": 0,
      "DicomSliceThickness": 2.5,
      "DocumentType": "FMR",
      "MultiBandSequence": true,
      "NrOfPastSpatialTransformations": 0,
      "NrOfPreprocessingSteps": 0,
      "NrOfSkippedVolumes": 0,
      "Protocol": {
        "Conditions": [
          {
            "ColorB": 255,
            "ColorG": 163,
            "ColorR": 255,
            "IntervalsFrom": [
              89,
              101,
              113,
              181,
              189,
              229,
              233,
              261
            ],
            "IntervalsTo": [
              89,
              101,
              113,
              181,
              189,
              229,
              233,
              261
            ],
            "Name": "Face_Left",
            "NrOfIntervals": 8
          },
          {
            "ColorB": 255,
            "ColorG": 0,
            "ColorR": 255,
            "IntervalsFrom": [
              45,
              53,
              77,
              129,
              153,
              213,
              237,
              257
            ],
            "IntervalsTo": [
              45,
              53,
              77,
              129,
              153,
              213,
              237,
              257
            ],
            "Name": "Face_Center",
            "NrOfIntervals": 8
          },
          {
            "ColorB": 95,
            "ColorG": 2,
            "ColorR": 187,
            "IntervalsFrom": [
              81,
              85,
              97,
              149,
              161,
              165,
              193,
              197,
              205,
              245
            ],
            "IntervalsTo": [
              81,
              85,
              97,
              149,
              161,
              165,
              193,
              197,
              205,
              245
            ],
            "Name": "Face_Right",
            "NrOfIntervals": 10
          },
          {
            "ColorB": 126,
            "ColorG": 255,
            "ColorR": 126,
            "IntervalsFrom": [
              65,
              73,
              117,
              121,
              169,
              209,
              225,
              241
            ],
            "IntervalsTo": [
              65,
              73,
              117,
              121,
              169,
              209,
              225,
              241
            ],
            "Name": "Hand_Left",
            "NrOfIntervals": 8
          },
          {
            "ColorB": 0,
            "ColorG": 199,
            "ColorR": 0,
            "IntervalsFrom": [
              21,
              41,
              61,
              105,
              141,
              145,
              217,
              249,
              253
            ],
            "IntervalsTo": [
              21,
              41,
              61,
              105,
              141,
              145,
              217,
              249,
              253
            ],
            "Name": "Hand_Center",
            "NrOfIntervals": 9
          },
          {
            "ColorB": 0,
            "ColorG": 86,
            "ColorR": 0,
            "IntervalsFrom": [
              17,
              29,
              33,
              93,
              125,
              133,
              157,
              177
            ],
            "IntervalsTo": [
              17,
              29,
              33,
              93,
              125,
              133,
              157,
              177
            ],
            "Name": "Hand_Right",
            "NrOfIntervals": 8
          }
        ],
        "FileName": "sub-18_ses-01_MainExp_run-3.prt",
        "Name": "newbi4fmri_MainExp",
        "NrOfConditions": 6,
        "TimeCourseColors": {
          "RefTCPenThick": 3,
          "RefTimeCourseB": 80,
          "RefTimeCourseG": 0,
          "RefTimeCourseR": 0,
          "TCBackColorB": 0,
          "TCBackColorG": 0,
          "TCBackColorR": 0,
          "TCPenThick": 3,
          "TCTextColorB": 255,
          "TCTextColorG": 255,
          "TCTextColorR": 255,
          "TimeCourseB": 255,
          "TimeCourseG": 255,
          "TimeCourseR": 255
        },
        "TimeResolution": "Volumes"
      },
      "SliceAcquisitionOrder": 5,
      "SliceAcquisitionOrderVerified": true,
      "SliceGap": 0,
      "SliceThickness": 2.5,
      "SliceTimingTable": [
        0,
        0.5275,
        0.075,
        0.6025,
        0.15,
        0.6775,
        0.225,
        0.7525,
        0.3025,
        0.83,
        0.3775,
        0.905,
        0.4525,
        0,
        0.5275,
        0.075,
        0.6025,
        0.15,
        0.6775,
        0.225,
        0.7525,
        0.3025,
        0.83,
        0.3775,
        0.905,
        0.4525,
        0,
        0.5275,
        0.075,
        0.6025,
        0.15,
        0.6775,
        0.225,
        0.7525,
        0.3025,
        0.83,
        0.3775,
        0.905,
        0.4525,
        0,
        0.5275,
        0.075,
        0.6025,
        0.15,
        0.6775,
        0.225,
        0.7525,
        0.3025,
        0.83,
        0.3775,
        0.905,
        0.4525
      ],
      "SliceTimingTableSize": 52,
      "TE": 0.028,
      "TR": 1,
      "TimeResolutionVerified": true,
      "Version": 1,
      "VoxelResolutionVerified": true
    },
    "ConversionSoftware": "BrainVoyager",
    "ConversionSoftwareVersion": "21.4.5.4030",
    "ImageNumber": 1,
    "ImageOrientationPatientDICOM": [
      1,
      0,
      0,
      0,
      0.89648644122187,
      -0.4430711688943
    ],
    "ImagePositionPatientDICOM": [
      -839.86235119402,
      -793.30445092788,
      298.46086402452
    ],
    "ImageType": "ORIGINAL PRIMARY M MB ND NORM MOSAIC",
    "MagneticFieldStrength": 3,
    "Manufacturer": "SIEMENS",
    "ManufacturersModelName": "Prisma_fit",
    "Modality": "MR",
    "NrOfTemporalPositions": 0,
    "PatientPosition": "HFS",
    "RepetitionTime": 1,
    "SeriesDescription": "ep_mb4_2.5iso",
    "SeriesNumber": 7,
    "SiemensMosaicSliceAcqOrder": 3,
    "SiemensMosaicTE": 0.028,
    "SiemensMosaicTR": 1,
    "SliceThickness": 2.5,
    "SliceTiming": [
      0,
      0.5275,
      0.075,
      0.6025,
      0.15,
      0.6775,
      0.225,
      0.7525,
      0.3025,
      0.83,
      0.3775,
      0.905,
      0.4525,
      0,
      0.5275,
      0.075,
      0.6025,
      0.15,
      0.6775,
      0.225,
      0.7525,
      0.3025,
      0.83,
      0.3775,
      0.905,
      0.4525,
      0,
      0.5275,
      0.075,
      0.6025,
      0.15,
      0.6775,
      0.225,
      0.7525,
      0.3025,
      0.83,
      0.3775,
      0.905,
      0.4525,
      0,
      0.5275,
      0.075,
      0.6025,
      0.15,
      0.6775,
      0.225,
      0.7525,
      0.3025,
      0.83,
      0.3775,
      0.905,
      0.4525
    ],
    "StudyDescription": "newbi4fmri_MainExp",
    "TaskName": "newbi4fmri_MainExp",
    "dataset": "ds003434",
    "modality": "bold",
    "run_id": 3,
    "session_id": "01",
    "subject_id": "18",
    "task_id": "MainExp"
  },
  "dummy_trs": 0,
  "dvars_nstd": 26.519209632759857,
  "dvars_std": 1.144178577634408,
  "dvars_vstd": 0.9908925220430105,
  "efc": 0.4915133151942272,
  "fber": 3768.48388671875,
  "fd_mean": 0.16561129890662823,
  "fd_num": 94,
  "fd_perc": 33.57142857142857,
  "fwhm_avg": 1.9280773333333332,
  "fwhm_x": 1.874492,
  "fwhm_y": 1.9687639999999997,
  "fwhm_z": 1.9409759999999998,
  "gcor": 0.0430953,
  "gsr_x": -0.002803781535476446,
  "gsr_y": 0.008939111605286598,
  "provenance": {
    "md5sum": "b54b03b0a08099b8226f899b09214439",
    "settings": {
      "fd_thres": 0.2,
      "testing": false
    },
    "software": "mriqc",
    "version": "22.0.6",
    "webapi_port": null,
    "webapi_url": "https://mriqc.nimh.nih.gov/api/v1"
  },
  "size_t": 280,
  "size_x": 84,
  "size_y": 84,
  "size_z": 52,
  "snr": 4.913938132771618,
  "spacing_tr": 1.0,
  "spacing_x": 2.5,
  "spacing_y": 2.5,
  "spacing_z": 2.5,
  "summary_bg_k": 46.11358174961645,
  "summary_bg_mad": 43.0592349410431,
  "summary_bg_mean": 174.44273376464844,
  "summary_bg_median": 64.19010162353516,
  "summary_bg_n": 242592.0,
  "summary_bg_p05": 30.21420955657959,
  "summary_bg_p95": 652.2402221679682,
  "summary_bg_stdv": 337.045654296875,
  "summary_fg_k": 3.446232196654334,
  "summary_fg_mad": 710.8643281615659,
  "summary_fg_mean": 4122.02490234375,
  "summary_fg_median": 3994.7021484375,
  "summary_fg_n": 65802.0,
  "summary_fg_p05": 3093.552941894531,
  "summary_fg_p95": 5545.899658203125,
  "summary_fg_stdv": 812.9267578125,
  "tsnr": 56.205909729003906
}