{
  "aor": 0.000557725631768953,
  "aqi": 0.005113561155234657,
  "bids_meta": {
    "AcquisitionNumber": 1,
    "AcquisitionTime": "12:00:13.220000",
    "BrainVoyagerInfo": {
      "AcquisitionTime": "120013.220000",
      "CalculatedDicomSlice1CenterX": -1.11236572265625,
      "CalculatedDicomSlice1CenterY": -39.226417541503906,
      "CalculatedDicomSlice1CenterZ": -85.58811950683594,
      "CalculatedDicomSliceNCenterX": -1.11236572265625,
      "CalculatedDicomSliceNCenterY": 11.205639839172363,
      "CalculatedDicomSliceNCenterZ": 31.513792037963867,
      "CoordinateSystem": 1,
      "DataStorageFormat": 2,
      "DataType": 2,
      "DicomColDirX": 0,
      "DicomColDirY": 0.9184463620185852,
      "DicomColDirZ": -0.3955455422401428,
      "DicomFoVCols": 210,
      "DicomFoVRows": 210,
      "DicomGapThickness": 0,
      "DicomNCols": 84,
      "DicomNRows": 84,
      "DicomPosInfoPresent": 1,
      "DicomRowDirX": 1,
      "DicomRowDirY": 0,
      "DicomRowDirZ": 0,
      "DicomSliceThickness": 2.5,
      "DocumentType": "FMR",
      "MultiBandSequence": true,
      "NrOfPastSpatialTransformations": 0,
      "NrOfPreprocessingSteps": 0,
      "NrOfSkippedVolumes": 0,
      "Protocol": {
        "Conditions": [
          {
            "ColorB": 255,
            "ColorG": 163,
            "ColorR": 255,
            "IntervalsFrom": [
              53,
              61,
              69,
              81,
              133,
              137,
              205,
              257
            ],
            "IntervalsTo": [
              53,
              61,
              69,
              81,
              133,
              137,
              205,
              257
            ],
            "Name": "Face_Left",
            "NrOfIntervals": 8
          },
          {
            "ColorB": 255,
            "ColorG": 0,
            "ColorR": 255,
            "IntervalsFrom": [
              37,
              93,
              117,
              169,
              193,
              201,
              249,
              261
            ],
            "IntervalsTo": [
              37,
              93,
              117,
              169,
              193,
              201,
              249,
              261
            ],
            "Name": "Face_Center",
            "NrOfIntervals": 8
          },
          {
            "ColorB": 95,
            "ColorG": 2,
            "ColorR": 187,
            "IntervalsFrom": [
              25,
              41,
              49,
              109,
              113,
              209,
              233,
              237
            ],
            "IntervalsTo": [
              25,
              41,
              49,
              109,
              113,
              209,
              233,
              237
            ],
            "Name": "Face_Right",
            "NrOfIntervals": 8
          },
          {
            "ColorB": 126,
            "ColorG": 255,
            "ColorR": 126,
            "IntervalsFrom": [
              17,
              21,
              85,
              101,
              125,
              129,
              145,
              153,
              241,
              253
            ],
            "IntervalsTo": [
              17,
              21,
              85,
              101,
              125,
              129,
              145,
              153,
              241,
              253
            ],
            "Name": "Hand_Left",
            "NrOfIntervals": 10
          },
          {
            "ColorB": 0,
            "ColorG": 199,
            "ColorR": 0,
            "IntervalsFrom": [
              33,
              45,
              73,
              97,
              157,
              177,
              185,
              189,
              225
            ],
            "IntervalsTo": [
              33,
              45,
              73,
              97,
              157,
              177,
              185,
              189,
              225
            ],
            "Name": "Hand_Center",
            "NrOfIntervals": 9
          },
          {
            "ColorB": 0,
            "ColorG": 86,
            "ColorR": 0,
            "IntervalsFrom": [
              65,
              121,
              149,
              165,
              181,
              213,
              221,
              229
            ],
            "IntervalsTo": [
              65,
              121,
              149,
              165,
              181,
              213,
              221,
              229
            ],
            "Name": "Hand_Right",
            "NrOfIntervals": 8
          }
        ],
        "FileName": "sub-10_ses-01_MainExp_run-1.prt",
        "Name": "newbi4fmri_MainExp",
        "NrOfConditions": 6,
        "TimeCourseColors": {
          "RefTCPenThick": 3,
          "RefTimeCourseB": 80,
          "RefTimeCourseG": 0,
          "RefTimeCourseR": 0,
          "TCBackColorB": 0,
          "TCBackColorG": 0,
          "TCBackColorR": 0,
          "TCPenThick": 3,
          "TCTextColorB": 255,
          "TCTextColorG": 255,
          "TCTextColorR": 255,
          "TimeCourseB": 255,
          "TimeCourseG": 255,
          "TimeCourseR": 255
        },
        "TimeResolution": "Volumes"
      },
      "SliceAcquisitionOrder": 5,
      "SliceAcquisitionOrderVerified": true,
      "SliceGap": 0,
      "SliceThickness": 2.5,
      "SliceTimingTable": [
        0,
        0.5275,
        0.075,
        0.6025,
        0.15,
        0.6775,
        0.225,
        0.7525,
        0.3025,
        0.83,
        0.3775,
        0.905,
        0.4525,
        0,
        0.5275,
        0.075,
        0.6025,
        0.15,
        0.6775,
        0.225,
        0.7525,
        0.3025,
        0.83,
        0.3775,
        0.905,
        0.4525,
        0,
        0.5275,
        0.075,
        0.6025,
        0.15,
        0.6775,
        0.225,
        0.7525,
        0.3025,
        0.83,
        0.3775,
        0.905,
        0.4525,
        0,
        0.5275,
        0.075,
        0.6025,
        0.15,
        0.6775,
        0.225,
        0.7525,
        0.3025,
        0.83,
        0.3775,
        0.905,
        0.4525
      ],
      "SliceTimingTableSize": 52,
      "TE": 0.028,
      "TR": 1,
      "TimeResolutionVerified": true,
      "Version": 1,
      "VoxelResolutionVerified": true
    },
    "ConversionSoftware": "BrainVoyager",
    "ConversionSoftwareVersion": "21.4.5.4030",
    "ImageNumber": 1,
    "ImageOrientationPatientDICOM": [
      1,
      0,
      0,
      0,
      0.91844636706283,
      -0.3955455357214
    ],
    "ImagePositionPatientDICOM": [
      -839.86235119402,
      -809.57332891749,
      246.17570758651
    ],
    "ImageType": "ORIGINAL PRIMARY M MB ND NORM MOSAIC",
    "MagneticFieldStrength": 3,
    "Manufacturer": "SIEMENS",
    "ManufacturersModelName": "Prisma_fit",
    "Modality": "MR",
    "NrOfTemporalPositions": 0,
    "PatientPosition": "HFS",
    "RepetitionTime": 1,
    "SeriesDescription": "ep_mb4_2.5iso",
    "SeriesNumber": 5,
    "SiemensMosaicSliceAcqOrder": 3,
    "SiemensMosaicTE": 0.028,
    "SiemensMosaicTR": 1,
    "SliceThickness": 2.5,
    "SliceTiming": [
      0,
      0.5275,
      0.075,
      0.6025,
      0.15,
      0.6775,
      0.225,
      0.7525,
      0.3025,
      0.83,
      0.3775,
      0.905,
      0.4525,
      0,
      0.5275,
      0.075,
      0.6025,
      0.15,
      0.6775,
      0.225,
      0.7525,
      0.3025,
      0.83,
      0.3775,
      0.905,
      0.4525,
      0,
      0.5275,
      0.075,
      0.6025,
      0.15,
      0.6775,
      0.225,
      0.7525,
      0.3025,
      0.83,
      0.3775,
      0.905,
      0.4525,
      0,
      0.5275,
      0.075,
      0.6025,
      0.15,
      0.6775,
      0.225,
      0.7525,
      0.3025,
      0.83,
      0.3775,
      0.905,
      0.4525
    ],
    "StudyDescription": "newbi4fmri_MainExp",
    "TaskName": "newbi4fmri_MainExp",
    "dataset": "ds003434",
    "modality": "bold",
    "run_id": 1,
    "session_id": "01",
    "subject_id": "10",
    "task_id": "MainExp"
  },
  "dummy_trs": 3,
  "dvars_nstd": 33.527093314239146,
  "dvars_std": 1.2923926218115942,
  "dvars_vstd": 1.007777599818841,
  "efc": 0.5157312213639509,
  "fber": 3614.18701171875,
  "fd_mean": 0.14519144173876553,
  "fd_num": 59,
  "fd_perc": 21.299638989169676,
  "fwhm_avg": 2.0151533333333336,
  "fwhm_x": 1.85606,
  "fwhm_y": 2.132968,
  "fwhm_z": 2.056432,
  "gcor": 0.00804365,
  "gsr_x": -0.013841942884027958,
  "gsr_y": 0.023758605122566223,
  "provenance": {
    "md5sum": "900ad1b55ee494e5df318734468f5482",
    "settings": {
      "fd_thres": 0.2,
      "testing": false
    },
    "software": "mriqc",
    "version": "22.0.6",
    "webapi_port": null,
    "webapi_url": "https://mriqc.nimh.nih.gov/api/v1"
  },
  "size_t": 277,
  "size_x": 84,
  "size_y": 84,
  "size_z": 52,
  "snr": 4.7659582046542575,
  "spacing_tr": 1.0,
  "spacing_x": 2.5,
  "spacing_y": 2.5,
  "spacing_z": 2.5,
  "summary_bg_k": 33.90335223309672,
  "summary_bg_mad": 32.4541333797859,
  "summary_bg_mean": 139.98458862304688,
  "summary_bg_median": 53.73481369018555,
  "summary_bg_n": 230583.0,
  "summary_bg_p05": 26.88826503753662,
  "summary_bg_p95": 490.6428741455078,
  "summary_bg_stdv": 260.792724609375,
  "summary_fg_k": 4.131581619767078,
  "summary_fg_mad": 591.6824386409977,
  "summary_fg_mean": 3410.62744140625,
  "summary_fg_median": 3303.773681640625,
  "summary_fg_n": 75539.0,
  "summary_fg_p05": 2551.9538330078126,
  "summary_fg_p95": 4604.702343749997,
  "summary_fg_stdv": 693.1978149414062,
  "tsnr": 61.845802307128906
}