{
  "bids_meta": {
    "AcquisitionNumber": 1,
    "AcquisitionTime": "09:13:10",
    "BrainVoyagerInfo": {
      "CalculatedDicomSlice1CenterX": -86.56888580322266,
      "CalculatedDicomSlice1CenterY": -33.235565185546875,
      "CalculatedDicomSlice1CenterZ": -60.494598388671875,
      "CalculatedDicomSliceNCenterX": 88.43111419677734,
      "CalculatedDicomSliceNCenterY": -33.235565185546875,
      "CalculatedDicomSliceNCenterZ": -60.494598388671875,
      "CoordinateSystem": 1,
      "DicomColDirX": 0,
      "DicomColDirY": 0,
      "DicomColDirZ": -1,
      "DicomFoVCols": 256,
      "DicomFoVRows": 248,
      "DicomGapThickness": 0,
      "DicomNCols": 248,
      "DicomNRows": 256,
      "DicomPosInfoPresent": 1,
      "DicomRowDirX": 0,
      "DicomRowDirY": 1,
      "DicomRowDirZ": 0,
      "DicomSliceThickness": 1,
      "DocumentType": "VMR",
      "FramingCubeDim": 256,
      "MagnetPosInfosVerified": 1,
      "NrOfPastSpatialTransformations": 0,
      "NrOfPreprocessingSteps": 0,
      "OffsetX": 0,
      "OffsetY": 0,
      "OffsetZ": 0,
      "ReferenceSpace": "Native",
      "Version": 1
    },
    "ConversionSoftware": "BrainVoyager",
    "ConversionSoftwareVersion": "21.4.5.4030",
    "ImageNumber": 176,
    "ImageOrientationPatientDICOM": [
      0,
      1,
      0,
      0,
      0,
      -1
    ],
    "ImagePositionPatientDICOM": [
      88.431112647057,
      -156.73556900024,
      67.005401611328
    ],
    "ImageType": "ORIGINAL PRIMARY M ND NORM",
    "MagneticFieldStrength": 3,
    "Manufacturer": "SIEMENS",
    "ManufacturersModelName": "Prisma_fit",
    "Modality": "MR",
    "PatientPosition": "HFS",
    "RepetitionTime": 2.3,
    "SeriesDescription": "mprage_sag_p2",
    "SeriesNumber": 2,
    "SliceThickness": 1,
    "StudyDescription": "Culham^Psych_9223",
    "dataset": "ds003434",
    "modality": "T1w",
    "session_id": "01",
    "subject_id": "08"
  },
  "cjv": 0.3317994532721181,
  "cnr": 3.8922664402383695,
  "efc": 0.5143282200162943,
  "fber": -1.0,
  "fwhm_avg": 3.6954433333333334,
  "fwhm_x": 3.62552,
  "fwhm_y": 3.89668,
  "fwhm_z": 3.56413,
  "icvs_csf": 0.2373115544680668,
  "icvs_gm": 0.42217641389864624,
  "icvs_wm": 0.3405120316332869,
  "inu_med": 0.4838954657316208,
  "inu_range": 0.1377326741814613,
  "provenance": {
    "md5sum": "cbdda54ba86f88d50020d514201e9e55",
    "settings": {
      "testing": false
    },
    "software": "mriqc",
    "version": "22.0.6",
    "warnings": {
      "large_rot_frame": true,
      "small_air_mask": false
    },
    "webapi_port": null,
    "webapi_url": "https://mriqc.nimh.nih.gov/api/v1"
  },
  "qi_1": 0.01399984857662023,
  "qi_2": 0.04015671557768757,
  "rpve_csf": 18.856043344569933,
  "rpve_gm": 10.75309964195813,
  "rpve_wm": 15.42830958787904,
  "size_x": 176,
  "size_y": 248,
  "size_z": 256,
  "snr_csf": 2.7192419970108594,
  "snr_gm": 11.277142064943186,
  "snr_total": 12.748204718354883,
  "snr_wm": 24.2482300931106,
  "snrd_csf": 34.30382491885557,
  "snrd_gm": 99.04834885148692,
  "snrd_total": 91.1313505329233,
  "snrd_wm": 140.0418778284274,
  "spacing_x": 1.0,
  "spacing_y": 1.0,
  "spacing_z": 1.0,
  "summary_bg_k": 63.16876228232455,
  "summary_bg_mad": 0.0,
  "summary_bg_mean": 2.042025757872156,
  "summary_bg_median": 0.0,
  "summary_bg_n": 2235628.0,
  "summary_bg_p05": 0.0,
  "summary_bg_p95": 10.412122275680304,
  "summary_bg_stdv": 4.67828241532404,
  "summary_csf_k": 3.56460230674329,
  "summary_csf_mad": 65.69364165968376,
  "summary_csf_mean": 256.3444365070931,
  "summary_csf_median": 244.96117281261832,
  "summary_csf_n": 63994.0,
  "summary_csf_p05": 135.55099911773578,
  "summary_csf_p95": 429.03033500378945,
  "summary_csf_stdv": 90.08365534800491,
  "summary_gm_k": 0.36117688152828364,
  "summary_gm_mad": 58.38476587280067,
  "summary_gm_mean": 707.103628405305,
  "summary_gm_median": 707.2972112353891,
  "summary_gm_n": 29261.0,
  "summary_gm_p05": 602.768810512498,
  "summary_gm_p95": 811.0985084474087,
  "summary_gm_stdv": 62.71847255745601,
  "summary_wm_k": 0.6631574351238276,
  "summary_wm_mad": 38.74350970215022,
  "summary_wm_mean": 1000.1013380196928,
  "summary_wm_median": 1000.0290847122669,
  "summary_wm_n": 220242.0,
  "summary_wm_p05": 932.8738044481725,
  "summary_wm_p95": 1067.3007015381008,
  "summary_wm_stdv": 41.24122917729028,
  "tpm_overlap_csf": 0.15974062369976488,
  "tpm_overlap_gm": 0.449961350069481,
  "tpm_overlap_wm": 0.4933386260474921,
  "wm2max": 0.6117816741870518
}