{
  "aor": 0.003800035842293907,
  "aqi": 0.009684703978494625,
  "bids_meta": {
    "AcquisitionNumber": 1,
    "AcquisitionTime": "11:36:44.132500",
    "BrainVoyagerInfo": {
      "AcquisitionTime": "113644.132500",
      "CalculatedDicomSlice1CenterX": -1.11236572265625,
      "CalculatedDicomSlice1CenterY": -41.085975646972656,
      "CalculatedDicomSlice1CenterZ": -91.57359313964844,
      "CalculatedDicomSliceNCenterX": -1.11236572265625,
      "CalculatedDicomSliceNCenterY": 9.346081733703613,
      "CalculatedDicomSliceNCenterZ": 25.528318405151367,
      "CoordinateSystem": 1,
      "DataStorageFormat": 2,
      "DataType": 2,
      "DicomColDirX": 0,
      "DicomColDirY": 0.9184463620185852,
      "DicomColDirZ": -0.3955455422401428,
      "DicomFoVCols": 210,
      "DicomFoVRows": 210,
      "DicomGapThickness": 0,
      "DicomNCols": 84,
      "DicomNRows": 84,
      "DicomPosInfoPresent": 1,
      "DicomRowDirX": 1,
      "DicomRowDirY": 0,
      "DicomRowDirZ": 0,
      "DicomSliceThickness": 2.5,
      "DocumentType": "FMR",
      "MultiBandSequence": true,
      "NrOfPastSpatialTransformations": 0,
      "NrOfPreprocessingSteps": 0,
      "NrOfSkippedVolumes": 0,
      "Protocol": {
        "Conditions": [
          {
            "ColorB": 255,
            "ColorG": 163,
            "ColorR": 255,
            "IntervalsFrom": [
              53,
              61,
              69,
              81,
              133,
              137,
              205,
              257
            ],
            "IntervalsTo": [
              53,
              61,
              69,
              81,
              133,
              137,
              205,
              257
            ],
            "Name": "Face_Left",
            "NrOfIntervals": 8
          },
          {
            "ColorB": 255,
            "ColorG": 0,
            "ColorR": 255,
            "IntervalsFrom": [
              37,
              93,
              117,
              169,
              193,
              201,
              249,
              261
            ],
            "IntervalsTo": [
              37,
              93,
              117,
              169,
              193,
              201,
              249,
              261
            ],
            "Name": "Face_Center",
            "NrOfIntervals": 8
          },
          {
            "ColorB": 95,
            "ColorG": 2,
            "ColorR": 187,
            "IntervalsFrom": [
              25,
              41,
              49,
              109,
              113,
              209,
              233,
              237
            ],
            "IntervalsTo": [
              25,
              41,
              49,
              109,
              113,
              209,
              233,
              237
            ],
            "Name": "Face_Right",
            "NrOfIntervals": 8
          },
          {
            "ColorB": 126,
            "ColorG": 255,
            "ColorR": 126,
            "IntervalsFrom": [
              17,
              21,
              85,
              101,
              125,
              129,
              145,
              153,
              241,
              253
            ],
            "IntervalsTo": [
              17,
              21,
              85,
              101,
              125,
              129,
              145,
              153,
              241,
              253
            ],
            "Name": "Hand_Left",
            "NrOfIntervals": 10
          },
          {
            "ColorB": 0,
            "ColorG": 199,
            "ColorR": 0,
            "IntervalsFrom": [
              33,
              45,
              73,
              97,
              157,
              177,
              185,
              189,
              225
            ],
            "IntervalsTo": [
              33,
              45,
              73,
              97,
              157,
              177,
              185,
              189,
              225
            ],
            "Name": "Hand_Center",
            "NrOfIntervals": 9
          },
          {
            "ColorB": 0,
            "ColorG": 86,
            "ColorR": 0,
            "IntervalsFrom": [
              65,
              121,
              149,
              165,
              181,
              213,
              221,
              229
            ],
            "IntervalsTo": [
              65,
              121,
              149,
              165,
              181,
              213,
              221,
              229
            ],
            "Name": "Hand_Right",
            "NrOfIntervals": 8
          }
        ],
        "FileName": "sub-11_ses-01_MainExp_run-1.prt",
        "Name": "newbi4fmri_MainExp",
        "NrOfConditions": 6,
        "TimeCourseColors": {
          "RefTCPenThick": 3,
          "RefTimeCourseB": 80,
          "RefTimeCourseG": 0,
          "RefTimeCourseR": 0,
          "TCBackColorB": 0,
          "TCBackColorG": 0,
          "TCBackColorR": 0,
          "TCPenThick": 3,
          "TCTextColorB": 255,
          "TCTextColorG": 255,
          "TCTextColorR": 255,
          "TimeCourseB": 255,
          "TimeCourseG": 255,
          "TimeCourseR": 255
        },
        "TimeResolution": "Volumes"
      },
      "SliceAcquisitionOrder": 5,
      "SliceAcquisitionOrderVerified": true,
      "SliceGap": 0,
      "SliceThickness": 2.5,
      "SliceTimingTable": [
        0,
        0.53,
        0.0775,
        0.605,
        0.1525,
        0.68,
        0.2275,
        0.755,
        0.3025,
        0.83,
        0.3775,
        0.905,
        0.4525,
        0,
        0.53,
        0.0775,
        0.605,
        0.1525,
        0.68,
        0.2275,
        0.755,
        0.3025,
        0.83,
        0.3775,
        0.905,
        0.4525,
        0,
        0.53,
        0.0775,
        0.605,
        0.1525,
        0.68,
        0.2275,
        0.755,
        0.3025,
        0.83,
        0.3775,
        0.905,
        0.4525,
        0,
        0.53,
        0.0775,
        0.605,
        0.1525,
        0.68,
        0.2275,
        0.755,
        0.3025,
        0.83,
        0.3775,
        0.905,
        0.4525
      ],
      "SliceTimingTableSize": 52,
      "TE": 0.028,
      "TR": 1,
      "TimeResolutionVerified": true,
      "Version": 1,
      "VoxelResolutionVerified": true
    },
    "ConversionSoftware": "BrainVoyager",
    "ConversionSoftwareVersion": "21.4.5.4030",
    "ImageNumber": 1,
    "ImageOrientationPatientDICOM": [
      1,
      0,
      0,
      0,
      0.91844636706283,
      -0.3955455357214
    ],
    "ImagePositionPatientDICOM": [
      -839.86235119402,
      -811.43289083766,
      240.1902339537
    ],
    "ImageType": "ORIGINAL PRIMARY M MB ND NORM MOSAIC",
    "MagneticFieldStrength": 3,
    "Manufacturer": "SIEMENS",
    "ManufacturersModelName": "Prisma_fit",
    "Modality": "MR",
    "NrOfTemporalPositions": 0,
    "PatientPosition": "HFS",
    "RepetitionTime": 1,
    "SeriesDescription": "ep_mb4_2.5iso",
    "SeriesNumber": 5,
    "SiemensMosaicSliceAcqOrder": 3,
    "SiemensMosaicTE": 0.028,
    "SiemensMosaicTR": 1,
    "SliceThickness": 2.5,
    "SliceTiming": [
      0,
      0.53,
      0.0775,
      0.605,
      0.1525,
      0.68,
      0.2275,
      0.755,
      0.3025,
      0.83,
      0.3775,
      0.905,
      0.4525,
      0,
      0.53,
      0.0775,
      0.605,
      0.1525,
      0.68,
      0.2275,
      0.755,
      0.3025,
      0.83,
      0.3775,
      0.905,
      0.4525,
      0,
      0.53,
      0.0775,
      0.605,
      0.1525,
      0.68,
      0.2275,
      0.755,
      0.3025,
      0.83,
      0.3775,
      0.905,
      0.4525,
      0,
      0.53,
      0.0775,
      0.605,
      0.1525,
      0.68,
      0.2275,
      0.755,
      0.3025,
      0.83,
      0.3775,
      0.905,
      0.4525
    ],
    "StudyDescription": "newbi4fmri_MainExp",
    "TaskName": "newbi4fmri_MainExp",
    "dataset": "ds003434",
    "modality": "bold",
    "run_id": 1,
    "session_id": "01",
    "subject_id": "11",
    "task_id": "MainExp"
  },
  "dummy_trs": 1,
  "dvars_nstd": 32.948486568381306,
  "dvars_std": 1.1477179806474818,
  "dvars_vstd": 1.0113919735611512,
  "efc": 0.48492585295634333,
  "fber": 3589.418212890625,
  "fd_mean": 0.41383883128412097,
  "fd_num": 216,
  "fd_perc": 77.41935483870968,
  "fwhm_avg": 1.979412,
  "fwhm_x": 1.833672,
  "fwhm_y": 2.105992,
  "fwhm_z": 1.998572,
  "gcor": 0.00599753,
  "gsr_x": -0.015547504648566246,
  "gsr_y": 0.014436307363212109,
  "provenance": {
    "md5sum": "c7d19acf919b0be49b8bbf3306ce8ca8",
    "settings": {
      "fd_thres": 0.2,
      "testing": false
    },
    "software": "mriqc",
    "version": "22.0.6",
    "webapi_port": null,
    "webapi_url": "https://mriqc.nimh.nih.gov/api/v1"
  },
  "size_t": 279,
  "size_x": 84,
  "size_y": 84,
  "size_z": 52,
  "snr": 4.915551219470866,
  "spacing_tr": 1.0,
  "spacing_x": 2.5,
  "spacing_y": 2.5,
  "spacing_z": 2.5,
  "summary_bg_k": 46.02898943228131,
  "summary_bg_mad": 26.928792692686326,
  "summary_bg_mean": 120.71612548828125,
  "summary_bg_median": 53.80591583251953,
  "summary_bg_n": 241940.0,
  "summary_bg_p05": 28.192728996276855,
  "summary_bg_p95": 380.12952575683585,
  "summary_bg_stdv": 241.16534423828125,
  "summary_fg_k": 3.217519342635476,
  "summary_fg_mad": 591.9533682700386,
  "summary_fg_mean": 3371.106201171875,
  "summary_fg_median": 3271.00439453125,
  "summary_fg_n": 66536.0,
  "summary_fg_p05": 2535.123779296875,
  "summary_fg_p95": 4531.4881591796875,
  "summary_fg_stdv": 665.4349975585938,
  "tsnr": 46.60887908935547
}