{
  "aor": 0.0029584285714285715,
  "aqi": 0.005675824750000001,
  "bids_meta": {
    "AcquisitionNumber": 1,
    "AcquisitionTime": "13:53:05.840000",
    "BrainVoyagerInfo": {
      "AcquisitionTime": "135305.840000",
      "CalculatedDicomSlice1CenterX": -2.16046142578125,
      "CalculatedDicomSlice1CenterY": -21.673179626464844,
      "CalculatedDicomSlice1CenterZ": -96.54534912109375,
      "CalculatedDicomSliceNCenterX": -2.7935492992401123,
      "CalculatedDicomSliceNCenterY": 7.441711902618408,
      "CalculatedDicomSliceNCenterZ": 27.584314346313477,
      "CoordinateSystem": 1,
      "DataStorageFormat": 2,
      "DataType": 2,
      "DicomColDirX": 0,
      "DicomColDirY": 0.9735779762268066,
      "DicomColDirZ": -0.22835488617420197,
      "DicomFoVCols": 210,
      "DicomFoVRows": 210,
      "DicomGapThickness": 0,
      "DicomNCols": 84,
      "DicomNRows": 84,
      "DicomPosInfoPresent": 1,
      "DicomRowDirX": 0.9999876618385315,
      "DicomRowDirY": 0.0011339038610458374,
      "DicomRowDirZ": 0.004834191408008337,
      "DicomSliceThickness": 2.5,
      "DocumentType": "FMR",
      "MultiBandSequence": true,
      "NrOfPastSpatialTransformations": 0,
      "NrOfPreprocessingSteps": 0,
      "NrOfSkippedVolumes": 0,
      "Protocol": {
        "Conditions": [
          {
            "ColorB": 255,
            "ColorG": 163,
            "ColorR": 255,
            "IntervalsFrom": [
              37,
              41,
              53,
              57,
              61,
              133,
              177,
              185,
              237,
              257
            ],
            "IntervalsTo": [
              37,
              41,
              53,
              57,
              61,
              133,
              177,
              185,
              237,
              257
            ],
            "Name": "Face_Left",
            "NrOfIntervals": 10
          },
          {
            "ColorB": 255,
            "ColorG": 0,
            "ColorR": 255,
            "IntervalsFrom": [
              25,
              113,
              153,
              161,
              169,
              173,
              197,
              249
            ],
            "IntervalsTo": [
              25,
              113,
              153,
              161,
              169,
              173,
              197,
              249
            ],
            "Name": "Face_Center",
            "NrOfIntervals": 8
          },
          {
            "ColorB": 95,
            "ColorG": 2,
            "ColorR": 187,
            "IntervalsFrom": [
              65,
              81,
              109,
              125,
              189,
              213,
              221,
              253
            ],
            "IntervalsTo": [
              65,
              81,
              109,
              125,
              189,
              213,
              221,
              253
            ],
            "Name": "Face_Right",
            "NrOfIntervals": 8
          },
          {
            "ColorB": 126,
            "ColorG": 255,
            "ColorR": 126,
            "IntervalsFrom": [
              17,
              21,
              29,
              101,
              141,
              157,
              233,
              241
            ],
            "IntervalsTo": [
              17,
              21,
              29,
              101,
              141,
              157,
              233,
              241
            ],
            "Name": "Hand_Left",
            "NrOfIntervals": 8
          },
          {
            "ColorB": 0,
            "ColorG": 199,
            "ColorR": 0,
            "IntervalsFrom": [
              49,
              73,
              77,
              85,
              89,
              97,
              145,
              165,
              261
            ],
            "IntervalsTo": [
              49,
              73,
              77,
              85,
              89,
              97,
              145,
              165,
              261
            ],
            "Name": "Hand_Center",
            "NrOfIntervals": 9
          },
          {
            "ColorB": 0,
            "ColorG": 86,
            "ColorR": 0,
            "IntervalsFrom": [
              45,
              121,
              129,
              193,
              205,
              209,
              225,
              245
            ],
            "IntervalsTo": [
              45,
              121,
              129,
              193,
              205,
              209,
              225,
              245
            ],
            "Name": "Hand_Right",
            "NrOfIntervals": 8
          }
        ],
        "FileName": "sub-13_ses-01_MainExp_run-5.prt",
        "Name": "newbi4fmri_MainExp",
        "NrOfConditions": 6,
        "TimeCourseColors": {
          "RefTCPenThick": 3,
          "RefTimeCourseB": 80,
          "RefTimeCourseG": 0,
          "RefTimeCourseR": 0,
          "TCBackColorB": 0,
          "TCBackColorG": 0,
          "TCBackColorR": 0,
          "TCPenThick": 3,
          "TCTextColorB": 255,
          "TCTextColorG": 255,
          "TCTextColorR": 255,
          "TimeCourseB": 255,
          "TimeCourseG": 255,
          "TimeCourseR": 255
        },
        "TimeResolution": "Volumes"
      },
      "SliceAcquisitionOrder": 5,
      "SliceAcquisitionOrderVerified": true,
      "SliceGap": 0,
      "SliceThickness": 2.5,
      "SliceTimingTable": [
        0,
        0.5275,
        0.075,
        0.605,
        0.1525,
        0.68,
        0.2275,
        0.755,
        0.3025,
        0.83,
        0.3775,
        0.905,
        0.4525,
        0,
        0.5275,
        0.075,
        0.605,
        0.1525,
        0.68,
        0.2275,
        0.755,
        0.3025,
        0.83,
        0.3775,
        0.905,
        0.4525,
        0,
        0.5275,
        0.075,
        0.605,
        0.1525,
        0.68,
        0.2275,
        0.755,
        0.3025,
        0.83,
        0.3775,
        0.905,
        0.4525,
        0,
        0.5275,
        0.075,
        0.605,
        0.1525,
        0.68,
        0.2275,
        0.755,
        0.3025,
        0.83,
        0.3775,
        0.905,
        0.4525
      ],
      "SliceTimingTableSize": 52,
      "TE": 0.028,
      "TR": 1,
      "TimeResolutionVerified": true,
      "Version": 1,
      "VoxelResolutionVerified": true
    },
    "ConversionSoftware": "BrainVoyager",
    "ConversionSoftwareVersion": "21.4.5.4030",
    "ImageNumber": 1,
    "ImageOrientationPatientDICOM": [
      0.99998767235105,
      0.0011339038643,
      0.00483419155199,
      -3.2575266e-08,
      0.97357796202714,
      -0.228354881391
    ],
    "ImagePositionPatientDICOM": [
      -840.90011579232,
      -839.21276700091,
      90.932634286518
    ],
    "ImageType": "ORIGINAL PRIMARY M MB ND NORM MOSAIC",
    "MagneticFieldStrength": 3,
    "Manufacturer": "SIEMENS",
    "ManufacturersModelName": "Prisma_fit",
    "Modality": "MR",
    "NrOfTemporalPositions": 0,
    "PatientPosition": "HFS",
    "RepetitionTime": 1,
    "SeriesDescription": "ep_mb4_2.5iso",
    "SeriesNumber": 9,
    "SiemensMosaicSliceAcqOrder": 3,
    "SiemensMosaicTE": 0.028,
    "SiemensMosaicTR": 1,
    "SliceThickness": 2.5,
    "SliceTiming": [
      0,
      0.5275,
      0.075,
      0.605,
      0.1525,
      0.68,
      0.2275,
      0.755,
      0.3025,
      0.83,
      0.3775,
      0.905,
      0.4525,
      0,
      0.5275,
      0.075,
      0.605,
      0.1525,
      0.68,
      0.2275,
      0.755,
      0.3025,
      0.83,
      0.3775,
      0.905,
      0.4525,
      0,
      0.5275,
      0.075,
      0.605,
      0.1525,
      0.68,
      0.2275,
      0.755,
      0.3025,
      0.83,
      0.3775,
      0.905,
      0.4525,
      0,
      0.5275,
      0.075,
      0.605,
      0.1525,
      0.68,
      0.2275,
      0.755,
      0.3025,
      0.83,
      0.3775,
      0.905,
      0.4525
    ],
    "StudyDescription": "newbi4fmri_MainExp",
    "TaskName": "newbi4fmri_MainExp",
    "dataset": "ds003434",
    "modality": "bold",
    "run_id": 5,
    "session_id": "01",
    "subject_id": "13",
    "task_id": "MainExp"
  },
  "dummy_trs": 0,
  "dvars_nstd": 23.61102186222224,
  "dvars_std": 1.101182639641577,
  "dvars_vstd": 1.0375190086738353,
  "efc": 0.5490255654948163,
  "fber": 3262.1923828125,
  "fd_mean": 0.10659929815056222,
  "fd_num": 4,
  "fd_perc": 1.4285714285714286,
  "fwhm_avg": 2.010512,
  "fwhm_x": 1.893724,
  "fwhm_y": 2.190572,
  "fwhm_z": 1.94724,
  "gcor": 0.0222846,
  "gsr_x": 0.005462038796395063,
  "gsr_y": 0.027505699545145035,
  "provenance": {
    "md5sum": "b20da38c93ba8943e34bb9a707b0ebc3",
    "settings": {
      "fd_thres": 0.2,
      "testing": false
    },
    "software": "mriqc",
    "version": "22.0.6",
    "webapi_port": null,
    "webapi_url": "https://mriqc.nimh.nih.gov/api/v1"
  },
  "size_t": 280,
  "size_x": 84,
  "size_y": 84,
  "size_z": 52,
  "snr": 5.246080563173677,
  "spacing_tr": 1.0,
  "spacing_x": 2.5,
  "spacing_y": 2.5,
  "spacing_z": 2.5,
  "summary_bg_k": 17.901813469275726,
  "summary_bg_mad": 35.14784261989333,
  "summary_bg_mean": 175.18655395507812,
  "summary_bg_median": 57.26487731933594,
  "summary_bg_n": 220504.0,
  "summary_bg_p05": 28.149102687835693,
  "summary_bg_p95": 733.3333679199216,
  "summary_bg_stdv": 315.9750671386719,
  "summary_fg_k": 4.310805676758367,
  "summary_fg_mad": 587.4804051559802,
  "summary_fg_mean": 3435.16748046875,
  "summary_fg_median": 3358.965576171875,
  "summary_fg_n": 83938.0,
  "summary_fg_p05": 2604.53271484375,
  "summary_fg_p95": 4472.25322265625,
  "summary_fg_stdv": 640.2771606445312,
  "tsnr": 59.474945068359375
}