{
  "aor": 0.0012146236559139787,
  "aqi": 0.005116973225806452,
  "bids_meta": {
    "AcquisitionNumber": 1,
    "AcquisitionTime": "14:34:44.350000",
    "BrainVoyagerInfo": {
      "AcquisitionTime": "143444.350000",
      "CalculatedDicomSlice1CenterX": -1.11236572265625,
      "CalculatedDicomSlice1CenterY": -29.668502807617188,
      "CalculatedDicomSlice1CenterZ": -81.42932891845703,
      "CalculatedDicomSliceNCenterX": -1.11236572265625,
      "CalculatedDicomSliceNCenterY": 14.14810848236084,
      "CalculatedDicomSliceNCenterZ": 38.30519104003906,
      "CoordinateSystem": 1,
      "DataStorageFormat": 2,
      "DataType": 2,
      "DicomColDirX": 0,
      "DicomColDirY": 0.9390942454338074,
      "DicomColDirZ": -0.3436596989631653,
      "DicomFoVCols": 210,
      "DicomFoVRows": 210,
      "DicomGapThickness": 0,
      "DicomNCols": 84,
      "DicomNRows": 84,
      "DicomPosInfoPresent": 1,
      "DicomRowDirX": 1,
      "DicomRowDirY": 0,
      "DicomRowDirZ": 0,
      "DicomSliceThickness": 2.5,
      "DocumentType": "FMR",
      "MultiBandSequence": true,
      "NrOfPastSpatialTransformations": 0,
      "NrOfPreprocessingSteps": 0,
      "NrOfSkippedVolumes": 0,
      "Protocol": {
        "Conditions": [
          {
            "ColorB": 255,
            "ColorG": 163,
            "ColorR": 255,
            "IntervalsFrom": [
              21,
              85,
              141,
              149,
              189,
              193,
              205,
              241,
              245
            ],
            "IntervalsTo": [
              21,
              85,
              141,
              149,
              189,
              193,
              205,
              241,
              245
            ],
            "Name": "Face_Left",
            "NrOfIntervals": 9
          },
          {
            "ColorB": 255,
            "ColorG": 0,
            "ColorR": 255,
            "IntervalsFrom": [
              29,
              33,
              61,
              73,
              125,
              129,
              153,
              181,
              237
            ],
            "IntervalsTo": [
              29,
              33,
              61,
              73,
              125,
              129,
              153,
              181,
              237
            ],
            "Name": "Face_Center",
            "NrOfIntervals": 9
          },
          {
            "ColorB": 95,
            "ColorG": 2,
            "ColorR": 187,
            "IntervalsFrom": [
              81,
              109,
              133,
              169,
              177,
              213,
              217,
              257
            ],
            "IntervalsTo": [
              81,
              109,
              133,
              169,
              177,
              213,
              217,
              257
            ],
            "Name": "Face_Right",
            "NrOfIntervals": 8
          },
          {
            "ColorB": 126,
            "ColorG": 255,
            "ColorR": 126,
            "IntervalsFrom": [
              17,
              41,
              53,
              69,
              89,
              93,
              101,
              173
            ],
            "IntervalsTo": [
              17,
              41,
              53,
              69,
              89,
              93,
              101,
              173
            ],
            "Name": "Hand_Left",
            "NrOfIntervals": 8
          },
          {
            "ColorB": 0,
            "ColorG": 199,
            "ColorR": 0,
            "IntervalsFrom": [
              37,
              49,
              57,
              77,
              121,
              145,
              221,
              249
            ],
            "IntervalsTo": [
              37,
              49,
              57,
              77,
              121,
              145,
              221,
              249
            ],
            "Name": "Hand_Center",
            "NrOfIntervals": 8
          },
          {
            "ColorB": 0,
            "ColorG": 86,
            "ColorR": 0,
            "IntervalsFrom": [
              97,
              113,
              117,
              157,
              201,
              229,
              233,
              253,
              261
            ],
            "IntervalsTo": [
              97,
              113,
              117,
              157,
              201,
              229,
              233,
              253,
              261
            ],
            "Name": "Hand_Right",
            "NrOfIntervals": 9
          }
        ],
        "FileName": "sub-09_ses-01_MainExp_run-2.prt",
        "Name": "newbi4fmri_MainExp",
        "NrOfConditions": 6,
        "TimeCourseColors": {
          "RefTCPenThick": 3,
          "RefTimeCourseB": 80,
          "RefTimeCourseG": 0,
          "RefTimeCourseR": 0,
          "TCBackColorB": 0,
          "TCBackColorG": 0,
          "TCBackColorR": 0,
          "TCPenThick": 3,
          "TCTextColorB": 255,
          "TCTextColorG": 255,
          "TCTextColorR": 255,
          "TimeCourseB": 255,
          "TimeCourseG": 255,
          "TimeCourseR": 255
        },
        "TimeResolution": "Volumes"
      },
      "SliceAcquisitionOrder": 5,
      "SliceAcquisitionOrderVerified": true,
      "SliceGap": 0,
      "SliceThickness": 2.5,
      "SliceTimingTable": [
        0,
        0.5275,
        0.075,
        0.6025,
        0.15,
        0.6775,
        0.225,
        0.7525,
        0.3,
        0.8275,
        0.375,
        0.9025,
        0.4525,
        0,
        0.5275,
        0.075,
        0.6025,
        0.15,
        0.6775,
        0.225,
        0.7525,
        0.3,
        0.8275,
        0.375,
        0.9025,
        0.4525,
        0,
        0.5275,
        0.075,
        0.6025,
        0.15,
        0.6775,
        0.225,
        0.7525,
        0.3,
        0.8275,
        0.375,
        0.9025,
        0.4525,
        0,
        0.5275,
        0.075,
        0.6025,
        0.15,
        0.6775,
        0.225,
        0.7525,
        0.3,
        0.8275,
        0.375,
        0.9025,
        0.4525
      ],
      "SliceTimingTableSize": 52,
      "TE": 0.028,
      "TR": 1,
      "TimeResolutionVerified": true,
      "Version": 1,
      "VoxelResolutionVerified": true
    },
    "ConversionSoftware": "BrainVoyager",
    "ConversionSoftwareVersion": "21.4.5.4030",
    "ImageNumber": 1,
    "ImageOrientationPatientDICOM": [
      1,
      0,
      0,
      0,
      0.93909425023975,
      -0.3436596996545
    ],
    "ImagePositionPatientDICOM": [
      -839.86235119402,
      -817.33379910764,
      206.81525336165
    ],
    "ImageType": "ORIGINAL PRIMARY M MB ND NORM MOSAIC",
    "MagneticFieldStrength": 3,
    "Manufacturer": "SIEMENS",
    "ManufacturersModelName": "Prisma_fit",
    "Modality": "MR",
    "NrOfTemporalPositions": 0,
    "PatientPosition": "HFS",
    "RepetitionTime": 1,
    "SeriesDescription": "ep_mb4_2.5iso",
    "SeriesNumber": 6,
    "SiemensMosaicSliceAcqOrder": 3,
    "SiemensMosaicTE": 0.028,
    "SiemensMosaicTR": 1,
    "SliceThickness": 2.5,
    "SliceTiming": [
      0,
      0.5275,
      0.075,
      0.6025,
      0.15,
      0.6775,
      0.225,
      0.7525,
      0.3,
      0.8275,
      0.375,
      0.9025,
      0.4525,
      0,
      0.5275,
      0.075,
      0.6025,
      0.15,
      0.6775,
      0.225,
      0.7525,
      0.3,
      0.8275,
      0.375,
      0.9025,
      0.4525,
      0,
      0.5275,
      0.075,
      0.6025,
      0.15,
      0.6775,
      0.225,
      0.7525,
      0.3,
      0.8275,
      0.375,
      0.9025,
      0.4525,
      0,
      0.5275,
      0.075,
      0.6025,
      0.15,
      0.6775,
      0.225,
      0.7525,
      0.3,
      0.8275,
      0.375,
      0.9025,
      0.4525
    ],
    "StudyDescription": "newbi4fmri_MainExp",
    "TaskName": "newbi4fmri_MainExp",
    "dataset": "ds003434",
    "modality": "bold",
    "run_id": 2,
    "session_id": "01",
    "subject_id": "09",
    "task_id": "MainExp"
  },
  "dummy_trs": 1,
  "dvars_nstd": 31.67182542294963,
  "dvars_std": 1.3351223246402877,
  "dvars_vstd": 1.0193714336690647,
  "efc": 0.5172918485261554,
  "fber": 3369.2841796875,
  "fd_mean": 0.11218774021566293,
  "fd_num": 14,
  "fd_perc": 5.017921146953405,
  "fwhm_avg": 2.0275293333333333,
  "fwhm_x": 1.9356280000000001,
  "fwhm_y": 2.124184,
  "fwhm_z": 2.022776,
  "gcor": 0.0235466,
  "gsr_x": -0.0015062445309013128,
  "gsr_y": 0.00928961019963026,
  "provenance": {
    "md5sum": "985ea39f2c1c5df8c7cc4c4ed9a292ae",
    "settings": {
      "fd_thres": 0.2,
      "testing": false
    },
    "software": "mriqc",
    "version": "22.0.6",
    "webapi_port": null,
    "webapi_url": "https://mriqc.nimh.nih.gov/api/v1"
  },
  "size_t": 279,
  "size_x": 84,
  "size_y": 84,
  "size_z": 52,
  "snr": 5.142650812557712,
  "spacing_tr": 1.0,
  "spacing_x": 2.5,
  "spacing_y": 2.5,
  "spacing_z": 2.5,
  "summary_bg_k": 31.908259381478118,
  "summary_bg_mad": 39.839233698280076,
  "summary_bg_mean": 164.40713500976562,
  "summary_bg_median": 62.069740295410156,
  "summary_bg_n": 231699.0,
  "summary_bg_p05": 28.650775146484374,
  "summary_bg_p95": 576.761456298827,
  "summary_bg_stdv": 322.5566101074219,
  "summary_fg_k": 3.2179022159978876,
  "summary_fg_mad": 660.8887609973492,
  "summary_fg_mean": 3770.46044921875,
  "summary_fg_median": 3685.3974609375,
  "summary_fg_n": 74888.0,
  "summary_fg_p05": 2818.3203857421877,
  "summary_fg_p95": 4978.745556640622,
  "summary_fg_stdv": 716.6290283203125,
  "tsnr": 63.78004455566406
}