{
  "aor": 0.0011053763440860215,
  "aqi": 0.004972416630824373,
  "bids_meta": {
    "AcquisitionNumber": 1,
    "AcquisitionTime": "14:39:48.945000",
    "BrainVoyagerInfo": {
      "AcquisitionTime": "143948.945000",
      "CalculatedDicomSlice1CenterX": -1.11236572265625,
      "CalculatedDicomSlice1CenterY": -29.668502807617188,
      "CalculatedDicomSlice1CenterZ": -81.42932891845703,
      "CalculatedDicomSliceNCenterX": -1.11236572265625,
      "CalculatedDicomSliceNCenterY": 14.14810848236084,
      "CalculatedDicomSliceNCenterZ": 38.30519104003906,
      "CoordinateSystem": 1,
      "DataStorageFormat": 2,
      "DataType": 2,
      "DicomColDirX": 0,
      "DicomColDirY": 0.9390942454338074,
      "DicomColDirZ": -0.3436596989631653,
      "DicomFoVCols": 210,
      "DicomFoVRows": 210,
      "DicomGapThickness": 0,
      "DicomNCols": 84,
      "DicomNRows": 84,
      "DicomPosInfoPresent": 1,
      "DicomRowDirX": 1,
      "DicomRowDirY": 0,
      "DicomRowDirZ": 0,
      "DicomSliceThickness": 2.5,
      "DocumentType": "FMR",
      "MultiBandSequence": true,
      "NrOfPastSpatialTransformations": 0,
      "NrOfPreprocessingSteps": 0,
      "NrOfSkippedVolumes": 0,
      "Protocol": {
        "Conditions": [
          {
            "ColorB": 255,
            "ColorG": 163,
            "ColorR": 255,
            "IntervalsFrom": [
              29,
              37,
              45,
              53,
              65,
              145,
              169,
              205
            ],
            "IntervalsTo": [
              29,
              37,
              45,
              53,
              65,
              145,
              169,
              205
            ],
            "Name": "Face_Left",
            "NrOfIntervals": 8
          },
          {
            "ColorB": 255,
            "ColorG": 0,
            "ColorR": 255,
            "IntervalsFrom": [
              33,
              41,
              77,
              81,
              93,
              97,
              109,
              185,
              245
            ],
            "IntervalsTo": [
              33,
              41,
              77,
              81,
              93,
              97,
              109,
              185,
              245
            ],
            "Name": "Face_Center",
            "NrOfIntervals": 9
          },
          {
            "ColorB": 95,
            "ColorG": 2,
            "ColorR": 187,
            "IntervalsFrom": [
              49,
              101,
              129,
              137,
              173,
              181,
              197,
              217
            ],
            "IntervalsTo": [
              49,
              101,
              129,
              137,
              173,
              181,
              197,
              217
            ],
            "Name": "Face_Right",
            "NrOfIntervals": 8
          },
          {
            "ColorB": 126,
            "ColorG": 255,
            "ColorR": 126,
            "IntervalsFrom": [
              17,
              21,
              61,
              117,
              133,
              233,
              237,
              253,
              261
            ],
            "IntervalsTo": [
              17,
              21,
              61,
              117,
              133,
              233,
              237,
              253,
              261
            ],
            "Name": "Hand_Left",
            "NrOfIntervals": 9
          },
          {
            "ColorB": 0,
            "ColorG": 199,
            "ColorR": 0,
            "IntervalsFrom": [
              25,
              73,
              113,
              157,
              161,
              209,
              213,
              225,
              257
            ],
            "IntervalsTo": [
              25,
              73,
              113,
              157,
              161,
              209,
              213,
              225,
              257
            ],
            "Name": "Hand_Center",
            "NrOfIntervals": 9
          },
          {
            "ColorB": 0,
            "ColorG": 86,
            "ColorR": 0,
            "IntervalsFrom": [
              85,
              89,
              121,
              141,
              149,
              153,
              193,
              229
            ],
            "IntervalsTo": [
              85,
              89,
              121,
              141,
              149,
              153,
              193,
              229
            ],
            "Name": "Hand_Right",
            "NrOfIntervals": 8
          }
        ],
        "FileName": "sub-09_ses-01_MainExp_run-3.prt",
        "Name": "newbi4fmri_MainExp",
        "NrOfConditions": 6,
        "TimeCourseColors": {
          "RefTCPenThick": 3,
          "RefTimeCourseB": 80,
          "RefTimeCourseG": 0,
          "RefTimeCourseR": 0,
          "TCBackColorB": 0,
          "TCBackColorG": 0,
          "TCBackColorR": 0,
          "TCPenThick": 3,
          "TCTextColorB": 255,
          "TCTextColorG": 255,
          "TCTextColorR": 255,
          "TimeCourseB": 255,
          "TimeCourseG": 255,
          "TimeCourseR": 255
        },
        "TimeResolution": "Volumes"
      },
      "SliceAcquisitionOrder": 5,
      "SliceAcquisitionOrderVerified": true,
      "SliceGap": 0,
      "SliceThickness": 2.5,
      "SliceTimingTable": [
        0,
        0.5275,
        0.075,
        0.605,
        0.1525,
        0.68,
        0.2275,
        0.755,
        0.3025,
        0.83,
        0.3775,
        0.905,
        0.4525,
        0,
        0.5275,
        0.075,
        0.605,
        0.1525,
        0.68,
        0.2275,
        0.755,
        0.3025,
        0.83,
        0.3775,
        0.905,
        0.4525,
        0,
        0.5275,
        0.075,
        0.605,
        0.1525,
        0.68,
        0.2275,
        0.755,
        0.3025,
        0.83,
        0.3775,
        0.905,
        0.4525,
        0,
        0.5275,
        0.075,
        0.605,
        0.1525,
        0.68,
        0.2275,
        0.755,
        0.3025,
        0.83,
        0.3775,
        0.905,
        0.4525
      ],
      "SliceTimingTableSize": 52,
      "TE": 0.028,
      "TR": 1,
      "TimeResolutionVerified": true,
      "Version": 1,
      "VoxelResolutionVerified": true
    },
    "ConversionSoftware": "BrainVoyager",
    "ConversionSoftwareVersion": "21.4.5.4030",
    "ImageNumber": 1,
    "ImageOrientationPatientDICOM": [
      1,
      0,
      0,
      0,
      0.93909425023975,
      -0.3436596996545
    ],
    "ImagePositionPatientDICOM": [
      -839.86235119402,
      -817.33379910764,
      206.81525336165
    ],
    "ImageType": "ORIGINAL PRIMARY M MB ND NORM MOSAIC",
    "MagneticFieldStrength": 3,
    "Manufacturer": "SIEMENS",
    "ManufacturersModelName": "Prisma_fit",
    "Modality": "MR",
    "NrOfTemporalPositions": 0,
    "PatientPosition": "HFS",
    "RepetitionTime": 1,
    "SeriesDescription": "ep_mb4_2.5iso",
    "SeriesNumber": 7,
    "SiemensMosaicSliceAcqOrder": 3,
    "SiemensMosaicTE": 0.028,
    "SiemensMosaicTR": 1,
    "SliceThickness": 2.5,
    "SliceTiming": [
      0,
      0.5275,
      0.075,
      0.605,
      0.1525,
      0.68,
      0.2275,
      0.755,
      0.3025,
      0.83,
      0.3775,
      0.905,
      0.4525,
      0,
      0.5275,
      0.075,
      0.605,
      0.1525,
      0.68,
      0.2275,
      0.755,
      0.3025,
      0.83,
      0.3775,
      0.905,
      0.4525,
      0,
      0.5275,
      0.075,
      0.605,
      0.1525,
      0.68,
      0.2275,
      0.755,
      0.3025,
      0.83,
      0.3775,
      0.905,
      0.4525,
      0,
      0.5275,
      0.075,
      0.605,
      0.1525,
      0.68,
      0.2275,
      0.755,
      0.3025,
      0.83,
      0.3775,
      0.905,
      0.4525
    ],
    "StudyDescription": "newbi4fmri_MainExp",
    "TaskName": "newbi4fmri_MainExp",
    "dataset": "ds003434",
    "modality": "bold",
    "run_id": 3,
    "session_id": "01",
    "subject_id": "09",
    "task_id": "MainExp"
  },
  "dummy_trs": 1,
  "dvars_nstd": 31.582092271258993,
  "dvars_std": 1.3371583398920874,
  "dvars_vstd": 1.0195396383453232,
  "efc": 0.517767976332475,
  "fber": 3342.8388671875,
  "fd_mean": 0.10866868166453013,
  "fd_num": 13,
  "fd_perc": 4.659498207885305,
  "fwhm_avg": 2.0269413333333333,
  "fwhm_x": 1.9346640000000002,
  "fwhm_y": 2.120692,
  "fwhm_z": 2.025468,
  "gcor": 0.0251465,
  "gsr_x": -0.0016353523824363947,
  "gsr_y": 0.009351007640361786,
  "provenance": {
    "md5sum": "2685c29fa8ca20996fd267908447cdee",
    "settings": {
      "fd_thres": 0.2,
      "testing": false
    },
    "software": "mriqc",
    "version": "22.0.6",
    "webapi_port": null,
    "webapi_url": "https://mriqc.nimh.nih.gov/api/v1"
  },
  "size_t": 279,
  "size_x": 84,
  "size_y": 84,
  "size_z": 52,
  "snr": 5.150688698279822,
  "spacing_tr": 1.0,
  "spacing_x": 2.5,
  "spacing_y": 2.5,
  "spacing_z": 2.5,
  "summary_bg_k": 31.661204692232445,
  "summary_bg_mad": 40.39856334764664,
  "summary_bg_mean": 166.00489807128906,
  "summary_bg_median": 62.38260269165039,
  "summary_bg_n": 231751.0,
  "summary_bg_p05": 28.661027908325195,
  "summary_bg_p95": 583.1302185058594,
  "summary_bg_stdv": 324.5398864746094,
  "summary_fg_k": 3.1785149956932486,
  "summary_fg_mad": 662.976928038013,
  "summary_fg_mean": 3775.160400390625,
  "summary_fg_median": 3690.78515625,
  "summary_fg_n": 74860.0,
  "summary_fg_p05": 2821.9025146484373,
  "summary_fg_p95": 4977.5164794921875,
  "summary_fg_stdv": 716.5567016601562,
  "tsnr": 64.27953338623047
}