{
  "bids_meta": {
    "AcquisitionNumber": 1,
    "AcquisitionTime": "11:14:55",
    "BrainVoyagerInfo": {
      "CalculatedDicomSlice1CenterX": -86.56888580322266,
      "CalculatedDicomSlice1CenterY": -28.62286376953125,
      "CalculatedDicomSlice1CenterZ": -44.356475830078125,
      "CalculatedDicomSliceNCenterX": 88.43111419677734,
      "CalculatedDicomSliceNCenterY": -28.62286376953125,
      "CalculatedDicomSliceNCenterZ": -44.356475830078125,
      "CoordinateSystem": 1,
      "DicomColDirX": 0,
      "DicomColDirY": 0,
      "DicomColDirZ": -1,
      "DicomFoVCols": 256,
      "DicomFoVRows": 264,
      "DicomGapThickness": 0,
      "DicomNCols": 264,
      "DicomNRows": 256,
      "DicomPosInfoPresent": 1,
      "DicomRowDirX": 0,
      "DicomRowDirY": 1,
      "DicomRowDirZ": 0,
      "DicomSliceThickness": 1,
      "DocumentType": "VMR",
      "FramingCubeDim": 264,
      "MagnetPosInfosVerified": 1,
      "NrOfPastSpatialTransformations": 0,
      "NrOfPreprocessingSteps": 0,
      "OffsetX": 0,
      "OffsetY": 0,
      "OffsetZ": 0,
      "ReferenceSpace": "Native",
      "Version": 1
    },
    "ConversionSoftware": "BrainVoyager",
    "ConversionSoftwareVersion": "21.4.5.4030",
    "ImageNumber": 176,
    "ImageOrientationPatientDICOM": [
      0,
      1,
      0,
      0,
      0,
      -1
    ],
    "ImagePositionPatientDICOM": [
      88.431112647057,
      -160.12286376953,
      83.143527984619
    ],
    "ImageType": "ORIGINAL PRIMARY M ND NORM",
    "MagneticFieldStrength": 3,
    "Manufacturer": "SIEMENS",
    "ManufacturersModelName": "Prisma_fit",
    "Modality": "MR",
    "PatientPosition": "HFS",
    "RepetitionTime": 2.3,
    "SeriesDescription": "mprage_sag_p2",
    "SeriesNumber": 2,
    "SliceThickness": 1,
    "StudyDescription": "Culham^Psych_9223",
    "dataset": "ds003434",
    "modality": "T1w",
    "session_id": "01",
    "subject_id": "14"
  },
  "cjv": 0.3778251023346681,
  "cnr": 3.50362657788097,
  "efc": 0.5411969711438779,
  "fber": -1.0,
  "fwhm_avg": 3.79423,
  "fwhm_x": 3.79738,
  "fwhm_y": 3.95536,
  "fwhm_z": 3.62995,
  "icvs_csf": 0.22628169075255056,
  "icvs_gm": 0.420012802270984,
  "icvs_wm": 0.3537055069764654,
  "inu_med": 0.5515496134757996,
  "inu_range": 0.18265997767448422,
  "provenance": {
    "md5sum": "0b4fda56610d3bd8145ee279576b495b",
    "settings": {
      "testing": false
    },
    "software": "mriqc",
    "version": "22.0.6",
    "warnings": {
      "large_rot_frame": false,
      "small_air_mask": false
    },
    "webapi_port": null,
    "webapi_url": "https://mriqc.nimh.nih.gov/api/v1"
  },
  "qi_1": 0.0,
  "qi_2": 0.024229947361227865,
  "rpve_csf": 19.68669151282402,
  "rpve_gm": 10.691003267105264,
  "rpve_wm": 14.549510866013172,
  "size_x": 176,
  "size_y": 264,
  "size_z": 256,
  "snr_csf": 2.4822424867135204,
  "snr_gm": 10.75776927810495,
  "snr_total": 10.228583829655742,
  "snr_wm": 17.445739724148755,
  "snrd_csf": 17.601664340084348,
  "snrd_gm": 52.56483933178546,
  "snrd_total": 48.57508605404394,
  "snrd_wm": 75.55875449026202,
  "spacing_x": 1.0,
  "spacing_y": 1.0,
  "spacing_z": 1.0,
  "summary_bg_k": 11.334068103914602,
  "summary_bg_mad": 8.670923361653248,
  "summary_bg_mean": 5.972653003161638,
  "summary_bg_median": 5.848448932170868,
  "summary_bg_n": 2217542.0,
  "summary_bg_p05": 0.0,
  "summary_bg_p95": 23.351415663957596,
  "summary_bg_stdv": 8.771429981687266,
  "summary_csf_k": 2.609872107226714,
  "summary_csf_mad": 71.06387189876683,
  "summary_csf_mean": 247.67089475035505,
  "summary_csf_median": 232.96321579813957,
  "summary_csf_n": 53857.0,
  "summary_csf_p05": 121.50364556908607,
  "summary_csf_p95": 434.226143181324,
  "summary_csf_stdv": 93.85104567375569,
  "summary_gm_k": 0.2366682061436518,
  "summary_gm_mad": 61.95311909123262,
  "summary_gm_mean": 693.2029472702413,
  "summary_gm_median": 695.711142539978,
  "summary_gm_n": 25107.0,
  "summary_gm_p05": 582.1029030293226,
  "summary_gm_p95": 795.3042946457863,
  "summary_gm_stdv": 64.66928872458502,
  "summary_wm_k": 0.854723348370777,
  "summary_wm_mad": 53.030864617647396,
  "summary_wm_mean": 999.1185994703302,
  "summary_wm_median": 1000.0423873364925,
  "summary_wm_n": 237393.0,
  "summary_wm_p05": 903.2463195025921,
  "summary_wm_p95": 1090.311925202608,
  "summary_wm_stdv": 57.322893545675186,
  "tpm_overlap_csf": 0.15427239240619176,
  "tpm_overlap_gm": 0.4533457978341471,
  "tpm_overlap_wm": 0.5048200399383375,
  "wm2max": 0.4453641544629781
}