{
  "aor": 0.0005298194945848376,
  "aqi": 0.005560205162454874,
  "bids_meta": {
    "AcquisitionNumber": 1,
    "AcquisitionTime": "12:05:35.397500",
    "BrainVoyagerInfo": {
      "AcquisitionTime": "120535.397500",
      "CalculatedDicomSlice1CenterX": -1.11236572265625,
      "CalculatedDicomSlice1CenterY": -39.226417541503906,
      "CalculatedDicomSlice1CenterZ": -85.58811950683594,
      "CalculatedDicomSliceNCenterX": -1.11236572265625,
      "CalculatedDicomSliceNCenterY": 11.205639839172363,
      "CalculatedDicomSliceNCenterZ": 31.513792037963867,
      "CoordinateSystem": 1,
      "DataStorageFormat": 2,
      "DataType": 2,
      "DicomColDirX": 0,
      "DicomColDirY": 0.9184463620185852,
      "DicomColDirZ": -0.3955455422401428,
      "DicomFoVCols": 210,
      "DicomFoVRows": 210,
      "DicomGapThickness": 0,
      "DicomNCols": 84,
      "DicomNRows": 84,
      "DicomPosInfoPresent": 1,
      "DicomRowDirX": 1,
      "DicomRowDirY": 0,
      "DicomRowDirZ": 0,
      "DicomSliceThickness": 2.5,
      "DocumentType": "FMR",
      "MultiBandSequence": true,
      "NrOfPastSpatialTransformations": 0,
      "NrOfPreprocessingSteps": 0,
      "NrOfSkippedVolumes": 0,
      "Protocol": {
        "Conditions": [
          {
            "ColorB": 255,
            "ColorG": 163,
            "ColorR": 255,
            "IntervalsFrom": [
              25,
              57,
              97,
              105,
              117,
              121,
              129,
              229
            ],
            "IntervalsTo": [
              25,
              57,
              97,
              105,
              117,
              121,
              129,
              229
            ],
            "Name": "Face_Left",
            "NrOfIntervals": 8
          },
          {
            "ColorB": 255,
            "ColorG": 0,
            "ColorR": 255,
            "IntervalsFrom": [
              85,
              109,
              153,
              165,
              185,
              189,
              221,
              237,
              245
            ],
            "IntervalsTo": [
              85,
              109,
              153,
              165,
              185,
              189,
              221,
              237,
              245
            ],
            "Name": "Face_Center",
            "NrOfIntervals": 9
          },
          {
            "ColorB": 95,
            "ColorG": 2,
            "ColorR": 187,
            "IntervalsFrom": [
              21,
              61,
              69,
              169,
              173,
              181,
              197,
              249
            ],
            "IntervalsTo": [
              21,
              61,
              69,
              169,
              173,
              181,
              197,
              249
            ],
            "Name": "Face_Right",
            "NrOfIntervals": 8
          },
          {
            "ColorB": 126,
            "ColorG": 255,
            "ColorR": 126,
            "IntervalsFrom": [
              17,
              33,
              41,
              133,
              137,
              161,
              225,
              257,
              261
            ],
            "IntervalsTo": [
              17,
              33,
              41,
              133,
              137,
              161,
              225,
              257,
              261
            ],
            "Name": "Hand_Left",
            "NrOfIntervals": 9
          },
          {
            "ColorB": 0,
            "ColorG": 199,
            "ColorR": 0,
            "IntervalsFrom": [
              29,
              49,
              53,
              141,
              149,
              193,
              201,
              213
            ],
            "IntervalsTo": [
              29,
              49,
              53,
              141,
              149,
              193,
              201,
              213
            ],
            "Name": "Hand_Center",
            "NrOfIntervals": 8
          },
          {
            "ColorB": 0,
            "ColorG": 86,
            "ColorR": 0,
            "IntervalsFrom": [
              37,
              73,
              77,
              93,
              125,
              205,
              209,
              233,
              241
            ],
            "IntervalsTo": [
              37,
              73,
              77,
              93,
              125,
              205,
              209,
              233,
              241
            ],
            "Name": "Hand_Right",
            "NrOfIntervals": 9
          }
        ],
        "FileName": "sub-10_ses-01_MainExp_run-2.prt",
        "Name": "newbi4fmri_MainExp",
        "NrOfConditions": 6,
        "TimeCourseColors": {
          "RefTCPenThick": 3,
          "RefTimeCourseB": 80,
          "RefTimeCourseG": 0,
          "RefTimeCourseR": 0,
          "TCBackColorB": 0,
          "TCBackColorG": 0,
          "TCBackColorR": 0,
          "TCPenThick": 3,
          "TCTextColorB": 255,
          "TCTextColorG": 255,
          "TCTextColorR": 255,
          "TimeCourseB": 255,
          "TimeCourseG": 255,
          "TimeCourseR": 255
        },
        "TimeResolution": "Volumes"
      },
      "SliceAcquisitionOrder": 5,
      "SliceAcquisitionOrderVerified": true,
      "SliceGap": 0,
      "SliceThickness": 2.5,
      "SliceTimingTable": [
        0,
        0.5275,
        0.075,
        0.6025,
        0.15,
        0.6775,
        0.225,
        0.755,
        0.3025,
        0.83,
        0.3775,
        0.905,
        0.4525,
        0,
        0.5275,
        0.075,
        0.6025,
        0.15,
        0.6775,
        0.225,
        0.755,
        0.3025,
        0.83,
        0.3775,
        0.905,
        0.4525,
        0,
        0.5275,
        0.075,
        0.6025,
        0.15,
        0.6775,
        0.225,
        0.755,
        0.3025,
        0.83,
        0.3775,
        0.905,
        0.4525,
        0,
        0.5275,
        0.075,
        0.6025,
        0.15,
        0.6775,
        0.225,
        0.755,
        0.3025,
        0.83,
        0.3775,
        0.905,
        0.4525
      ],
      "SliceTimingTableSize": 52,
      "TE": 0,
      "TR": 1,
      "TimeResolutionVerified": true,
      "Version": 1,
      "VoxelResolutionVerified": true
    },
    "ConversionSoftware": "BrainVoyager",
    "ConversionSoftwareVersion": "21.4.5.4030",
    "ImageNumber": 1,
    "ImageOrientationPatientDICOM": [
      1,
      0,
      0,
      0,
      0.91844636706283,
      -0.3955455357214
    ],
    "ImagePositionPatientDICOM": [
      -839.86235119402,
      -809.57332891749,
      246.17570758651
    ],
    "ImageType": "ORIGINAL PRIMARY M MB ND NORM MOSAIC",
    "MagneticFieldStrength": 3,
    "Manufacturer": "SIEMENS",
    "ManufacturersModelName": "Prisma_fit",
    "Modality": "MR",
    "NrOfTemporalPositions": 0,
    "PatientPosition": "HFS",
    "RepetitionTime": 1,
    "SeriesDescription": "ep_mb4_2.5iso",
    "SeriesNumber": 6,
    "SiemensMosaicSliceAcqOrder": 3,
    "SiemensMosaicTE": 0.028,
    "SiemensMosaicTR": 1,
    "SliceThickness": 2.5,
    "SliceTiming": [
      0,
      0.5275,
      0.075,
      0.6025,
      0.15,
      0.6775,
      0.225,
      0.755,
      0.3025,
      0.83,
      0.3775,
      0.905,
      0.4525,
      0,
      0.5275,
      0.075,
      0.6025,
      0.15,
      0.6775,
      0.225,
      0.755,
      0.3025,
      0.83,
      0.3775,
      0.905,
      0.4525,
      0,
      0.5275,
      0.075,
      0.6025,
      0.15,
      0.6775,
      0.225,
      0.755,
      0.3025,
      0.83,
      0.3775,
      0.905,
      0.4525,
      0,
      0.5275,
      0.075,
      0.6025,
      0.15,
      0.6775,
      0.225,
      0.755,
      0.3025,
      0.83,
      0.3775,
      0.905,
      0.4525
    ],
    "StudyDescription": "newbi4fmri_MainExp",
    "TaskName": "newbi4fmri_MainExp",
    "dataset": "ds003434",
    "modality": "bold",
    "run_id": 2,
    "session_id": "01",
    "subject_id": "10",
    "task_id": "MainExp"
  },
  "dummy_trs": 3,
  "dvars_nstd": 33.60213623887682,
  "dvars_std": 1.2920185951086953,
  "dvars_vstd": 1.0050346611231886,
  "efc": 0.5163963092477388,
  "fber": 3593.83544921875,
  "fd_mean": 0.14296705063348597,
  "fd_num": 48,
  "fd_perc": 17.32851985559567,
  "fwhm_avg": 2.0123960000000003,
  "fwhm_x": 1.8539280000000002,
  "fwhm_y": 2.130972,
  "fwhm_z": 2.052288,
  "gcor": 0.00852177,
  "gsr_x": -0.013868909329175949,
  "gsr_y": 0.024166110903024673,
  "provenance": {
    "md5sum": "7868a245e4cde28638b3470b43433bf3",
    "settings": {
      "fd_thres": 0.2,
      "testing": false
    },
    "software": "mriqc",
    "version": "22.0.6",
    "webapi_port": null,
    "webapi_url": "https://mriqc.nimh.nih.gov/api/v1"
  },
  "size_t": 277,
  "size_x": 84,
  "size_y": 84,
  "size_z": 52,
  "snr": 4.77146858433463,
  "spacing_tr": 1.0,
  "spacing_x": 2.5,
  "spacing_y": 2.5,
  "spacing_z": 2.5,
  "summary_bg_k": 33.65975128577265,
  "summary_bg_mad": 32.64010764622177,
  "summary_bg_mean": 141.0811309814453,
  "summary_bg_median": 53.89691925048828,
  "summary_bg_n": 230482.0,
  "summary_bg_p05": 27.023568630218506,
  "summary_bg_p95": 495.4220657348618,
  "summary_bg_stdv": 262.69342041015625,
  "summary_fg_k": 4.122933515780629,
  "summary_fg_mad": 589.8595907961749,
  "summary_fg_mean": 3413.750244140625,
  "summary_fg_median": 3307.29931640625,
  "summary_fg_n": 75650.0,
  "summary_fg_p05": 2555.2511596679688,
  "summary_fg_p95": 4605.389916992189,
  "summary_fg_stdv": 693.1361694335938,
  "tsnr": 59.68223571777344
}