{
  "aor": 0.00047541516245487364,
  "aqi": 0.005451426028880866,
  "bids_meta": {
    "AcquisitionNumber": 1,
    "AcquisitionTime": "12:16:01.565000",
    "BrainVoyagerInfo": {
      "AcquisitionTime": "121601.565000",
      "CalculatedDicomSlice1CenterX": -1.11236572265625,
      "CalculatedDicomSlice1CenterY": -39.226417541503906,
      "CalculatedDicomSlice1CenterZ": -85.58811950683594,
      "CalculatedDicomSliceNCenterX": -1.11236572265625,
      "CalculatedDicomSliceNCenterY": 11.205639839172363,
      "CalculatedDicomSliceNCenterZ": 31.513792037963867,
      "CoordinateSystem": 1,
      "DataStorageFormat": 2,
      "DataType": 2,
      "DicomColDirX": 0,
      "DicomColDirY": 0.9184463620185852,
      "DicomColDirZ": -0.3955455422401428,
      "DicomFoVCols": 210,
      "DicomFoVRows": 210,
      "DicomGapThickness": 0,
      "DicomNCols": 84,
      "DicomNRows": 84,
      "DicomPosInfoPresent": 1,
      "DicomRowDirX": 1,
      "DicomRowDirY": 0,
      "DicomRowDirZ": 0,
      "DicomSliceThickness": 2.5,
      "DocumentType": "FMR",
      "MultiBandSequence": true,
      "NrOfPastSpatialTransformations": 0,
      "NrOfPreprocessingSteps": 0,
      "NrOfSkippedVolumes": 0,
      "Protocol": {
        "Conditions": [
          {
            "ColorB": 255,
            "ColorG": 163,
            "ColorR": 255,
            "IntervalsFrom": [
              37,
              41,
              53,
              57,
              61,
              133,
              177,
              185,
              237,
              257
            ],
            "IntervalsTo": [
              37,
              41,
              53,
              57,
              61,
              133,
              177,
              185,
              237,
              257
            ],
            "Name": "Face_Left",
            "NrOfIntervals": 10
          },
          {
            "ColorB": 255,
            "ColorG": 0,
            "ColorR": 255,
            "IntervalsFrom": [
              25,
              113,
              153,
              161,
              169,
              173,
              197,
              249
            ],
            "IntervalsTo": [
              25,
              113,
              153,
              161,
              169,
              173,
              197,
              249
            ],
            "Name": "Face_Center",
            "NrOfIntervals": 8
          },
          {
            "ColorB": 95,
            "ColorG": 2,
            "ColorR": 187,
            "IntervalsFrom": [
              65,
              81,
              109,
              125,
              189,
              213,
              221,
              253
            ],
            "IntervalsTo": [
              65,
              81,
              109,
              125,
              189,
              213,
              221,
              253
            ],
            "Name": "Face_Right",
            "NrOfIntervals": 8
          },
          {
            "ColorB": 126,
            "ColorG": 255,
            "ColorR": 126,
            "IntervalsFrom": [
              17,
              21,
              29,
              101,
              141,
              157,
              233,
              241
            ],
            "IntervalsTo": [
              17,
              21,
              29,
              101,
              141,
              157,
              233,
              241
            ],
            "Name": "Hand_Left",
            "NrOfIntervals": 8
          },
          {
            "ColorB": 0,
            "ColorG": 199,
            "ColorR": 0,
            "IntervalsFrom": [
              49,
              73,
              77,
              85,
              89,
              97,
              145,
              165,
              261
            ],
            "IntervalsTo": [
              49,
              73,
              77,
              85,
              89,
              97,
              145,
              165,
              261
            ],
            "Name": "Hand_Center",
            "NrOfIntervals": 9
          },
          {
            "ColorB": 0,
            "ColorG": 86,
            "ColorR": 0,
            "IntervalsFrom": [
              45,
              121,
              129,
              193,
              205,
              209,
              225,
              245
            ],
            "IntervalsTo": [
              45,
              121,
              129,
              193,
              205,
              209,
              225,
              245
            ],
            "Name": "Hand_Right",
            "NrOfIntervals": 8
          }
        ],
        "FileName": "sub-10_ses-01_MainExp_run-4.prt",
        "Name": "newbi4fmri_MainExp",
        "NrOfConditions": 6,
        "TimeCourseColors": {
          "RefTCPenThick": 3,
          "RefTimeCourseB": 80,
          "RefTimeCourseG": 0,
          "RefTimeCourseR": 0,
          "TCBackColorB": 0,
          "TCBackColorG": 0,
          "TCBackColorR": 0,
          "TCPenThick": 3,
          "TCTextColorB": 255,
          "TCTextColorG": 255,
          "TCTextColorR": 255,
          "TimeCourseB": 255,
          "TimeCourseG": 255,
          "TimeCourseR": 255
        },
        "TimeResolution": "Volumes"
      },
      "SliceAcquisitionOrder": 5,
      "SliceAcquisitionOrderVerified": true,
      "SliceGap": 0,
      "SliceThickness": 2.5,
      "SliceTimingTable": [
        0,
        0.5275,
        0.075,
        0.6025,
        0.15,
        0.6775,
        0.225,
        0.7525,
        0.3,
        0.8275,
        0.375,
        0.9025,
        0.45,
        0,
        0.5275,
        0.075,
        0.6025,
        0.15,
        0.6775,
        0.225,
        0.7525,
        0.3,
        0.8275,
        0.375,
        0.9025,
        0.45,
        0,
        0.5275,
        0.075,
        0.6025,
        0.15,
        0.6775,
        0.225,
        0.7525,
        0.3,
        0.8275,
        0.375,
        0.9025,
        0.45,
        0,
        0.5275,
        0.075,
        0.6025,
        0.15,
        0.6775,
        0.225,
        0.7525,
        0.3,
        0.8275,
        0.375,
        0.9025,
        0.45
      ],
      "SliceTimingTableSize": 52,
      "TE": 0,
      "TR": 1,
      "TimeResolutionVerified": true,
      "Version": 1,
      "VoxelResolutionVerified": true
    },
    "ConversionSoftware": "BrainVoyager",
    "ConversionSoftwareVersion": "21.4.5.4030",
    "ImageNumber": 1,
    "ImageOrientationPatientDICOM": [
      1,
      0,
      0,
      0,
      0.91844636706283,
      -0.3955455357214
    ],
    "ImagePositionPatientDICOM": [
      -839.86235119402,
      -809.57332891749,
      246.17570758651
    ],
    "ImageType": "ORIGINAL PRIMARY M MB ND NORM MOSAIC",
    "MagneticFieldStrength": 3,
    "Manufacturer": "SIEMENS",
    "ManufacturersModelName": "Prisma_fit",
    "Modality": "MR",
    "NrOfTemporalPositions": 0,
    "PatientPosition": "HFS",
    "RepetitionTime": 1,
    "SeriesDescription": "ep_mb4_2.5iso",
    "SeriesNumber": 8,
    "SiemensMosaicSliceAcqOrder": 3,
    "SiemensMosaicTE": 0.028,
    "SiemensMosaicTR": 1,
    "SliceThickness": 2.5,
    "SliceTiming": [
      0,
      0.5275,
      0.075,
      0.6025,
      0.15,
      0.6775,
      0.225,
      0.7525,
      0.3,
      0.8275,
      0.375,
      0.9025,
      0.45,
      0,
      0.5275,
      0.075,
      0.6025,
      0.15,
      0.6775,
      0.225,
      0.7525,
      0.3,
      0.8275,
      0.375,
      0.9025,
      0.45,
      0,
      0.5275,
      0.075,
      0.6025,
      0.15,
      0.6775,
      0.225,
      0.7525,
      0.3,
      0.8275,
      0.375,
      0.9025,
      0.45,
      0,
      0.5275,
      0.075,
      0.6025,
      0.15,
      0.6775,
      0.225,
      0.7525,
      0.3,
      0.8275,
      0.375,
      0.9025,
      0.45
    ],
    "StudyDescription": "newbi4fmri_MainExp",
    "TaskName": "newbi4fmri_MainExp",
    "dataset": "ds003434",
    "modality": "bold",
    "run_id": 4,
    "session_id": "01",
    "subject_id": "10",
    "task_id": "MainExp"
  },
  "dummy_trs": 3,
  "dvars_nstd": 33.2075366280797,
  "dvars_std": 1.2738101043115935,
  "dvars_vstd": 0.9996593156521744,
  "efc": 0.517180932389456,
  "fber": 3527.46337890625,
  "fd_mean": 0.1423477152601072,
  "fd_num": 37,
  "fd_perc": 13.35740072202166,
  "fwhm_avg": 2.0114133333333335,
  "fwhm_x": 1.851448,
  "fwhm_y": 2.131284,
  "fwhm_z": 2.051508,
  "gcor": 0.00873035,
  "gsr_x": -0.014044388197362423,
  "gsr_y": 0.02387264370918274,
  "provenance": {
    "md5sum": "65640c6d65d2e72d5ecc734a7607e5aa",
    "settings": {
      "fd_thres": 0.2,
      "testing": false
    },
    "software": "mriqc",
    "version": "22.0.6",
    "webapi_port": null,
    "webapi_url": "https://mriqc.nimh.nih.gov/api/v1"
  },
  "size_t": 277,
  "size_x": 84,
  "size_y": 84,
  "size_z": 52,
  "snr": 4.759557985121459,
  "spacing_tr": 1.0,
  "spacing_x": 2.5,
  "spacing_y": 2.5,
  "spacing_z": 2.5,
  "summary_bg_k": 32.58448193885264,
  "summary_bg_mad": 33.005816551646134,
  "summary_bg_mean": 142.87559509277344,
  "summary_bg_median": 54.259674072265625,
  "summary_bg_n": 230406.0,
  "summary_bg_p05": 27.154762268066406,
  "summary_bg_p95": 501.6317672729492,
  "summary_bg_stdv": 264.893310546875,
  "summary_fg_k": 4.073459826277434,
  "summary_fg_mad": 591.1536100664771,
  "summary_fg_mean": 3407.751953125,
  "summary_fg_median": 3303.008056640625,
  "summary_fg_n": 75729.0,
  "summary_fg_p05": 2548.771142578125,
  "summary_fg_p95": 4598.376171874996,
  "summary_fg_stdv": 693.9691162109375,
  "tsnr": 60.019710540771484
}