{
  "aor": 0.00048446043165467634,
  "aqi": 0.004991600755395684,
  "bids_meta": {
    "AcquisitionNumber": 1,
    "AcquisitionTime": "12:21:17.102500",
    "BrainVoyagerInfo": {
      "AcquisitionTime": "122117.102500",
      "CalculatedDicomSlice1CenterX": -1.11236572265625,
      "CalculatedDicomSlice1CenterY": -39.226417541503906,
      "CalculatedDicomSlice1CenterZ": -85.58811950683594,
      "CalculatedDicomSliceNCenterX": -1.11236572265625,
      "CalculatedDicomSliceNCenterY": 11.205639839172363,
      "CalculatedDicomSliceNCenterZ": 31.513792037963867,
      "CoordinateSystem": 1,
      "DataStorageFormat": 2,
      "DataType": 2,
      "DicomColDirX": 0,
      "DicomColDirY": 0.9184463620185852,
      "DicomColDirZ": -0.3955455422401428,
      "DicomFoVCols": 210,
      "DicomFoVRows": 210,
      "DicomGapThickness": 0,
      "DicomNCols": 84,
      "DicomNRows": 84,
      "DicomPosInfoPresent": 1,
      "DicomRowDirX": 1,
      "DicomRowDirY": 0,
      "DicomRowDirZ": 0,
      "DicomSliceThickness": 2.5,
      "DocumentType": "FMR",
      "MultiBandSequence": true,
      "NrOfPastSpatialTransformations": 0,
      "NrOfPreprocessingSteps": 0,
      "NrOfSkippedVolumes": 0,
      "Protocol": {
        "Conditions": [
          {
            "ColorB": 255,
            "ColorG": 163,
            "ColorR": 255,
            "IntervalsFrom": [
              21,
              85,
              141,
              149,
              189,
              193,
              205,
              241,
              245
            ],
            "IntervalsTo": [
              21,
              85,
              141,
              149,
              189,
              193,
              205,
              241,
              245
            ],
            "Name": "Face_Left",
            "NrOfIntervals": 9
          },
          {
            "ColorB": 255,
            "ColorG": 0,
            "ColorR": 255,
            "IntervalsFrom": [
              29,
              33,
              61,
              73,
              125,
              129,
              153,
              181,
              237
            ],
            "IntervalsTo": [
              29,
              33,
              61,
              73,
              125,
              129,
              153,
              181,
              237
            ],
            "Name": "Face_Center",
            "NrOfIntervals": 9
          },
          {
            "ColorB": 95,
            "ColorG": 2,
            "ColorR": 187,
            "IntervalsFrom": [
              81,
              109,
              133,
              169,
              177,
              213,
              217,
              257
            ],
            "IntervalsTo": [
              81,
              109,
              133,
              169,
              177,
              213,
              217,
              257
            ],
            "Name": "Face_Right",
            "NrOfIntervals": 8
          },
          {
            "ColorB": 126,
            "ColorG": 255,
            "ColorR": 126,
            "IntervalsFrom": [
              17,
              41,
              53,
              69,
              89,
              93,
              101,
              173
            ],
            "IntervalsTo": [
              17,
              41,
              53,
              69,
              89,
              93,
              101,
              173
            ],
            "Name": "Hand_Left",
            "NrOfIntervals": 8
          },
          {
            "ColorB": 0,
            "ColorG": 199,
            "ColorR": 0,
            "IntervalsFrom": [
              37,
              49,
              57,
              77,
              121,
              145,
              221,
              249
            ],
            "IntervalsTo": [
              37,
              49,
              57,
              77,
              121,
              145,
              221,
              249
            ],
            "Name": "Hand_Center",
            "NrOfIntervals": 8
          },
          {
            "ColorB": 0,
            "ColorG": 86,
            "ColorR": 0,
            "IntervalsFrom": [
              97,
              113,
              117,
              157,
              201,
              229,
              233,
              253,
              261
            ],
            "IntervalsTo": [
              97,
              113,
              117,
              157,
              201,
              229,
              233,
              253,
              261
            ],
            "Name": "Hand_Right",
            "NrOfIntervals": 9
          }
        ],
        "FileName": "sub-10_ses-01_MainExp_run-5.prt",
        "Name": "newbi4fmri_MainExp",
        "NrOfConditions": 6,
        "TimeCourseColors": {
          "RefTCPenThick": 3,
          "RefTimeCourseB": 80,
          "RefTimeCourseG": 0,
          "RefTimeCourseR": 0,
          "TCBackColorB": 0,
          "TCBackColorG": 0,
          "TCBackColorR": 0,
          "TCPenThick": 3,
          "TCTextColorB": 255,
          "TCTextColorG": 255,
          "TCTextColorR": 255,
          "TimeCourseB": 255,
          "TimeCourseG": 255,
          "TimeCourseR": 255
        },
        "TimeResolution": "Volumes"
      },
      "SliceAcquisitionOrder": 5,
      "SliceAcquisitionOrderVerified": true,
      "SliceGap": 0,
      "SliceThickness": 2.5,
      "SliceTimingTable": [
        0,
        0.5275,
        0.075,
        0.6025,
        0.15,
        0.6775,
        0.225,
        0.755,
        0.3025,
        0.83,
        0.3775,
        0.905,
        0.4525,
        0,
        0.5275,
        0.075,
        0.6025,
        0.15,
        0.6775,
        0.225,
        0.755,
        0.3025,
        0.83,
        0.3775,
        0.905,
        0.4525,
        0,
        0.5275,
        0.075,
        0.6025,
        0.15,
        0.6775,
        0.225,
        0.755,
        0.3025,
        0.83,
        0.3775,
        0.905,
        0.4525,
        0,
        0.5275,
        0.075,
        0.6025,
        0.15,
        0.6775,
        0.225,
        0.755,
        0.3025,
        0.83,
        0.3775,
        0.905,
        0.4525
      ],
      "SliceTimingTableSize": 52,
      "TE": 0.028,
      "TR": 1,
      "TimeResolutionVerified": true,
      "Version": 1,
      "VoxelResolutionVerified": true
    },
    "ConversionSoftware": "BrainVoyager",
    "ConversionSoftwareVersion": "21.4.5.4030",
    "ImageNumber": 1,
    "ImageOrientationPatientDICOM": [
      1,
      0,
      0,
      0,
      0.91844636706283,
      -0.3955455357214
    ],
    "ImagePositionPatientDICOM": [
      -839.86235119402,
      -809.57332891749,
      246.17570758651
    ],
    "ImageType": "ORIGINAL PRIMARY M MB ND NORM MOSAIC",
    "MagneticFieldStrength": 3,
    "Manufacturer": "SIEMENS",
    "ManufacturersModelName": "Prisma_fit",
    "Modality": "MR",
    "NrOfTemporalPositions": 0,
    "PatientPosition": "HFS",
    "RepetitionTime": 1,
    "SeriesDescription": "ep_mb4_2.5iso",
    "SeriesNumber": 9,
    "SiemensMosaicSliceAcqOrder": 3,
    "SiemensMosaicTE": 0.028,
    "SiemensMosaicTR": 1,
    "SliceThickness": 2.5,
    "SliceTiming": [
      0,
      0.5275,
      0.075,
      0.6025,
      0.15,
      0.6775,
      0.225,
      0.755,
      0.3025,
      0.83,
      0.3775,
      0.905,
      0.4525,
      0,
      0.5275,
      0.075,
      0.6025,
      0.15,
      0.6775,
      0.225,
      0.755,
      0.3025,
      0.83,
      0.3775,
      0.905,
      0.4525,
      0,
      0.5275,
      0.075,
      0.6025,
      0.15,
      0.6775,
      0.225,
      0.755,
      0.3025,
      0.83,
      0.3775,
      0.905,
      0.4525,
      0,
      0.5275,
      0.075,
      0.6025,
      0.15,
      0.6775,
      0.225,
      0.755,
      0.3025,
      0.83,
      0.3775,
      0.905,
      0.4525
    ],
    "StudyDescription": "newbi4fmri_MainExp",
    "TaskName": "newbi4fmri_MainExp",
    "dataset": "ds003434",
    "modality": "bold",
    "run_id": 5,
    "session_id": "01",
    "subject_id": "10",
    "task_id": "MainExp"
  },
  "dummy_trs": 2,
  "dvars_nstd": 32.88562576328519,
  "dvars_std": 1.2872087123826712,
  "dvars_vstd": 1.0104011844765337,
  "efc": 0.5176428103347646,
  "fber": 3498.306640625,
  "fd_mean": 0.134692525198845,
  "fd_num": 32,
  "fd_perc": 11.510791366906474,
  "fwhm_avg": 2.007061333333333,
  "fwhm_x": 1.8553000000000002,
  "fwhm_y": 2.125064,
  "fwhm_z": 2.04082,
  "gcor": 0.00465334,
  "gsr_x": -0.013833161443471909,
  "gsr_y": 0.023981306701898575,
  "provenance": {
    "md5sum": "3e58fa0ab60939e2cadace7aff7d269b",
    "settings": {
      "fd_thres": 0.2,
      "testing": false
    },
    "software": "mriqc",
    "version": "22.0.6",
    "webapi_port": null,
    "webapi_url": "https://mriqc.nimh.nih.gov/api/v1"
  },
  "size_t": 278,
  "size_x": 84,
  "size_y": 84,
  "size_z": 52,
  "snr": 4.772635291282875,
  "spacing_tr": 1.0,
  "spacing_x": 2.5,
  "spacing_y": 2.5,
  "spacing_z": 2.5,
  "summary_bg_k": 31.69553048920978,
  "summary_bg_mad": 33.4459966054171,
  "summary_bg_mean": 144.12110900878906,
  "summary_bg_median": 54.55157470703125,
  "summary_bg_n": 230500.0,
  "summary_bg_p05": 27.15543851852417,
  "summary_bg_p95": 508.31619720458946,
  "summary_bg_stdv": 266.8843688964844,
  "summary_fg_k": 4.077790412351015,
  "summary_fg_mad": 589.4793482105938,
  "summary_fg_mean": 3406.97509765625,
  "summary_fg_median": 3301.3544921875,
  "summary_fg_n": 75672.0,
  "summary_fg_p05": 2549.12060546875,
  "summary_fg_p95": 4594.808740234374,
  "summary_fg_stdv": 691.7211303710938,
  "tsnr": 62.38981628417969
}