{
  "aor": 0.0004489964157706094,
  "aqi": 0.005067801935483871,
  "bids_meta": {
    "AcquisitionNumber": 1,
    "AcquisitionTime": "11:54:56.237500",
    "BrainVoyagerInfo": {
      "AcquisitionTime": "115456.237500",
      "CalculatedDicomSlice1CenterX": -1.11236572265625,
      "CalculatedDicomSlice1CenterY": -39.4343376159668,
      "CalculatedDicomSlice1CenterZ": -81.44873809814453,
      "CalculatedDicomSliceNCenterX": -1.11236572265625,
      "CalculatedDicomSliceNCenterY": 16.257896423339844,
      "CalculatedDicomSliceNCenterZ": 33.24488067626953,
      "CoordinateSystem": 1,
      "DataStorageFormat": 2,
      "DataType": 2,
      "DicomColDirX": 0,
      "DicomColDirY": 0.8995577692985535,
      "DicomColDirZ": -0.43680182099342346,
      "DicomFoVCols": 210,
      "DicomFoVRows": 210,
      "DicomGapThickness": 0,
      "DicomNCols": 84,
      "DicomNRows": 84,
      "DicomPosInfoPresent": 1,
      "DicomRowDirX": 1,
      "DicomRowDirY": 0,
      "DicomRowDirZ": 0,
      "DicomSliceThickness": 2.5,
      "DocumentType": "FMR",
      "MultiBandSequence": true,
      "NrOfPastSpatialTransformations": 0,
      "NrOfPreprocessingSteps": 0,
      "NrOfSkippedVolumes": 0,
      "Protocol": {
        "Conditions": [
          {
            "ColorB": 255,
            "ColorG": 163,
            "ColorR": 255,
            "IntervalsFrom": [
              21,
              37,
              49,
              57,
              61,
              157,
              253,
              261
            ],
            "IntervalsTo": [
              21,
              37,
              49,
              57,
              61,
              157,
              253,
              261
            ],
            "Name": "Face_Left",
            "NrOfIntervals": 8
          },
          {
            "ColorB": 255,
            "ColorG": 0,
            "ColorR": 255,
            "IntervalsFrom": [
              73,
              113,
              133,
              165,
              173,
              229,
              233,
              257
            ],
            "IntervalsTo": [
              73,
              113,
              133,
              165,
              173,
              229,
              233,
              257
            ],
            "Name": "Face_Center",
            "NrOfIntervals": 8
          },
          {
            "ColorB": 95,
            "ColorG": 2,
            "ColorR": 187,
            "IntervalsFrom": [
              85,
              97,
              117,
              149,
              153,
              185,
              217,
              221,
              241
            ],
            "IntervalsTo": [
              85,
              97,
              117,
              149,
              153,
              185,
              217,
              221,
              241
            ],
            "Name": "Face_Right",
            "NrOfIntervals": 9
          },
          {
            "ColorB": 126,
            "ColorG": 255,
            "ColorR": 126,
            "IntervalsFrom": [
              17,
              25,
              69,
              101,
              121,
              125,
              137,
              213
            ],
            "IntervalsTo": [
              17,
              25,
              69,
              101,
              121,
              125,
              137,
              213
            ],
            "Name": "Hand_Left",
            "NrOfIntervals": 8
          },
          {
            "ColorB": 0,
            "ColorG": 199,
            "ColorR": 0,
            "IntervalsFrom": [
              29,
              33,
              65,
              93,
              109,
              141,
              169,
              189,
              193,
              197
            ],
            "IntervalsTo": [
              29,
              33,
              65,
              93,
              109,
              141,
              169,
              189,
              193,
              197
            ],
            "Name": "Hand_Center",
            "NrOfIntervals": 10
          },
          {
            "ColorB": 0,
            "ColorG": 86,
            "ColorR": 0,
            "IntervalsFrom": [
              41,
              77,
              81,
              105,
              145,
              205,
              209,
              245
            ],
            "IntervalsTo": [
              41,
              77,
              81,
              105,
              145,
              205,
              209,
              245
            ],
            "Name": "Hand_Right",
            "NrOfIntervals": 8
          }
        ],
        "FileName": "sub-01_ses-01_MainExp_run-5.prt",
        "Name": "newbi4fmri_MainExp",
        "NrOfConditions": 6,
        "TimeCourseColors": {
          "RefTCPenThick": 3,
          "RefTimeCourseB": 80,
          "RefTimeCourseG": 0,
          "RefTimeCourseR": 0,
          "TCBackColorB": 0,
          "TCBackColorG": 0,
          "TCBackColorR": 0,
          "TCPenThick": 3,
          "TCTextColorB": 255,
          "TCTextColorG": 255,
          "TCTextColorR": 255,
          "TimeCourseB": 255,
          "TimeCourseG": 255,
          "TimeCourseR": 255
        },
        "TimeResolution": "Volumes"
      },
      "SliceAcquisitionOrder": 5,
      "SliceAcquisitionOrderVerified": true,
      "SliceGap": 0,
      "SliceThickness": 2.5,
      "SliceTimingTable": [
        0,
        0.5275,
        0.075,
        0.6025,
        0.15,
        0.6775,
        0.225,
        0.7525,
        0.3,
        0.8275,
        0.3775,
        0.905,
        0.4525,
        0,
        0.5275,
        0.075,
        0.6025,
        0.15,
        0.6775,
        0.225,
        0.7525,
        0.3,
        0.8275,
        0.3775,
        0.905,
        0.4525,
        0,
        0.5275,
        0.075,
        0.6025,
        0.15,
        0.6775,
        0.225,
        0.7525,
        0.3,
        0.8275,
        0.3775,
        0.905,
        0.4525,
        0,
        0.5275,
        0.075,
        0.6025,
        0.15,
        0.6775,
        0.225,
        0.7525,
        0.3,
        0.8275,
        0.3775,
        0.905,
        0.4525
      ],
      "SliceTimingTableSize": 52,
      "TE": 0.028,
      "TR": 1,
      "TimeResolutionVerified": true,
      "Version": 1,
      "VoxelResolutionVerified": true
    },
    "ConversionSoftware": "BrainVoyager",
    "ConversionSoftwareVersion": "21.4.5.4030",
    "ImageNumber": 1,
    "ImageOrientationPatientDICOM": [
      1,
      0,
      0,
      0,
      0.8995577691473,
      -0.4368018085662
    ],
    "ImagePositionPatientDICOM": [
      -839.86235119402,
      -793.9384244602,
      284.91879873665
    ],
    "ImageType": "ORIGINAL PRIMARY M MB ND NORM MOSAIC",
    "MagneticFieldStrength": 3,
    "Manufacturer": "SIEMENS",
    "ManufacturersModelName": "Prisma_fit",
    "Modality": "MR",
    "NrOfTemporalPositions": 0,
    "PatientPosition": "HFS",
    "RepetitionTime": 1,
    "SeriesDescription": "ep_mb4_2.5iso",
    "SeriesNumber": 9,
    "SiemensMosaicSliceAcqOrder": 3,
    "SiemensMosaicTE": 0.028,
    "SiemensMosaicTR": 1,
    "SliceThickness": 2.5,
    "SliceTiming": [
      0,
      0.5275,
      0.075,
      0.6025,
      0.15,
      0.6775,
      0.225,
      0.7525,
      0.3,
      0.8275,
      0.3775,
      0.905,
      0.4525,
      0,
      0.5275,
      0.075,
      0.6025,
      0.15,
      0.6775,
      0.225,
      0.7525,
      0.3,
      0.8275,
      0.3775,
      0.905,
      0.4525,
      0,
      0.5275,
      0.075,
      0.6025,
      0.15,
      0.6775,
      0.225,
      0.7525,
      0.3,
      0.8275,
      0.3775,
      0.905,
      0.4525,
      0,
      0.5275,
      0.075,
      0.6025,
      0.15,
      0.6775,
      0.225,
      0.7525,
      0.3,
      0.8275,
      0.3775,
      0.905,
      0.4525
    ],
    "StudyDescription": "newbi4fmri_MainExp",
    "TaskName": "newbi4fmri_MainExp",
    "dataset": "ds003434",
    "modality": "bold",
    "run_id": 5,
    "session_id": "01",
    "subject_id": "01",
    "task_id": "MainExp"
  },
  "dummy_trs": 1,
  "dvars_nstd": 26.562769855683463,
  "dvars_std": 1.1604118689928065,
  "dvars_vstd": 1.0063127568705041,
  "efc": 0.5193405884771192,
  "fber": 3275.371337890625,
  "fd_mean": 0.0901119928595435,
  "fd_num": 3,
  "fd_perc": 1.075268817204301,
  "fwhm_avg": 2.1370426666666664,
  "fwhm_x": 2.035012,
  "fwhm_y": 2.3066839999999997,
  "fwhm_z": 2.069432,
  "gcor": 0.0235575,
  "gsr_x": -0.008752146735787392,
  "gsr_y": 0.033748093992471695,
  "provenance": {
    "md5sum": "c90ac1cfceb5e68386dea09b00a1ebe6",
    "settings": {
      "fd_thres": 0.2,
      "testing": false
    },
    "software": "mriqc",
    "version": "22.0.6",
    "webapi_port": null,
    "webapi_url": "https://mriqc.nimh.nih.gov/api/v1"
  },
  "size_t": 279,
  "size_x": 84,
  "size_y": 84,
  "size_z": 52,
  "snr": 4.772710926605223,
  "spacing_tr": 1.0,
  "spacing_x": 2.5,
  "spacing_y": 2.5,
  "spacing_z": 2.5,
  "summary_bg_k": 20.067159849926288,
  "summary_bg_mad": 44.96336337128176,
  "summary_bg_mean": 196.4403533935547,
  "summary_bg_median": 64.52123260498047,
  "summary_bg_n": 234524.0,
  "summary_bg_p05": 29.688120460510255,
  "summary_bg_p95": 821.7166687011716,
  "summary_bg_stdv": 347.1780090332031,
  "summary_fg_k": 5.114446509428115,
  "summary_fg_mad": 600.2667634002944,
  "summary_fg_mean": 3904.546875,
  "summary_fg_median": 3779.704345703125,
  "summary_fg_n": 71682.0,
  "summary_fg_p05": 2960.8944458007813,
  "summary_fg_p95": 5290.895654296874,
  "summary_fg_stdv": 791.9352416992188,
  "tsnr": 62.020809173583984
}