{
  "aor": 0.0003379211469534051,
  "aqi": 0.008333560681003585,
  "bids_meta": {
    "AcquisitionNumber": 1,
    "AcquisitionTime": "14:44:47.892500",
    "BrainVoyagerInfo": {
      "AcquisitionTime": "144447.892500",
      "CalculatedDicomSlice1CenterX": -1.11236572265625,
      "CalculatedDicomSlice1CenterY": -37.018226623535156,
      "CalculatedDicomSlice1CenterZ": -92.92951965332031,
      "CalculatedDicomSliceNCenterX": -1.11236572265625,
      "CalculatedDicomSliceNCenterY": 13.413830757141113,
      "CalculatedDicomSliceNCenterZ": 24.172391891479492,
      "CoordinateSystem": 1,
      "DataStorageFormat": 2,
      "DataType": 2,
      "DicomColDirX": 0,
      "DicomColDirY": 0.9184463620185852,
      "DicomColDirZ": -0.3955455422401428,
      "DicomFoVCols": 210,
      "DicomFoVRows": 210,
      "DicomGapThickness": 0,
      "DicomNCols": 84,
      "DicomNRows": 84,
      "DicomPosInfoPresent": 1,
      "DicomRowDirX": 1,
      "DicomRowDirY": 0,
      "DicomRowDirZ": 0,
      "DicomSliceThickness": 2.5,
      "DocumentType": "FMR",
      "MultiBandSequence": true,
      "NrOfPastSpatialTransformations": 0,
      "NrOfPreprocessingSteps": 0,
      "NrOfSkippedVolumes": 0,
      "Protocol": {
        "Conditions": [
          {
            "ColorB": 255,
            "ColorG": 163,
            "ColorR": 255,
            "IntervalsFrom": [
              49,
              65,
              85,
              105,
              121,
              125,
              141,
              157,
              161
            ],
            "IntervalsTo": [
              49,
              65,
              85,
              105,
              121,
              125,
              141,
              157,
              161
            ],
            "Name": "Face_Left",
            "NrOfIntervals": 9
          },
          {
            "ColorB": 255,
            "ColorG": 0,
            "ColorR": 255,
            "IntervalsFrom": [
              17,
              21,
              33,
              57,
              69,
              73,
              101,
              133,
              241
            ],
            "IntervalsTo": [
              17,
              21,
              33,
              57,
              69,
              73,
              101,
              133,
              241
            ],
            "Name": "Face_Center",
            "NrOfIntervals": 9
          },
          {
            "ColorB": 95,
            "ColorG": 2,
            "ColorR": 187,
            "IntervalsFrom": [
              61,
              81,
              149,
              165,
              173,
              197,
              237,
              253,
              257
            ],
            "IntervalsTo": [
              61,
              81,
              149,
              165,
              173,
              197,
              237,
              253,
              257
            ],
            "Name": "Face_Right",
            "NrOfIntervals": 9
          },
          {
            "ColorB": 126,
            "ColorG": 255,
            "ColorR": 126,
            "IntervalsFrom": [
              37,
              97,
              145,
              153,
              185,
              193,
              213,
              221
            ],
            "IntervalsTo": [
              37,
              97,
              145,
              153,
              185,
              193,
              213,
              221
            ],
            "Name": "Hand_Left",
            "NrOfIntervals": 8
          },
          {
            "ColorB": 0,
            "ColorG": 199,
            "ColorR": 0,
            "IntervalsFrom": [
              25,
              45,
              89,
              113,
              169,
              217,
              229,
              261
            ],
            "IntervalsTo": [
              25,
              45,
              89,
              113,
              169,
              217,
              229,
              261
            ],
            "Name": "Hand_Center",
            "NrOfIntervals": 8
          },
          {
            "ColorB": 0,
            "ColorG": 86,
            "ColorR": 0,
            "IntervalsFrom": [
              77,
              117,
              129,
              177,
              205,
              209,
              225,
              245
            ],
            "IntervalsTo": [
              77,
              117,
              129,
              177,
              205,
              209,
              225,
              245
            ],
            "Name": "Hand_Right",
            "NrOfIntervals": 8
          }
        ],
        "FileName": "sub-16_ses-01_MainExp_run-4.prt",
        "Name": "newbi4fmri_MainExp",
        "NrOfConditions": 6,
        "TimeCourseColors": {
          "RefTCPenThick": 3,
          "RefTimeCourseB": 80,
          "RefTimeCourseG": 0,
          "RefTimeCourseR": 0,
          "TCBackColorB": 0,
          "TCBackColorG": 0,
          "TCBackColorR": 0,
          "TCPenThick": 3,
          "TCTextColorB": 255,
          "TCTextColorG": 255,
          "TCTextColorR": 255,
          "TimeCourseB": 255,
          "TimeCourseG": 255,
          "TimeCourseR": 255
        },
        "TimeResolution": "Volumes"
      },
      "SliceAcquisitionOrder": 5,
      "SliceAcquisitionOrderVerified": true,
      "SliceGap": 0,
      "SliceThickness": 2.5,
      "SliceTimingTable": [
        0,
        0.5275,
        0.075,
        0.6025,
        0.15,
        0.6775,
        0.225,
        0.7525,
        0.3,
        0.8275,
        0.3775,
        0.905,
        0.4525,
        0,
        0.5275,
        0.075,
        0.6025,
        0.15,
        0.6775,
        0.225,
        0.7525,
        0.3,
        0.8275,
        0.3775,
        0.905,
        0.4525,
        0,
        0.5275,
        0.075,
        0.6025,
        0.15,
        0.6775,
        0.225,
        0.7525,
        0.3,
        0.8275,
        0.3775,
        0.905,
        0.4525,
        0,
        0.5275,
        0.075,
        0.6025,
        0.15,
        0.6775,
        0.225,
        0.7525,
        0.3,
        0.8275,
        0.3775,
        0.905,
        0.4525
      ],
      "SliceTimingTableSize": 52,
      "TE": 0.028,
      "TR": 1,
      "TimeResolutionVerified": true,
      "Version": 1,
      "VoxelResolutionVerified": true
    },
    "ConversionSoftware": "BrainVoyager",
    "ConversionSoftwareVersion": "21.4.5.4030",
    "ImageNumber": 1,
    "ImageOrientationPatientDICOM": [
      1,
      0,
      0,
      0,
      0.91844636706283,
      -0.3955455357214
    ],
    "ImagePositionPatientDICOM": [
      -839.86235119402,
      -807.36509603786,
      238.83429981063
    ],
    "ImageType": "ORIGINAL PRIMARY M MB ND NORM MOSAIC",
    "MagneticFieldStrength": 3,
    "Manufacturer": "SIEMENS",
    "ManufacturersModelName": "Prisma_fit",
    "Modality": "MR",
    "NrOfTemporalPositions": 0,
    "PatientPosition": "HFS",
    "RepetitionTime": 1,
    "SeriesDescription": "ep_mb4_2.5iso",
    "SeriesNumber": 8,
    "SiemensMosaicSliceAcqOrder": 3,
    "SiemensMosaicTE": 0.028,
    "SiemensMosaicTR": 1,
    "SliceThickness": 2.5,
    "SliceTiming": [
      0,
      0.5275,
      0.075,
      0.6025,
      0.15,
      0.6775,
      0.225,
      0.7525,
      0.3,
      0.8275,
      0.3775,
      0.905,
      0.4525,
      0,
      0.5275,
      0.075,
      0.6025,
      0.15,
      0.6775,
      0.225,
      0.7525,
      0.3,
      0.8275,
      0.3775,
      0.905,
      0.4525,
      0,
      0.5275,
      0.075,
      0.6025,
      0.15,
      0.6775,
      0.225,
      0.7525,
      0.3,
      0.8275,
      0.3775,
      0.905,
      0.4525,
      0,
      0.5275,
      0.075,
      0.6025,
      0.15,
      0.6775,
      0.225,
      0.7525,
      0.3,
      0.8275,
      0.3775,
      0.905,
      0.4525
    ],
    "StudyDescription": "newbi4fmri_MainExp",
    "TaskName": "newbi4fmri_MainExp",
    "dataset": "ds003434",
    "modality": "bold",
    "run_id": 4,
    "session_id": "01",
    "subject_id": "16",
    "task_id": "MainExp"
  },
  "dummy_trs": 1,
  "dvars_nstd": 32.75125161158274,
  "dvars_std": 1.221006107949641,
  "dvars_vstd": 0.9898913476618699,
  "efc": 0.500072354228417,
  "fber": 3206.386474609375,
  "fd_mean": 0.1644487159578347,
  "fd_num": 87,
  "fd_perc": 31.182795698924732,
  "fwhm_avg": 1.9495213333333332,
  "fwhm_x": 1.812668,
  "fwhm_y": 2.103116,
  "fwhm_z": 1.93278,
  "gcor": 0.0143561,
  "gsr_x": -0.014639442786574364,
  "gsr_y": 0.022859616205096245,
  "provenance": {
    "md5sum": "365b723602a5307275143578214be14a",
    "settings": {
      "fd_thres": 0.2,
      "testing": false
    },
    "software": "mriqc",
    "version": "22.0.6",
    "webapi_port": null,
    "webapi_url": "https://mriqc.nimh.nih.gov/api/v1"
  },
  "size_t": 279,
  "size_x": 84,
  "size_y": 84,
  "size_z": 52,
  "snr": 5.375614272225088,
  "spacing_tr": 1.0,
  "spacing_x": 2.5,
  "spacing_y": 2.5,
  "spacing_z": 2.5,
  "summary_bg_k": 30.26425949677637,
  "summary_bg_mad": 28.680868202985856,
  "summary_bg_mean": 138.45260620117188,
  "summary_bg_median": 52.721519470214844,
  "summary_bg_n": 241119.0,
  "summary_bg_p05": 26.821518325805663,
  "summary_bg_p95": 532.3494445800779,
  "summary_bg_stdv": 263.0390930175781,
  "summary_fg_k": 3.7876701605012357,
  "summary_fg_mad": 511.03499513629805,
  "summary_fg_mean": 3120.458984375,
  "summary_fg_median": 3042.94677734375,
  "summary_fg_n": 66248.0,
  "summary_fg_p05": 2392.0958618164063,
  "summary_fg_p95": 4068.3466308593747,
  "summary_fg_stdv": 566.0606689453125,
  "tsnr": 51.686676025390625
}