{
  "aor": 0.0006186785714285716,
  "aqi": 0.006525101357142856,
  "bids_meta": {
    "AcquisitionNumber": 1,
    "AcquisitionTime": "14:29:36.195000",
    "BrainVoyagerInfo": {
      "AcquisitionTime": "142936.195000",
      "CalculatedDicomSlice1CenterX": -1.11236572265625,
      "CalculatedDicomSlice1CenterY": -37.018226623535156,
      "CalculatedDicomSlice1CenterZ": -92.92951965332031,
      "CalculatedDicomSliceNCenterX": -1.11236572265625,
      "CalculatedDicomSliceNCenterY": 13.413830757141113,
      "CalculatedDicomSliceNCenterZ": 24.172391891479492,
      "CoordinateSystem": 1,
      "DataStorageFormat": 2,
      "DataType": 2,
      "DicomColDirX": 0,
      "DicomColDirY": 0.9184463620185852,
      "DicomColDirZ": -0.3955455422401428,
      "DicomFoVCols": 210,
      "DicomFoVRows": 210,
      "DicomGapThickness": 0,
      "DicomNCols": 84,
      "DicomNRows": 84,
      "DicomPosInfoPresent": 1,
      "DicomRowDirX": 1,
      "DicomRowDirY": 0,
      "DicomRowDirZ": 0,
      "DicomSliceThickness": 2.5,
      "DocumentType": "FMR",
      "MultiBandSequence": true,
      "NrOfPastSpatialTransformations": 0,
      "NrOfPreprocessingSteps": 0,
      "NrOfSkippedVolumes": 0,
      "Protocol": {
        "Conditions": [
          {
            "ColorB": 255,
            "ColorG": 163,
            "ColorR": 255,
            "IntervalsFrom": [
              37,
              41,
              53,
              57,
              61,
              133,
              177,
              185,
              237,
              257
            ],
            "IntervalsTo": [
              37,
              41,
              53,
              57,
              61,
              133,
              177,
              185,
              237,
              257
            ],
            "Name": "Face_Left",
            "NrOfIntervals": 10
          },
          {
            "ColorB": 255,
            "ColorG": 0,
            "ColorR": 255,
            "IntervalsFrom": [
              25,
              113,
              153,
              161,
              169,
              173,
              197,
              249
            ],
            "IntervalsTo": [
              25,
              113,
              153,
              161,
              169,
              173,
              197,
              249
            ],
            "Name": "Face_Center",
            "NrOfIntervals": 8
          },
          {
            "ColorB": 95,
            "ColorG": 2,
            "ColorR": 187,
            "IntervalsFrom": [
              65,
              81,
              109,
              125,
              189,
              213,
              221,
              253
            ],
            "IntervalsTo": [
              65,
              81,
              109,
              125,
              189,
              213,
              221,
              253
            ],
            "Name": "Face_Right",
            "NrOfIntervals": 8
          },
          {
            "ColorB": 126,
            "ColorG": 255,
            "ColorR": 126,
            "IntervalsFrom": [
              17,
              21,
              29,
              101,
              141,
              157,
              233,
              241
            ],
            "IntervalsTo": [
              17,
              21,
              29,
              101,
              141,
              157,
              233,
              241
            ],
            "Name": "Hand_Left",
            "NrOfIntervals": 8
          },
          {
            "ColorB": 0,
            "ColorG": 199,
            "ColorR": 0,
            "IntervalsFrom": [
              49,
              73,
              77,
              85,
              89,
              97,
              145,
              165,
              261
            ],
            "IntervalsTo": [
              49,
              73,
              77,
              85,
              89,
              97,
              145,
              165,
              261
            ],
            "Name": "Hand_Center",
            "NrOfIntervals": 9
          },
          {
            "ColorB": 0,
            "ColorG": 86,
            "ColorR": 0,
            "IntervalsFrom": [
              45,
              121,
              129,
              193,
              205,
              209,
              225,
              245
            ],
            "IntervalsTo": [
              45,
              121,
              129,
              193,
              205,
              209,
              225,
              245
            ],
            "Name": "Hand_Right",
            "NrOfIntervals": 8
          }
        ],
        "FileName": "sub-16_ses-01_MainExp_run-1.prt",
        "Name": "newbi4fmri_MainExp",
        "NrOfConditions": 6,
        "TimeCourseColors": {
          "RefTCPenThick": 3,
          "RefTimeCourseB": 80,
          "RefTimeCourseG": 0,
          "RefTimeCourseR": 0,
          "TCBackColorB": 0,
          "TCBackColorG": 0,
          "TCBackColorR": 0,
          "TCPenThick": 3,
          "TCTextColorB": 255,
          "TCTextColorG": 255,
          "TCTextColorR": 255,
          "TimeCourseB": 255,
          "TimeCourseG": 255,
          "TimeCourseR": 255
        },
        "TimeResolution": "Volumes"
      },
      "SliceAcquisitionOrder": 5,
      "SliceAcquisitionOrderVerified": true,
      "SliceGap": 0,
      "SliceThickness": 2.5,
      "SliceTimingTable": [
        0,
        0.5275,
        0.075,
        0.6025,
        0.1525,
        0.68,
        0.2275,
        0.755,
        0.3025,
        0.83,
        0.3775,
        0.905,
        0.4525,
        0,
        0.5275,
        0.075,
        0.6025,
        0.1525,
        0.68,
        0.2275,
        0.755,
        0.3025,
        0.83,
        0.3775,
        0.905,
        0.4525,
        0,
        0.5275,
        0.075,
        0.6025,
        0.1525,
        0.68,
        0.2275,
        0.755,
        0.3025,
        0.83,
        0.3775,
        0.905,
        0.4525,
        0,
        0.5275,
        0.075,
        0.6025,
        0.1525,
        0.68,
        0.2275,
        0.755,
        0.3025,
        0.83,
        0.3775,
        0.905,
        0.4525
      ],
      "SliceTimingTableSize": 52,
      "TE": 0.028,
      "TR": 1,
      "TimeResolutionVerified": true,
      "Version": 1,
      "VoxelResolutionVerified": true
    },
    "ConversionSoftware": "BrainVoyager",
    "ConversionSoftwareVersion": "21.4.5.4030",
    "ImageNumber": 1,
    "ImageOrientationPatientDICOM": [
      1,
      0,
      0,
      0,
      0.91844636706283,
      -0.3955455357214
    ],
    "ImagePositionPatientDICOM": [
      -839.86235119402,
      -807.36509603786,
      238.83429981063
    ],
    "ImageType": "ORIGINAL PRIMARY M MB ND NORM MOSAIC",
    "MagneticFieldStrength": 3,
    "Manufacturer": "SIEMENS",
    "ManufacturersModelName": "Prisma_fit",
    "Modality": "MR",
    "NrOfTemporalPositions": 0,
    "PatientPosition": "HFS",
    "RepetitionTime": 1,
    "SeriesDescription": "ep_mb4_2.5iso",
    "SeriesNumber": 5,
    "SiemensMosaicSliceAcqOrder": 3,
    "SiemensMosaicTE": 0.028,
    "SiemensMosaicTR": 1,
    "SliceThickness": 2.5,
    "SliceTiming": [
      0,
      0.5275,
      0.075,
      0.6025,
      0.1525,
      0.68,
      0.2275,
      0.755,
      0.3025,
      0.83,
      0.3775,
      0.905,
      0.4525,
      0,
      0.5275,
      0.075,
      0.6025,
      0.1525,
      0.68,
      0.2275,
      0.755,
      0.3025,
      0.83,
      0.3775,
      0.905,
      0.4525,
      0,
      0.5275,
      0.075,
      0.6025,
      0.1525,
      0.68,
      0.2275,
      0.755,
      0.3025,
      0.83,
      0.3775,
      0.905,
      0.4525,
      0,
      0.5275,
      0.075,
      0.6025,
      0.1525,
      0.68,
      0.2275,
      0.755,
      0.3025,
      0.83,
      0.3775,
      0.905,
      0.4525
    ],
    "StudyDescription": "newbi4fmri_MainExp",
    "TaskName": "newbi4fmri_MainExp",
    "dataset": "ds003434",
    "modality": "bold",
    "run_id": 1,
    "session_id": "01",
    "subject_id": "16",
    "task_id": "MainExp"
  },
  "dummy_trs": 0,
  "dvars_nstd": 32.42071506526882,
  "dvars_std": 1.2314065591039427,
  "dvars_vstd": 1.001412088781362,
  "efc": 0.49947414317577565,
  "fber": 3227.3232421875,
  "fd_mean": 0.15502755973246218,
  "fd_num": 76,
  "fd_perc": 27.142857142857142,
  "fwhm_avg": 1.956512,
  "fwhm_x": 1.816796,
  "fwhm_y": 2.109648,
  "fwhm_z": 1.943092,
  "gcor": 0.0110017,
  "gsr_x": -0.014053406193852425,
  "gsr_y": 0.02425195463001728,
  "provenance": {
    "md5sum": "0693778080703b63e3e555b76d5b6400",
    "settings": {
      "fd_thres": 0.2,
      "testing": false
    },
    "software": "mriqc",
    "version": "22.0.6",
    "webapi_port": null,
    "webapi_url": "https://mriqc.nimh.nih.gov/api/v1"
  },
  "size_t": 280,
  "size_x": 84,
  "size_y": 84,
  "size_z": 52,
  "snr": 5.356250706373963,
  "spacing_tr": 1.0,
  "spacing_x": 2.5,
  "spacing_y": 2.5,
  "spacing_z": 2.5,
  "summary_bg_k": 31.945130957226894,
  "summary_bg_mad": 28.53965721897841,
  "summary_bg_mean": 136.97793579101562,
  "summary_bg_median": 52.598854064941406,
  "summary_bg_n": 241042.0,
  "summary_bg_p05": 26.84146604537964,
  "summary_bg_p95": 522.1812255859365,
  "summary_bg_stdv": 261.82318115234375,
  "summary_fg_k": 3.639838897309909,
  "summary_fg_mad": 515.798614886455,
  "summary_fg_mean": 3122.81005859375,
  "summary_fg_median": 3047.147705078125,
  "summary_fg_n": 66329.0,
  "summary_fg_p05": 2381.581494140625,
  "summary_fg_p95": 4082.6535156249997,
  "summary_fg_stdv": 568.891357421875,
  "tsnr": 55.971832275390625
}