{
  "aor": 0.0009484999999999999,
  "aqi": 0.009585311321428572,
  "bids_meta": {
    "AcquisitionNumber": 1,
    "AcquisitionTime": "14:54:45.222500",
    "BrainVoyagerInfo": {
      "AcquisitionTime": "145445.222500",
      "CalculatedDicomSlice1CenterX": -1.11236572265625,
      "CalculatedDicomSlice1CenterY": -37.018226623535156,
      "CalculatedDicomSlice1CenterZ": -92.92951965332031,
      "CalculatedDicomSliceNCenterX": -1.11236572265625,
      "CalculatedDicomSliceNCenterY": 13.413830757141113,
      "CalculatedDicomSliceNCenterZ": 24.172391891479492,
      "CoordinateSystem": 1,
      "DataStorageFormat": 2,
      "DataType": 2,
      "DicomColDirX": 0,
      "DicomColDirY": 0.9184463620185852,
      "DicomColDirZ": -0.3955455422401428,
      "DicomFoVCols": 210,
      "DicomFoVRows": 210,
      "DicomGapThickness": 0,
      "DicomNCols": 84,
      "DicomNRows": 84,
      "DicomPosInfoPresent": 1,
      "DicomRowDirX": 1,
      "DicomRowDirY": 0,
      "DicomRowDirZ": 0,
      "DicomSliceThickness": 2.5,
      "DocumentType": "FMR",
      "MultiBandSequence": true,
      "NrOfPastSpatialTransformations": 0,
      "NrOfPreprocessingSteps": 0,
      "NrOfSkippedVolumes": 0,
      "Protocol": {
        "Conditions": [
          {
            "ColorB": 255,
            "ColorG": 163,
            "ColorR": 255,
            "IntervalsFrom": [
              21,
              25,
              49,
              81,
              133,
              145,
              201,
              261
            ],
            "IntervalsTo": [
              21,
              25,
              49,
              81,
              133,
              145,
              201,
              261
            ],
            "Name": "Face_Left",
            "NrOfIntervals": 8
          },
          {
            "ColorB": 255,
            "ColorG": 0,
            "ColorR": 255,
            "IntervalsFrom": [
              29,
              65,
              77,
              121,
              169,
              205,
              209,
              221
            ],
            "IntervalsTo": [
              29,
              65,
              77,
              121,
              169,
              205,
              209,
              221
            ],
            "Name": "Face_Center",
            "NrOfIntervals": 8
          },
          {
            "ColorB": 95,
            "ColorG": 2,
            "ColorR": 187,
            "IntervalsFrom": [
              37,
              41,
              53,
              61,
              101,
              125,
              129,
              157,
              245,
              249
            ],
            "IntervalsTo": [
              37,
              41,
              53,
              61,
              101,
              125,
              129,
              157,
              245,
              249
            ],
            "Name": "Face_Right",
            "NrOfIntervals": 10
          },
          {
            "ColorB": 126,
            "ColorG": 255,
            "ColorR": 126,
            "IntervalsFrom": [
              33,
              89,
              105,
              113,
              181,
              217,
              233,
              237
            ],
            "IntervalsTo": [
              33,
              89,
              105,
              113,
              181,
              217,
              233,
              237
            ],
            "Name": "Hand_Left",
            "NrOfIntervals": 8
          },
          {
            "ColorB": 0,
            "ColorG": 199,
            "ColorR": 0,
            "IntervalsFrom": [
              17,
              109,
              149,
              153,
              161,
              165,
              177,
              185,
              225
            ],
            "IntervalsTo": [
              17,
              109,
              149,
              153,
              161,
              165,
              177,
              185,
              225
            ],
            "Name": "Hand_Center",
            "NrOfIntervals": 9
          },
          {
            "ColorB": 0,
            "ColorG": 86,
            "ColorR": 0,
            "IntervalsFrom": [
              69,
              73,
              93,
              141,
              189,
              193,
              229,
              257
            ],
            "IntervalsTo": [
              69,
              73,
              93,
              141,
              189,
              193,
              229,
              257
            ],
            "Name": "Hand_Right",
            "NrOfIntervals": 8
          }
        ],
        "FileName": "sub-16_ses-01_MainExp_run-6.prt",
        "Name": "newbi4fmri_MainExp",
        "NrOfConditions": 6,
        "TimeCourseColors": {
          "RefTCPenThick": 3,
          "RefTimeCourseB": 80,
          "RefTimeCourseG": 0,
          "RefTimeCourseR": 0,
          "TCBackColorB": 0,
          "TCBackColorG": 0,
          "TCBackColorR": 0,
          "TCPenThick": 3,
          "TCTextColorB": 255,
          "TCTextColorG": 255,
          "TCTextColorR": 255,
          "TimeCourseB": 255,
          "TimeCourseG": 255,
          "TimeCourseR": 255
        },
        "TimeResolution": "Volumes"
      },
      "SliceAcquisitionOrder": 5,
      "SliceAcquisitionOrderVerified": true,
      "SliceGap": 0,
      "SliceThickness": 2.5,
      "SliceTimingTable": [
        0,
        0.5275,
        0.075,
        0.6025,
        0.15,
        0.6775,
        0.225,
        0.7525,
        0.3,
        0.8275,
        0.375,
        0.9025,
        0.45,
        0,
        0.5275,
        0.075,
        0.6025,
        0.15,
        0.6775,
        0.225,
        0.7525,
        0.3,
        0.8275,
        0.375,
        0.9025,
        0.45,
        0,
        0.5275,
        0.075,
        0.6025,
        0.15,
        0.6775,
        0.225,
        0.7525,
        0.3,
        0.8275,
        0.375,
        0.9025,
        0.45,
        0,
        0.5275,
        0.075,
        0.6025,
        0.15,
        0.6775,
        0.225,
        0.7525,
        0.3,
        0.8275,
        0.375,
        0.9025,
        0.45
      ],
      "SliceTimingTableSize": 52,
      "TE": 0.028,
      "TR": 1,
      "TimeResolutionVerified": true,
      "Version": 1,
      "VoxelResolutionVerified": true
    },
    "ConversionSoftware": "BrainVoyager",
    "ConversionSoftwareVersion": "21.4.5.4030",
    "ImageNumber": 1,
    "ImageOrientationPatientDICOM": [
      1,
      0,
      0,
      0,
      0.91844636706283,
      -0.3955455357214
    ],
    "ImagePositionPatientDICOM": [
      -839.86235119402,
      -807.36509603786,
      238.83429981063
    ],
    "ImageType": "ORIGINAL PRIMARY M MB ND NORM MOSAIC",
    "MagneticFieldStrength": 3,
    "Manufacturer": "SIEMENS",
    "ManufacturersModelName": "Prisma_fit",
    "Modality": "MR",
    "NrOfTemporalPositions": 0,
    "PatientPosition": "HFS",
    "RepetitionTime": 1,
    "SeriesDescription": "ep_mb4_2.5iso",
    "SeriesNumber": 10,
    "SiemensMosaicSliceAcqOrder": 3,
    "SiemensMosaicTE": 0.028,
    "SiemensMosaicTR": 1,
    "SliceThickness": 2.5,
    "SliceTiming": [
      0,
      0.5275,
      0.075,
      0.6025,
      0.15,
      0.6775,
      0.225,
      0.7525,
      0.3,
      0.8275,
      0.375,
      0.9025,
      0.45,
      0,
      0.5275,
      0.075,
      0.6025,
      0.15,
      0.6775,
      0.225,
      0.7525,
      0.3,
      0.8275,
      0.375,
      0.9025,
      0.45,
      0,
      0.5275,
      0.075,
      0.6025,
      0.15,
      0.6775,
      0.225,
      0.7525,
      0.3,
      0.8275,
      0.375,
      0.9025,
      0.45,
      0,
      0.5275,
      0.075,
      0.6025,
      0.15,
      0.6775,
      0.225,
      0.7525,
      0.3,
      0.8275,
      0.375,
      0.9025,
      0.45
    ],
    "StudyDescription": "newbi4fmri_MainExp",
    "TaskName": "newbi4fmri_MainExp",
    "dataset": "ds003434",
    "modality": "bold",
    "run_id": 6,
    "session_id": "01",
    "subject_id": "16",
    "task_id": "MainExp"
  },
  "dummy_trs": 0,
  "dvars_nstd": 32.860372967240146,
  "dvars_std": 1.2246431351612903,
  "dvars_vstd": 0.9879913987813627,
  "efc": 0.5007709748977188,
  "fber": 3177.971435546875,
  "fd_mean": 0.16885934662461607,
  "fd_num": 89,
  "fd_perc": 31.785714285714285,
  "fwhm_avg": 1.9465893333333335,
  "fwhm_x": 1.8082360000000002,
  "fwhm_y": 2.097704,
  "fwhm_z": 1.933828,
  "gcor": 0.0100498,
  "gsr_x": -0.0154560012742877,
  "gsr_y": 0.021452097222208977,
  "provenance": {
    "md5sum": "93fb78f4e9addc6e094a1639da3fbd68",
    "settings": {
      "fd_thres": 0.2,
      "testing": false
    },
    "software": "mriqc",
    "version": "22.0.6",
    "webapi_port": null,
    "webapi_url": "https://mriqc.nimh.nih.gov/api/v1"
  },
  "size_t": 280,
  "size_x": 84,
  "size_y": 84,
  "size_z": 52,
  "snr": 5.391496528200278,
  "spacing_tr": 1.0,
  "spacing_x": 2.5,
  "spacing_y": 2.5,
  "spacing_z": 2.5,
  "summary_bg_k": 28.7941841359388,
  "summary_bg_mad": 29.17247958428877,
  "summary_bg_mean": 140.48983764648438,
  "summary_bg_median": 53.03288269042969,
  "summary_bg_n": 241280.0,
  "summary_bg_p05": 26.54536485671997,
  "summary_bg_p95": 543.4120269775391,
  "summary_bg_stdv": 265.9976806640625,
  "summary_fg_k": 3.814689229604064,
  "summary_fg_mad": 512.0095816776375,
  "summary_fg_mean": 3119.515869140625,
  "summary_fg_median": 3045.083251953125,
  "summary_fg_n": 66175.0,
  "summary_fg_p05": 2387.9860107421873,
  "summary_fg_p95": 4063.587304687499,
  "summary_fg_stdv": 564.7894287109375,
  "tsnr": 49.35570526123047
}