{
  "bids_meta": {
    "AcquisitionNumber": 1,
    "AcquisitionTime": "14:10:50",
    "BrainVoyagerInfo": {
      "CalculatedDicomSlice1CenterX": -86.56888580322266,
      "CalculatedDicomSlice1CenterY": -22.388107299804688,
      "CalculatedDicomSlice1CenterZ": -53.03697204589844,
      "CalculatedDicomSliceNCenterX": 88.43111419677734,
      "CalculatedDicomSliceNCenterY": -22.388107299804688,
      "CalculatedDicomSliceNCenterZ": -53.03697204589844,
      "CoordinateSystem": 1,
      "DicomColDirX": 0,
      "DicomColDirY": 0,
      "DicomColDirZ": -1,
      "DicomFoVCols": 256,
      "DicomFoVRows": 216,
      "DicomGapThickness": 0,
      "DicomNCols": 216,
      "DicomNRows": 256,
      "DicomPosInfoPresent": 1,
      "DicomRowDirX": 0,
      "DicomRowDirY": 1,
      "DicomRowDirZ": 0,
      "DicomSliceThickness": 1,
      "DocumentType": "VMR",
      "FramingCubeDim": 256,
      "MagnetPosInfosVerified": 1,
      "NrOfPastSpatialTransformations": 0,
      "NrOfPreprocessingSteps": 0,
      "OffsetX": 0,
      "OffsetY": 0,
      "OffsetZ": 0,
      "ReferenceSpace": "Native",
      "Version": 1
    },
    "ConversionSoftware": "BrainVoyager",
    "ConversionSoftwareVersion": "21.4.5.4030",
    "ImageNumber": 176,
    "ImageOrientationPatientDICOM": [
      0,
      1,
      0,
      0,
      0,
      -1
    ],
    "ImagePositionPatientDICOM": [
      88.431112647057,
      -129.8881111145,
      74.463027954102
    ],
    "ImageType": "ORIGINAL PRIMARY M ND NORM",
    "MagneticFieldStrength": 3,
    "Manufacturer": "SIEMENS",
    "ManufacturersModelName": "Prisma_fit",
    "Modality": "MR",
    "PatientPosition": "HFS",
    "RepetitionTime": 2.3,
    "SeriesDescription": "mprage_sag_p2",
    "SeriesNumber": 2,
    "SliceThickness": 1,
    "StudyDescription": "Culham^Psych_9223",
    "dataset": "ds003434",
    "modality": "T1w",
    "session_id": "01",
    "subject_id": "09"
  },
  "cjv": 0.33588624990196236,
  "cnr": 3.945151443229038,
  "efc": 0.510561504954135,
  "fber": -1.0,
  "fwhm_avg": 3.536856666666667,
  "fwhm_x": 3.64195,
  "fwhm_y": 3.57158,
  "fwhm_z": 3.39704,
  "icvs_csf": 0.19322289009362814,
  "icvs_gm": 0.45973859927875854,
  "icvs_wm": 0.3470385106276133,
  "inu_med": 0.47298187017440796,
  "inu_range": 0.1312098503112793,
  "provenance": {
    "md5sum": "451cbfafd4b568e8817003b11b81d3d9",
    "settings": {
      "testing": false
    },
    "software": "mriqc",
    "version": "22.0.6",
    "warnings": {
      "large_rot_frame": true,
      "small_air_mask": false
    },
    "webapi_port": null,
    "webapi_url": "https://mriqc.nimh.nih.gov/api/v1"
  },
  "qi_1": 0.030925113862877003,
  "qi_2": 0.031485875827383755,
  "rpve_csf": 22.826044017058678,
  "rpve_gm": 10.440386637723632,
  "rpve_wm": 15.361261556369003,
  "size_x": 176,
  "size_y": 216,
  "size_z": 256,
  "snr_csf": 1.9528146198802143,
  "snr_gm": 10.64743276672449,
  "snr_total": 11.731647565917891,
  "snr_wm": 22.594695311148968,
  "snrd_csf": 29.852834357060228,
  "snrd_gm": 87.63785482635596,
  "snrd_total": 81.51302899390124,
  "snrd_wm": 127.04839779828754,
  "spacing_x": 1.0,
  "spacing_y": 1.0,
  "spacing_z": 1.0,
  "summary_bg_k": 386.2953295199991,
  "summary_bg_mad": 0.0,
  "summary_bg_mean": 2.8244275628397677,
  "summary_bg_median": 0.0,
  "summary_bg_n": 1989734.0,
  "summary_bg_p05": 0.0,
  "summary_bg_p95": 12.445834428071976,
  "summary_bg_stdv": 5.156589179132959,
  "summary_csf_k": 6.888441789266599,
  "summary_csf_mad": 91.4399364996467,
  "summary_csf_mean": 259.45326642904644,
  "summary_csf_median": 234.9721410870552,
  "summary_csf_n": 31519.0,
  "summary_csf_p05": 97.54015474021435,
  "summary_csf_p95": 483.50111909955734,
  "summary_csf_stdv": 120.32294883356182,
  "summary_gm_k": 0.09897221326053396,
  "summary_gm_mad": 63.037040217664526,
  "summary_gm_mean": 689.8647020296378,
  "summary_gm_median": 689.7989699244499,
  "summary_gm_n": 43961.0,
  "summary_gm_p05": 582.7713099867105,
  "summary_gm_p95": 797.4456635117531,
  "summary_gm_stdv": 64.78473632225075,
  "summary_wm_k": 0.7786823877192903,
  "summary_wm_mad": 41.15521706164764,
  "summary_wm_mean": 999.9924257920543,
  "summary_wm_median": 999.9999897927046,
  "summary_wm_n": 189678.0,
  "summary_wm_p05": 927.7359563857317,
  "summary_wm_p95": 1071.9056352972984,
  "summary_wm_stdv": 44.25805880415981,
  "tpm_overlap_csf": 0.14698243637032002,
  "tpm_overlap_gm": 0.4623532773968211,
  "tpm_overlap_wm": 0.4928155485756213,
  "wm2max": 0.5111670294018418
}