{
  "aor": 0.00077431654676259,
  "aqi": 0.0065357235251798556,
  "bids_meta": {
    "AcquisitionNumber": 1,
    "AcquisitionTime": "10:37:00.310000",
    "BrainVoyagerInfo": {
      "AcquisitionTime": "103700.310000",
      "CalculatedDicomSlice1CenterX": -1.11236572265625,
      "CalculatedDicomSlice1CenterY": -41.22030258178711,
      "CalculatedDicomSlice1CenterZ": -94.1468734741211,
      "CalculatedDicomSliceNCenterX": -1.11236572265625,
      "CalculatedDicomSliceNCenterY": 6.748294830322266,
      "CalculatedDicomSliceNCenterZ": 23.985525131225586,
      "CoordinateSystem": 1,
      "DataStorageFormat": 2,
      "DataType": 2,
      "DicomColDirX": 0,
      "DicomColDirY": 0.9265286326408386,
      "DicomColDirZ": -0.3762242794036865,
      "DicomFoVCols": 210,
      "DicomFoVRows": 210,
      "DicomGapThickness": 0,
      "DicomNCols": 84,
      "DicomNRows": 84,
      "DicomPosInfoPresent": 1,
      "DicomRowDirX": 1,
      "DicomRowDirY": 0,
      "DicomRowDirZ": 0,
      "DicomSliceThickness": 2.5,
      "DocumentType": "FMR",
      "MultiBandSequence": true,
      "NrOfPastSpatialTransformations": 0,
      "NrOfPreprocessingSteps": 0,
      "NrOfSkippedVolumes": 0,
      "Protocol": {
        "Conditions": [
          {
            "ColorB": 255,
            "ColorG": 163,
            "ColorR": 255,
            "IntervalsFrom": [
              21,
              25,
              49,
              81,
              133,
              145,
              201,
              261
            ],
            "IntervalsTo": [
              21,
              25,
              49,
              81,
              133,
              145,
              201,
              261
            ],
            "Name": "Face_Left",
            "NrOfIntervals": 8
          },
          {
            "ColorB": 255,
            "ColorG": 0,
            "ColorR": 255,
            "IntervalsFrom": [
              29,
              65,
              77,
              121,
              169,
              205,
              209,
              221
            ],
            "IntervalsTo": [
              29,
              65,
              77,
              121,
              169,
              205,
              209,
              221
            ],
            "Name": "Face_Center",
            "NrOfIntervals": 8
          },
          {
            "ColorB": 95,
            "ColorG": 2,
            "ColorR": 187,
            "IntervalsFrom": [
              37,
              41,
              53,
              61,
              101,
              125,
              129,
              157,
              245,
              249
            ],
            "IntervalsTo": [
              37,
              41,
              53,
              61,
              101,
              125,
              129,
              157,
              245,
              249
            ],
            "Name": "Face_Right",
            "NrOfIntervals": 10
          },
          {
            "ColorB": 126,
            "ColorG": 255,
            "ColorR": 126,
            "IntervalsFrom": [
              33,
              89,
              105,
              113,
              181,
              217,
              233,
              237
            ],
            "IntervalsTo": [
              33,
              89,
              105,
              113,
              181,
              217,
              233,
              237
            ],
            "Name": "Hand_Left",
            "NrOfIntervals": 8
          },
          {
            "ColorB": 0,
            "ColorG": 199,
            "ColorR": 0,
            "IntervalsFrom": [
              17,
              109,
              149,
              153,
              161,
              165,
              177,
              185,
              225
            ],
            "IntervalsTo": [
              17,
              109,
              149,
              153,
              161,
              165,
              177,
              185,
              225
            ],
            "Name": "Hand_Center",
            "NrOfIntervals": 9
          },
          {
            "ColorB": 0,
            "ColorG": 86,
            "ColorR": 0,
            "IntervalsFrom": [
              69,
              73,
              93,
              141,
              189,
              193,
              229,
              257
            ],
            "IntervalsTo": [
              69,
              73,
              93,
              141,
              189,
              193,
              229,
              257
            ],
            "Name": "Hand_Right",
            "NrOfIntervals": 8
          }
        ],
        "FileName": "sub-05_ses-01_MainExp_run-2.prt",
        "Name": "newbi4fmri_MainExp",
        "NrOfConditions": 6,
        "TimeCourseColors": {
          "RefTCPenThick": 3,
          "RefTimeCourseB": 80,
          "RefTimeCourseG": 0,
          "RefTimeCourseR": 0,
          "TCBackColorB": 0,
          "TCBackColorG": 0,
          "TCBackColorR": 0,
          "TCPenThick": 3,
          "TCTextColorB": 255,
          "TCTextColorG": 255,
          "TCTextColorR": 255,
          "TimeCourseB": 255,
          "TimeCourseG": 255,
          "TimeCourseR": 255
        },
        "TimeResolution": "Volumes"
      },
      "SliceAcquisitionOrder": 5,
      "SliceAcquisitionOrderVerified": true,
      "SliceGap": 0,
      "SliceThickness": 2.5,
      "SliceTimingTable": [
        0,
        0.5275,
        0.075,
        0.6025,
        0.15,
        0.68,
        0.2275,
        0.755,
        0.3025,
        0.83,
        0.3775,
        0.905,
        0.4525,
        0,
        0.5275,
        0.075,
        0.6025,
        0.15,
        0.68,
        0.2275,
        0.755,
        0.3025,
        0.83,
        0.3775,
        0.905,
        0.4525,
        0,
        0.5275,
        0.075,
        0.6025,
        0.15,
        0.68,
        0.2275,
        0.755,
        0.3025,
        0.83,
        0.3775,
        0.905,
        0.4525,
        0,
        0.5275,
        0.075,
        0.6025,
        0.15,
        0.68,
        0.2275,
        0.755,
        0.3025,
        0.83,
        0.3775,
        0.905,
        0.4525
      ],
      "SliceTimingTableSize": 52,
      "TE": 0.028,
      "TR": 1,
      "TimeResolutionVerified": true,
      "Version": 1,
      "VoxelResolutionVerified": true
    },
    "ConversionSoftware": "BrainVoyager",
    "ConversionSoftwareVersion": "21.4.5.4030",
    "ImageNumber": 1,
    "ImageOrientationPatientDICOM": [
      1,
      0,
      0,
      0,
      0.92652862505392,
      -0.3762242774672
    ],
    "ImagePositionPatientDICOM": [
      -839.86235119402,
      -818.34619027845,
      221.41123609
    ],
    "ImageType": "ORIGINAL PRIMARY M MB ND NORM MOSAIC",
    "MagneticFieldStrength": 3,
    "Manufacturer": "SIEMENS",
    "ManufacturersModelName": "Prisma_fit",
    "Modality": "MR",
    "NrOfTemporalPositions": 0,
    "PatientPosition": "HFS",
    "RepetitionTime": 1,
    "SeriesDescription": "ep_mb4_2.5iso",
    "SeriesNumber": 6,
    "SiemensMosaicSliceAcqOrder": 3,
    "SiemensMosaicTE": 0.028,
    "SiemensMosaicTR": 1,
    "SliceThickness": 2.5,
    "SliceTiming": [
      0,
      0.5275,
      0.075,
      0.6025,
      0.15,
      0.68,
      0.2275,
      0.755,
      0.3025,
      0.83,
      0.3775,
      0.905,
      0.4525,
      0,
      0.5275,
      0.075,
      0.6025,
      0.15,
      0.68,
      0.2275,
      0.755,
      0.3025,
      0.83,
      0.3775,
      0.905,
      0.4525,
      0,
      0.5275,
      0.075,
      0.6025,
      0.15,
      0.68,
      0.2275,
      0.755,
      0.3025,
      0.83,
      0.3775,
      0.905,
      0.4525,
      0,
      0.5275,
      0.075,
      0.6025,
      0.15,
      0.68,
      0.2275,
      0.755,
      0.3025,
      0.83,
      0.3775,
      0.905,
      0.4525
    ],
    "StudyDescription": "newbi4fmri_MainExp",
    "TaskName": "newbi4fmri_MainExp",
    "dataset": "ds003434",
    "modality": "bold",
    "run_id": 2,
    "session_id": "01",
    "subject_id": "05",
    "task_id": "MainExp"
  },
  "dummy_trs": 2,
  "dvars_nstd": 25.662073018086645,
  "dvars_std": 1.1092801479422387,
  "dvars_vstd": 1.0161196838989175,
  "efc": 0.5329493315692291,
  "fber": 3176.180908203125,
  "fd_mean": 0.11791768542175186,
  "fd_num": 3,
  "fd_perc": 1.079136690647482,
  "fwhm_avg": 1.9690773333333336,
  "fwhm_x": 1.85458,
  "fwhm_y": 2.092432,
  "fwhm_z": 1.96022,
  "gcor": 0.0262559,
  "gsr_x": -0.011795767582952976,
  "gsr_y": 0.03235125169157982,
  "provenance": {
    "md5sum": "07b9fb929ab9b8d7e91aeb32285faa44",
    "settings": {
      "fd_thres": 0.2,
      "testing": false
    },
    "software": "mriqc",
    "version": "22.0.6",
    "webapi_port": null,
    "webapi_url": "https://mriqc.nimh.nih.gov/api/v1"
  },
  "size_t": 278,
  "size_x": 84,
  "size_y": 84,
  "size_z": 52,
  "snr": 4.596123439191614,
  "spacing_tr": 1.0,
  "spacing_x": 2.5,
  "spacing_y": 2.5,
  "spacing_z": 2.5,
  "summary_bg_k": 20.601863274281083,
  "summary_bg_mad": 37.97468653492608,
  "summary_bg_mean": 170.33213806152344,
  "summary_bg_median": 60.68428421020508,
  "summary_bg_n": 225407.0,
  "summary_bg_p05": 29.904706764221192,
  "summary_bg_p95": 694.7324890136716,
  "summary_bg_stdv": 284.0222473144531,
  "summary_fg_k": 3.9333799460999215,
  "summary_fg_mad": 598.6972899580481,
  "summary_fg_mean": 3647.9150390625,
  "summary_fg_median": 3508.69970703125,
  "summary_fg_n": 79573.0,
  "summary_fg_p05": 2749.93173828125,
  "summary_fg_p95": 5026.144921874999,
  "summary_fg_stdv": 763.3993530273438,
  "tsnr": 58.2359733581543
}