{
  "aor": 0.0011357039711191335,
  "aqi": 0.007161478700361011,
  "bids_meta": {
    "AcquisitionNumber": 1,
    "AcquisitionTime": "10:47:03.885000",
    "BrainVoyagerInfo": {
      "AcquisitionTime": "104703.885000",
      "CalculatedDicomSlice1CenterX": -1.11236572265625,
      "CalculatedDicomSlice1CenterY": -41.22030258178711,
      "CalculatedDicomSlice1CenterZ": -94.1468734741211,
      "CalculatedDicomSliceNCenterX": -1.11236572265625,
      "CalculatedDicomSliceNCenterY": 6.748294830322266,
      "CalculatedDicomSliceNCenterZ": 23.985525131225586,
      "CoordinateSystem": 1,
      "DataStorageFormat": 2,
      "DataType": 2,
      "DicomColDirX": 0,
      "DicomColDirY": 0.9265286326408386,
      "DicomColDirZ": -0.3762242794036865,
      "DicomFoVCols": 210,
      "DicomFoVRows": 210,
      "DicomGapThickness": 0,
      "DicomNCols": 84,
      "DicomNRows": 84,
      "DicomPosInfoPresent": 1,
      "DicomRowDirX": 1,
      "DicomRowDirY": 0,
      "DicomRowDirZ": 0,
      "DicomSliceThickness": 2.5,
      "DocumentType": "FMR",
      "MultiBandSequence": true,
      "NrOfPastSpatialTransformations": 0,
      "NrOfPreprocessingSteps": 0,
      "NrOfSkippedVolumes": 0,
      "Protocol": {
        "Conditions": [
          {
            "ColorB": 255,
            "ColorG": 163,
            "ColorR": 255,
            "IntervalsFrom": [
              25,
              57,
              97,
              105,
              117,
              121,
              129,
              229
            ],
            "IntervalsTo": [
              25,
              57,
              97,
              105,
              117,
              121,
              129,
              229
            ],
            "Name": "Face_Left",
            "NrOfIntervals": 8
          },
          {
            "ColorB": 255,
            "ColorG": 0,
            "ColorR": 255,
            "IntervalsFrom": [
              85,
              109,
              153,
              165,
              185,
              189,
              221,
              237,
              245
            ],
            "IntervalsTo": [
              85,
              109,
              153,
              165,
              185,
              189,
              221,
              237,
              245
            ],
            "Name": "Face_Center",
            "NrOfIntervals": 9
          },
          {
            "ColorB": 95,
            "ColorG": 2,
            "ColorR": 187,
            "IntervalsFrom": [
              21,
              61,
              69,
              169,
              173,
              181,
              197,
              249
            ],
            "IntervalsTo": [
              21,
              61,
              69,
              169,
              173,
              181,
              197,
              249
            ],
            "Name": "Face_Right",
            "NrOfIntervals": 8
          },
          {
            "ColorB": 126,
            "ColorG": 255,
            "ColorR": 126,
            "IntervalsFrom": [
              17,
              33,
              41,
              133,
              137,
              161,
              225,
              257,
              261
            ],
            "IntervalsTo": [
              17,
              33,
              41,
              133,
              137,
              161,
              225,
              257,
              261
            ],
            "Name": "Hand_Left",
            "NrOfIntervals": 9
          },
          {
            "ColorB": 0,
            "ColorG": 199,
            "ColorR": 0,
            "IntervalsFrom": [
              29,
              49,
              53,
              141,
              149,
              193,
              201,
              213
            ],
            "IntervalsTo": [
              29,
              49,
              53,
              141,
              149,
              193,
              201,
              213
            ],
            "Name": "Hand_Center",
            "NrOfIntervals": 8
          },
          {
            "ColorB": 0,
            "ColorG": 86,
            "ColorR": 0,
            "IntervalsFrom": [
              37,
              73,
              77,
              93,
              125,
              205,
              209,
              233,
              241
            ],
            "IntervalsTo": [
              37,
              73,
              77,
              93,
              125,
              205,
              209,
              233,
              241
            ],
            "Name": "Hand_Right",
            "NrOfIntervals": 9
          }
        ],
        "FileName": "sub-05_ses-01_MainExp_run-4.prt",
        "Name": "newbi4fmri_MainExp",
        "NrOfConditions": 6,
        "TimeCourseColors": {
          "RefTCPenThick": 3,
          "RefTimeCourseB": 80,
          "RefTimeCourseG": 0,
          "RefTimeCourseR": 0,
          "TCBackColorB": 0,
          "TCBackColorG": 0,
          "TCBackColorR": 0,
          "TCPenThick": 3,
          "TCTextColorB": 255,
          "TCTextColorG": 255,
          "TCTextColorR": 255,
          "TimeCourseB": 255,
          "TimeCourseG": 255,
          "TimeCourseR": 255
        },
        "TimeResolution": "Volumes"
      },
      "SliceAcquisitionOrder": 5,
      "SliceAcquisitionOrderVerified": true,
      "SliceGap": 0,
      "SliceThickness": 2.5,
      "SliceTimingTable": [
        0,
        0.5275,
        0.075,
        0.6025,
        0.1525,
        0.68,
        0.2275,
        0.755,
        0.3025,
        0.83,
        0.3775,
        0.905,
        0.4525,
        0,
        0.5275,
        0.075,
        0.6025,
        0.1525,
        0.68,
        0.2275,
        0.755,
        0.3025,
        0.83,
        0.3775,
        0.905,
        0.4525,
        0,
        0.5275,
        0.075,
        0.6025,
        0.1525,
        0.68,
        0.2275,
        0.755,
        0.3025,
        0.83,
        0.3775,
        0.905,
        0.4525,
        0,
        0.5275,
        0.075,
        0.6025,
        0.1525,
        0.68,
        0.2275,
        0.755,
        0.3025,
        0.83,
        0.3775,
        0.905,
        0.4525
      ],
      "SliceTimingTableSize": 52,
      "TE": 0.028,
      "TR": 1,
      "TimeResolutionVerified": true,
      "Version": 1,
      "VoxelResolutionVerified": true
    },
    "ConversionSoftware": "BrainVoyager",
    "ConversionSoftwareVersion": "21.4.5.4030",
    "ImageNumber": 1,
    "ImageOrientationPatientDICOM": [
      1,
      0,
      0,
      0,
      0.92652862505392,
      -0.3762242774672
    ],
    "ImagePositionPatientDICOM": [
      -839.86235119402,
      -818.34619027845,
      221.41123609
    ],
    "ImageType": "ORIGINAL PRIMARY M MB ND NORM MOSAIC",
    "MagneticFieldStrength": 3,
    "Manufacturer": "SIEMENS",
    "ManufacturersModelName": "Prisma_fit",
    "Modality": "MR",
    "NrOfTemporalPositions": 0,
    "PatientPosition": "HFS",
    "RepetitionTime": 1,
    "SeriesDescription": "ep_mb4_2.5iso",
    "SeriesNumber": 8,
    "SiemensMosaicSliceAcqOrder": 3,
    "SiemensMosaicTE": 0.028,
    "SiemensMosaicTR": 1,
    "SliceThickness": 2.5,
    "SliceTiming": [
      0,
      0.5275,
      0.075,
      0.6025,
      0.1525,
      0.68,
      0.2275,
      0.755,
      0.3025,
      0.83,
      0.3775,
      0.905,
      0.4525,
      0,
      0.5275,
      0.075,
      0.6025,
      0.1525,
      0.68,
      0.2275,
      0.755,
      0.3025,
      0.83,
      0.3775,
      0.905,
      0.4525,
      0,
      0.5275,
      0.075,
      0.6025,
      0.1525,
      0.68,
      0.2275,
      0.755,
      0.3025,
      0.83,
      0.3775,
      0.905,
      0.4525,
      0,
      0.5275,
      0.075,
      0.6025,
      0.1525,
      0.68,
      0.2275,
      0.755,
      0.3025,
      0.83,
      0.3775,
      0.905,
      0.4525
    ],
    "StudyDescription": "newbi4fmri_MainExp",
    "TaskName": "newbi4fmri_MainExp",
    "dataset": "ds003434",
    "modality": "bold",
    "run_id": 4,
    "session_id": "01",
    "subject_id": "05",
    "task_id": "MainExp"
  },
  "dummy_trs": 3,
  "dvars_nstd": 25.995899863840577,
  "dvars_std": 1.1203126501086957,
  "dvars_vstd": 1.0183957209420298,
  "efc": 0.5336757913709695,
  "fber": 3137.72119140625,
  "fd_mean": 0.11330829827830817,
  "fd_num": 5,
  "fd_perc": 1.8050541516245486,
  "fwhm_avg": 1.9736626666666666,
  "fwhm_x": 1.8571639999999998,
  "fwhm_y": 2.0972079999999997,
  "fwhm_z": 1.9666160000000001,
  "gcor": 0.0387664,
  "gsr_x": -0.01167253963649273,
  "gsr_y": 0.03241102397441864,
  "provenance": {
    "md5sum": "e7eb4f45c983bb05e773038e8a8c2f24",
    "settings": {
      "fd_thres": 0.2,
      "testing": false
    },
    "software": "mriqc",
    "version": "22.0.6",
    "webapi_port": null,
    "webapi_url": "https://mriqc.nimh.nih.gov/api/v1"
  },
  "size_t": 277,
  "size_x": 84,
  "size_y": 84,
  "size_z": 52,
  "snr": 4.596224980118768,
  "spacing_tr": 1.0,
  "spacing_x": 2.5,
  "spacing_y": 2.5,
  "spacing_z": 2.5,
  "summary_bg_k": 19.971329178624,
  "summary_bg_mad": 38.44995017715203,
  "summary_bg_mean": 171.8485565185547,
  "summary_bg_median": 60.99628448486328,
  "summary_bg_n": 225263.0,
  "summary_bg_p05": 29.919879150390624,
  "summary_bg_p95": 700.8325317382812,
  "summary_bg_stdv": 284.9271240234375,
  "summary_fg_k": 3.948760010366172,
  "summary_fg_mad": 597.3685221982498,
  "summary_fg_mean": 3647.435791015625,
  "summary_fg_median": 3507.018798828125,
  "summary_fg_n": 79731.0,
  "summary_fg_p05": 2751.7125244140625,
  "summary_fg_p95": 5019.8427734375,
  "summary_fg_stdv": 763.0167846679688,
  "tsnr": 56.744720458984375
}