{
  "aor": 0.000853890909090909,
  "aqi": 0.006344186872727273,
  "bids_meta": {
    "AcquisitionNumber": 1,
    "AcquisitionTime": "10:31:57.302500",
    "BrainVoyagerInfo": {
      "AcquisitionTime": "103157.302500",
      "CalculatedDicomSlice1CenterX": -1.11236572265625,
      "CalculatedDicomSlice1CenterY": -41.22030258178711,
      "CalculatedDicomSlice1CenterZ": -94.1468734741211,
      "CalculatedDicomSliceNCenterX": -1.11236572265625,
      "CalculatedDicomSliceNCenterY": 6.748294830322266,
      "CalculatedDicomSliceNCenterZ": 23.985525131225586,
      "CoordinateSystem": 1,
      "DataStorageFormat": 2,
      "DataType": 2,
      "DicomColDirX": 0,
      "DicomColDirY": 0.9265286326408386,
      "DicomColDirZ": -0.3762242794036865,
      "DicomFoVCols": 210,
      "DicomFoVRows": 210,
      "DicomGapThickness": 0,
      "DicomNCols": 84,
      "DicomNRows": 84,
      "DicomPosInfoPresent": 1,
      "DicomRowDirX": 1,
      "DicomRowDirY": 0,
      "DicomRowDirZ": 0,
      "DicomSliceThickness": 2.5,
      "DocumentType": "FMR",
      "MultiBandSequence": true,
      "NrOfPastSpatialTransformations": 0,
      "NrOfPreprocessingSteps": 0,
      "NrOfSkippedVolumes": 0,
      "Protocol": {
        "Conditions": [
          {
            "ColorB": 255,
            "ColorG": 163,
            "ColorR": 255,
            "IntervalsFrom": [
              29,
              37,
              45,
              53,
              65,
              145,
              169,
              205
            ],
            "IntervalsTo": [
              29,
              37,
              45,
              53,
              65,
              145,
              169,
              205
            ],
            "Name": "Face_Left",
            "NrOfIntervals": 8
          },
          {
            "ColorB": 255,
            "ColorG": 0,
            "ColorR": 255,
            "IntervalsFrom": [
              33,
              41,
              77,
              81,
              93,
              97,
              109,
              185,
              245
            ],
            "IntervalsTo": [
              33,
              41,
              77,
              81,
              93,
              97,
              109,
              185,
              245
            ],
            "Name": "Face_Center",
            "NrOfIntervals": 9
          },
          {
            "ColorB": 95,
            "ColorG": 2,
            "ColorR": 187,
            "IntervalsFrom": [
              49,
              101,
              129,
              137,
              173,
              181,
              197,
              217
            ],
            "IntervalsTo": [
              49,
              101,
              129,
              137,
              173,
              181,
              197,
              217
            ],
            "Name": "Face_Right",
            "NrOfIntervals": 8
          },
          {
            "ColorB": 126,
            "ColorG": 255,
            "ColorR": 126,
            "IntervalsFrom": [
              17,
              21,
              61,
              117,
              133,
              233,
              237,
              253,
              261
            ],
            "IntervalsTo": [
              17,
              21,
              61,
              117,
              133,
              233,
              237,
              253,
              261
            ],
            "Name": "Hand_Left",
            "NrOfIntervals": 9
          },
          {
            "ColorB": 0,
            "ColorG": 199,
            "ColorR": 0,
            "IntervalsFrom": [
              25,
              73,
              113,
              157,
              161,
              209,
              213,
              225,
              257
            ],
            "IntervalsTo": [
              25,
              73,
              113,
              157,
              161,
              209,
              213,
              225,
              257
            ],
            "Name": "Hand_Center",
            "NrOfIntervals": 9
          },
          {
            "ColorB": 0,
            "ColorG": 86,
            "ColorR": 0,
            "IntervalsFrom": [
              85,
              89,
              121,
              141,
              149,
              153,
              193,
              229
            ],
            "IntervalsTo": [
              85,
              89,
              121,
              141,
              149,
              153,
              193,
              229
            ],
            "Name": "Hand_Right",
            "NrOfIntervals": 8
          }
        ],
        "FileName": "sub-05_ses-01_MainExp_run-1.prt",
        "Name": "newbi4fmri_MainExp",
        "NrOfConditions": 6,
        "TimeCourseColors": {
          "RefTCPenThick": 3,
          "RefTimeCourseB": 80,
          "RefTimeCourseG": 0,
          "RefTimeCourseR": 0,
          "TCBackColorB": 0,
          "TCBackColorG": 0,
          "TCBackColorR": 0,
          "TCPenThick": 3,
          "TCTextColorB": 255,
          "TCTextColorG": 255,
          "TCTextColorR": 255,
          "TimeCourseB": 255,
          "TimeCourseG": 255,
          "TimeCourseR": 255
        },
        "TimeResolution": "Volumes"
      },
      "SliceAcquisitionOrder": 5,
      "SliceAcquisitionOrderVerified": true,
      "SliceGap": 0,
      "SliceThickness": 2.5,
      "SliceTimingTable": [
        0,
        0.5275,
        0.075,
        0.6025,
        0.15,
        0.6775,
        0.225,
        0.7525,
        0.3,
        0.8275,
        0.375,
        0.905,
        0.4525,
        0,
        0.5275,
        0.075,
        0.6025,
        0.15,
        0.6775,
        0.225,
        0.7525,
        0.3,
        0.8275,
        0.375,
        0.905,
        0.4525,
        0,
        0.5275,
        0.075,
        0.6025,
        0.15,
        0.6775,
        0.225,
        0.7525,
        0.3,
        0.8275,
        0.375,
        0.905,
        0.4525,
        0,
        0.5275,
        0.075,
        0.6025,
        0.15,
        0.6775,
        0.225,
        0.7525,
        0.3,
        0.8275,
        0.375,
        0.905,
        0.4525
      ],
      "SliceTimingTableSize": 52,
      "TE": 0.028,
      "TR": 1,
      "TimeResolutionVerified": true,
      "Version": 1,
      "VoxelResolutionVerified": true
    },
    "ConversionSoftware": "BrainVoyager",
    "ConversionSoftwareVersion": "21.4.5.4030",
    "ImageNumber": 1,
    "ImageOrientationPatientDICOM": [
      1,
      0,
      0,
      0,
      0.92652862505392,
      -0.3762242774672
    ],
    "ImagePositionPatientDICOM": [
      -839.86235119402,
      -818.34619027845,
      221.41123609
    ],
    "ImageType": "ORIGINAL PRIMARY M MB ND NORM MOSAIC",
    "MagneticFieldStrength": 3,
    "Manufacturer": "SIEMENS",
    "ManufacturersModelName": "Prisma_fit",
    "Modality": "MR",
    "NrOfTemporalPositions": 0,
    "PatientPosition": "HFS",
    "RepetitionTime": 1,
    "SeriesDescription": "ep_mb4_2.5iso",
    "SeriesNumber": 5,
    "SiemensMosaicSliceAcqOrder": 3,
    "SiemensMosaicTE": 0.028,
    "SiemensMosaicTR": 1,
    "SliceThickness": 2.5,
    "SliceTiming": [
      0,
      0.5275,
      0.075,
      0.6025,
      0.15,
      0.6775,
      0.225,
      0.7525,
      0.3,
      0.8275,
      0.375,
      0.905,
      0.4525,
      0,
      0.5275,
      0.075,
      0.6025,
      0.15,
      0.6775,
      0.225,
      0.7525,
      0.3,
      0.8275,
      0.375,
      0.905,
      0.4525,
      0,
      0.5275,
      0.075,
      0.6025,
      0.15,
      0.6775,
      0.225,
      0.7525,
      0.3,
      0.8275,
      0.375,
      0.905,
      0.4525,
      0,
      0.5275,
      0.075,
      0.6025,
      0.15,
      0.6775,
      0.225,
      0.7525,
      0.3,
      0.8275,
      0.375,
      0.905,
      0.4525
    ],
    "StudyDescription": "newbi4fmri_MainExp",
    "TaskName": "newbi4fmri_MainExp",
    "dataset": "ds003434",
    "modality": "bold",
    "run_id": 1,
    "session_id": "01",
    "subject_id": "05",
    "task_id": "MainExp"
  },
  "dummy_trs": 5,
  "dvars_nstd": 25.7982385388321,
  "dvars_std": 1.107545518795621,
  "dvars_vstd": 1.0111322765328463,
  "efc": 0.5323705921809714,
  "fber": 3197.650634765625,
  "fd_mean": 0.11856071501239653,
  "fd_num": 2,
  "fd_perc": 0.7272727272727273,
  "fwhm_avg": 1.9708746666666668,
  "fwhm_x": 1.858508,
  "fwhm_y": 2.096388,
  "fwhm_z": 1.957728,
  "gcor": 0.0144622,
  "gsr_x": -0.011500864289700985,
  "gsr_y": 0.03273261711001396,
  "provenance": {
    "md5sum": "2c5516b1cf74eb60dcf771979d8f58a4",
    "settings": {
      "fd_thres": 0.2,
      "testing": false
    },
    "software": "mriqc",
    "version": "22.0.6",
    "webapi_port": null,
    "webapi_url": "https://mriqc.nimh.nih.gov/api/v1"
  },
  "size_t": 275,
  "size_x": 84,
  "size_y": 84,
  "size_z": 52,
  "snr": 4.588094763282484,
  "spacing_tr": 1.0,
  "spacing_x": 2.5,
  "spacing_y": 2.5,
  "spacing_z": 2.5,
  "summary_bg_k": 20.134394456520564,
  "summary_bg_mad": 37.79531385936984,
  "summary_bg_mean": 168.53616333007812,
  "summary_bg_median": 60.48486328125,
  "summary_bg_n": 225418.0,
  "summary_bg_p05": 29.786441135406495,
  "summary_bg_p95": 684.7970001220702,
  "summary_bg_stdv": 279.68780517578125,
  "summary_fg_k": 3.9311043970079167,
  "summary_fg_mad": 598.6737623349518,
  "summary_fg_mean": 3645.740478515625,
  "summary_fg_median": 3506.0615234375,
  "summary_fg_n": 79567.0,
  "summary_fg_p05": 2750.406201171875,
  "summary_fg_p95": 5022.685888671875,
  "summary_fg_stdv": 764.1602172851562,
  "tsnr": 58.537925720214844
}