{
  "aor": 0.0009420652173913045,
  "aqi": 0.006663239673913043,
  "bids_meta": {
    "AcquisitionNumber": 1,
    "AcquisitionTime": "10:52:12.950000",
    "BrainVoyagerInfo": {
      "AcquisitionTime": "105212.950000",
      "CalculatedDicomSlice1CenterX": -1.11236572265625,
      "CalculatedDicomSlice1CenterY": -41.22030258178711,
      "CalculatedDicomSlice1CenterZ": -94.1468734741211,
      "CalculatedDicomSliceNCenterX": -1.11236572265625,
      "CalculatedDicomSliceNCenterY": 6.748294830322266,
      "CalculatedDicomSliceNCenterZ": 23.985525131225586,
      "CoordinateSystem": 1,
      "DataStorageFormat": 2,
      "DataType": 2,
      "DicomColDirX": 0,
      "DicomColDirY": 0.9265286326408386,
      "DicomColDirZ": -0.3762242794036865,
      "DicomFoVCols": 210,
      "DicomFoVRows": 210,
      "DicomGapThickness": 0,
      "DicomNCols": 84,
      "DicomNRows": 84,
      "DicomPosInfoPresent": 1,
      "DicomRowDirX": 1,
      "DicomRowDirY": 0,
      "DicomRowDirZ": 0,
      "DicomSliceThickness": 2.5,
      "DocumentType": "FMR",
      "MultiBandSequence": true,
      "NrOfPastSpatialTransformations": 0,
      "NrOfPreprocessingSteps": 0,
      "NrOfSkippedVolumes": 0,
      "Protocol": {
        "Conditions": [
          {
            "ColorB": 255,
            "ColorG": 163,
            "ColorR": 255,
            "IntervalsFrom": [
              53,
              61,
              69,
              81,
              133,
              137,
              205,
              257
            ],
            "IntervalsTo": [
              53,
              61,
              69,
              81,
              133,
              137,
              205,
              257
            ],
            "Name": "Face_Left",
            "NrOfIntervals": 8
          },
          {
            "ColorB": 255,
            "ColorG": 0,
            "ColorR": 255,
            "IntervalsFrom": [
              37,
              93,
              117,
              169,
              193,
              201,
              249,
              261
            ],
            "IntervalsTo": [
              37,
              93,
              117,
              169,
              193,
              201,
              249,
              261
            ],
            "Name": "Face_Center",
            "NrOfIntervals": 8
          },
          {
            "ColorB": 95,
            "ColorG": 2,
            "ColorR": 187,
            "IntervalsFrom": [
              25,
              41,
              49,
              109,
              113,
              209,
              233,
              237
            ],
            "IntervalsTo": [
              25,
              41,
              49,
              109,
              113,
              209,
              233,
              237
            ],
            "Name": "Face_Right",
            "NrOfIntervals": 8
          },
          {
            "ColorB": 126,
            "ColorG": 255,
            "ColorR": 126,
            "IntervalsFrom": [
              17,
              21,
              85,
              101,
              125,
              129,
              145,
              153,
              241,
              253
            ],
            "IntervalsTo": [
              17,
              21,
              85,
              101,
              125,
              129,
              145,
              153,
              241,
              253
            ],
            "Name": "Hand_Left",
            "NrOfIntervals": 10
          },
          {
            "ColorB": 0,
            "ColorG": 199,
            "ColorR": 0,
            "IntervalsFrom": [
              33,
              45,
              73,
              97,
              157,
              177,
              185,
              189,
              225
            ],
            "IntervalsTo": [
              33,
              45,
              73,
              97,
              157,
              177,
              185,
              189,
              225
            ],
            "Name": "Hand_Center",
            "NrOfIntervals": 9
          },
          {
            "ColorB": 0,
            "ColorG": 86,
            "ColorR": 0,
            "IntervalsFrom": [
              65,
              121,
              149,
              165,
              181,
              213,
              221,
              229
            ],
            "IntervalsTo": [
              65,
              121,
              149,
              165,
              181,
              213,
              221,
              229
            ],
            "Name": "Hand_Right",
            "NrOfIntervals": 8
          }
        ],
        "FileName": "sub-05_ses-01_MainExp_run-5.prt",
        "Name": "newbi4fmri_MainExp",
        "NrOfConditions": 6,
        "TimeCourseColors": {
          "RefTCPenThick": 3,
          "RefTimeCourseB": 80,
          "RefTimeCourseG": 0,
          "RefTimeCourseR": 0,
          "TCBackColorB": 0,
          "TCBackColorG": 0,
          "TCBackColorR": 0,
          "TCPenThick": 3,
          "TCTextColorB": 255,
          "TCTextColorG": 255,
          "TCTextColorR": 255,
          "TimeCourseB": 255,
          "TimeCourseG": 255,
          "TimeCourseR": 255
        },
        "TimeResolution": "Volumes"
      },
      "SliceAcquisitionOrder": 5,
      "SliceAcquisitionOrderVerified": true,
      "SliceGap": 0,
      "SliceThickness": 2.5,
      "SliceTimingTable": [
        0,
        0.53,
        0.0775,
        0.605,
        0.1525,
        0.68,
        0.2275,
        0.755,
        0.3025,
        0.83,
        0.3775,
        0.905,
        0.4525,
        0,
        0.53,
        0.0775,
        0.605,
        0.1525,
        0.68,
        0.2275,
        0.755,
        0.3025,
        0.83,
        0.3775,
        0.905,
        0.4525,
        0,
        0.53,
        0.0775,
        0.605,
        0.1525,
        0.68,
        0.2275,
        0.755,
        0.3025,
        0.83,
        0.3775,
        0.905,
        0.4525,
        0,
        0.53,
        0.0775,
        0.605,
        0.1525,
        0.68,
        0.2275,
        0.755,
        0.3025,
        0.83,
        0.3775,
        0.905,
        0.4525
      ],
      "SliceTimingTableSize": 52,
      "TE": 0.028,
      "TR": 1,
      "TimeResolutionVerified": true,
      "Version": 1,
      "VoxelResolutionVerified": true
    },
    "ConversionSoftware": "BrainVoyager",
    "ConversionSoftwareVersion": "21.4.5.4030",
    "ImageNumber": 1,
    "ImageOrientationPatientDICOM": [
      1,
      0,
      0,
      0,
      0.92652862505392,
      -0.3762242774672
    ],
    "ImagePositionPatientDICOM": [
      -839.86235119402,
      -818.34619027845,
      221.41123609
    ],
    "ImageType": "ORIGINAL PRIMARY M MB ND NORM MOSAIC",
    "MagneticFieldStrength": 3,
    "Manufacturer": "SIEMENS",
    "ManufacturersModelName": "Prisma_fit",
    "Modality": "MR",
    "NrOfTemporalPositions": 0,
    "PatientPosition": "HFS",
    "RepetitionTime": 1,
    "SeriesDescription": "ep_mb4_2.5iso",
    "SeriesNumber": 9,
    "SiemensMosaicSliceAcqOrder": 3,
    "SiemensMosaicTE": 0.028,
    "SiemensMosaicTR": 1,
    "SliceThickness": 2.5,
    "SliceTiming": [
      0,
      0.53,
      0.0775,
      0.605,
      0.1525,
      0.68,
      0.2275,
      0.755,
      0.3025,
      0.83,
      0.3775,
      0.905,
      0.4525,
      0,
      0.53,
      0.0775,
      0.605,
      0.1525,
      0.68,
      0.2275,
      0.755,
      0.3025,
      0.83,
      0.3775,
      0.905,
      0.4525,
      0,
      0.53,
      0.0775,
      0.605,
      0.1525,
      0.68,
      0.2275,
      0.755,
      0.3025,
      0.83,
      0.3775,
      0.905,
      0.4525,
      0,
      0.53,
      0.0775,
      0.605,
      0.1525,
      0.68,
      0.2275,
      0.755,
      0.3025,
      0.83,
      0.3775,
      0.905,
      0.4525
    ],
    "StudyDescription": "newbi4fmri_MainExp",
    "TaskName": "newbi4fmri_MainExp",
    "dataset": "ds003434",
    "modality": "bold",
    "run_id": 5,
    "session_id": "01",
    "subject_id": "05",
    "task_id": "MainExp"
  },
  "dummy_trs": 4,
  "dvars_nstd": 26.17760254596364,
  "dvars_std": 1.115392630872728,
  "dvars_vstd": 1.0093176388000005,
  "efc": 0.5336530167586694,
  "fber": 3136.6396484375,
  "fd_mean": 0.11808189607334497,
  "fd_num": 3,
  "fd_perc": 1.0869565217391304,
  "fwhm_avg": 1.9679693333333335,
  "fwhm_x": 1.8513480000000002,
  "fwhm_y": 2.091704,
  "fwhm_z": 1.9608560000000002,
  "gcor": 0.0292026,
  "gsr_x": -0.01180180348455906,
  "gsr_y": 0.032663289457559586,
  "provenance": {
    "md5sum": "838b96a060f1288da84983515e3dc505",
    "settings": {
      "fd_thres": 0.2,
      "testing": false
    },
    "software": "mriqc",
    "version": "22.0.6",
    "webapi_port": null,
    "webapi_url": "https://mriqc.nimh.nih.gov/api/v1"
  },
  "size_t": 276,
  "size_x": 84,
  "size_y": 84,
  "size_z": 52,
  "snr": 4.604177255544826,
  "spacing_tr": 1.0,
  "spacing_x": 2.5,
  "spacing_y": 2.5,
  "spacing_z": 2.5,
  "summary_bg_k": 19.703486110253333,
  "summary_bg_mad": 38.78875926109748,
  "summary_bg_mean": 172.05526733398438,
  "summary_bg_median": 61.12856674194336,
  "summary_bg_n": 225325.0,
  "summary_bg_p05": 29.766507720947267,
  "summary_bg_p95": 702.878002929687,
  "summary_bg_stdv": 284.1635437011719,
  "summary_fg_k": 3.9642844879301515,
  "summary_fg_mad": 596.538178084663,
  "summary_fg_mean": 3652.77978515625,
  "summary_fg_median": 3512.34130859375,
  "summary_fg_n": 79684.0,
  "summary_fg_p05": 2755.6133666992187,
  "summary_fg_p95": 5023.934204101561,
  "summary_fg_stdv": 762.8549194335938,
  "tsnr": 57.92835998535156
}