{
  "aor": 0.0005669424460431656,
  "aqi": 0.007263152482014389,
  "bids_meta": {
    "AcquisitionNumber": 1,
    "AcquisitionTime": "13:01:27.532500",
    "BrainVoyagerInfo": {
      "AcquisitionTime": "130127.532500",
      "CalculatedDicomSlice1CenterX": -1.11236572265625,
      "CalculatedDicomSlice1CenterY": -35.51637268066406,
      "CalculatedDicomSlice1CenterZ": -74.0595474243164,
      "CalculatedDicomSliceNCenterX": -1.11236572265625,
      "CalculatedDicomSliceNCenterY": 17.35701560974121,
      "CalculatedDicomSliceNCenterZ": 41.960514068603516,
      "CoordinateSystem": 1,
      "DataStorageFormat": 2,
      "DataType": 2,
      "DicomColDirX": 0,
      "DicomColDirY": 0.9099612832069397,
      "DicomColDirZ": -0.4146932363510132,
      "DicomFoVCols": 210,
      "DicomFoVRows": 210,
      "DicomGapThickness": 0,
      "DicomNCols": 84,
      "DicomNRows": 84,
      "DicomPosInfoPresent": 1,
      "DicomRowDirX": 1,
      "DicomRowDirY": 0,
      "DicomRowDirZ": 0,
      "DicomSliceThickness": 2.5,
      "DocumentType": "FMR",
      "MultiBandSequence": true,
      "NrOfPastSpatialTransformations": 0,
      "NrOfPreprocessingSteps": 0,
      "NrOfSkippedVolumes": 0,
      "Protocol": {
        "Conditions": [
          {
            "ColorB": 255,
            "ColorG": 163,
            "ColorR": 255,
            "IntervalsFrom": [
              21,
              85,
              141,
              149,
              189,
              193,
              205,
              241,
              245
            ],
            "IntervalsTo": [
              21,
              85,
              141,
              149,
              189,
              193,
              205,
              241,
              245
            ],
            "Name": "Face_Left",
            "NrOfIntervals": 9
          },
          {
            "ColorB": 255,
            "ColorG": 0,
            "ColorR": 255,
            "IntervalsFrom": [
              29,
              33,
              61,
              73,
              125,
              129,
              153,
              181,
              237
            ],
            "IntervalsTo": [
              29,
              33,
              61,
              73,
              125,
              129,
              153,
              181,
              237
            ],
            "Name": "Face_Center",
            "NrOfIntervals": 9
          },
          {
            "ColorB": 95,
            "ColorG": 2,
            "ColorR": 187,
            "IntervalsFrom": [
              81,
              109,
              133,
              169,
              177,
              213,
              217,
              257
            ],
            "IntervalsTo": [
              81,
              109,
              133,
              169,
              177,
              213,
              217,
              257
            ],
            "Name": "Face_Right",
            "NrOfIntervals": 8
          },
          {
            "ColorB": 126,
            "ColorG": 255,
            "ColorR": 126,
            "IntervalsFrom": [
              17,
              41,
              53,
              69,
              89,
              93,
              101,
              173
            ],
            "IntervalsTo": [
              17,
              41,
              53,
              69,
              89,
              93,
              101,
              173
            ],
            "Name": "Hand_Left",
            "NrOfIntervals": 8
          },
          {
            "ColorB": 0,
            "ColorG": 199,
            "ColorR": 0,
            "IntervalsFrom": [
              37,
              49,
              57,
              77,
              121,
              145,
              221,
              249
            ],
            "IntervalsTo": [
              37,
              49,
              57,
              77,
              121,
              145,
              221,
              249
            ],
            "Name": "Hand_Center",
            "NrOfIntervals": 8
          },
          {
            "ColorB": 0,
            "ColorG": 86,
            "ColorR": 0,
            "IntervalsFrom": [
              97,
              113,
              117,
              157,
              201,
              229,
              233,
              253,
              261
            ],
            "IntervalsTo": [
              97,
              113,
              117,
              157,
              201,
              229,
              233,
              253,
              261
            ],
            "Name": "Hand_Right",
            "NrOfIntervals": 9
          }
        ],
        "FileName": "sub-03_ses-01_MainExp_run-7.prt",
        "Name": "newbi4fmri_MainExp",
        "NrOfConditions": 6,
        "TimeCourseColors": {
          "RefTCPenThick": 3,
          "RefTimeCourseB": 80,
          "RefTimeCourseG": 0,
          "RefTimeCourseR": 0,
          "TCBackColorB": 0,
          "TCBackColorG": 0,
          "TCBackColorR": 0,
          "TCPenThick": 3,
          "TCTextColorB": 255,
          "TCTextColorG": 255,
          "TCTextColorR": 255,
          "TimeCourseB": 255,
          "TimeCourseG": 255,
          "TimeCourseR": 255
        },
        "TimeResolution": "Volumes"
      },
      "SliceAcquisitionOrder": 5,
      "SliceAcquisitionOrderVerified": true,
      "SliceGap": 0,
      "SliceThickness": 2.5,
      "SliceTimingTable": [
        0,
        0.5275,
        0.075,
        0.6025,
        0.15,
        0.6775,
        0.2275,
        0.755,
        0.3025,
        0.83,
        0.3775,
        0.905,
        0.4525,
        0,
        0.5275,
        0.075,
        0.6025,
        0.15,
        0.6775,
        0.2275,
        0.755,
        0.3025,
        0.83,
        0.3775,
        0.905,
        0.4525,
        0,
        0.5275,
        0.075,
        0.6025,
        0.15,
        0.6775,
        0.2275,
        0.755,
        0.3025,
        0.83,
        0.3775,
        0.905,
        0.4525,
        0,
        0.5275,
        0.075,
        0.6025,
        0.15,
        0.6775,
        0.2275,
        0.755,
        0.3025,
        0.83,
        0.3775,
        0.905,
        0.4525
      ],
      "SliceTimingTableSize": 52,
      "TE": 0.028,
      "TR": 1,
      "TimeResolutionVerified": true,
      "Version": 1,
      "VoxelResolutionVerified": true
    },
    "ConversionSoftware": "BrainVoyager",
    "ConversionSoftwareVersion": "21.4.5.4030",
    "ImageNumber": 1,
    "ImageOrientationPatientDICOM": [
      1,
      0,
      0,
      0,
      0.90996126975937,
      -0.4146932451077
    ],
    "ImagePositionPatientDICOM": [
      -839.86235119402,
      -798.74641862424,
      273.7643916253
    ],
    "ImageType": "ORIGINAL PRIMARY M MB ND NORM MOSAIC",
    "MagneticFieldStrength": 3,
    "Manufacturer": "SIEMENS",
    "ManufacturersModelName": "Prisma_fit",
    "Modality": "MR",
    "NrOfTemporalPositions": 0,
    "PatientPosition": "HFS",
    "RepetitionTime": 1,
    "SeriesDescription": "ep_mb4_2.5iso",
    "SeriesNumber": 11,
    "SiemensMosaicSliceAcqOrder": 3,
    "SiemensMosaicTE": 0.028,
    "SiemensMosaicTR": 1,
    "SliceThickness": 2.5,
    "SliceTiming": [
      0,
      0.5275,
      0.075,
      0.6025,
      0.15,
      0.6775,
      0.2275,
      0.755,
      0.3025,
      0.83,
      0.3775,
      0.905,
      0.4525,
      0,
      0.5275,
      0.075,
      0.6025,
      0.15,
      0.6775,
      0.2275,
      0.755,
      0.3025,
      0.83,
      0.3775,
      0.905,
      0.4525,
      0,
      0.5275,
      0.075,
      0.6025,
      0.15,
      0.6775,
      0.2275,
      0.755,
      0.3025,
      0.83,
      0.3775,
      0.905,
      0.4525,
      0,
      0.5275,
      0.075,
      0.6025,
      0.15,
      0.6775,
      0.2275,
      0.755,
      0.3025,
      0.83,
      0.3775,
      0.905,
      0.4525
    ],
    "StudyDescription": "newbi4fmri_MainExp",
    "TaskName": "newbi4fmri_MainExp",
    "dataset": "ds003434",
    "modality": "bold",
    "run_id": 7,
    "session_id": "01",
    "subject_id": "03",
    "task_id": "MainExp"
  },
  "dummy_trs": 2,
  "dvars_nstd": 26.071062204981942,
  "dvars_std": 1.145620669963899,
  "dvars_vstd": 0.9785346023465703,
  "efc": 0.503450168964318,
  "fber": 3731.320068359375,
  "fd_mean": 0.1030712303421638,
  "fd_num": 0,
  "fd_perc": 0.0,
  "fwhm_avg": 1.9380652077065905,
  "fwhm_x": 1.86232,
  "fwhm_y": 1.971443811988467,
  "fwhm_z": 1.9804318111313046,
  "gcor": 0.0128183,
  "gsr_x": -0.0109861446544528,
  "gsr_y": 0.027109287679195404,
  "provenance": {
    "md5sum": "9d1bf1d16128c6bb399575ae4e27ef97",
    "settings": {
      "fd_thres": 0.2,
      "testing": false
    },
    "software": "mriqc",
    "version": "22.0.6",
    "webapi_port": null,
    "webapi_url": "https://mriqc.nimh.nih.gov/api/v1"
  },
  "size_t": 278,
  "size_x": 84,
  "size_y": 84,
  "size_z": 52,
  "snr": 4.57338667465417,
  "spacing_tr": 1.0,
  "spacing_x": 2.5,
  "spacing_y": 2.500000238418579,
  "spacing_z": 2.500000238418579,
  "summary_bg_k": 35.083201708445564,
  "summary_bg_mad": 37.56979932971937,
  "summary_bg_mean": 186.02883911132812,
  "summary_bg_median": 60.80317687988281,
  "summary_bg_n": 240144.0,
  "summary_bg_p05": 30.324160289764404,
  "summary_bg_p95": 848.1890777587886,
  "summary_bg_stdv": 339.21649169921875,
  "summary_fg_k": 4.1827484433592,
  "summary_fg_mad": 704.9987107419166,
  "summary_fg_mean": 3882.13134765625,
  "summary_fg_median": 3756.712158203125,
  "summary_fg_n": 67483.0,
  "summary_fg_p05": 2877.0461669921874,
  "summary_fg_p95": 5307.189501953124,
  "summary_fg_stdv": 821.4228515625,
  "tsnr": 54.21966552734375
}