{
  "bids_meta": {
    "AcquisitionNumber": 1,
    "AcquisitionTime": "12:14:8",
    "BrainVoyagerInfo": {
      "CalculatedDicomSlice1CenterX": -87.92481994628906,
      "CalculatedDicomSlice1CenterY": -34.76374816894531,
      "CalculatedDicomSlice1CenterZ": -64.39234924316406,
      "CalculatedDicomSliceNCenterX": 87.07518005371094,
      "CalculatedDicomSliceNCenterY": -34.76374816894531,
      "CalculatedDicomSliceNCenterZ": -64.39234924316406,
      "CoordinateSystem": 1,
      "DicomColDirX": 0,
      "DicomColDirY": 0,
      "DicomColDirZ": -1,
      "DicomFoVCols": 256,
      "DicomFoVRows": 240,
      "DicomGapThickness": 0,
      "DicomNCols": 240,
      "DicomNRows": 256,
      "DicomPosInfoPresent": 1,
      "DicomRowDirX": 0,
      "DicomRowDirY": 1,
      "DicomRowDirZ": 0,
      "DicomSliceThickness": 1,
      "DocumentType": "VMR",
      "FramingCubeDim": 256,
      "MagnetPosInfosVerified": 1,
      "NrOfPastSpatialTransformations": 0,
      "NrOfPreprocessingSteps": 0,
      "OffsetX": 0,
      "OffsetY": 0,
      "OffsetZ": 0,
      "ReferenceSpace": "Native",
      "Version": 1
    },
    "ConversionSoftware": "BrainVoyager",
    "ConversionSoftwareVersion": "21.4.5.4030",
    "ImageNumber": 176,
    "ImageOrientationPatientDICOM": [
      0,
      1,
      0,
      0,
      0,
      -1
    ],
    "ImagePositionPatientDICOM": [
      87.075180381536,
      -154.26375198364,
      63.107650756836
    ],
    "ImageType": "ORIGINAL PRIMARY M ND NORM",
    "MagneticFieldStrength": 3,
    "Manufacturer": "SIEMENS",
    "ManufacturersModelName": "Prisma_fit",
    "Modality": "MR",
    "PatientPosition": "HFS",
    "RepetitionTime": 2.3,
    "SeriesDescription": "mprage_sag_p2",
    "SeriesNumber": 2,
    "SliceThickness": 1,
    "StudyDescription": "Culham^Psych_9223",
    "dataset": "ds003434",
    "modality": "T1w",
    "session_id": "01",
    "subject_id": "07"
  },
  "cjv": 0.3263047945886045,
  "cnr": 4.043136632869679,
  "efc": 0.5464405339967403,
  "fber": -1.0,
  "fwhm_avg": 3.6411200000000004,
  "fwhm_x": 3.68217,
  "fwhm_y": 3.72669,
  "fwhm_z": 3.5145,
  "icvs_csf": 0.19006353127430387,
  "icvs_gm": 0.45941283050979065,
  "icvs_wm": 0.3505236382159055,
  "inu_med": 0.47210851311683655,
  "inu_range": 0.12434947490692128,
  "provenance": {
    "md5sum": "2af6b56d2aa86d6b2cfb76091d185f48",
    "settings": {
      "testing": false
    },
    "software": "mriqc",
    "version": "22.0.6",
    "warnings": {
      "large_rot_frame": true,
      "small_air_mask": false
    },
    "webapi_port": null,
    "webapi_url": "https://mriqc.nimh.nih.gov/api/v1"
  },
  "qi_1": 0.0,
  "qi_2": 0.0147699621026398,
  "rpve_csf": 23.424923391215525,
  "rpve_gm": 10.743856306980542,
  "rpve_wm": 15.826983163157026,
  "size_x": 176,
  "size_y": 240,
  "size_z": 256,
  "snr_csf": 2.367639132003791,
  "snr_gm": 10.194352837083791,
  "snr_total": 11.655784018929923,
  "snr_wm": 22.40536008770219,
  "snrd_csf": 24.56530300864577,
  "snrd_gm": 62.03125256585709,
  "snrd_total": 59.46863311573085,
  "snrd_wm": 91.8093437726897,
  "spacing_x": 1.0,
  "spacing_y": 1.0,
  "spacing_z": 1.0,
  "summary_bg_k": 70.7190909305295,
  "summary_bg_mad": 0.0,
  "summary_bg_mean": 4.240560873665311,
  "summary_bg_median": 0.0,
  "summary_bg_n": 2477697.0,
  "summary_bg_p05": 0.0,
  "summary_bg_p95": 14.674206510186195,
  "summary_bg_stdv": 7.135836167505348,
  "summary_csf_k": 2.0026985297784883,
  "summary_csf_mad": 91.26546869481204,
  "summary_csf_mean": 278.59792825162367,
  "summary_csf_median": 267.5686737522483,
  "summary_csf_n": 26599.0,
  "summary_csf_p05": 102.64876705370844,
  "summary_csf_p95": 480.8259551983325,
  "summary_csf_stdv": 113.00862551764564,
  "summary_gm_k": 0.12174039617851573,
  "summary_gm_mad": 64.12035389438681,
  "summary_gm_mean": 676.7708859369704,
  "summary_gm_median": 675.6529717706144,
  "summary_gm_n": 46379.0,
  "summary_gm_p05": 568.9957230761647,
  "summary_gm_p95": 788.4693484269083,
  "summary_gm_stdv": 66.27646683305697,
  "summary_wm_k": 0.8623387752774678,
  "summary_wm_mad": 41.71565436241819,
  "summary_wm_mean": 1000.3134679797098,
  "summary_wm_median": 1000.0000546574593,
  "summary_wm_n": 223976.0,
  "summary_wm_p05": 928.2445310801268,
  "summary_wm_p95": 1072.7652713432908,
  "summary_wm_stdv": 44.63207992902026,
  "tpm_overlap_csf": 0.15259079533231068,
  "tpm_overlap_gm": 0.46621043532380035,
  "tpm_overlap_wm": 0.4936498880895765,
  "wm2max": 0.49727196652719663
}