{
  "aor": 0.0007458273381294964,
  "aqi": 0.004909882517985612,
  "bids_meta": {
    "AcquisitionNumber": 1,
    "AcquisitionTime": "14:29:42.132500",
    "BrainVoyagerInfo": {
      "AcquisitionTime": "142942.132500",
      "CalculatedDicomSlice1CenterX": -1.11236572265625,
      "CalculatedDicomSlice1CenterY": -29.668502807617188,
      "CalculatedDicomSlice1CenterZ": -81.42932891845703,
      "CalculatedDicomSliceNCenterX": -1.11236572265625,
      "CalculatedDicomSliceNCenterY": 14.14810848236084,
      "CalculatedDicomSliceNCenterZ": 38.30519104003906,
      "CoordinateSystem": 1,
      "DataStorageFormat": 2,
      "DataType": 2,
      "DicomColDirX": 0,
      "DicomColDirY": 0.9390942454338074,
      "DicomColDirZ": -0.3436596989631653,
      "DicomFoVCols": 210,
      "DicomFoVRows": 210,
      "DicomGapThickness": 0,
      "DicomNCols": 84,
      "DicomNRows": 84,
      "DicomPosInfoPresent": 1,
      "DicomRowDirX": 1,
      "DicomRowDirY": 0,
      "DicomRowDirZ": 0,
      "DicomSliceThickness": 2.5,
      "DocumentType": "FMR",
      "MultiBandSequence": true,
      "NrOfPastSpatialTransformations": 0,
      "NrOfPreprocessingSteps": 0,
      "NrOfSkippedVolumes": 0,
      "Protocol": {
        "Conditions": [
          {
            "ColorB": 255,
            "ColorG": 163,
            "ColorR": 255,
            "IntervalsFrom": [
              41,
              45,
              61,
              109,
              121,
              169,
              189,
              213
            ],
            "IntervalsTo": [
              41,
              45,
              61,
              109,
              121,
              169,
              189,
              213
            ],
            "Name": "Face_Left",
            "NrOfIntervals": 8
          },
          {
            "ColorB": 255,
            "ColorG": 0,
            "ColorR": 255,
            "IntervalsFrom": [
              33,
              125,
              129,
              193,
              209,
              229,
              241,
              245,
              257
            ],
            "IntervalsTo": [
              33,
              125,
              129,
              193,
              209,
              229,
              241,
              245,
              257
            ],
            "Name": "Face_Center",
            "NrOfIntervals": 9
          },
          {
            "ColorB": 95,
            "ColorG": 2,
            "ColorR": 187,
            "IntervalsFrom": [
              21,
              77,
              133,
              165,
              181,
              201,
              221,
              225
            ],
            "IntervalsTo": [
              21,
              77,
              133,
              165,
              181,
              201,
              221,
              225
            ],
            "Name": "Face_Right",
            "NrOfIntervals": 8
          },
          {
            "ColorB": 126,
            "ColorG": 255,
            "ColorR": 126,
            "IntervalsFrom": [
              25,
              57,
              65,
              69,
              85,
              93,
              97,
              177,
              261
            ],
            "IntervalsTo": [
              25,
              57,
              65,
              69,
              85,
              93,
              97,
              177,
              261
            ],
            "Name": "Hand_Left",
            "NrOfIntervals": 9
          },
          {
            "ColorB": 0,
            "ColorG": 199,
            "ColorR": 0,
            "IntervalsFrom": [
              17,
              29,
              53,
              89,
              105,
              141,
              149,
              249
            ],
            "IntervalsTo": [
              17,
              29,
              53,
              89,
              105,
              141,
              149,
              249
            ],
            "Name": "Hand_Center",
            "NrOfIntervals": 8
          },
          {
            "ColorB": 0,
            "ColorG": 86,
            "ColorR": 0,
            "IntervalsFrom": [
              81,
              101,
              117,
              137,
              153,
              157,
              161,
              233,
              253
            ],
            "IntervalsTo": [
              81,
              101,
              117,
              137,
              153,
              157,
              161,
              233,
              253
            ],
            "Name": "Hand_Right",
            "NrOfIntervals": 9
          }
        ],
        "FileName": "sub-09_ses-01_MainExp_run-1.prt",
        "Name": "newbi4fmri_MainExp",
        "NrOfConditions": 6,
        "TimeCourseColors": {
          "RefTCPenThick": 3,
          "RefTimeCourseB": 80,
          "RefTimeCourseG": 0,
          "RefTimeCourseR": 0,
          "TCBackColorB": 0,
          "TCBackColorG": 0,
          "TCBackColorR": 0,
          "TCPenThick": 3,
          "TCTextColorB": 255,
          "TCTextColorG": 255,
          "TCTextColorR": 255,
          "TimeCourseB": 255,
          "TimeCourseG": 255,
          "TimeCourseR": 255
        },
        "TimeResolution": "Volumes"
      },
      "SliceAcquisitionOrder": 5,
      "SliceAcquisitionOrderVerified": true,
      "SliceGap": 0,
      "SliceThickness": 2.5,
      "SliceTimingTable": [
        0,
        0.5275,
        0.075,
        0.6025,
        0.15,
        0.6775,
        0.225,
        0.7525,
        0.3,
        0.8275,
        0.375,
        0.9025,
        0.4525,
        0,
        0.5275,
        0.075,
        0.6025,
        0.15,
        0.6775,
        0.225,
        0.7525,
        0.3,
        0.8275,
        0.375,
        0.9025,
        0.4525,
        0,
        0.5275,
        0.075,
        0.6025,
        0.15,
        0.6775,
        0.225,
        0.7525,
        0.3,
        0.8275,
        0.375,
        0.9025,
        0.4525,
        0,
        0.5275,
        0.075,
        0.6025,
        0.15,
        0.6775,
        0.225,
        0.7525,
        0.3,
        0.8275,
        0.375,
        0.9025,
        0.4525
      ],
      "SliceTimingTableSize": 52,
      "TE": 0.028,
      "TR": 1,
      "TimeResolutionVerified": true,
      "Version": 1,
      "VoxelResolutionVerified": true
    },
    "ConversionSoftware": "BrainVoyager",
    "ConversionSoftwareVersion": "21.4.5.4030",
    "ImageNumber": 1,
    "ImageOrientationPatientDICOM": [
      1,
      0,
      0,
      0,
      0.93909425023975,
      -0.3436596996545
    ],
    "ImagePositionPatientDICOM": [
      -839.86235119402,
      -817.33379910764,
      206.81525336165
    ],
    "ImageType": "ORIGINAL PRIMARY M MB ND NORM MOSAIC",
    "MagneticFieldStrength": 3,
    "Manufacturer": "SIEMENS",
    "ManufacturersModelName": "Prisma_fit",
    "Modality": "MR",
    "NrOfTemporalPositions": 0,
    "PatientPosition": "HFS",
    "RepetitionTime": 1,
    "SeriesDescription": "ep_mb4_2.5iso",
    "SeriesNumber": 5,
    "SiemensMosaicSliceAcqOrder": 3,
    "SiemensMosaicTE": 0.028,
    "SiemensMosaicTR": 1,
    "SliceThickness": 2.5,
    "SliceTiming": [
      0,
      0.5275,
      0.075,
      0.6025,
      0.15,
      0.6775,
      0.225,
      0.7525,
      0.3,
      0.8275,
      0.375,
      0.9025,
      0.4525,
      0,
      0.5275,
      0.075,
      0.6025,
      0.15,
      0.6775,
      0.225,
      0.7525,
      0.3,
      0.8275,
      0.375,
      0.9025,
      0.4525,
      0,
      0.5275,
      0.075,
      0.6025,
      0.15,
      0.6775,
      0.225,
      0.7525,
      0.3,
      0.8275,
      0.375,
      0.9025,
      0.4525,
      0,
      0.5275,
      0.075,
      0.6025,
      0.15,
      0.6775,
      0.225,
      0.7525,
      0.3,
      0.8275,
      0.375,
      0.9025,
      0.4525
    ],
    "StudyDescription": "newbi4fmri_MainExp",
    "TaskName": "newbi4fmri_MainExp",
    "dataset": "ds003434",
    "modality": "bold",
    "run_id": 1,
    "session_id": "01",
    "subject_id": "09",
    "task_id": "MainExp"
  },
  "dummy_trs": 2,
  "dvars_nstd": 32.3551117933935,
  "dvars_std": 1.3466417376895312,
  "dvars_vstd": 1.013987923212996,
  "efc": 0.5168300020374936,
  "fber": 3386.502685546875,
  "fd_mean": 0.1139231564203407,
  "fd_num": 11,
  "fd_perc": 3.9568345323741005,
  "fwhm_avg": 2.031076,
  "fwhm_x": 1.9431999999999998,
  "fwhm_y": 2.134064,
  "fwhm_z": 2.015964,
  "gcor": 0.0127068,
  "gsr_x": -0.0014032787876203656,
  "gsr_y": 0.009155905805528164,
  "provenance": {
    "md5sum": "6571e7f927ec0f8e05853f85515045c5",
    "settings": {
      "fd_thres": 0.2,
      "testing": false
    },
    "software": "mriqc",
    "version": "22.0.6",
    "webapi_port": null,
    "webapi_url": "https://mriqc.nimh.nih.gov/api/v1"
  },
  "size_t": 278,
  "size_x": 84,
  "size_y": 84,
  "size_z": 52,
  "snr": 5.133083007292441,
  "spacing_tr": 1.0,
  "spacing_x": 2.5,
  "spacing_y": 2.5,
  "spacing_z": 2.5,
  "summary_bg_k": 32.14681464049001,
  "summary_bg_mad": 39.64289398683701,
  "summary_bg_mean": 162.92173767089844,
  "summary_bg_median": 61.822044372558594,
  "summary_bg_n": 231672.0,
  "summary_bg_p05": 28.546293544769288,
  "summary_bg_p95": 571.6853332519527,
  "summary_bg_stdv": 320.74334716796875,
  "summary_fg_k": 3.1493825657202006,
  "summary_fg_mad": 659.9472941100609,
  "summary_fg_mean": 3765.89453125,
  "summary_fg_median": 3678.271728515625,
  "summary_fg_n": 74871.0,
  "summary_fg_p05": 2810.50634765625,
  "summary_fg_p95": 4972.3095703125,
  "summary_fg_stdv": 716.5765991210938,
  "tsnr": 64.48629760742188
}