{
  "aor": 0.0008487096774193549,
  "aqi": 0.004909958100358423,
  "bids_meta": {
    "AcquisitionNumber": 1,
    "AcquisitionTime": "14:44:51.265000",
    "BrainVoyagerInfo": {
      "AcquisitionTime": "144451.265000",
      "CalculatedDicomSlice1CenterX": -1.11236572265625,
      "CalculatedDicomSlice1CenterY": -29.668502807617188,
      "CalculatedDicomSlice1CenterZ": -81.42932891845703,
      "CalculatedDicomSliceNCenterX": -1.11236572265625,
      "CalculatedDicomSliceNCenterY": 14.14810848236084,
      "CalculatedDicomSliceNCenterZ": 38.30519104003906,
      "CoordinateSystem": 1,
      "DataStorageFormat": 2,
      "DataType": 2,
      "DicomColDirX": 0,
      "DicomColDirY": 0.9390942454338074,
      "DicomColDirZ": -0.3436596989631653,
      "DicomFoVCols": 210,
      "DicomFoVRows": 210,
      "DicomGapThickness": 0,
      "DicomNCols": 84,
      "DicomNRows": 84,
      "DicomPosInfoPresent": 1,
      "DicomRowDirX": 1,
      "DicomRowDirY": 0,
      "DicomRowDirZ": 0,
      "DicomSliceThickness": 2.5,
      "DocumentType": "FMR",
      "MultiBandSequence": true,
      "NrOfPastSpatialTransformations": 0,
      "NrOfPreprocessingSteps": 0,
      "NrOfSkippedVolumes": 0,
      "Protocol": {
        "Conditions": [
          {
            "ColorB": 255,
            "ColorG": 163,
            "ColorR": 255,
            "IntervalsFrom": [
              53,
              61,
              69,
              81,
              133,
              137,
              205,
              257
            ],
            "IntervalsTo": [
              53,
              61,
              69,
              81,
              133,
              137,
              205,
              257
            ],
            "Name": "Face_Left",
            "NrOfIntervals": 8
          },
          {
            "ColorB": 255,
            "ColorG": 0,
            "ColorR": 255,
            "IntervalsFrom": [
              37,
              93,
              117,
              169,
              193,
              201,
              249,
              261
            ],
            "IntervalsTo": [
              37,
              93,
              117,
              169,
              193,
              201,
              249,
              261
            ],
            "Name": "Face_Center",
            "NrOfIntervals": 8
          },
          {
            "ColorB": 95,
            "ColorG": 2,
            "ColorR": 187,
            "IntervalsFrom": [
              25,
              41,
              49,
              109,
              113,
              209,
              233,
              237
            ],
            "IntervalsTo": [
              25,
              41,
              49,
              109,
              113,
              209,
              233,
              237
            ],
            "Name": "Face_Right",
            "NrOfIntervals": 8
          },
          {
            "ColorB": 126,
            "ColorG": 255,
            "ColorR": 126,
            "IntervalsFrom": [
              17,
              21,
              85,
              101,
              125,
              129,
              145,
              153,
              241,
              253
            ],
            "IntervalsTo": [
              17,
              21,
              85,
              101,
              125,
              129,
              145,
              153,
              241,
              253
            ],
            "Name": "Hand_Left",
            "NrOfIntervals": 10
          },
          {
            "ColorB": 0,
            "ColorG": 199,
            "ColorR": 0,
            "IntervalsFrom": [
              33,
              45,
              73,
              97,
              157,
              177,
              185,
              189,
              225
            ],
            "IntervalsTo": [
              33,
              45,
              73,
              97,
              157,
              177,
              185,
              189,
              225
            ],
            "Name": "Hand_Center",
            "NrOfIntervals": 9
          },
          {
            "ColorB": 0,
            "ColorG": 86,
            "ColorR": 0,
            "IntervalsFrom": [
              65,
              121,
              149,
              165,
              181,
              213,
              221,
              229
            ],
            "IntervalsTo": [
              65,
              121,
              149,
              165,
              181,
              213,
              221,
              229
            ],
            "Name": "Hand_Right",
            "NrOfIntervals": 8
          }
        ],
        "FileName": "sub-09_ses-01_MainExp_run-4.prt",
        "Name": "newbi4fmri_MainExp",
        "NrOfConditions": 6,
        "TimeCourseColors": {
          "RefTCPenThick": 3,
          "RefTimeCourseB": 80,
          "RefTimeCourseG": 0,
          "RefTimeCourseR": 0,
          "TCBackColorB": 0,
          "TCBackColorG": 0,
          "TCBackColorR": 0,
          "TCPenThick": 3,
          "TCTextColorB": 255,
          "TCTextColorG": 255,
          "TCTextColorR": 255,
          "TimeCourseB": 255,
          "TimeCourseG": 255,
          "TimeCourseR": 255
        },
        "TimeResolution": "Volumes"
      },
      "SliceAcquisitionOrder": 5,
      "SliceAcquisitionOrderVerified": true,
      "SliceGap": 0,
      "SliceThickness": 2.5,
      "SliceTimingTable": [
        0,
        0.5275,
        0.075,
        0.6025,
        0.15,
        0.68,
        0.2275,
        0.755,
        0.3025,
        0.83,
        0.3775,
        0.905,
        0.4525,
        0,
        0.5275,
        0.075,
        0.6025,
        0.15,
        0.68,
        0.2275,
        0.755,
        0.3025,
        0.83,
        0.3775,
        0.905,
        0.4525,
        0,
        0.5275,
        0.075,
        0.6025,
        0.15,
        0.68,
        0.2275,
        0.755,
        0.3025,
        0.83,
        0.3775,
        0.905,
        0.4525,
        0,
        0.5275,
        0.075,
        0.6025,
        0.15,
        0.68,
        0.2275,
        0.755,
        0.3025,
        0.83,
        0.3775,
        0.905,
        0.4525
      ],
      "SliceTimingTableSize": 52,
      "TE": 0.028,
      "TR": 1,
      "TimeResolutionVerified": true,
      "Version": 1,
      "VoxelResolutionVerified": true
    },
    "ConversionSoftware": "BrainVoyager",
    "ConversionSoftwareVersion": "21.4.5.4030",
    "ImageNumber": 1,
    "ImageOrientationPatientDICOM": [
      1,
      0,
      0,
      0,
      0.93909425023975,
      -0.3436596996545
    ],
    "ImagePositionPatientDICOM": [
      -839.86235119402,
      -817.33379910764,
      206.81525336165
    ],
    "ImageType": "ORIGINAL PRIMARY M MB ND NORM MOSAIC",
    "MagneticFieldStrength": 3,
    "Manufacturer": "SIEMENS",
    "ManufacturersModelName": "Prisma_fit",
    "Modality": "MR",
    "NrOfTemporalPositions": 0,
    "PatientPosition": "HFS",
    "RepetitionTime": 1,
    "SeriesDescription": "ep_mb4_2.5iso",
    "SeriesNumber": 8,
    "SiemensMosaicSliceAcqOrder": 3,
    "SiemensMosaicTE": 0.028,
    "SiemensMosaicTR": 1,
    "SliceThickness": 2.5,
    "SliceTiming": [
      0,
      0.5275,
      0.075,
      0.6025,
      0.15,
      0.68,
      0.2275,
      0.755,
      0.3025,
      0.83,
      0.3775,
      0.905,
      0.4525,
      0,
      0.5275,
      0.075,
      0.6025,
      0.15,
      0.68,
      0.2275,
      0.755,
      0.3025,
      0.83,
      0.3775,
      0.905,
      0.4525,
      0,
      0.5275,
      0.075,
      0.6025,
      0.15,
      0.68,
      0.2275,
      0.755,
      0.3025,
      0.83,
      0.3775,
      0.905,
      0.4525,
      0,
      0.5275,
      0.075,
      0.6025,
      0.15,
      0.68,
      0.2275,
      0.755,
      0.3025,
      0.83,
      0.3775,
      0.905,
      0.4525
    ],
    "StudyDescription": "newbi4fmri_MainExp",
    "TaskName": "newbi4fmri_MainExp",
    "dataset": "ds003434",
    "modality": "bold",
    "run_id": 4,
    "session_id": "01",
    "subject_id": "09",
    "task_id": "MainExp"
  },
  "dummy_trs": 1,
  "dvars_nstd": 30.63968205633093,
  "dvars_std": 1.3024688378417257,
  "dvars_vstd": 1.012761499136691,
  "efc": 0.5181465570769951,
  "fber": 3302.6904296875,
  "fd_mean": 0.11356642652432875,
  "fd_num": 12,
  "fd_perc": 4.301075268817204,
  "fwhm_avg": 2.034558666666667,
  "fwhm_x": 1.940084,
  "fwhm_y": 2.129192,
  "fwhm_z": 2.0344,
  "gcor": 0.0122775,
  "gsr_x": -0.001940384041517973,
  "gsr_y": 0.009272140450775623,
  "provenance": {
    "md5sum": "439ec79c7e4811237cb782feb0076915",
    "settings": {
      "fd_thres": 0.2,
      "testing": false
    },
    "software": "mriqc",
    "version": "22.0.6",
    "webapi_port": null,
    "webapi_url": "https://mriqc.nimh.nih.gov/api/v1"
  },
  "size_t": 279,
  "size_x": 84,
  "size_y": 84,
  "size_z": 52,
  "snr": 5.127718109753013,
  "spacing_tr": 1.0,
  "spacing_x": 2.5,
  "spacing_y": 2.5,
  "spacing_z": 2.5,
  "summary_bg_k": 31.16498618764644,
  "summary_bg_mad": 40.7247885466427,
  "summary_bg_mean": 167.2890625,
  "summary_bg_median": 62.68943786621094,
  "summary_bg_n": 231825.0,
  "summary_bg_p05": 28.717029190063478,
  "summary_bg_p95": 591.8641967773432,
  "summary_bg_stdv": 324.86798095703125,
  "summary_fg_k": 3.1467788965965173,
  "summary_fg_mad": 663.0724863841276,
  "summary_fg_mean": 3772.484619140625,
  "summary_fg_median": 3685.653076171875,
  "summary_fg_n": 74835.0,
  "summary_fg_p05": 2817.731396484375,
  "summary_fg_p95": 4981.870654296875,
  "summary_fg_stdv": 718.7658081054688,
  "tsnr": 64.36540985107422
}