{
  "bids_meta": {
    "AcquisitionNumber": 1,
    "AcquisitionTime": "11:40:9",
    "BrainVoyagerInfo": {
      "CalculatedDicomSlice1CenterX": -86.56888580322266,
      "CalculatedDicomSlice1CenterY": -27.133880615234375,
      "CalculatedDicomSlice1CenterZ": -62.52849578857422,
      "CalculatedDicomSliceNCenterX": 88.43111419677734,
      "CalculatedDicomSliceNCenterY": -27.133880615234375,
      "CalculatedDicomSliceNCenterZ": -62.52849578857422,
      "CoordinateSystem": 1,
      "DicomColDirX": 0,
      "DicomColDirY": 0,
      "DicomColDirZ": -1,
      "DicomFoVCols": 256,
      "DicomFoVRows": 224,
      "DicomGapThickness": 0,
      "DicomNCols": 224,
      "DicomNRows": 256,
      "DicomPosInfoPresent": 1,
      "DicomRowDirX": 0,
      "DicomRowDirY": 1,
      "DicomRowDirZ": 0,
      "DicomSliceThickness": 1,
      "DocumentType": "VMR",
      "FramingCubeDim": 256,
      "MagnetPosInfosVerified": 1,
      "NrOfPastSpatialTransformations": 0,
      "NrOfPreprocessingSteps": 0,
      "OffsetX": 0,
      "OffsetY": 0,
      "OffsetZ": 0,
      "ReferenceSpace": "Native",
      "Version": 1
    },
    "ConversionSoftware": "BrainVoyager",
    "ConversionSoftwareVersion": "21.4.5.4030",
    "ImageNumber": 176,
    "ImageOrientationPatientDICOM": [
      0,
      1,
      0,
      0,
      0,
      -1
    ],
    "ImagePositionPatientDICOM": [
      88.431112647057,
      -138.63387298584,
      64.971504211426
    ],
    "ImageType": "ORIGINAL PRIMARY M ND NORM",
    "MagneticFieldStrength": 3,
    "Manufacturer": "SIEMENS",
    "ManufacturersModelName": "Prisma_fit",
    "Modality": "MR",
    "PatientPosition": "HFS",
    "RepetitionTime": 2.3,
    "SeriesDescription": "mprage_sag_p2",
    "SeriesNumber": 2,
    "SliceThickness": 1,
    "StudyDescription": "Culham^Psych_9223",
    "dataset": "ds003434",
    "modality": "T1w",
    "session_id": "01",
    "subject_id": "10"
  },
  "cjv": 0.36707014187696446,
  "cnr": 3.5613240866880096,
  "efc": 0.4959481233761984,
  "fber": -1.0,
  "fwhm_avg": 3.61633,
  "fwhm_x": 3.6303,
  "fwhm_y": 3.70214,
  "fwhm_z": 3.51655,
  "icvs_csf": 0.22725621667276383,
  "icvs_gm": 0.42853283038961004,
  "icvs_wm": 0.3442109529376261,
  "inu_med": 0.4600563943386078,
  "inu_range": 0.10587397813796995,
  "provenance": {
    "md5sum": "440835566ae1e2f72f3553e61f5d517e",
    "settings": {
      "testing": false
    },
    "software": "mriqc",
    "version": "22.0.6",
    "warnings": {
      "large_rot_frame": true,
      "small_air_mask": false
    },
    "webapi_port": null,
    "webapi_url": "https://mriqc.nimh.nih.gov/api/v1"
  },
  "qi_1": 0.015526204176613111,
  "qi_2": 0.04167782972430371,
  "rpve_csf": 19.83001037886831,
  "rpve_gm": 10.748451865113342,
  "rpve_wm": 15.49165589775615,
  "size_x": 176,
  "size_y": 224,
  "size_z": 256,
  "snr_csf": 2.1088183910771354,
  "snr_gm": 9.525375910255514,
  "snr_total": 11.87753072434632,
  "snr_wm": 23.99839787170631,
  "snrd_csf": 31.196439200437364,
  "snrd_gm": 86.89566307714114,
  "snrd_total": 80.80730673072846,
  "snrd_wm": 124.32981791460688,
  "spacing_x": 1.0,
  "spacing_y": 1.0,
  "spacing_z": 1.0,
  "summary_bg_k": 47.5089076539794,
  "summary_bg_mad": 0.0,
  "summary_bg_mean": 2.5752153105887703,
  "summary_bg_median": 0.0,
  "summary_bg_n": 2057740.0,
  "summary_bg_p05": 0.0,
  "summary_bg_p95": 12.613808367401361,
  "summary_bg_stdv": 5.269342370617748,
  "summary_csf_k": 2.181681238882894,
  "summary_csf_mad": 103.70059735803696,
  "summary_csf_mean": 257.93964205467245,
  "summary_csf_median": 250.91678449139,
  "summary_csf_n": 39704.0,
  "summary_csf_p05": 63.990576959587635,
  "summary_csf_p95": 468.4306869752703,
  "summary_csf_stdv": 118.98304078270623,
  "summary_gm_k": 0.08980964951057979,
  "summary_gm_mad": 70.96167430511547,
  "summary_gm_mean": 699.3216884908707,
  "summary_gm_median": 698.9124696403742,
  "summary_gm_n": 31679.0,
  "summary_gm_p05": 577.7630049146712,
  "summary_gm_p95": 822.3634011559188,
  "summary_gm_stdv": 73.37258339979486,
  "summary_wm_k": 0.6048450171406756,
  "summary_wm_mad": 39.55855555714494,
  "summary_wm_mean": 1000.3365990632643,
  "summary_wm_median": 999.99996560812,
  "summary_wm_n": 204977.0,
  "summary_wm_p05": 933.2005243040621,
  "summary_wm_p95": 1068.7278337553144,
  "summary_wm_stdv": 41.66934524767342,
  "tpm_overlap_csf": 0.1560511330233281,
  "tpm_overlap_gm": 0.46959685047319566,
  "tpm_overlap_wm": 0.5100392660601049,
  "wm2max": 0.5382704284790525
}