{
  "aor": 0.00041212996389891697,
  "aqi": 0.0063586459566787,
  "bids_meta": {
    "AcquisitionNumber": 1,
    "AcquisitionTime": "13:31:09.890000",
    "BrainVoyagerInfo": {
      "AcquisitionTime": "133109.890000",
      "CalculatedDicomSlice1CenterX": -1.11236572265625,
      "CalculatedDicomSlice1CenterY": -36.137413024902344,
      "CalculatedDicomSlice1CenterZ": -82.17372131347656,
      "CalculatedDicomSliceNCenterX": -1.11236572265625,
      "CalculatedDicomSliceNCenterY": 13.885570526123047,
      "CalculatedDicomSliceNCenterZ": 35.103519439697266,
      "CoordinateSystem": 1,
      "DataStorageFormat": 2,
      "DataType": 2,
      "DicomColDirX": 0,
      "DicomColDirY": 0.9198215007781982,
      "DicomColDirZ": -0.3923371136188507,
      "DicomFoVCols": 210,
      "DicomFoVRows": 210,
      "DicomGapThickness": 0,
      "DicomNCols": 84,
      "DicomNRows": 84,
      "DicomPosInfoPresent": 1,
      "DicomRowDirX": 1,
      "DicomRowDirY": 0,
      "DicomRowDirZ": 0,
      "DicomSliceThickness": 2.5,
      "DocumentType": "FMR",
      "MultiBandSequence": true,
      "NrOfPastSpatialTransformations": 0,
      "NrOfPreprocessingSteps": 0,
      "NrOfSkippedVolumes": 0,
      "Protocol": {
        "Conditions": [
          {
            "ColorB": 255,
            "ColorG": 163,
            "ColorR": 255,
            "IntervalsFrom": [
              25,
              57,
              97,
              105,
              117,
              121,
              129,
              229
            ],
            "IntervalsTo": [
              25,
              57,
              97,
              105,
              117,
              121,
              129,
              229
            ],
            "Name": "Face_Left",
            "NrOfIntervals": 8
          },
          {
            "ColorB": 255,
            "ColorG": 0,
            "ColorR": 255,
            "IntervalsFrom": [
              85,
              109,
              153,
              165,
              185,
              189,
              221,
              237,
              245
            ],
            "IntervalsTo": [
              85,
              109,
              153,
              165,
              185,
              189,
              221,
              237,
              245
            ],
            "Name": "Face_Center",
            "NrOfIntervals": 9
          },
          {
            "ColorB": 95,
            "ColorG": 2,
            "ColorR": 187,
            "IntervalsFrom": [
              21,
              61,
              69,
              169,
              173,
              181,
              197,
              249
            ],
            "IntervalsTo": [
              21,
              61,
              69,
              169,
              173,
              181,
              197,
              249
            ],
            "Name": "Face_Right",
            "NrOfIntervals": 8
          },
          {
            "ColorB": 126,
            "ColorG": 255,
            "ColorR": 126,
            "IntervalsFrom": [
              17,
              33,
              41,
              133,
              137,
              161,
              225,
              257,
              261
            ],
            "IntervalsTo": [
              17,
              33,
              41,
              133,
              137,
              161,
              225,
              257,
              261
            ],
            "Name": "Hand_Left",
            "NrOfIntervals": 9
          },
          {
            "ColorB": 0,
            "ColorG": 199,
            "ColorR": 0,
            "IntervalsFrom": [
              29,
              49,
              53,
              141,
              149,
              193,
              201,
              213
            ],
            "IntervalsTo": [
              29,
              49,
              53,
              141,
              149,
              193,
              201,
              213
            ],
            "Name": "Hand_Center",
            "NrOfIntervals": 8
          },
          {
            "ColorB": 0,
            "ColorG": 86,
            "ColorR": 0,
            "IntervalsFrom": [
              37,
              73,
              77,
              93,
              125,
              205,
              209,
              233,
              241
            ],
            "IntervalsTo": [
              37,
              73,
              77,
              93,
              125,
              205,
              209,
              233,
              241
            ],
            "Name": "Hand_Right",
            "NrOfIntervals": 9
          }
        ],
        "FileName": "sub-06_ses-01_MainExp_run-1.prt",
        "Name": "newbi4fmri_MainExp",
        "NrOfConditions": 6,
        "TimeCourseColors": {
          "RefTCPenThick": 3,
          "RefTimeCourseB": 80,
          "RefTimeCourseG": 0,
          "RefTimeCourseR": 0,
          "TCBackColorB": 0,
          "TCBackColorG": 0,
          "TCBackColorR": 0,
          "TCPenThick": 3,
          "TCTextColorB": 255,
          "TCTextColorG": 255,
          "TCTextColorR": 255,
          "TimeCourseB": 255,
          "TimeCourseG": 255,
          "TimeCourseR": 255
        },
        "TimeResolution": "Volumes"
      },
      "SliceAcquisitionOrder": 5,
      "SliceAcquisitionOrderVerified": true,
      "SliceGap": 0,
      "SliceThickness": 2.5,
      "SliceTimingTable": [
        0,
        0.5275,
        0.075,
        0.6025,
        0.15,
        0.6775,
        0.225,
        0.755,
        0.3025,
        0.83,
        0.3775,
        0.905,
        0.4525,
        0,
        0.5275,
        0.075,
        0.6025,
        0.15,
        0.6775,
        0.225,
        0.755,
        0.3025,
        0.83,
        0.3775,
        0.905,
        0.4525,
        0,
        0.5275,
        0.075,
        0.6025,
        0.15,
        0.6775,
        0.225,
        0.755,
        0.3025,
        0.83,
        0.3775,
        0.905,
        0.4525,
        0,
        0.5275,
        0.075,
        0.6025,
        0.15,
        0.6775,
        0.225,
        0.755,
        0.3025,
        0.83,
        0.3775,
        0.905,
        0.4525
      ],
      "SliceTimingTableSize": 52,
      "TE": 0.028,
      "TR": 1,
      "TimeResolutionVerified": true,
      "Version": 1,
      "VoxelResolutionVerified": true
    },
    "ConversionSoftware": "BrainVoyager",
    "ConversionSoftwareVersion": "21.4.5.4030",
    "ImageNumber": 1,
    "ImageOrientationPatientDICOM": [
      1,
      0,
      0,
      0,
      0.91982149580192,
      -0.3923371201667
    ],
    "ImagePositionPatientDICOM": [
      -839.86235119402,
      -807.63770066917,
      246.89902688732
    ],
    "ImageType": "ORIGINAL PRIMARY M MB ND NORM MOSAIC",
    "MagneticFieldStrength": 3,
    "Manufacturer": "SIEMENS",
    "ManufacturersModelName": "Prisma_fit",
    "Modality": "MR",
    "NrOfTemporalPositions": 0,
    "PatientPosition": "HFS",
    "RepetitionTime": 1,
    "SeriesDescription": "ep_mb4_2.5iso",
    "SeriesNumber": 5,
    "SiemensMosaicSliceAcqOrder": 3,
    "SiemensMosaicTE": 0.028,
    "SiemensMosaicTR": 1,
    "SliceThickness": 2.5,
    "SliceTiming": [
      0,
      0.5275,
      0.075,
      0.6025,
      0.15,
      0.6775,
      0.225,
      0.755,
      0.3025,
      0.83,
      0.3775,
      0.905,
      0.4525,
      0,
      0.5275,
      0.075,
      0.6025,
      0.15,
      0.6775,
      0.225,
      0.755,
      0.3025,
      0.83,
      0.3775,
      0.905,
      0.4525,
      0,
      0.5275,
      0.075,
      0.6025,
      0.15,
      0.6775,
      0.225,
      0.755,
      0.3025,
      0.83,
      0.3775,
      0.905,
      0.4525,
      0,
      0.5275,
      0.075,
      0.6025,
      0.15,
      0.6775,
      0.225,
      0.755,
      0.3025,
      0.83,
      0.3775,
      0.905,
      0.4525
    ],
    "StudyDescription": "newbi4fmri_MainExp",
    "TaskName": "newbi4fmri_MainExp",
    "dataset": "ds003434",
    "modality": "bold",
    "run_id": 1,
    "session_id": "01",
    "subject_id": "06",
    "task_id": "MainExp"
  },
  "dummy_trs": 3,
  "dvars_nstd": 28.05258503521737,
  "dvars_std": 1.1955682919565223,
  "dvars_vstd": 0.9943415186231886,
  "efc": 0.4853921977455008,
  "fber": 3783.7939453125,
  "fd_mean": 0.13843722820848295,
  "fd_num": 47,
  "fd_perc": 16.967509025270758,
  "fwhm_avg": 1.950916,
  "fwhm_x": 1.81458,
  "fwhm_y": 2.098908,
  "fwhm_z": 1.9392600000000002,
  "gcor": 0.00575537,
  "gsr_x": -0.012323601171374321,
  "gsr_y": 0.01847062073647976,
  "provenance": {
    "md5sum": "dc60a34baca797ad85b11ae3211a09c0",
    "settings": {
      "fd_thres": 0.2,
      "testing": false
    },
    "software": "mriqc",
    "version": "22.0.6",
    "webapi_port": null,
    "webapi_url": "https://mriqc.nimh.nih.gov/api/v1"
  },
  "size_t": 277,
  "size_x": 84,
  "size_y": 84,
  "size_z": 52,
  "snr": 5.384688395030239,
  "spacing_tr": 1.0,
  "spacing_x": 2.5,
  "spacing_y": 2.5,
  "spacing_z": 2.5,
  "summary_bg_k": 35.96529289801098,
  "summary_bg_mad": 29.16154432965971,
  "summary_bg_mean": 123.10395812988281,
  "summary_bg_median": 53.71265411376953,
  "summary_bg_n": 242861.0,
  "summary_bg_p05": 28.858219146728516,
  "summary_bg_p95": 417.1801452636719,
  "summary_bg_stdv": 225.06654357910156,
  "summary_fg_k": 6.080118447862647,
  "summary_fg_mad": 513.7623895983195,
  "summary_fg_mean": 3438.478759765625,
  "summary_fg_median": 3358.672607421875,
  "summary_fg_n": 65076.0,
  "summary_fg_p05": 2672.6062622070312,
  "summary_fg_p95": 4442.7913818359375,
  "summary_fg_stdv": 623.740234375,
  "tsnr": 61.22420120239258
}