{
  "bids_meta": {
    "AcquisitionNumber": 1,
    "AcquisitionTime": "11:16:42",
    "BrainVoyagerInfo": {
      "CalculatedDicomSlice1CenterX": -94.62078857421875,
      "CalculatedDicomSlice1CenterY": -32.526336669921875,
      "CalculatedDicomSlice1CenterZ": -68.63019561767578,
      "CalculatedDicomSliceNCenterX": 80.2502212524414,
      "CalculatedDicomSliceNCenterY": -25.8084716796875,
      "CalculatedDicomSliceNCenterZ": -68.63019561767578,
      "CoordinateSystem": 1,
      "DicomColDirX": 0,
      "DicomColDirY": 0,
      "DicomColDirZ": -1,
      "DicomFoVCols": 256,
      "DicomFoVRows": 224,
      "DicomGapThickness": 0,
      "DicomNCols": 224,
      "DicomNRows": 256,
      "DicomPosInfoPresent": 1,
      "DicomRowDirX": -0.03838779032230377,
      "DicomRowDirY": 0.9992629289627075,
      "DicomRowDirZ": 0,
      "DicomSliceThickness": 1,
      "DocumentType": "VMR",
      "FramingCubeDim": 256,
      "MagnetPosInfosVerified": 1,
      "NrOfPastSpatialTransformations": 0,
      "NrOfPreprocessingSteps": 0,
      "OffsetX": 0,
      "OffsetY": 0,
      "OffsetZ": 0,
      "ReferenceSpace": "Native",
      "Version": 1
    },
    "ConversionSoftware": "BrainVoyager",
    "ConversionSoftwareVersion": "21.4.5.4030",
    "ImageNumber": 176,
    "ImageOrientationPatientDICOM": [
      -0.0383877919052,
      0.9992629170707,
      0,
      0,
      0,
      -1
    ],
    "ImagePositionPatientDICOM": [
      84.530457289033,
      -137.2262872133,
      58.869804382324
    ],
    "ImageType": "ORIGINAL PRIMARY M ND NORM",
    "MagneticFieldStrength": 3,
    "Manufacturer": "SIEMENS",
    "ManufacturersModelName": "Prisma_fit",
    "Modality": "MR",
    "PatientPosition": "HFS",
    "RepetitionTime": 2.3,
    "SeriesDescription": "mprage_sag_p2",
    "SeriesNumber": 2,
    "SliceThickness": 1,
    "StudyDescription": "Culham^Psych_9223",
    "dataset": "ds003434",
    "modality": "T1w",
    "session_id": "01",
    "subject_id": "11"
  },
  "cjv": 0.39385233806369574,
  "cnr": 3.422668433595388,
  "efc": 0.47712797211854674,
  "fber": -1.0,
  "fwhm_avg": 3.88836,
  "fwhm_x": 3.77411,
  "fwhm_y": 4.19452,
  "fwhm_z": 3.69645,
  "icvs_csf": 0.22145515333443508,
  "icvs_gm": 0.40738792681116737,
  "icvs_wm": 0.3711569198543976,
  "inu_med": 0.48610804975032806,
  "inu_range": 0.11466797143220897,
  "provenance": {
    "md5sum": "4c00b4ad2c478c88314f6f1fc9aab40c",
    "settings": {
      "testing": false
    },
    "software": "mriqc",
    "version": "22.0.6",
    "warnings": {
      "large_rot_frame": true,
      "small_air_mask": false
    },
    "webapi_port": null,
    "webapi_url": "https://mriqc.nimh.nih.gov/api/v1"
  },
  "qi_1": 0.0,
  "qi_2": 0.010940664312795565,
  "rpve_csf": 22.386966428815807,
  "rpve_gm": 12.20507295162931,
  "rpve_wm": 15.954994336655934,
  "size_x": 176,
  "size_y": 224,
  "size_z": 256,
  "snr_csf": 2.5126795390196923,
  "snr_gm": 10.010512771998117,
  "snr_total": 10.72809786409782,
  "snr_wm": 19.661101281275652,
  "snrd_csf": 13.885555439438333,
  "snrd_gm": 36.45586942024136,
  "snrd_total": 34.122245203555444,
  "snrd_wm": 52.02531075098663,
  "spacing_x": 1.0,
  "spacing_y": 1.0,
  "spacing_z": 1.0,
  "summary_bg_k": 4508.265561677712,
  "summary_bg_mad": 0.0,
  "summary_bg_mean": 5.768243259703183,
  "summary_bg_median": 0.0,
  "summary_bg_n": 2420563.0,
  "summary_bg_p05": 0.0,
  "summary_bg_p95": 21.668110974133015,
  "summary_bg_stdv": 12.593486942425601,
  "summary_csf_k": 0.7416316800428264,
  "summary_csf_mad": 94.76930873317181,
  "summary_csf_mean": 274.5001504418546,
  "summary_csf_median": 266.9177916459739,
  "summary_csf_n": 31848.0,
  "summary_csf_p05": 107.40715932101011,
  "summary_csf_p95": 465.4293569466097,
  "summary_csf_stdv": 106.22667832200615,
  "summary_gm_k": -0.07630157489094813,
  "summary_gm_mad": 70.67541668236541,
  "summary_gm_mean": 701.0481975051498,
  "summary_gm_median": 700.7800444588065,
  "summary_gm_n": 17183.0,
  "summary_gm_p05": 585.479025632143,
  "summary_gm_p95": 818.2212059386075,
  "summary_gm_stdv": 70.00237335042787,
  "summary_wm_k": 0.9548346917405253,
  "summary_wm_mad": 47.19931673542585,
  "summary_wm_mean": 1002.5850160406524,
  "summary_wm_median": 1000.0666603446007,
  "summary_wm_n": 189438.0,
  "summary_wm_p05": 924.3616141565144,
  "summary_wm_p95": 1089.3392775580287,
  "summary_wm_stdv": 50.86510701878218,
  "tpm_overlap_csf": 0.15672106786339177,
  "tpm_overlap_gm": 0.46190741315915135,
  "tpm_overlap_wm": 0.5215989709723833,
  "wm2max": 0.5062374486334474
}