{
  "bids_meta": {
    "AcquisitionNumber": 1,
    "AcquisitionTime": "11:09:37",
    "BrainVoyagerInfo": {
      "CalculatedDicomSlice1CenterX": -86.56888580322266,
      "CalculatedDicomSlice1CenterY": -37.45664978027344,
      "CalculatedDicomSlice1CenterZ": -60.41796112060547,
      "CalculatedDicomSliceNCenterX": 88.43111419677734,
      "CalculatedDicomSliceNCenterY": -37.45664978027344,
      "CalculatedDicomSliceNCenterZ": -60.41796112060547,
      "CoordinateSystem": 1,
      "DicomColDirX": 0,
      "DicomColDirY": 0,
      "DicomColDirZ": -1,
      "DicomFoVCols": 256,
      "DicomFoVRows": 248,
      "DicomGapThickness": 0,
      "DicomNCols": 248,
      "DicomNRows": 256,
      "DicomPosInfoPresent": 1,
      "DicomRowDirX": 0,
      "DicomRowDirY": 1,
      "DicomRowDirZ": 0,
      "DicomSliceThickness": 1,
      "DocumentType": "VMR",
      "FramingCubeDim": 256,
      "MagnetPosInfosVerified": 1,
      "NrOfPastSpatialTransformations": 0,
      "NrOfPreprocessingSteps": 0,
      "OffsetX": 0,
      "OffsetY": 0,
      "OffsetZ": 0,
      "ReferenceSpace": "Native",
      "Version": 1
    },
    "ConversionSoftware": "BrainVoyager",
    "ConversionSoftwareVersion": "21.4.5.4030",
    "ImageNumber": 176,
    "ImageOrientationPatientDICOM": [
      0,
      1,
      0,
      0,
      0,
      -1
    ],
    "ImagePositionPatientDICOM": [
      88.431112647057,
      -160.95664596558,
      67.082038879395
    ],
    "ImageType": "ORIGINAL PRIMARY M ND NORM",
    "MagneticFieldStrength": 3,
    "Manufacturer": "SIEMENS",
    "ManufacturersModelName": "Prisma_fit",
    "Modality": "MR",
    "PatientPosition": "HFS",
    "RepetitionTime": 2.3,
    "SeriesDescription": "mprage_sag_p2",
    "SeriesNumber": 2,
    "SliceThickness": 1,
    "StudyDescription": "Culham^Psych_9223",
    "dataset": "ds003434",
    "modality": "T1w",
    "session_id": "01",
    "subject_id": "01"
  },
  "cjv": 0.3434159092549715,
  "cnr": 3.879023263983432,
  "efc": 0.5149602938373615,
  "fber": -1.0,
  "fwhm_avg": 3.48785,
  "fwhm_x": 3.4745,
  "fwhm_y": 3.69914,
  "fwhm_z": 3.28991,
  "icvs_csf": 0.20296443412463974,
  "icvs_gm": 0.4432818539445945,
  "icvs_wm": 0.35375371193076577,
  "inu_med": 0.49795541167259216,
  "inu_range": 0.12491873949766158,
  "provenance": {
    "md5sum": "d2abcf32f00c50ec7127895d45ee53b3",
    "settings": {
      "testing": false
    },
    "software": "mriqc",
    "version": "22.0.6",
    "warnings": {
      "large_rot_frame": true,
      "small_air_mask": false
    },
    "webapi_port": null,
    "webapi_url": "https://mriqc.nimh.nih.gov/api/v1"
  },
  "qi_1": 0.01549706690154683,
  "qi_2": 0.013159750303421154,
  "rpve_csf": 23.9380571246169,
  "rpve_gm": 11.622040437688431,
  "rpve_wm": 16.314719961422657,
  "size_x": 176,
  "size_y": 248,
  "size_z": 256,
  "snr_csf": 2.4748049055577623,
  "snr_gm": 10.560086198602756,
  "snr_total": 11.493713049299233,
  "snr_wm": 21.44624804373718,
  "snrd_csf": 29.91014054629512,
  "snrd_gm": 81.29083216616692,
  "snrd_total": 76.43089420040359,
  "snrd_wm": 118.09170988874871,
  "spacing_x": 1.0,
  "spacing_y": 1.0,
  "spacing_z": 1.0,
  "summary_bg_k": 17.78345749962951,
  "summary_bg_mad": 0.0,
  "summary_bg_mean": 2.82565239240881,
  "summary_bg_median": 0.0,
  "summary_bg_n": 2044069.0,
  "summary_bg_p05": 0.0,
  "summary_bg_p95": 12.897598385810852,
  "summary_bg_stdv": 5.547691852114621,
  "summary_csf_k": 3.050232486729798,
  "summary_csf_mad": 77.59655412254034,
  "summary_csf_mean": 262.86506035412685,
  "summary_csf_median": 253.2789248228073,
  "summary_csf_n": 45309.0,
  "summary_csf_p05": 100.33957700729371,
  "summary_csf_p95": 450.3878740668297,
  "summary_csf_stdv": 102.34185701700095,
  "summary_gm_k": 0.1226771147691581,
  "summary_gm_mad": 63.27814234992873,
  "summary_gm_mean": 690.2832802537689,
  "summary_gm_median": 688.3703718185425,
  "summary_gm_n": 35237.0,
  "summary_gm_p05": 586.1179625868797,
  "summary_gm_p95": 801.7197002410887,
  "summary_gm_stdv": 65.18513117054779,
  "summary_wm_k": 0.662631275627128,
  "summary_wm_mad": 43.74043854407482,
  "summary_wm_mean": 1000.6562674178574,
  "summary_wm_median": 1000.0000255703926,
  "summary_wm_n": 201958.0,
  "summary_wm_p05": 925.6674899458885,
  "summary_wm_p95": 1077.6659984588623,
  "summary_wm_stdv": 46.62808840807941,
  "tpm_overlap_csf": 0.1609478036465791,
  "tpm_overlap_gm": 0.45220224547592375,
  "tpm_overlap_wm": 0.4930729099264972,
  "wm2max": 0.5341820602429689
}