{
  "aor": 0.0007910869565217391,
  "aqi": 0.005859371594202898,
  "bids_meta": {
    "AcquisitionNumber": 1,
    "AcquisitionTime": "09:44:21.550000",
    "BrainVoyagerInfo": {
      "AcquisitionTime": "094421.550000",
      "CalculatedDicomSlice1CenterX": -4.843556880950928,
      "CalculatedDicomSlice1CenterY": -36.076148986816406,
      "CalculatedDicomSlice1CenterZ": -85.58018493652344,
      "CalculatedDicomSliceNCenterX": -11.923356056213379,
      "CalculatedDicomSliceNCenterY": 21.999021530151367,
      "CalculatedDicomSliceNCenterZ": 27.70442771911621,
      "CoordinateSystem": 1,
      "DataStorageFormat": 2,
      "DataType": 2,
      "DicomColDirX": 0.06443273276090622,
      "DicomColDirY": 0.8896595239639282,
      "DicomColDirZ": -0.4520557224750519,
      "DicomFoVCols": 210,
      "DicomFoVRows": 210,
      "DicomGapThickness": 0,
      "DicomNCols": 84,
      "DicomNRows": 84,
      "DicomPosInfoPresent": 1,
      "DicomRowDirX": 0.9963759779930115,
      "DicomRowDirY": -0.03214724361896515,
      "DicomRowDirZ": 0.07874942570924759,
      "DicomSliceThickness": 2.5,
      "DocumentType": "FMR",
      "MultiBandSequence": true,
      "NrOfPastSpatialTransformations": 0,
      "NrOfPreprocessingSteps": 0,
      "NrOfSkippedVolumes": 0,
      "Protocol": {
        "Conditions": [
          {
            "ColorB": 255,
            "ColorG": 163,
            "ColorR": 255,
            "IntervalsFrom": [
              21,
              37,
              49,
              57,
              61,
              157,
              253,
              261
            ],
            "IntervalsTo": [
              21,
              37,
              49,
              57,
              61,
              157,
              253,
              261
            ],
            "Name": "Face_Left",
            "NrOfIntervals": 8
          },
          {
            "ColorB": 255,
            "ColorG": 0,
            "ColorR": 255,
            "IntervalsFrom": [
              73,
              113,
              133,
              165,
              173,
              229,
              233,
              257
            ],
            "IntervalsTo": [
              73,
              113,
              133,
              165,
              173,
              229,
              233,
              257
            ],
            "Name": "Face_Center",
            "NrOfIntervals": 8
          },
          {
            "ColorB": 95,
            "ColorG": 2,
            "ColorR": 187,
            "IntervalsFrom": [
              85,
              97,
              117,
              149,
              153,
              185,
              217,
              221,
              241
            ],
            "IntervalsTo": [
              85,
              97,
              117,
              149,
              153,
              185,
              217,
              221,
              241
            ],
            "Name": "Face_Right",
            "NrOfIntervals": 9
          },
          {
            "ColorB": 126,
            "ColorG": 255,
            "ColorR": 126,
            "IntervalsFrom": [
              17,
              25,
              69,
              101,
              121,
              125,
              137,
              213
            ],
            "IntervalsTo": [
              17,
              25,
              69,
              101,
              121,
              125,
              137,
              213
            ],
            "Name": "Hand_Left",
            "NrOfIntervals": 8
          },
          {
            "ColorB": 0,
            "ColorG": 199,
            "ColorR": 0,
            "IntervalsFrom": [
              29,
              33,
              65,
              93,
              109,
              141,
              169,
              189,
              193,
              197
            ],
            "IntervalsTo": [
              29,
              33,
              65,
              93,
              109,
              141,
              169,
              189,
              193,
              197
            ],
            "Name": "Hand_Center",
            "NrOfIntervals": 10
          },
          {
            "ColorB": 0,
            "ColorG": 86,
            "ColorR": 0,
            "IntervalsFrom": [
              41,
              77,
              81,
              105,
              145,
              205,
              209,
              245
            ],
            "IntervalsTo": [
              41,
              77,
              81,
              105,
              145,
              205,
              209,
              245
            ],
            "Name": "Hand_Right",
            "NrOfIntervals": 8
          }
        ],
        "FileName": "sub-12_ses-01_MainExp_run-3.prt",
        "Name": "newbi4fmri_MainExp",
        "NrOfConditions": 6,
        "TimeCourseColors": {
          "RefTCPenThick": 3,
          "RefTimeCourseB": 80,
          "RefTimeCourseG": 0,
          "RefTimeCourseR": 0,
          "TCBackColorB": 0,
          "TCBackColorG": 0,
          "TCBackColorR": 0,
          "TCPenThick": 3,
          "TCTextColorB": 255,
          "TCTextColorG": 255,
          "TCTextColorR": 255,
          "TimeCourseB": 255,
          "TimeCourseG": 255,
          "TimeCourseR": 255
        },
        "TimeResolution": "Volumes"
      },
      "SliceAcquisitionOrder": 5,
      "SliceAcquisitionOrderVerified": true,
      "SliceGap": 0,
      "SliceThickness": 2.5,
      "SliceTimingTable": [
        0,
        0.5275,
        0.075,
        0.6025,
        0.15,
        0.6775,
        0.225,
        0.7525,
        0.3,
        0.8275,
        0.375,
        0.905,
        0.4525,
        0,
        0.5275,
        0.075,
        0.6025,
        0.15,
        0.6775,
        0.225,
        0.7525,
        0.3,
        0.8275,
        0.375,
        0.905,
        0.4525,
        0,
        0.5275,
        0.075,
        0.6025,
        0.15,
        0.6775,
        0.225,
        0.7525,
        0.3,
        0.8275,
        0.375,
        0.905,
        0.4525,
        0,
        0.5275,
        0.075,
        0.6025,
        0.15,
        0.6775,
        0.225,
        0.7525,
        0.3,
        0.8275,
        0.375,
        0.905,
        0.4525
      ],
      "SliceTimingTableSize": 52,
      "TE": 0.028,
      "TR": 1,
      "TimeResolutionVerified": true,
      "Version": 1,
      "VoxelResolutionVerified": true
    },
    "ConversionSoftware": "BrainVoyager",
    "ConversionSoftwareVersion": "21.4.5.4030",
    "ImageNumber": 1,
    "ImageOrientationPatientDICOM": [
      0.99637597481665,
      -0.0321472430344,
      0.07874942268653,
      0.06443273417397,
      0.88965950654045,
      -0.4520557323927
    ],
    "ImagePositionPatientDICOM": [
      -894.59687865675,
      -755.31459669419,
      227.53047092952
    ],
    "ImageType": "ORIGINAL PRIMARY M MB ND NORM MOSAIC",
    "MagneticFieldStrength": 3,
    "Manufacturer": "SIEMENS",
    "ManufacturersModelName": "Prisma_fit",
    "Modality": "MR",
    "NrOfTemporalPositions": 0,
    "PatientPosition": "HFS",
    "RepetitionTime": 1,
    "SeriesDescription": "ep_mb4_2.5iso",
    "SeriesNumber": 7,
    "SiemensMosaicSliceAcqOrder": 3,
    "SiemensMosaicTE": 0.028,
    "SiemensMosaicTR": 1,
    "SliceThickness": 2.5,
    "SliceTiming": [
      0,
      0.5275,
      0.075,
      0.6025,
      0.15,
      0.6775,
      0.225,
      0.7525,
      0.3,
      0.8275,
      0.375,
      0.905,
      0.4525,
      0,
      0.5275,
      0.075,
      0.6025,
      0.15,
      0.6775,
      0.225,
      0.7525,
      0.3,
      0.8275,
      0.375,
      0.905,
      0.4525,
      0,
      0.5275,
      0.075,
      0.6025,
      0.15,
      0.6775,
      0.225,
      0.7525,
      0.3,
      0.8275,
      0.375,
      0.905,
      0.4525,
      0,
      0.5275,
      0.075,
      0.6025,
      0.15,
      0.6775,
      0.225,
      0.7525,
      0.3,
      0.8275,
      0.375,
      0.905,
      0.4525
    ],
    "StudyDescription": "newbi4fmri_MainExp",
    "TaskName": "newbi4fmri_MainExp",
    "dataset": "ds003434",
    "modality": "bold",
    "run_id": 3,
    "session_id": "01",
    "subject_id": "12",
    "task_id": "MainExp"
  },
  "dummy_trs": 4,
  "dvars_nstd": 27.14395102770909,
  "dvars_std": 1.2297092277090924,
  "dvars_vstd": 1.0047072564000001,
  "efc": 0.5018018406707697,
  "fber": 3685.353515625,
  "fd_mean": 0.10331329062624788,
  "fd_num": 9,
  "fd_perc": 3.260869565217391,
  "fwhm_avg": 1.9411638788345453,
  "fwhm_x": 1.8916358195995504,
  "fwhm_y": 2.011956,
  "fwhm_z": 1.9198998169040855,
  "gcor": 0.0191832,
  "gsr_x": -0.010721012018620968,
  "gsr_y": 0.02947472408413887,
  "provenance": {
    "md5sum": "6aecb953286321668def99f50e80929c",
    "settings": {
      "fd_thres": 0.2,
      "testing": false
    },
    "software": "mriqc",
    "version": "22.0.6",
    "webapi_port": null,
    "webapi_url": "https://mriqc.nimh.nih.gov/api/v1"
  },
  "size_t": 276,
  "size_x": 84,
  "size_y": 84,
  "size_z": 52,
  "snr": 5.628253193195135,
  "spacing_tr": 1.0,
  "spacing_x": 2.500000238418579,
  "spacing_y": 2.5,
  "spacing_z": 2.500000238418579,
  "summary_bg_k": 32.09100277179865,
  "summary_bg_mad": 39.063054018922585,
  "summary_bg_mean": 140.8161163330078,
  "summary_bg_median": 61.53666305541992,
  "summary_bg_n": 235467.0,
  "summary_bg_p05": 29.373076820373534,
  "summary_bg_p95": 485.00251770019514,
  "summary_bg_stdv": 240.41815185546875,
  "summary_fg_k": 3.7464536271747964,
  "summary_fg_mad": 602.2999119992558,
  "summary_fg_mean": 3899.70556640625,
  "summary_fg_median": 3813.788818359375,
  "summary_fg_n": 70940.0,
  "summary_fg_p05": 3012.6328002929686,
  "summary_fg_p95": 5030.74853515625,
  "summary_fg_stdv": 677.6102294921875,
  "tsnr": 63.11647033691406
}