{
  "aor": 0.00052675,
  "aqi": 0.006133798892857143,
  "bids_meta": {
    "AcquisitionNumber": 1,
    "AcquisitionTime": "09:34:09.607500",
    "BrainVoyagerInfo": {
      "AcquisitionTime": "093409.607500",
      "CalculatedDicomSlice1CenterX": -4.843556880950928,
      "CalculatedDicomSlice1CenterY": -36.076148986816406,
      "CalculatedDicomSlice1CenterZ": -85.58018493652344,
      "CalculatedDicomSliceNCenterX": -11.923356056213379,
      "CalculatedDicomSliceNCenterY": 21.999021530151367,
      "CalculatedDicomSliceNCenterZ": 27.70442771911621,
      "CoordinateSystem": 1,
      "DataStorageFormat": 2,
      "DataType": 2,
      "DicomColDirX": 0.06443273276090622,
      "DicomColDirY": 0.8896595239639282,
      "DicomColDirZ": -0.4520557224750519,
      "DicomFoVCols": 210,
      "DicomFoVRows": 210,
      "DicomGapThickness": 0,
      "DicomNCols": 84,
      "DicomNRows": 84,
      "DicomPosInfoPresent": 1,
      "DicomRowDirX": 0.9963759779930115,
      "DicomRowDirY": -0.03214724361896515,
      "DicomRowDirZ": 0.07874942570924759,
      "DicomSliceThickness": 2.5,
      "DocumentType": "FMR",
      "MultiBandSequence": true,
      "NrOfPastSpatialTransformations": 0,
      "NrOfPreprocessingSteps": 0,
      "NrOfSkippedVolumes": 0,
      "Protocol": {
        "Conditions": [
          {
            "ColorB": 255,
            "ColorG": 163,
            "ColorR": 255,
            "IntervalsFrom": [
              53,
              61,
              69,
              81,
              133,
              137,
              205,
              257
            ],
            "IntervalsTo": [
              53,
              61,
              69,
              81,
              133,
              137,
              205,
              257
            ],
            "Name": "Face_Left",
            "NrOfIntervals": 8
          },
          {
            "ColorB": 255,
            "ColorG": 0,
            "ColorR": 255,
            "IntervalsFrom": [
              37,
              93,
              117,
              169,
              193,
              201,
              249,
              261
            ],
            "IntervalsTo": [
              37,
              93,
              117,
              169,
              193,
              201,
              249,
              261
            ],
            "Name": "Face_Center",
            "NrOfIntervals": 8
          },
          {
            "ColorB": 95,
            "ColorG": 2,
            "ColorR": 187,
            "IntervalsFrom": [
              25,
              41,
              49,
              109,
              113,
              209,
              233,
              237
            ],
            "IntervalsTo": [
              25,
              41,
              49,
              109,
              113,
              209,
              233,
              237
            ],
            "Name": "Face_Right",
            "NrOfIntervals": 8
          },
          {
            "ColorB": 126,
            "ColorG": 255,
            "ColorR": 126,
            "IntervalsFrom": [
              17,
              21,
              85,
              101,
              125,
              129,
              145,
              153,
              241,
              253
            ],
            "IntervalsTo": [
              17,
              21,
              85,
              101,
              125,
              129,
              145,
              153,
              241,
              253
            ],
            "Name": "Hand_Left",
            "NrOfIntervals": 10
          },
          {
            "ColorB": 0,
            "ColorG": 199,
            "ColorR": 0,
            "IntervalsFrom": [
              33,
              45,
              73,
              97,
              157,
              177,
              185,
              189,
              225
            ],
            "IntervalsTo": [
              33,
              45,
              73,
              97,
              157,
              177,
              185,
              189,
              225
            ],
            "Name": "Hand_Center",
            "NrOfIntervals": 9
          },
          {
            "ColorB": 0,
            "ColorG": 86,
            "ColorR": 0,
            "IntervalsFrom": [
              65,
              121,
              149,
              165,
              181,
              213,
              221,
              229
            ],
            "IntervalsTo": [
              65,
              121,
              149,
              165,
              181,
              213,
              221,
              229
            ],
            "Name": "Hand_Right",
            "NrOfIntervals": 8
          }
        ],
        "FileName": "sub-12_ses-01_MainExp_run-1.prt",
        "Name": "newbi4fmri_MainExp",
        "NrOfConditions": 6,
        "TimeCourseColors": {
          "RefTCPenThick": 3,
          "RefTimeCourseB": 80,
          "RefTimeCourseG": 0,
          "RefTimeCourseR": 0,
          "TCBackColorB": 0,
          "TCBackColorG": 0,
          "TCBackColorR": 0,
          "TCPenThick": 3,
          "TCTextColorB": 255,
          "TCTextColorG": 255,
          "TCTextColorR": 255,
          "TimeCourseB": 255,
          "TimeCourseG": 255,
          "TimeCourseR": 255
        },
        "TimeResolution": "Volumes"
      },
      "SliceAcquisitionOrder": 5,
      "SliceAcquisitionOrderVerified": true,
      "SliceGap": 0,
      "SliceThickness": 2.5,
      "SliceTimingTable": [
        0,
        0.5275,
        0.075,
        0.6025,
        0.15,
        0.6775,
        0.225,
        0.7525,
        0.3025,
        0.83,
        0.3775,
        0.905,
        0.4525,
        0,
        0.5275,
        0.075,
        0.6025,
        0.15,
        0.6775,
        0.225,
        0.7525,
        0.3025,
        0.83,
        0.3775,
        0.905,
        0.4525,
        0,
        0.5275,
        0.075,
        0.6025,
        0.15,
        0.6775,
        0.225,
        0.7525,
        0.3025,
        0.83,
        0.3775,
        0.905,
        0.4525,
        0,
        0.5275,
        0.075,
        0.6025,
        0.15,
        0.6775,
        0.225,
        0.7525,
        0.3025,
        0.83,
        0.3775,
        0.905,
        0.4525
      ],
      "SliceTimingTableSize": 52,
      "TE": 0.028,
      "TR": 1,
      "TimeResolutionVerified": true,
      "Version": 1,
      "VoxelResolutionVerified": true
    },
    "ConversionSoftware": "BrainVoyager",
    "ConversionSoftwareVersion": "21.4.5.4030",
    "ImageNumber": 1,
    "ImageOrientationPatientDICOM": [
      0.99637597481665,
      -0.0321472430344,
      0.07874942268653,
      0.06443273417397,
      0.88965950654045,
      -0.4520557323927
    ],
    "ImagePositionPatientDICOM": [
      -894.59687865675,
      -755.31459669419,
      227.53047092952
    ],
    "ImageType": "ORIGINAL PRIMARY M MB ND NORM MOSAIC",
    "MagneticFieldStrength": 3,
    "Manufacturer": "SIEMENS",
    "ManufacturersModelName": "Prisma_fit",
    "Modality": "MR",
    "NrOfTemporalPositions": 0,
    "PatientPosition": "HFS",
    "RepetitionTime": 1,
    "SeriesDescription": "ep_mb4_2.5iso",
    "SeriesNumber": 5,
    "SiemensMosaicSliceAcqOrder": 3,
    "SiemensMosaicTE": 0.028,
    "SiemensMosaicTR": 1,
    "SliceThickness": 2.5,
    "SliceTiming": [
      0,
      0.5275,
      0.075,
      0.6025,
      0.15,
      0.6775,
      0.225,
      0.7525,
      0.3025,
      0.83,
      0.3775,
      0.905,
      0.4525,
      0,
      0.5275,
      0.075,
      0.6025,
      0.15,
      0.6775,
      0.225,
      0.7525,
      0.3025,
      0.83,
      0.3775,
      0.905,
      0.4525,
      0,
      0.5275,
      0.075,
      0.6025,
      0.15,
      0.6775,
      0.225,
      0.7525,
      0.3025,
      0.83,
      0.3775,
      0.905,
      0.4525,
      0,
      0.5275,
      0.075,
      0.6025,
      0.15,
      0.6775,
      0.225,
      0.7525,
      0.3025,
      0.83,
      0.3775,
      0.905,
      0.4525
    ],
    "StudyDescription": "newbi4fmri_MainExp",
    "TaskName": "newbi4fmri_MainExp",
    "dataset": "ds003434",
    "modality": "bold",
    "run_id": 1,
    "session_id": "01",
    "subject_id": "12",
    "task_id": "MainExp"
  },
  "dummy_trs": 0,
  "dvars_nstd": 26.983890725161295,
  "dvars_std": 1.2173738265591396,
  "dvars_vstd": 0.9921557827240146,
  "efc": 0.5019674599162951,
  "fber": 3696.857177734375,
  "fd_mean": 0.09699086948272378,
  "fd_num": 4,
  "fd_perc": 1.4285714285714286,
  "fwhm_avg": 1.945282545347988,
  "fwhm_x": 1.891467819615572,
  "fwhm_y": 2.019492,
  "fwhm_z": 1.9248878164283927,
  "gcor": 0.0169399,
  "gsr_x": -0.01106305792927742,
  "gsr_y": 0.029263846576213837,
  "provenance": {
    "md5sum": "a669e5a379ecf5695b4997854828189c",
    "settings": {
      "fd_thres": 0.2,
      "testing": false
    },
    "software": "mriqc",
    "version": "22.0.6",
    "webapi_port": null,
    "webapi_url": "https://mriqc.nimh.nih.gov/api/v1"
  },
  "size_t": 280,
  "size_x": 84,
  "size_y": 84,
  "size_z": 52,
  "snr": 5.60069753019182,
  "spacing_tr": 1.0,
  "spacing_x": 2.500000238418579,
  "spacing_y": 2.5,
  "spacing_z": 2.500000238418579,
  "summary_bg_k": 33.326994843409665,
  "summary_bg_mad": 39.356131285474405,
  "summary_bg_mean": 141.0040740966797,
  "summary_bg_median": 61.32635498046875,
  "summary_bg_n": 235403.0,
  "summary_bg_p05": 28.984616661071776,
  "summary_bg_p95": 487.06546325683564,
  "summary_bg_stdv": 242.2999725341797,
  "summary_fg_k": 3.711042426861969,
  "summary_fg_mad": 605.6647240654736,
  "summary_fg_mean": 3896.837890625,
  "summary_fg_median": 3810.104736328125,
  "summary_fg_n": 70960.0,
  "summary_fg_p05": 3007.2323974609376,
  "summary_fg_p95": 5040.996191406251,
  "summary_fg_stdv": 680.2863159179688,
  "tsnr": 62.13875198364258
}