{
  "aor": 0.0008746071428571428,
  "aqi": 0.005659882892857142,
  "bids_meta": {
    "AcquisitionNumber": 1,
    "AcquisitionTime": "11:44:10.117500",
    "BrainVoyagerInfo": {
      "AcquisitionTime": "114410.117500",
      "CalculatedDicomSlice1CenterX": -1.11236572265625,
      "CalculatedDicomSlice1CenterY": -37.60459899902344,
      "CalculatedDicomSlice1CenterZ": -78.43428039550781,
      "CalculatedDicomSliceNCenterX": -1.11236572265625,
      "CalculatedDicomSliceNCenterY": 19.484683990478516,
      "CalculatedDicomSliceNCenterZ": 35.57038497924805,
      "CoordinateSystem": 1,
      "DataStorageFormat": 2,
      "DataType": 2,
      "DicomColDirX": 0,
      "DicomColDirY": 0.8941542506217957,
      "DicomColDirZ": -0.44775909185409546,
      "DicomFoVCols": 210,
      "DicomFoVRows": 210,
      "DicomGapThickness": 0,
      "DicomNCols": 84,
      "DicomNRows": 84,
      "DicomPosInfoPresent": 1,
      "DicomRowDirX": 1,
      "DicomRowDirY": 0,
      "DicomRowDirZ": 0,
      "DicomSliceThickness": 2.5,
      "DocumentType": "FMR",
      "MultiBandSequence": true,
      "NrOfPastSpatialTransformations": 0,
      "NrOfPreprocessingSteps": 0,
      "NrOfSkippedVolumes": 0,
      "Protocol": {
        "Conditions": [
          {
            "ColorB": 255,
            "ColorG": 163,
            "ColorR": 255,
            "IntervalsFrom": [
              21,
              25,
              49,
              81,
              133,
              145,
              201,
              261
            ],
            "IntervalsTo": [
              21,
              25,
              49,
              81,
              133,
              145,
              201,
              261
            ],
            "Name": "Face_Left",
            "NrOfIntervals": 8
          },
          {
            "ColorB": 255,
            "ColorG": 0,
            "ColorR": 255,
            "IntervalsFrom": [
              29,
              65,
              77,
              121,
              169,
              205,
              209,
              221
            ],
            "IntervalsTo": [
              29,
              65,
              77,
              121,
              169,
              205,
              209,
              221
            ],
            "Name": "Face_Center",
            "NrOfIntervals": 8
          },
          {
            "ColorB": 95,
            "ColorG": 2,
            "ColorR": 187,
            "IntervalsFrom": [
              37,
              41,
              53,
              61,
              101,
              125,
              129,
              157,
              245,
              249
            ],
            "IntervalsTo": [
              37,
              41,
              53,
              61,
              101,
              125,
              129,
              157,
              245,
              249
            ],
            "Name": "Face_Right",
            "NrOfIntervals": 10
          },
          {
            "ColorB": 126,
            "ColorG": 255,
            "ColorR": 126,
            "IntervalsFrom": [
              33,
              89,
              105,
              113,
              181,
              217,
              233,
              237
            ],
            "IntervalsTo": [
              33,
              89,
              105,
              113,
              181,
              217,
              233,
              237
            ],
            "Name": "Hand_Left",
            "NrOfIntervals": 8
          },
          {
            "ColorB": 0,
            "ColorG": 199,
            "ColorR": 0,
            "IntervalsFrom": [
              17,
              109,
              149,
              153,
              161,
              165,
              177,
              185,
              225
            ],
            "IntervalsTo": [
              17,
              109,
              149,
              153,
              161,
              165,
              177,
              185,
              225
            ],
            "Name": "Hand_Center",
            "NrOfIntervals": 9
          },
          {
            "ColorB": 0,
            "ColorG": 86,
            "ColorR": 0,
            "IntervalsFrom": [
              69,
              73,
              93,
              141,
              189,
              193,
              229,
              257
            ],
            "IntervalsTo": [
              69,
              73,
              93,
              141,
              189,
              193,
              229,
              257
            ],
            "Name": "Hand_Right",
            "NrOfIntervals": 8
          }
        ],
        "FileName": "sub-02_ses-01_MainExp_run-4.prt",
        "Name": "newbi4fmri_MainExp",
        "NrOfConditions": 6,
        "TimeCourseColors": {
          "RefTCPenThick": 3,
          "RefTimeCourseB": 80,
          "RefTimeCourseG": 0,
          "RefTimeCourseR": 0,
          "TCBackColorB": 0,
          "TCBackColorG": 0,
          "TCBackColorR": 0,
          "TCPenThick": 3,
          "TCTextColorB": 255,
          "TCTextColorG": 255,
          "TCTextColorR": 255,
          "TimeCourseB": 255,
          "TimeCourseG": 255,
          "TimeCourseR": 255
        },
        "TimeResolution": "Volumes"
      },
      "SliceAcquisitionOrder": 5,
      "SliceAcquisitionOrderVerified": true,
      "SliceGap": 0,
      "SliceThickness": 2.5,
      "SliceTimingTable": [
        0,
        0.5275,
        0.075,
        0.605,
        0.1525,
        0.68,
        0.2275,
        0.755,
        0.3025,
        0.83,
        0.3775,
        0.905,
        0.4525,
        0,
        0.5275,
        0.075,
        0.605,
        0.1525,
        0.68,
        0.2275,
        0.755,
        0.3025,
        0.83,
        0.3775,
        0.905,
        0.4525,
        0,
        0.5275,
        0.075,
        0.605,
        0.1525,
        0.68,
        0.2275,
        0.755,
        0.3025,
        0.83,
        0.3775,
        0.905,
        0.4525,
        0,
        0.5275,
        0.075,
        0.605,
        0.1525,
        0.68,
        0.2275,
        0.755,
        0.3025,
        0.83,
        0.3775,
        0.905,
        0.4525
      ],
      "SliceTimingTableSize": 52,
      "TE": 0.028,
      "TR": 1,
      "TimeResolutionVerified": true,
      "Version": 1,
      "VoxelResolutionVerified": true
    },
    "ConversionSoftware": "BrainVoyager",
    "ConversionSoftwareVersion": "21.4.5.4030",
    "ImageNumber": 1,
    "ImageOrientationPatientDICOM": [
      1,
      0,
      0,
      0,
      0.89415423930183,
      -0.4477590829213
    ],
    "ImagePositionPatientDICOM": [
      -839.86235119402,
      -787.57645752843,
      297.123664505
    ],
    "ImageType": "ORIGINAL PRIMARY M MB ND NORM MOSAIC",
    "MagneticFieldStrength": 3,
    "Manufacturer": "SIEMENS",
    "ManufacturersModelName": "Prisma_fit",
    "Modality": "MR",
    "NrOfTemporalPositions": 0,
    "PatientPosition": "HFS",
    "RepetitionTime": 1,
    "SeriesDescription": "ep_mb4_2.5iso",
    "SeriesNumber": 8,
    "SiemensMosaicSliceAcqOrder": 3,
    "SiemensMosaicTE": 0.028,
    "SiemensMosaicTR": 1,
    "SliceThickness": 2.5,
    "SliceTiming": [
      0,
      0.5275,
      0.075,
      0.605,
      0.1525,
      0.68,
      0.2275,
      0.755,
      0.3025,
      0.83,
      0.3775,
      0.905,
      0.4525,
      0,
      0.5275,
      0.075,
      0.605,
      0.1525,
      0.68,
      0.2275,
      0.755,
      0.3025,
      0.83,
      0.3775,
      0.905,
      0.4525,
      0,
      0.5275,
      0.075,
      0.605,
      0.1525,
      0.68,
      0.2275,
      0.755,
      0.3025,
      0.83,
      0.3775,
      0.905,
      0.4525,
      0,
      0.5275,
      0.075,
      0.605,
      0.1525,
      0.68,
      0.2275,
      0.755,
      0.3025,
      0.83,
      0.3775,
      0.905,
      0.4525
    ],
    "StudyDescription": "newbi4fmri_MainExp",
    "TaskName": "newbi4fmri_MainExp",
    "dataset": "ds003434",
    "modality": "bold",
    "run_id": 4,
    "session_id": "01",
    "subject_id": "02",
    "task_id": "MainExp"
  },
  "dummy_trs": 0,
  "dvars_nstd": 25.03974630849463,
  "dvars_std": 1.115867898458782,
  "dvars_vstd": 1.0054658111827963,
  "efc": 0.5306949595179804,
  "fber": 2836.553955078125,
  "fd_mean": 0.10957004277618927,
  "fd_num": 3,
  "fd_perc": 1.0714285714285714,
  "fwhm_avg": 1.9594653333333334,
  "fwhm_x": 1.8840720000000002,
  "fwhm_y": 2.046948,
  "fwhm_z": 1.9473759999999998,
  "gcor": 0.0173256,
  "gsr_x": 0.002612980315461755,
  "gsr_y": 0.014968033879995346,
  "provenance": {
    "md5sum": "5ea13a6784dec1c3bb09c64d9faac400",
    "settings": {
      "fd_thres": 0.2,
      "testing": false
    },
    "software": "mriqc",
    "version": "22.0.6",
    "webapi_port": null,
    "webapi_url": "https://mriqc.nimh.nih.gov/api/v1"
  },
  "size_t": 280,
  "size_x": 84,
  "size_y": 84,
  "size_z": 52,
  "snr": 5.402513762660781,
  "spacing_tr": 1.0,
  "spacing_x": 2.5,
  "spacing_y": 2.5,
  "spacing_z": 2.5,
  "summary_bg_k": 18.164352639525177,
  "summary_bg_mad": 53.52852386354418,
  "summary_bg_mean": 194.7799530029297,
  "summary_bg_median": 72.29296875,
  "summary_bg_n": 228580.0,
  "summary_bg_p05": 30.217837524414062,
  "summary_bg_p95": 805.4042419433571,
  "summary_bg_stdv": 325.68438720703125,
  "summary_fg_k": 5.06444680187983,
  "summary_fg_mad": 663.6472843145443,
  "summary_fg_mean": 4040.111083984375,
  "summary_fg_median": 3946.19384765625,
  "summary_fg_n": 76278.0,
  "summary_fg_p05": 3093.201770019531,
  "summary_fg_p95": 5251.805200195312,
  "summary_fg_stdv": 730.4318237304688,
  "tsnr": 60.46900939941406
}